{
  "aor": 0.0028335238095238096,
  "aqi": 0.024597704285714287,
  "bids_meta": {
    "AcquisitionMatrixPE": 64,
    "BandwidthPerPixelPhaseEncode": 33.245,
    "BaseResolution": 64,
    "BodyPartExamined": "HEAD",
    "DerivedVendorReportedEchoSpacing": 0.000469996,
    "DwellTime": 3e-06,
    "EchoTime": 0.05,
    "EffectiveEchoSpacing": 0.000469995,
    "FlipAngle": 90,
    "ImageType": [
      "ORIGINAL",
      "PRIMARY",
      "FMRI",
      "NONE",
      "ND",
      "MOSAIC"
    ],
    "InPlanePhaseEncodingDirectionDICOM": "COL",
    "Instructions": "During the main condition, participants were visually presented with already solved sums (arithmetic operations of addition, subtraction, multiplication, and division with simple and double-digit numbers). The control condition stimuli were digit lines with non-mathematical characters instead of arithmetic signs. Participants responded with one of three buttons on the MR-compatible response box, depending on whether the stimulus sum had been solved correctly, incorrectly or just had not been an arithmetic exercise.",
    "MRAcquisitionType": "2D",
    "MagneticFieldStrength": 1.5,
    "Manufacturer": "Siemens",
    "ManufacturersModelName": "Avanto",
    "NumberOfVolumesDiscardedByUser": 3,
    "PartialFourier": 1,
    "PatientPosition": "HFS",
    "PercentPhaseFOV": 100,
    "PhaseEncodingDirection": "j-",
    "PhaseEncodingSteps": 64,
    "PhaseResolution": 1,
    "PixelBandwidth": 2604,
    "ProcedureStepDescription": "head_NEURO",
    "PulseSequenceDetails": "%SiemensSeq%_ep2d_bold",
    "ReceiveCoilName": "HeadMatrix",
    "ReconMatrixPE": 64,
    "RepetitionTime": 2.1,
    "ScanOptions": "FS",
    "ScanningSequence": "EP",
    "SequenceName": "_epfid2d1_64",
    "SequenceVariant": "SK",
    "SliceThickness": 3,
    "SliceTiming": [
      1.0525,
      0,
      1.1425,
      0.0875,
      1.23,
      0.175,
      1.3175,
      0.2625,
      1.405,
      0.35,
      1.4925,
      0.44,
      1.58,
      0.5275,
      1.6675,
      0.615,
      1.7575,
      0.7025,
      1.845,
      0.79,
      1.9325,
      0.8775,
      2.02,
      0.965
    ],
    "SoftwareVersions": "syngo_MR_B19",
    "SpacingBetweenSlices": 3.3,
    "TaskName": "arithm_run-01",
    "TotalReadoutTime": 0.0296097,
    "dataset": "ds002422",
    "modality": "bold",
    "run_id": 1,
    "subject_id": "19",
    "task_id": "arithm"
  },
  "dummy_trs": 0,
  "dvars_nstd": 40.923738123636355,
  "dvars_std": 1.0331534782296654,
  "dvars_vstd": 1.0372475797607656,
  "efc": 0.6082524608637974,
  "fber": 199.48500061035156,
  "fd_mean": 0.13338695345488039,
  "fd_num": 28,
  "fd_perc": 13.333333333333334,
  "fwhm_avg": 1.665804692261072,
  "fwhm_x": 1.5433766666666668,
  "fwhm_y": 1.8693433333333334,
  "fwhm_z": 1.5846940767832158,
  "gcor": 0.00538311,
  "gsr_x": 0.005148202180862427,
  "gsr_y": 0.022839117795228958,
  "provenance": {
    "md5sum": "1e5fa2f3713c3ce7011ddb457aaaf8b5",
    "settings": {
      "fd_thres": 0.2,
      "testing": false
    },
    "software": "mriqc",
    "version": "21.0.0rc2",
    "webapi_port": null,
    "webapi_url": "https://mriqc.nimh.nih.gov/api/v1"
  },
  "size_t": 210,
  "size_x": 64,
  "size_y": 64,
  "size_z": 24,
  "snr": 6.536832365258158,
  "spacing_tr": 2.0999999046325684,
  "spacing_x": 3.0,
  "spacing_y": 3.0,
  "spacing_z": 3.299999713897705,
  "summary_bg_k": 43.93409919680376,
  "summary_bg_mad": 4.567825811701603,
  "summary_bg_mean": 43.56732177734375,
  "summary_bg_median": 36.88571548461914,
  "summary_bg_n": 53152.0,
  "summary_bg_p05": 31.22381019592285,
  "summary_bg_p95": 75.3566711425781,
  "summary_bg_stdv": 24.16118621826172,
  "summary_fg_k": 1.2198049910124968,
  "summary_fg_mad": 80.63938981833206,
  "summary_fg_mean": 524.4473266601562,
  "summary_fg_median": 519.1286010742188,
  "summary_fg_n": 22113.0,
  "summary_fg_p05": 415.27240600585935,
  "summary_fg_p95": 658.1495483398436,
  "summary_fg_stdv": 79.41413116455078,
  "tsnr": 31.610344928281847
}