{
  "aor": 0.0010119500000000002,
  "aqi": 0.01184416705,
  "bids_meta": {
    "AcquisitionMatrixPE": 64,
    "BandwidthPerPixelPhaseEncode": 34.722,
    "BaseResolution": 64,
    "BodyPartExamined": "HEAD",
    "DelayTime": 0.5,
    "DerivedVendorReportedEchoSpacing": 0.000450003,
    "DwellTime": 3e-06,
    "EchoTime": 0.05,
    "EffectiveEchoSpacing": 0.000450003,
    "FlipAngle": 90,
    "ImageType": [
      "ORIGINAL",
      "PRIMARY",
      "FMRI",
      "NONE",
      "ND",
      "MOSAIC"
    ],
    "InPlanePhaseEncodingDirectionDICOM": "COL",
    "Instructions": "Participants were asked to close their eyes, to not fall asleep, and to avoid consistent thinking about one topic during the period of scanning",
    "MRAcquisitionType": "2D",
    "MagneticFieldStrength": 1.5,
    "Manufacturer": "Siemens",
    "ManufacturersModelName": "Avanto",
    "NumberOfVolumesDiscardedByUser": 3,
    "PartialFourier": 1,
    "PatientPosition": "HFS",
    "PercentPhaseFOV": 100,
    "PhaseEncodingDirection": "j-",
    "PhaseEncodingSteps": 64,
    "PhaseResolution": 1,
    "PixelBandwidth": 2604,
    "ProcedureStepDescription": "head_NEURO",
    "PulseSequenceDetails": "%SiemensSeq%_ep2d_bold",
    "ReceiveCoilName": "HeadMatrix",
    "ReconMatrixPE": 64,
    "RepetitionTime": 3.56,
    "ScanOptions": "FS",
    "ScanningSequence": "EP",
    "SequenceName": "_epfid2d1_64",
    "SequenceVariant": "SK",
    "SliceThickness": 3.6,
    "SliceTiming": [
      1.5375,
      0,
      1.6225,
      0.0875,
      1.7075,
      0.1725,
      1.7925,
      0.2575,
      1.8775,
      0.3425,
      1.965,
      0.4275,
      2.05,
      0.5125,
      2.135,
      0.5975,
      2.22,
      0.6825,
      2.305,
      0.77,
      2.39,
      0.855,
      2.475,
      0.94,
      2.56,
      1.025,
      2.6475,
      1.11,
      2.7325,
      1.195,
      2.8175,
      1.28,
      2.9025,
      1.3675,
      2.9875,
      1.4525
    ],
    "SoftwareVersions": "syngo_MR_B19",
    "SpacingBetweenSlices": 3.78,
    "TaskName": "rest",
    "TotalReadoutTime": 0.0283502,
    "dataset": "ds002422",
    "modality": "bold",
    "subject_id": "19",
    "task_id": "rest"
  },
  "dummy_trs": 0,
  "dvars_nstd": 29.735244281256293,
  "dvars_std": 1.081785284572864,
  "dvars_vstd": 0.9794402612060301,
  "efc": 0.48073553792383816,
  "fber": 504.1199645996094,
  "fd_mean": 0.08903022888255495,
  "fd_num": 8,
  "fd_perc": 4.0,
  "fwhm_avg": 1.5439690322267898,
  "fwhm_x": 1.441046260869565,
  "fwhm_y": 1.6496834782608696,
  "fwhm_z": 1.541177357549935,
  "gcor": 0.00976712,
  "gsr_x": -0.014877826906740665,
  "gsr_y": 0.016495872288942337,
  "provenance": {
    "md5sum": "c4aa61dd9cc26daeb198b2547a36143e",
    "settings": {
      "fd_thres": 0.2,
      "testing": false
    },
    "software": "mriqc",
    "version": "21.0.0rc2",
    "webapi_port": null,
    "webapi_url": "https://mriqc.nimh.nih.gov/api/v1"
  },
  "size_t": 200,
  "size_x": 64,
  "size_y": 64,
  "size_z": 36,
  "snr": 5.52466148055795,
  "spacing_tr": 3.559999942779541,
  "spacing_x": 3.59375,
  "spacing_y": 3.59375,
  "spacing_z": 3.7799997329711914,
  "summary_bg_k": 140.36006823572453,
  "summary_bg_mad": 2.8910754572216497,
  "summary_bg_mean": 33.087364196777344,
  "summary_bg_median": 24.78499984741211,
  "summary_bg_n": 102235.0,
  "summary_bg_p05": 21.60999870300293,
  "summary_bg_p95": 69.69599609374977,
  "summary_bg_stdv": 31.709056854248047,
  "summary_fg_k": 0.6677411667096043,
  "summary_fg_mad": 104.42337351562716,
  "summary_fg_mean": 572.2303466796875,
  "summary_fg_median": 563.2249755859375,
  "summary_fg_n": 16496.0,
  "summary_fg_p05": 432.21248626708984,
  "summary_fg_p95": 746.9624938964844,
  "summary_fg_stdv": 101.94432830810547,
  "tsnr": 46.761427613091655
}