{
  "aor": 0.00041833333333333333,
  "aqi": 0.01869244,
  "bids_meta": {
    "AcquisitionMatrixPE": 64,
    "BandwidthPerPixelPhaseEncode": 33.245,
    "BaseResolution": 64,
    "BodyPartExamined": "HEAD",
    "DerivedVendorReportedEchoSpacing": 0.000469996,
    "DwellTime": 3e-06,
    "EchoTime": 0.05,
    "EffectiveEchoSpacing": 0.000469995,
    "FlipAngle": 90,
    "ImageType": [
      "ORIGINAL",
      "PRIMARY",
      "FMRI",
      "NONE",
      "ND",
      "MOSAIC"
    ],
    "InPlanePhaseEncodingDirectionDICOM": "COL",
    "Instructions": "During the main condition, participants were visually presented with already solved sums (arithmetic operations of addition, subtraction, multiplication, and division with simple and double-digit numbers). The control condition stimuli were digit lines with non-mathematical characters instead of arithmetic signs. Participants responded with one of three buttons on the MR-compatible response box, depending on whether the stimulus sum had been solved correctly, incorrectly or just had not been an arithmetic exercise.",
    "MRAcquisitionType": "2D",
    "MagneticFieldStrength": 1.5,
    "Manufacturer": "Siemens",
    "ManufacturersModelName": "Avanto",
    "NumberOfVolumesDiscardedByUser": 3,
    "PartialFourier": 1,
    "PatientPosition": "HFS",
    "PercentPhaseFOV": 100,
    "PhaseEncodingDirection": "j-",
    "PhaseEncodingSteps": 64,
    "PhaseResolution": 1,
    "PixelBandwidth": 2604,
    "ProcedureStepDescription": "head_NEURO",
    "PulseSequenceDetails": "%SiemensSeq%_ep2d_bold",
    "ReceiveCoilName": "HeadMatrix",
    "ReconMatrixPE": 64,
    "RepetitionTime": 2.1,
    "ScanOptions": "FS",
    "ScanningSequence": "EP",
    "SequenceName": "_epfid2d1_64",
    "SequenceVariant": "SK",
    "SliceThickness": 3,
    "SliceTiming": [
      1.055,
      0,
      1.1425,
      0.0875,
      1.23,
      0.1775,
      1.3175,
      0.265,
      1.405,
      0.3525,
      1.495,
      0.44,
      1.5825,
      0.5275,
      1.67,
      0.615,
      1.7575,
      0.7025,
      1.845,
      0.7925,
      1.9325,
      0.88,
      2.02,
      0.9675
    ],
    "SoftwareVersions": "syngo_MR_B19",
    "SpacingBetweenSlices": 3.3,
    "TaskName": "arithm_run-02",
    "TotalReadoutTime": 0.0296097,
    "dataset": "ds002422",
    "modality": "bold",
    "run_id": 2,
    "subject_id": "19",
    "task_id": "arithm"
  },
  "dummy_trs": 0,
  "dvars_nstd": 41.139732050430624,
  "dvars_std": 1.0163785769377989,
  "dvars_vstd": 1.0125860464593301,
  "efc": 0.6135221927172639,
  "fber": 205.95997619628906,
  "fd_mean": 0.0990280937313137,
  "fd_num": 10,
  "fd_perc": 4.761904761904762,
  "fwhm_avg": 1.5978865109855824,
  "fwhm_x": 1.4406833333333333,
  "fwhm_y": 1.7495033333333332,
  "fwhm_z": 1.6034728662900808,
  "gcor": 0.0105821,
  "gsr_x": -1.716459337330889e-05,
  "gsr_y": 0.02778482809662819,
  "provenance": {
    "md5sum": "4a9943212ea1235c1859e14645bdd1bb",
    "settings": {
      "fd_thres": 0.2,
      "testing": false
    },
    "software": "mriqc",
    "version": "21.0.0rc2",
    "webapi_port": null,
    "webapi_url": "https://mriqc.nimh.nih.gov/api/v1"
  },
  "size_t": 210,
  "size_x": 64,
  "size_y": 64,
  "size_z": 24,
  "snr": 6.773529170388422,
  "spacing_tr": 2.0999999046325684,
  "spacing_x": 3.0,
  "spacing_y": 3.0,
  "spacing_z": 3.299999713897705,
  "summary_bg_k": 43.418413213641166,
  "summary_bg_mad": 2.4427667793412344,
  "summary_bg_mean": 43.71221160888672,
  "summary_bg_median": 36.18095397949219,
  "summary_bg_n": 52622.0,
  "summary_bg_p05": 33.88571548461914,
  "summary_bg_p95": 74.9850032806396,
  "summary_bg_stdv": 24.4619197845459,
  "summary_fg_k": 0.833534253225519,
  "summary_fg_mad": 79.91935406072409,
  "summary_fg_mean": 525.0695190429688,
  "summary_fg_median": 518.6904907226562,
  "summary_fg_n": 22067.0,
  "summary_fg_p05": 420.21715087890624,
  "summary_fg_p95": 654.533367919922,
  "summary_fg_stdv": 76.57437133789062,
  "tsnr": 33.67594750318676
}