{
  "aor": 0.0004482692307692307,
  "aqi": 0.017074132211538463,
  "bids_meta": {
    "AcquisitionMatrixPE": 64,
    "BandwidthPerPixelPhaseEncode": 33.245,
    "BaseResolution": 64,
    "BodyPartExamined": "HEAD",
    "DerivedVendorReportedEchoSpacing": 0.000469996,
    "DwellTime": 3e-06,
    "EchoTime": 0.05,
    "EffectiveEchoSpacing": 0.000469995,
    "FlipAngle": 90,
    "ImageType": [
      "ORIGINAL",
      "PRIMARY",
      "FMRI",
      "NONE",
      "ND",
      "MOSAIC"
    ],
    "InPlanePhaseEncodingDirectionDICOM": "COL",
    "Instructions": "During the main condition, participants were visually presented with already solved sums (arithmetic operations of addition, subtraction, multiplication, and division with simple and double-digit numbers). The control condition stimuli were digit lines with non-mathematical characters instead of arithmetic signs. Participants responded with one of three buttons on the MR-compatible response box, depending on whether the stimulus sum had been solved correctly, incorrectly or just had not been an arithmetic exercise.",
    "MRAcquisitionType": "2D",
    "MagneticFieldStrength": 1.5,
    "Manufacturer": "Siemens",
    "ManufacturersModelName": "Avanto",
    "NumberOfVolumesDiscardedByUser": 3,
    "PartialFourier": 1,
    "PatientPosition": "HFS",
    "PercentPhaseFOV": 100,
    "PhaseEncodingDirection": "j-",
    "PhaseEncodingSteps": 64,
    "PhaseResolution": 1,
    "PixelBandwidth": 2604,
    "ProcedureStepDescription": "head_NEURO",
    "PulseSequenceDetails": "%SiemensSeq%_ep2d_bold",
    "ReceiveCoilName": "HeadMatrix",
    "ReconMatrixPE": 64,
    "RepetitionTime": 2.1,
    "ScanOptions": "FS",
    "ScanningSequence": "EP",
    "SequenceName": "_epfid2d1_64",
    "SequenceVariant": "SK",
    "SliceThickness": 3,
    "SliceTiming": [
      1.0525,
      0,
      1.14,
      0.0875,
      1.2275,
      0.175,
      1.3175,
      0.2625,
      1.405,
      0.35,
      1.4925,
      0.4375,
      1.58,
      0.525,
      1.6675,
      0.6125,
      1.755,
      0.7025,
      1.8425,
      0.79,
      1.93,
      0.8775,
      2.02,
      0.965
    ],
    "SoftwareVersions": "syngo_MR_B19",
    "SpacingBetweenSlices": 3.3,
    "TaskName": "arithm_run-02",
    "TotalReadoutTime": 0.0296097,
    "dataset": "ds002422",
    "modality": "bold",
    "run_id": 2,
    "subject_id": "15",
    "task_id": "arithm"
  },
  "dummy_trs": 2,
  "dvars_nstd": 49.16782410507247,
  "dvars_std": 1.0212128531400966,
  "dvars_vstd": 1.002734296086956,
  "efc": 0.6452495697961376,
  "fber": 173.25515747070312,
  "fd_mean": 0.20259946619881175,
  "fd_num": 99,
  "fd_perc": 47.59615384615385,
  "fwhm_avg": 1.7183007582993115,
  "fwhm_x": 1.6152067950317697,
  "fwhm_y": 1.78735,
  "fwhm_z": 1.7523454798661648,
  "gcor": 0.00807837,
  "gsr_x": 0.012000520713627338,
  "gsr_y": 0.022590523585677147,
  "provenance": {
    "md5sum": "943ac270a76b8790d53f82331683ccd0",
    "settings": {
      "fd_thres": 0.2,
      "testing": false
    },
    "software": "mriqc",
    "version": "21.0.0rc2",
    "webapi_port": null,
    "webapi_url": "https://mriqc.nimh.nih.gov/api/v1"
  },
  "size_t": 208,
  "size_x": 64,
  "size_y": 64,
  "size_z": 24,
  "snr": 5.237789707738913,
  "spacing_tr": 2.0999999046325684,
  "spacing_x": 2.999999761581421,
  "spacing_y": 3.0,
  "spacing_z": 3.299999952316284,
  "summary_bg_k": 40.0535306229018,
  "summary_bg_mad": 4.953888090591873,
  "summary_bg_mean": 49.887420654296875,
  "summary_bg_median": 40.31731033325195,
  "summary_bg_n": 48084.0,
  "summary_bg_p05": 35.89423370361328,
  "summary_bg_p95": 96.8824565887451,
  "summary_bg_stdv": 26.418973922729492,
  "summary_fg_k": 1.0576385229124057,
  "summary_fg_mad": 95.74186157477081,
  "summary_fg_mean": 538.8902587890625,
  "summary_fg_median": 522.610595703125,
  "summary_fg_n": 26342.0,
  "summary_fg_p05": 415.76949615478514,
  "summary_fg_p95": 726.8365478515625,
  "summary_fg_stdv": 99.77503967285156,
  "tsnr": 30.25797257455997
}