{
  "bids_meta": {
    "AcquisitionMatrixPE": 246,
    "BaseResolution": 256,
    "CoilString": "T:HE1-4;NE2",
    "DwellTime": 1.5e-05,
    "EchoTime": 0.00291,
    "FlipAngle": 15,
    "ImagingFrequency": 63.6572,
    "InversionTime": 1.1,
    "MagneticFieldStrength": 1.5,
    "Manufacturer": "Siemens",
    "ManufacturersModelName": "Avanto",
    "PartialFourier": 1,
    "PercentPhaseFOV": 100,
    "PhaseEncodingSteps": 307,
    "PhaseOversampling": 0.25,
    "PhaseResolution": 0.96,
    "PixelBandwidth": 130,
    "ProtocolName": "t1_mpr_ns_sag_p2_iso",
    "PulseSequenceDetails": "%SiemensSeq%_tfl",
    "ReceiveCoilName": "NeckMatrix",
    "ReconMatrixPE": 256,
    "RepetitionTime": 1.9,
    "ScanOptions": "IR",
    "ScanningSequence": "GR_IR",
    "SequenceName": "_tfl3d1_ns",
    "SequenceVariant": "SP_MP_OSP",
    "SeriesDescription": "t1_mpr_ns_sag_p2_iso",
    "SliceThickness": 1,
    "SoftwareVersions": "syngo_MR_B19",
    "dataset": "ds002422",
    "modality": "T1w",
    "subject_id": "28"
  },
  "cjv": 0.5780102404564939,
  "cnr": 2.262031807380483,
  "efc": 0.550387965639371,
  "fber": 1589.94189453125,
  "fwhm_avg": 3.4007509488693795,
  "fwhm_x": 3.35926,
  "fwhm_y": 3.3850677266081375,
  "fwhm_z": 3.45792512,
  "icvs_csf": 0.1872692935606447,
  "icvs_gm": 0.41668857827282774,
  "icvs_wm": 0.39604212816652756,
  "inu_med": 1.3783483505249023,
  "inu_range": 0.20377436876296984,
  "provenance": {
    "md5sum": "c4188640ec9953db23e7b3803dbc037b",
    "settings": {
      "testing": false
    },
    "software": "mriqc",
    "version": "21.0.0rc2",
    "warnings": {
      "large_rot_frame": true,
      "small_air_mask": false
    },
    "webapi_port": null,
    "webapi_url": "https://mriqc.nimh.nih.gov/api/v1"
  },
  "qi_1": 0.0,
  "qi_2": 0.0021483686937467245,
  "rpve_csf": 30.620227570180827,
  "rpve_gm": 14.679487989112294,
  "rpve_wm": 18.31331770436317,
  "size_x": 176,
  "size_y": 256,
  "size_z": 256,
  "snr_csf": 2.860194140531235,
  "snr_gm": 13.004997556900562,
  "snr_total": 12.261162898922791,
  "snr_wm": 20.918296999336576,
  "snrd_csf": 27.23623472595165,
  "snrd_gm": 57.76635998857662,
  "snrd_total": 51.84831188747071,
  "snrd_wm": 70.54234094788386,
  "spacing_x": 1.0,
  "spacing_y": 0.9765624403953552,
  "spacing_z": 0.9765625,
  "summary_bg_k": 4.8317968273606136,
  "summary_bg_mad": 9.287557495697982,
  "summary_bg_mean": 17.77781867980957,
  "summary_bg_median": 14.484651565551758,
  "summary_bg_n": 2622710.0,
  "summary_bg_p05": 2.0767744302749636,
  "summary_bg_p95": 41.50866146087647,
  "summary_bg_stdv": 12.670817375183105,
  "summary_csf_k": -0.10102211709620335,
  "summary_csf_mad": 138.7833857581874,
  "summary_csf_mean": 413.1391296386719,
  "summary_csf_median": 386.11517333984375,
  "summary_csf_n": 16255.0,
  "summary_csf_p05": 232.9681640625,
  "summary_csf_p95": 654.4490905761718,
  "summary_csf_stdv": 134.9919891357422,
  "summary_gm_k": 0.3780893688303122,
  "summary_gm_mad": 58.88095348792109,
  "summary_gm_mean": 821.911376953125,
  "summary_gm_median": 818.92626953125,
  "summary_gm_n": 17217.0,
  "summary_gm_p05": 723.1684814453125,
  "summary_gm_p95": 931.6315551757813,
  "summary_gm_stdv": 62.968292236328125,
  "summary_wm_k": 0.41278656272644687,
  "summary_wm_mad": 45.80769397811801,
  "summary_wm_mean": 1001.602783203125,
  "summary_wm_median": 1000.0452880859375,
  "summary_wm_n": 198068.0,
  "summary_wm_p05": 925.8263793945313,
  "summary_wm_p95": 1082.7874328613282,
  "summary_wm_stdv": 47.80708312988281,
  "tpm_overlap_csf": 0.17417865991592407,
  "tpm_overlap_gm": 0.4388357400894165,
  "tpm_overlap_wm": 0.5085691213607788,
  "wm2max": 0.5417146250081584
}