{
  "bids_meta": {
    "AcquisitionMatrixPE": 246,
    "BaseResolution": 256,
    "CoilString": "T:HE1-4;NE2",
    "DwellTime": 1.5e-05,
    "EchoTime": 0.00291,
    "FlipAngle": 15,
    "ImagingFrequency": 63.6572,
    "InversionTime": 1.1,
    "MagneticFieldStrength": 1.5,
    "Manufacturer": "Siemens",
    "ManufacturersModelName": "Avanto",
    "PartialFourier": 1,
    "PercentPhaseFOV": 100,
    "PhaseEncodingSteps": 307,
    "PhaseOversampling": 0.25,
    "PhaseResolution": 0.96,
    "PixelBandwidth": 130,
    "ProtocolName": "t1_mpr_ns_sag_p2_iso",
    "PulseSequenceDetails": "%SiemensSeq%_tfl",
    "ReceiveCoilName": "NeckMatrix",
    "ReconMatrixPE": 256,
    "RepetitionTime": 1.9,
    "ScanOptions": "IR",
    "ScanningSequence": "GR_IR",
    "SequenceName": "_tfl3d1_ns",
    "SequenceVariant": "SP_MP_OSP",
    "SeriesDescription": "t1_mpr_ns_sag_p2_iso",
    "SliceThickness": 1,
    "SoftwareVersions": "syngo_MR_B19",
    "dataset": "ds002422",
    "modality": "T1w",
    "subject_id": "30"
  },
  "cjv": 0.49279077865830323,
  "cnr": 2.675824210562309,
  "efc": 0.537694699046602,
  "fber": 1774.986083984375,
  "fwhm_avg": 3.542175676955498,
  "fwhm_x": 3.4731602070164804,
  "fwhm_y": 3.541401383850013,
  "fwhm_z": 3.61196544,
  "icvs_csf": 0.19725995142211464,
  "icvs_gm": 0.43095344114619716,
  "icvs_wm": 0.3717866074316882,
  "inu_med": 1.4074268341064453,
  "inu_range": 0.2253832340240478,
  "provenance": {
    "md5sum": "abaac6be872279ae9706bfe3805fedbd",
    "settings": {
      "testing": false
    },
    "software": "mriqc",
    "version": "21.0.0rc2",
    "warnings": {
      "large_rot_frame": true,
      "small_air_mask": false
    },
    "webapi_port": null,
    "webapi_url": "https://mriqc.nimh.nih.gov/api/v1"
  },
  "qi_1": 0.0,
  "qi_2": 0.0045020491360771376,
  "rpve_csf": 25.704960495600645,
  "rpve_gm": 12.559006924580604,
  "rpve_wm": 16.987266219810113,
  "size_x": 176,
  "size_y": 256,
  "size_z": 256,
  "snr_csf": 3.0227589723421446,
  "snr_gm": 13.737859870006053,
  "snr_total": 12.79786095470871,
  "snr_wm": 21.63296402177793,
  "snrd_csf": 24.873526096193032,
  "snrd_gm": 55.662838403714,
  "snrd_total": 50.06119983785391,
  "snrd_wm": 69.64723501365472,
  "spacing_x": 0.9999999403953552,
  "spacing_y": 0.9765625596046448,
  "spacing_z": 0.9765625,
  "summary_bg_k": 3.11693466421288,
  "summary_bg_mad": 9.40686545029519,
  "summary_bg_mean": 15.579155921936035,
  "summary_bg_median": 12.813154220581055,
  "summary_bg_n": 2193847.0,
  "summary_bg_p05": 2.1238293409347535,
  "summary_bg_p95": 35.76988372802734,
  "summary_bg_stdv": 10.473549842834473,
  "summary_csf_k": 6.641161899060151,
  "summary_csf_mad": 103.98268303685994,
  "summary_csf_mean": 385.6300964355469,
  "summary_csf_median": 357.1499328613281,
  "summary_csf_n": 27551.0,
  "summary_csf_p05": 238.9646987915039,
  "summary_csf_p95": 614.1585998535156,
  "summary_csf_stdv": 118.15148162841797,
  "summary_gm_k": 0.5100498068751813,
  "summary_gm_mad": 53.92694097239938,
  "summary_gm_mean": 802.383544921875,
  "summary_gm_median": 799.2424926757812,
  "summary_gm_n": 17527.0,
  "summary_gm_p05": 711.7143371582031,
  "summary_gm_p95": 902.6498107910156,
  "summary_gm_stdv": 58.17643356323242,
  "summary_wm_k": 0.5056040491066978,
  "summary_wm_mad": 45.02390741100459,
  "summary_wm_mean": 1000.9000244140625,
  "summary_wm_median": 1000.0393676757812,
  "summary_wm_n": 222601.0,
  "summary_wm_p05": 927.0087280273438,
  "summary_wm_p95": 1077.3896484375,
  "summary_wm_stdv": 46.22746658325195,
  "tpm_overlap_csf": 0.17717471718788147,
  "tpm_overlap_gm": 0.4524006247520447,
  "tpm_overlap_wm": 0.515740692615509,
  "wm2max": 0.6233849008990539
}