{
  "aor": 0.0003423333333333334,
  "aqi": 0.01892508523809524,
  "bids_meta": {
    "AcquisitionMatrixPE": 64,
    "BandwidthPerPixelPhaseEncode": 33.245,
    "BaseResolution": 64,
    "BodyPartExamined": "HEAD",
    "DerivedVendorReportedEchoSpacing": 0.000469996,
    "DwellTime": 3e-06,
    "EchoTime": 0.05,
    "EffectiveEchoSpacing": 0.000469995,
    "FlipAngle": 90,
    "ImageType": [
      "ORIGINAL",
      "PRIMARY",
      "FMRI",
      "NONE",
      "ND",
      "MOSAIC"
    ],
    "InPlanePhaseEncodingDirectionDICOM": "COL",
    "Instructions": "During the main condition, participants were visually presented with already solved sums (arithmetic operations of addition, subtraction, multiplication, and division with simple and double-digit numbers). The control condition stimuli were digit lines with non-mathematical characters instead of arithmetic signs. Participants responded with one of three buttons on the MR-compatible response box, depending on whether the stimulus sum had been solved correctly, incorrectly or just had not been an arithmetic exercise.",
    "MRAcquisitionType": "2D",
    "MagneticFieldStrength": 1.5,
    "Manufacturer": "Siemens",
    "ManufacturersModelName": "Avanto",
    "NumberOfVolumesDiscardedByUser": 3,
    "PartialFourier": 1,
    "PatientPosition": "HFS",
    "PercentPhaseFOV": 100,
    "PhaseEncodingDirection": "j-",
    "PhaseEncodingSteps": 64,
    "PhaseResolution": 1,
    "PixelBandwidth": 2604,
    "ProcedureStepDescription": "head_NEURO",
    "PulseSequenceDetails": "%SiemensSeq%_ep2d_bold",
    "ReceiveCoilName": "HeadMatrix",
    "ReconMatrixPE": 64,
    "RepetitionTime": 2.1,
    "ScanOptions": "FS",
    "ScanningSequence": "EP",
    "SequenceName": "_epfid2d1_64",
    "SequenceVariant": "SK",
    "SliceThickness": 3,
    "SliceTiming": [
      1.055,
      0,
      1.1425,
      0.0875,
      1.23,
      0.1775,
      1.3175,
      0.265,
      1.405,
      0.3525,
      1.495,
      0.44,
      1.5825,
      0.5275,
      1.67,
      0.615,
      1.7575,
      0.7025,
      1.845,
      0.79,
      1.9325,
      0.88,
      2.02,
      0.9675
    ],
    "SoftwareVersions": "syngo_MR_B19",
    "SpacingBetweenSlices": 3.3,
    "TaskName": "arithm_run-01",
    "TotalReadoutTime": 0.0296097,
    "dataset": "ds002422",
    "modality": "bold",
    "run_id": 1,
    "subject_id": "04",
    "task_id": "arithm"
  },
  "dummy_trs": 0,
  "dvars_nstd": 39.174101049330154,
  "dvars_std": 1.0131850458851677,
  "dvars_vstd": 1.004989537655503,
  "efc": 0.6312348832396312,
  "fber": 225.92254638671875,
  "fd_mean": 0.06495127588667803,
  "fd_num": 1,
  "fd_perc": 0.47619047619047616,
  "fwhm_avg": 1.6283948959789383,
  "fwhm_x": 1.4932501186728573,
  "fwhm_y": 1.74418,
  "fwhm_z": 1.647754569263958,
  "gcor": 0.00916061,
  "gsr_x": 0.00412667915225029,
  "gsr_y": 0.024019425734877586,
  "provenance": {
    "md5sum": "7f9366d3423633f8ea3868763930e5fb",
    "settings": {
      "fd_thres": 0.2,
      "testing": false
    },
    "software": "mriqc",
    "version": "21.0.0rc2",
    "webapi_port": null,
    "webapi_url": "https://mriqc.nimh.nih.gov/api/v1"
  },
  "size_t": 210,
  "size_x": 64,
  "size_y": 64,
  "size_z": 24,
  "snr": 6.788983062796775,
  "spacing_tr": 2.0999999046325684,
  "spacing_x": 2.999999761581421,
  "spacing_y": 3.0,
  "spacing_z": 3.299999952316284,
  "summary_bg_k": 45.57978031055298,
  "summary_bg_mad": 3.7418026365872374,
  "summary_bg_mean": 44.74082565307617,
  "summary_bg_median": 37.27619171142578,
  "summary_bg_n": 48640.0,
  "summary_bg_p05": 32.91904830932617,
  "summary_bg_p95": 74.89071807861326,
  "summary_bg_stdv": 26.73546028137207,
  "summary_fg_k": 1.1247545830383343,
  "summary_fg_mad": 84.51538474174824,
  "summary_fg_mean": 563.5882568359375,
  "summary_fg_median": 557.1524047851562,
  "summary_fg_n": 25757.0,
  "summary_fg_p05": 452.9666748046875,
  "summary_fg_p95": 706.5609985351562,
  "summary_fg_stdv": 82.06554412841797,
  "tsnr": 34.844249279703945
}