{
  "aor": 0.00036042857142857144,
  "aqi": 0.020037316666666666,
  "bids_meta": {
    "AcquisitionMatrixPE": 64,
    "BandwidthPerPixelPhaseEncode": 33.245,
    "BaseResolution": 64,
    "BodyPartExamined": "HEAD",
    "DerivedVendorReportedEchoSpacing": 0.000469996,
    "DwellTime": 3e-06,
    "EchoTime": 0.05,
    "EffectiveEchoSpacing": 0.000469995,
    "FlipAngle": 90,
    "ImageType": [
      "ORIGINAL",
      "PRIMARY",
      "FMRI",
      "NONE",
      "ND",
      "MOSAIC"
    ],
    "InPlanePhaseEncodingDirectionDICOM": "COL",
    "Instructions": "During the main condition, participants were visually presented with already solved sums (arithmetic operations of addition, subtraction, multiplication, and division with simple and double-digit numbers). The control condition stimuli were digit lines with non-mathematical characters instead of arithmetic signs. Participants responded with one of three buttons on the MR-compatible response box, depending on whether the stimulus sum had been solved correctly, incorrectly or just had not been an arithmetic exercise.",
    "MRAcquisitionType": "2D",
    "MagneticFieldStrength": 1.5,
    "Manufacturer": "Siemens",
    "ManufacturersModelName": "Avanto",
    "NumberOfVolumesDiscardedByUser": 3,
    "PartialFourier": 1,
    "PatientPosition": "HFS",
    "PercentPhaseFOV": 100,
    "PhaseEncodingDirection": "j-",
    "PhaseEncodingSteps": 64,
    "PhaseResolution": 1,
    "PixelBandwidth": 2604,
    "ProcedureStepDescription": "head_NEURO",
    "PulseSequenceDetails": "%SiemensSeq%_ep2d_bold",
    "ReceiveCoilName": "HeadMatrix",
    "ReconMatrixPE": 64,
    "RepetitionTime": 2.1,
    "ScanOptions": "FS",
    "ScanningSequence": "EP",
    "SequenceName": "_epfid2d1_64",
    "SequenceVariant": "SK",
    "SliceThickness": 3,
    "SliceTiming": [
      1.0525,
      0,
      1.1425,
      0.0875,
      1.23,
      0.175,
      1.3175,
      0.2625,
      1.405,
      0.35,
      1.4925,
      0.44,
      1.58,
      0.5275,
      1.6675,
      0.615,
      1.7575,
      0.7025,
      1.845,
      0.79,
      1.9325,
      0.8775,
      2.02,
      0.965
    ],
    "SoftwareVersions": "syngo_MR_B19",
    "SpacingBetweenSlices": 3.3,
    "TaskName": "arithm_run-02",
    "TotalReadoutTime": 0.0296097,
    "dataset": "ds002422",
    "modality": "bold",
    "run_id": 2,
    "subject_id": "33",
    "task_id": "arithm"
  },
  "dummy_trs": 0,
  "dvars_nstd": 40.146540792583735,
  "dvars_std": 1.0140210647368424,
  "dvars_vstd": 1.013355402966507,
  "efc": 0.6699807121717263,
  "fber": 206.3461456298828,
  "fd_mean": 0.08057671457473146,
  "fd_num": 1,
  "fd_perc": 0.47619047619047616,
  "fwhm_avg": 1.630554356918515,
  "fwhm_x": 1.52309,
  "fwhm_y": 1.7130368028066,
  "fwhm_z": 1.6555362679489443,
  "gcor": 0.00749821,
  "gsr_x": -0.008310615085065365,
  "gsr_y": 0.03778359293937683,
  "provenance": {
    "md5sum": "514f0658c7554d31353012765af50ddf",
    "settings": {
      "fd_thres": 0.2,
      "testing": false
    },
    "software": "mriqc",
    "version": "21.0.0rc2",
    "webapi_port": null,
    "webapi_url": "https://mriqc.nimh.nih.gov/api/v1"
  },
  "size_t": 210,
  "size_x": 64,
  "size_y": 64,
  "size_z": 24,
  "snr": 6.947745306671676,
  "spacing_tr": 2.0999999046325684,
  "spacing_x": 3.0,
  "spacing_y": 2.999999761581421,
  "spacing_z": 3.3000001907348633,
  "summary_bg_k": 64.6945252781354,
  "summary_bg_mad": 3.44528671742902,
  "summary_bg_mean": 46.182701110839844,
  "summary_bg_median": 37.333335876464844,
  "summary_bg_n": 43648.0,
  "summary_bg_p05": 34.27619171142578,
  "summary_bg_p95": 84.94762420654297,
  "summary_bg_stdv": 27.346782684326172,
  "summary_fg_k": 1.0839993634273428,
  "summary_fg_mad": 76.57639553672854,
  "summary_fg_mean": 547.8942260742188,
  "summary_fg_median": 538.1333618164062,
  "summary_fg_n": 29936.0,
  "summary_fg_p05": 445.9666748046875,
  "summary_fg_p95": 684.8809814453125,
  "summary_fg_stdv": 77.45309448242188,
  "tsnr": 35.01220181398094
}