{
  "aor": 0.0004575,
  "aqi": 0.010826009999999999,
  "bids_meta": {
    "AcquisitionMatrixPE": 64,
    "BandwidthPerPixelPhaseEncode": 34.722,
    "BaseResolution": 64,
    "BodyPartExamined": "HEAD",
    "DelayTime": 0.5,
    "DerivedVendorReportedEchoSpacing": 0.000450003,
    "DwellTime": 3e-06,
    "EchoTime": 0.05,
    "EffectiveEchoSpacing": 0.000450003,
    "FlipAngle": 90,
    "ImageType": [
      "ORIGINAL",
      "PRIMARY",
      "FMRI",
      "NONE",
      "ND",
      "MOSAIC"
    ],
    "InPlanePhaseEncodingDirectionDICOM": "COL",
    "Instructions": "Participants were asked to close their eyes, to not fall asleep, and to avoid consistent thinking about one topic during the period of scanning",
    "MRAcquisitionType": "2D",
    "MagneticFieldStrength": 1.5,
    "Manufacturer": "Siemens",
    "ManufacturersModelName": "Avanto",
    "NumberOfVolumesDiscardedByUser": 3,
    "PartialFourier": 1,
    "PatientPosition": "HFS",
    "PercentPhaseFOV": 100,
    "PhaseEncodingDirection": "j-",
    "PhaseEncodingSteps": 64,
    "PhaseResolution": 1,
    "PixelBandwidth": 2604,
    "ProcedureStepDescription": "head_NEURO",
    "PulseSequenceDetails": "%SiemensSeq%_ep2d_bold",
    "ReceiveCoilName": "HeadMatrix",
    "ReconMatrixPE": 64,
    "RepetitionTime": 3.56,
    "ScanOptions": "FS",
    "ScanningSequence": "EP",
    "SequenceName": "_epfid2d1_64",
    "SequenceVariant": "SK",
    "SliceThickness": 3.6,
    "SliceTiming": [
      1.535,
      0,
      1.62,
      0.085,
      1.705,
      0.17,
      1.7925,
      0.255,
      1.8775,
      0.34,
      1.9625,
      0.425,
      2.0475,
      0.51,
      2.1325,
      0.5975,
      2.2175,
      0.6825,
      2.3025,
      0.7675,
      2.3875,
      0.8525,
      2.475,
      0.9375,
      2.56,
      1.0225,
      2.645,
      1.1075,
      2.73,
      1.195,
      2.815,
      1.28,
      2.9,
      1.365,
      2.985,
      1.45
    ],
    "SoftwareVersions": "syngo_MR_B19",
    "SpacingBetweenSlices": 3.78,
    "TaskName": "rest",
    "TotalReadoutTime": 0.0283502,
    "dataset": "ds002422",
    "modality": "bold",
    "subject_id": "33",
    "task_id": "rest"
  },
  "dummy_trs": 0,
  "dvars_nstd": 30.271586173718593,
  "dvars_std": 1.061099761407035,
  "dvars_vstd": 0.9797523090954777,
  "efc": 0.4947472670895941,
  "fber": 706.2543334960938,
  "fd_mean": 0.16553292959006335,
  "fd_num": 57,
  "fd_perc": 28.5,
  "fwhm_avg": 1.598910627656381,
  "fwhm_x": 1.5178267826086957,
  "fwhm_y": 1.6728098501089246,
  "fwhm_z": 1.6060952502515222,
  "gcor": 0.013899,
  "gsr_x": -0.014134584926068783,
  "gsr_y": 0.03452223911881447,
  "provenance": {
    "md5sum": "4c02ae6a47f06743a3e26aaed943cfa2",
    "settings": {
      "fd_thres": 0.2,
      "testing": false
    },
    "software": "mriqc",
    "version": "21.0.0rc2",
    "webapi_port": null,
    "webapi_url": "https://mriqc.nimh.nih.gov/api/v1"
  },
  "size_t": 200,
  "size_x": 64,
  "size_y": 64,
  "size_z": 36,
  "snr": 5.576613811466718,
  "spacing_tr": 3.559999942779541,
  "spacing_x": 3.59375,
  "spacing_y": 3.593749761581421,
  "spacing_z": 3.7799999713897705,
  "summary_bg_k": 234.59332143490298,
  "summary_bg_mad": 2.913313585590653,
  "summary_bg_mean": 32.0405387878418,
  "summary_bg_median": 21.994998931884766,
  "summary_bg_n": 95553.0,
  "summary_bg_p05": 19.28499984741211,
  "summary_bg_p95": 67.11199951171872,
  "summary_bg_stdv": 48.99196243286133,
  "summary_fg_k": 1.0493189495765982,
  "summary_fg_mad": 104.6642601797911,
  "summary_fg_mean": 604.1851806640625,
  "summary_fg_median": 590.0899658203125,
  "summary_fg_n": 21523.0,
  "summary_fg_p05": 466.75449829101564,
  "summary_fg_p95": 792.7629577636718,
  "summary_fg_stdv": 105.8126449584961,
  "tsnr": 49.734272792120464
}