{
  "aor": 0.0017305999999999999,
  "aqi": 0.01387377515,
  "bids_meta": {
    "AcquisitionMatrixPE": 64,
    "BandwidthPerPixelPhaseEncode": 34.722,
    "BaseResolution": 64,
    "BodyPartExamined": "HEAD",
    "DelayTime": 0.5,
    "DerivedVendorReportedEchoSpacing": 0.000450003,
    "DwellTime": 3e-06,
    "EchoTime": 0.05,
    "EffectiveEchoSpacing": 0.000450003,
    "FlipAngle": 90,
    "ImageType": [
      "ORIGINAL",
      "PRIMARY",
      "FMRI",
      "NONE",
      "ND",
      "MOSAIC"
    ],
    "InPlanePhaseEncodingDirectionDICOM": "COL",
    "Instructions": "Participants were asked to close their eyes, to not fall asleep, and to avoid consistent thinking about one topic during the period of scanning",
    "MRAcquisitionType": "2D",
    "MagneticFieldStrength": 1.5,
    "Manufacturer": "Siemens",
    "ManufacturersModelName": "Avanto",
    "NumberOfVolumesDiscardedByUser": 3,
    "PartialFourier": 1,
    "PatientPosition": "HFS",
    "PercentPhaseFOV": 100,
    "PhaseEncodingDirection": "j-",
    "PhaseEncodingSteps": 64,
    "PhaseResolution": 1,
    "PixelBandwidth": 2604,
    "ProcedureStepDescription": "head_NEURO",
    "PulseSequenceDetails": "%SiemensSeq%_ep2d_bold",
    "ReceiveCoilName": "HeadMatrix",
    "ReconMatrixPE": 64,
    "RepetitionTime": 3.56,
    "ScanOptions": "FS",
    "ScanningSequence": "EP",
    "SequenceName": "_epfid2d1_64",
    "SequenceVariant": "SK",
    "SliceThickness": 3.6,
    "SliceTiming": [
      1.5375,
      0,
      1.6225,
      0.085,
      1.7075,
      0.1725,
      1.7925,
      0.2575,
      1.8775,
      0.3425,
      1.9625,
      0.4275,
      2.05,
      0.5125,
      2.135,
      0.5975,
      2.22,
      0.6825,
      2.305,
      0.77,
      2.39,
      0.855,
      2.475,
      0.94,
      2.56,
      1.025,
      2.6475,
      1.11,
      2.7325,
      1.195,
      2.8175,
      1.28,
      2.9025,
      1.3675,
      2.9875,
      1.4525
    ],
    "SoftwareVersions": "syngo_MR_B19",
    "SpacingBetweenSlices": 3.78,
    "TaskName": "rest",
    "TotalReadoutTime": 0.0283502,
    "dataset": "ds002422",
    "modality": "bold",
    "subject_id": "36",
    "task_id": "rest"
  },
  "dummy_trs": 0,
  "dvars_nstd": 30.888451791708555,
  "dvars_std": 1.0046773590954776,
  "dvars_vstd": 0.9646016842713571,
  "efc": 0.5009316446554014,
  "fber": 487.07708740234375,
  "fd_mean": 0.19957288684545652,
  "fd_num": 59,
  "fd_perc": 29.5,
  "fwhm_avg": 1.8130807978131884,
  "fwhm_x": 1.7381982608695652,
  "fwhm_y": 1.925893437448688,
  "fwhm_z": 1.7751506951213127,
  "gcor": 0.0117451,
  "gsr_x": -0.006466792430728674,
  "gsr_y": 0.019183332100510597,
  "provenance": {
    "md5sum": "a6c72a931cc974e2e4ad6b052acf35b8",
    "settings": {
      "fd_thres": 0.2,
      "testing": false
    },
    "software": "mriqc",
    "version": "21.0.0rc2",
    "webapi_port": null,
    "webapi_url": "https://mriqc.nimh.nih.gov/api/v1"
  },
  "size_t": 200,
  "size_x": 64,
  "size_y": 64,
  "size_z": 36,
  "snr": 4.062073548547325,
  "spacing_tr": 3.559999942779541,
  "spacing_x": 3.59375,
  "spacing_y": 3.593750238418579,
  "spacing_z": 3.7800002098083496,
  "summary_bg_k": 357.2409225013892,
  "summary_bg_mad": 4.351439547358249,
  "summary_bg_mean": 36.616920471191406,
  "summary_bg_median": 27.01999855041504,
  "summary_bg_n": 95467.0,
  "summary_bg_p05": 22.53999900817871,
  "summary_bg_p95": 80.27399749755854,
  "summary_bg_stdv": 37.62842559814453,
  "summary_fg_k": 2.6070193284754533,
  "summary_fg_mad": 113.24116468872653,
  "summary_fg_mean": 627.0337524414062,
  "summary_fg_median": 597.3150024414062,
  "summary_fg_n": 21371.0,
  "summary_fg_p05": 452.1449890136719,
  "summary_fg_p95": 921.7024536132812,
  "summary_fg_stdv": 147.0433807373047,
  "tsnr": 38.363932345528156
}