{
  "aor": 0.0003981499999999999,
  "aqi": 0.0065229713,
  "bids_meta": {
    "AcquisitionMatrixPE": 64,
    "BandwidthPerPixelPhaseEncode": 34.722,
    "BaseResolution": 64,
    "BodyPartExamined": "HEAD",
    "DelayTime": 0.5,
    "DerivedVendorReportedEchoSpacing": 0.000450003,
    "DwellTime": 3e-06,
    "EchoTime": 0.05,
    "EffectiveEchoSpacing": 0.000450003,
    "FlipAngle": 90,
    "ImageType": [
      "ORIGINAL",
      "PRIMARY",
      "FMRI",
      "NONE",
      "ND",
      "MOSAIC"
    ],
    "InPlanePhaseEncodingDirectionDICOM": "COL",
    "Instructions": "Participants were asked to close their eyes, to not fall asleep, and to avoid consistent thinking about one topic during the period of scanning",
    "MRAcquisitionType": "2D",
    "MagneticFieldStrength": 1.5,
    "Manufacturer": "Siemens",
    "ManufacturersModelName": "Avanto",
    "NumberOfVolumesDiscardedByUser": 3,
    "PartialFourier": 1,
    "PatientPosition": "HFS",
    "PercentPhaseFOV": 100,
    "PhaseEncodingDirection": "j-",
    "PhaseEncodingSteps": 64,
    "PhaseResolution": 1,
    "PixelBandwidth": 2604,
    "ProcedureStepDescription": "head_NEURO",
    "PulseSequenceDetails": "%SiemensSeq%_ep2d_bold",
    "ReceiveCoilName": "HeadMatrix",
    "ReconMatrixPE": 64,
    "RepetitionTime": 3.56,
    "ScanOptions": "FS",
    "ScanningSequence": "EP",
    "SequenceName": "_epfid2d1_64",
    "SequenceVariant": "SK",
    "SliceThickness": 3.6,
    "SliceTiming": [
      1.535,
      0,
      1.62,
      0.085,
      1.705,
      0.17,
      1.7925,
      0.255,
      1.8775,
      0.34,
      1.9625,
      0.425,
      2.0475,
      0.5125,
      2.1325,
      0.5975,
      2.2175,
      0.6825,
      2.3025,
      0.7675,
      2.39,
      0.8525,
      2.475,
      0.9375,
      2.56,
      1.0225,
      2.645,
      1.1075,
      2.73,
      1.195,
      2.815,
      1.28,
      2.9,
      1.365,
      2.985,
      1.45
    ],
    "SoftwareVersions": "syngo_MR_B19",
    "SpacingBetweenSlices": 3.78,
    "TaskName": "rest",
    "TotalReadoutTime": 0.0283502,
    "dataset": "ds002422",
    "modality": "bold",
    "subject_id": "16",
    "task_id": "rest"
  },
  "dummy_trs": 0,
  "dvars_nstd": 38.11303696567841,
  "dvars_std": 1.2884803360301507,
  "dvars_vstd": 0.9878158374874368,
  "efc": 0.4908836203965284,
  "fber": 591.1947021484375,
  "fd_mean": 0.054234250800807404,
  "fd_num": 0,
  "fd_perc": 0.0,
  "fwhm_avg": 1.8199615104005333,
  "fwhm_x": 1.7467240580308958,
  "fwhm_y": 1.8630149565217393,
  "fwhm_z": 1.850145516648965,
  "gcor": 0.0082821,
  "gsr_x": -0.015049489215016365,
  "gsr_y": 0.023715132847428322,
  "provenance": {
    "md5sum": "fa5d8d8b4dc601040143147655c87086",
    "settings": {
      "fd_thres": 0.2,
      "testing": false
    },
    "software": "mriqc",
    "version": "21.0.0rc2",
    "webapi_port": null,
    "webapi_url": "https://mriqc.nimh.nih.gov/api/v1"
  },
  "size_t": 200,
  "size_x": 64,
  "size_y": 64,
  "size_z": 36,
  "snr": 4.15038135409094,
  "spacing_tr": 3.559999942779541,
  "spacing_x": 3.593750238418579,
  "spacing_y": 3.59375,
  "spacing_z": 3.7799999713897705,
  "summary_bg_k": 203.45879873571403,
  "summary_bg_mad": 2.5871421155415737,
  "summary_bg_mean": 36.336814880371094,
  "summary_bg_median": 25.635000228881836,
  "summary_bg_n": 97465.0,
  "summary_bg_p05": 23.399999618530273,
  "summary_bg_p95": 76.16300048828128,
  "summary_bg_stdv": 46.46294403076172,
  "summary_fg_k": 1.3689752784010247,
  "summary_fg_mad": 144.76872258305409,
  "summary_fg_mean": 647.8773193359375,
  "summary_fg_median": 627.9849853515625,
  "summary_fg_n": 20692.0,
  "summary_fg_p05": 455.93147735595704,
  "summary_fg_p95": 932.7447235107423,
  "summary_fg_stdv": 151.3041229248047,
  "tsnr": 54.06112494436093
}