{
  "aor": 0.00048004761904761904,
  "aqi": 0.0129575,
  "bids_meta": {
    "AcquisitionMatrixPE": 64,
    "BandwidthPerPixelPhaseEncode": 33.245,
    "BaseResolution": 64,
    "BodyPartExamined": "HEAD",
    "DerivedVendorReportedEchoSpacing": 0.000469996,
    "DwellTime": 3e-06,
    "EchoTime": 0.05,
    "EffectiveEchoSpacing": 0.000469995,
    "FlipAngle": 90,
    "ImageType": [
      "ORIGINAL",
      "PRIMARY",
      "FMRI",
      "NONE",
      "ND",
      "MOSAIC"
    ],
    "InPlanePhaseEncodingDirectionDICOM": "COL",
    "Instructions": "During the main condition, participants were visually presented with already solved sums (arithmetic operations of addition, subtraction, multiplication, and division with simple and double-digit numbers). The control condition stimuli were digit lines with non-mathematical characters instead of arithmetic signs. Participants responded with one of three buttons on the MR-compatible response box, depending on whether the stimulus sum had been solved correctly, incorrectly or just had not been an arithmetic exercise.",
    "MRAcquisitionType": "2D",
    "MagneticFieldStrength": 1.5,
    "Manufacturer": "Siemens",
    "ManufacturersModelName": "Avanto",
    "NumberOfVolumesDiscardedByUser": 3,
    "PartialFourier": 1,
    "PatientPosition": "HFS",
    "PercentPhaseFOV": 100,
    "PhaseEncodingDirection": "j-",
    "PhaseEncodingSteps": 64,
    "PhaseResolution": 1,
    "PixelBandwidth": 2604,
    "ProcedureStepDescription": "head_NEURO",
    "PulseSequenceDetails": "%SiemensSeq%_ep2d_bold",
    "ReceiveCoilName": "HeadMatrix",
    "ReconMatrixPE": 64,
    "RepetitionTime": 2.1,
    "ScanOptions": "FS",
    "ScanningSequence": "EP",
    "SequenceName": "_epfid2d1_64",
    "SequenceVariant": "SK",
    "SliceThickness": 3,
    "SliceTiming": [
      1.055,
      0,
      1.1425,
      0.09,
      1.23,
      0.1775,
      1.3175,
      0.265,
      1.4075,
      0.3525,
      1.495,
      0.44,
      1.5825,
      0.5275,
      1.67,
      0.615,
      1.7575,
      0.705,
      1.845,
      0.7925,
      1.9325,
      0.88,
      2.0225,
      0.9675
    ],
    "SoftwareVersions": "syngo_MR_B19",
    "SpacingBetweenSlices": 3.3,
    "TaskName": "arithm_run-01",
    "TotalReadoutTime": 0.0296097,
    "dataset": "ds002422",
    "modality": "bold",
    "run_id": 1,
    "subject_id": "16",
    "task_id": "arithm"
  },
  "dummy_trs": 0,
  "dvars_nstd": 42.37481289693781,
  "dvars_std": 1.026967415885167,
  "dvars_vstd": 1.014470239760765,
  "efc": 0.6037315417925012,
  "fber": 228.02391052246094,
  "fd_mean": 0.1443002582402882,
  "fd_num": 39,
  "fd_perc": 18.571428571428573,
  "fwhm_avg": 2.0302538985667558,
  "fwhm_x": 1.88262,
  "fwhm_y": 2.089026666666667,
  "fwhm_z": 2.1191150290336016,
  "gcor": 0.0102697,
  "gsr_x": 0.00032838532933965325,
  "gsr_y": 0.019341368228197098,
  "provenance": {
    "md5sum": "250e75503c40802dd3a9ab360c08048d",
    "settings": {
      "fd_thres": 0.2,
      "testing": false
    },
    "software": "mriqc",
    "version": "21.0.0rc2",
    "webapi_port": null,
    "webapi_url": "https://mriqc.nimh.nih.gov/api/v1"
  },
  "size_t": 210,
  "size_x": 64,
  "size_y": 64,
  "size_z": 24,
  "snr": 5.029481018419893,
  "spacing_tr": 2.0999999046325684,
  "spacing_x": 3.0,
  "spacing_y": 3.0,
  "spacing_z": 3.3000001907348633,
  "summary_bg_k": 58.834131143883766,
  "summary_bg_mad": 2.753404928035922,
  "summary_bg_mean": 43.80103302001953,
  "summary_bg_median": 37.21428680419922,
  "summary_bg_n": 52436.0,
  "summary_bg_p05": 34.657142639160156,
  "summary_bg_p95": 72.99048042297363,
  "summary_bg_stdv": 20.864667892456055,
  "summary_fg_k": 0.6278871594729036,
  "summary_fg_mad": 107.3051453815042,
  "summary_fg_mean": 576.7193603515625,
  "summary_fg_median": 557.9095458984375,
  "summary_fg_n": 22938.0,
  "summary_fg_p05": 437.1564514160156,
  "summary_fg_p95": 787.2214447021483,
  "summary_fg_stdv": 110.9254379272461,
  "tsnr": 34.31119410612155
}