{
  "bids_meta": {
    "AcquisitionMatrixPE": 246,
    "BaseResolution": 256,
    "CoilString": "T:HE1-4;NE2",
    "DwellTime": 1.5e-05,
    "EchoTime": 0.00291,
    "FlipAngle": 15,
    "ImagingFrequency": 63.6572,
    "InversionTime": 1.1,
    "MagneticFieldStrength": 1.5,
    "Manufacturer": "Siemens",
    "ManufacturersModelName": "Avanto",
    "PartialFourier": 1,
    "PercentPhaseFOV": 100,
    "PhaseEncodingSteps": 307,
    "PhaseOversampling": 0.25,
    "PhaseResolution": 0.96,
    "PixelBandwidth": 130,
    "ProtocolName": "t1_mpr_ns_sag_p2_iso",
    "PulseSequenceDetails": "%SiemensSeq%_tfl",
    "ReceiveCoilName": "NeckMatrix",
    "ReconMatrixPE": 256,
    "RepetitionTime": 1.9,
    "ScanOptions": "IR",
    "ScanningSequence": "GR_IR",
    "SequenceName": "_tfl3d1_ns",
    "SequenceVariant": "SP_MP_OSP",
    "SeriesDescription": "t1_mpr_ns_sag_p2_iso",
    "SliceThickness": 1,
    "SoftwareVersions": "syngo_MR_B19",
    "dataset": "ds002422",
    "modality": "T1w",
    "subject_id": "11"
  },
  "cjv": 0.6295319291884682,
  "cnr": 2.1227704211539264,
  "efc": 0.5654909090141246,
  "fber": 1122.473876953125,
  "fwhm_avg": 3.3693435157804252,
  "fwhm_x": 3.34703,
  "fwhm_y": 3.2972695587506373,
  "fwhm_z": 3.463730988590638,
  "icvs_csf": 0.1932934620958872,
  "icvs_gm": 0.4208269012479871,
  "icvs_wm": 0.3858796366561257,
  "inu_med": 1.4187307357788086,
  "inu_range": 0.2492309808731079,
  "provenance": {
    "md5sum": "148e630ad36f5dd34d6d2be64ed36432",
    "settings": {
      "testing": false
    },
    "software": "mriqc",
    "version": "21.0.0rc2",
    "warnings": {
      "large_rot_frame": true,
      "small_air_mask": false
    },
    "webapi_port": null,
    "webapi_url": "https://mriqc.nimh.nih.gov/api/v1"
  },
  "qi_1": 0.0,
  "qi_2": 0.0019223110562718096,
  "rpve_csf": 30.34283763470455,
  "rpve_gm": 14.59081213416298,
  "rpve_wm": 18.547475659941785,
  "size_x": 176,
  "size_y": 256,
  "size_z": 256,
  "snr_csf": 2.8144267343197815,
  "snr_gm": 12.728429509052278,
  "snr_total": 10.982620152752304,
  "snr_wm": 17.40500421488485,
  "snrd_csf": 21.604905693594027,
  "snrd_gm": 49.32480924223301,
  "snrd_total": 43.83231495043764,
  "snrd_wm": 60.56722991548589,
  "spacing_x": 1.0,
  "spacing_y": 0.9765625596046448,
  "spacing_z": 0.9765625596046448,
  "summary_bg_k": 6.476869978453852,
  "summary_bg_mad": 10.817439773621889,
  "summary_bg_mean": 20.586816787719727,
  "summary_bg_median": 16.855037689208984,
  "summary_bg_n": 2806916.0,
  "summary_bg_p05": 2.418592393398285,
  "summary_bg_p95": 50.718772888183594,
  "summary_bg_stdv": 15.868075370788574,
  "summary_csf_k": 4.1970613425996,
  "summary_csf_mad": 106.76505069515467,
  "summary_csf_mean": 383.8904113769531,
  "summary_csf_median": 356.7345275878906,
  "summary_csf_n": 24037.0,
  "summary_csf_p05": 226.17279357910155,
  "summary_csf_p95": 627.3812988281251,
  "summary_csf_stdv": 126.74947357177734,
  "summary_gm_k": 0.25424406731672855,
  "summary_gm_mad": 60.93328614879188,
  "summary_gm_mean": 816.8884887695312,
  "summary_gm_median": 814.4382934570312,
  "summary_gm_n": 12607.0,
  "summary_gm_p05": 716.0930786132812,
  "summary_gm_p95": 927.6508178710936,
  "summary_gm_stdv": 63.98322677612305,
  "summary_wm_k": 0.3635198190480802,
  "summary_wm_mad": 55.92792007131937,
  "summary_wm_mean": 1003.2568969726562,
  "summary_wm_median": 1000.0701904296875,
  "summary_wm_n": 185260.0,
  "summary_wm_p05": 915.0009521484375,
  "summary_wm_p95": 1102.8663452148437,
  "summary_wm_stdv": 57.4586181640625,
  "tpm_overlap_csf": 0.184703066945076,
  "tpm_overlap_gm": 0.44662415981292725,
  "tpm_overlap_wm": 0.5237557888031006,
  "wm2max": 0.44936436685393916
}