{
  "aor": 0.00040755980861244024,
  "aqi": 0.013191047368421053,
  "bids_meta": {
    "AcquisitionMatrixPE": 64,
    "BandwidthPerPixelPhaseEncode": 33.245,
    "BaseResolution": 64,
    "BodyPartExamined": "HEAD",
    "DerivedVendorReportedEchoSpacing": 0.000469996,
    "DwellTime": 3e-06,
    "EchoTime": 0.05,
    "EffectiveEchoSpacing": 0.000469995,
    "FlipAngle": 90,
    "ImageType": [
      "ORIGINAL",
      "PRIMARY",
      "FMRI",
      "NONE",
      "ND",
      "MOSAIC"
    ],
    "InPlanePhaseEncodingDirectionDICOM": "COL",
    "Instructions": "During the main condition, participants were visually presented with already solved sums (arithmetic operations of addition, subtraction, multiplication, and division with simple and double-digit numbers). The control condition stimuli were digit lines with non-mathematical characters instead of arithmetic signs. Participants responded with one of three buttons on the MR-compatible response box, depending on whether the stimulus sum had been solved correctly, incorrectly or just had not been an arithmetic exercise.",
    "MRAcquisitionType": "2D",
    "MagneticFieldStrength": 1.5,
    "Manufacturer": "Siemens",
    "ManufacturersModelName": "Avanto",
    "NumberOfVolumesDiscardedByUser": 3,
    "PartialFourier": 1,
    "PatientPosition": "HFS",
    "PercentPhaseFOV": 100,
    "PhaseEncodingDirection": "j-",
    "PhaseEncodingSteps": 64,
    "PhaseResolution": 1,
    "PixelBandwidth": 2604,
    "ProcedureStepDescription": "head_NEURO",
    "PulseSequenceDetails": "%SiemensSeq%_ep2d_bold",
    "ReceiveCoilName": "HeadMatrix",
    "ReconMatrixPE": 64,
    "RepetitionTime": 2.1,
    "ScanOptions": "FS",
    "ScanningSequence": "EP",
    "SequenceName": "_epfid2d1_64",
    "SequenceVariant": "SK",
    "SliceThickness": 3,
    "SliceTiming": [
      1.055,
      0,
      1.1425,
      0.0875,
      1.23,
      0.175,
      1.3175,
      0.2625,
      1.405,
      0.3525,
      1.4925,
      0.44,
      1.58,
      0.5275,
      1.67,
      0.615,
      1.7575,
      0.7025,
      1.845,
      0.79,
      1.9325,
      0.8775,
      2.02,
      0.965
    ],
    "SoftwareVersions": "syngo_MR_B19",
    "SpacingBetweenSlices": 3.3,
    "TaskName": "arithm_run-02",
    "TotalReadoutTime": 0.0296097,
    "dataset": "ds002422",
    "modality": "bold",
    "run_id": 2,
    "subject_id": "16",
    "task_id": "arithm"
  },
  "dummy_trs": 1,
  "dvars_nstd": 42.90562253725962,
  "dvars_std": 1.0216009490384619,
  "dvars_vstd": 1.0073056308173072,
  "efc": 0.6024714636209304,
  "fber": 228.64578247070312,
  "fd_mean": 0.1607319030898685,
  "fd_num": 58,
  "fd_perc": 27.751196172248804,
  "fwhm_avg": 2.0322806660843153,
  "fwhm_x": 1.88084,
  "fwhm_y": 2.088623333333333,
  "fwhm_z": 2.1273786649196125,
  "gcor": 0.0108732,
  "gsr_x": 0.0002536444808356464,
  "gsr_y": 0.019528288394212723,
  "provenance": {
    "md5sum": "b341cbd8a8013bad105f7bcca48c46d5",
    "settings": {
      "fd_thres": 0.2,
      "testing": false
    },
    "software": "mriqc",
    "version": "21.0.0rc2",
    "webapi_port": null,
    "webapi_url": "https://mriqc.nimh.nih.gov/api/v1"
  },
  "size_t": 209,
  "size_x": 64,
  "size_y": 64,
  "size_z": 24,
  "snr": 5.046056956496732,
  "spacing_tr": 2.0999999046325684,
  "spacing_x": 3.0,
  "spacing_y": 3.0,
  "spacing_z": 3.3000001907348633,
  "summary_bg_k": 59.61549035139102,
  "summary_bg_mad": 2.724018021879935,
  "summary_bg_mean": 43.57611846923828,
  "summary_bg_median": 37.105262756347656,
  "summary_bg_n": 52569.0,
  "summary_bg_p05": 34.50239181518555,
  "summary_bg_p95": 72.28994903564453,
  "summary_bg_stdv": 20.560171127319336,
  "summary_fg_k": 0.60955986330092,
  "summary_fg_mad": 107.39997980075432,
  "summary_fg_mean": 575.2442016601562,
  "summary_fg_median": 556.796630859375,
  "summary_fg_n": 22850.0,
  "summary_fg_p05": 436.1346771240234,
  "summary_fg_p95": 784.5636138916016,
  "summary_fg_stdv": 110.34049987792969,
  "tsnr": 34.11424233682919
}