{
  "bids_meta": {
    "AcquisitionMatrixPE": 246,
    "BaseResolution": 256,
    "CoilString": "T:HE1-4;NE2",
    "DwellTime": 1.5e-05,
    "EchoTime": 0.00291,
    "FlipAngle": 15,
    "ImagingFrequency": 63.6572,
    "InversionTime": 1.1,
    "MagneticFieldStrength": 1.5,
    "Manufacturer": "Siemens",
    "ManufacturersModelName": "Avanto",
    "PartialFourier": 1,
    "PercentPhaseFOV": 100,
    "PhaseEncodingSteps": 307,
    "PhaseOversampling": 0.25,
    "PhaseResolution": 0.96,
    "PixelBandwidth": 130,
    "ProtocolName": "t1_mpr_ns_sag_p2_iso",
    "PulseSequenceDetails": "%SiemensSeq%_tfl",
    "ReceiveCoilName": "NeckMatrix",
    "ReconMatrixPE": 256,
    "RepetitionTime": 1.9,
    "ScanOptions": "IR",
    "ScanningSequence": "GR_IR",
    "SequenceName": "_tfl3d1_ns",
    "SequenceVariant": "SP_MP_OSP",
    "SeriesDescription": "t1_mpr_ns_sag_p2_iso",
    "SliceThickness": 1,
    "SoftwareVersions": "syngo_MR_B19",
    "dataset": "ds002422",
    "modality": "T1w",
    "subject_id": "36"
  },
  "cjv": 0.7693558265824342,
  "cnr": 1.8031043392525974,
  "efc": 0.6081200470702176,
  "fber": 965.1002807617188,
  "fwhm_avg": 3.5607978760512515,
  "fwhm_x": 3.568870212721241,
  "fwhm_y": 3.529646295432513,
  "fwhm_z": 3.58387712,
  "icvs_csf": 0.21720407031162065,
  "icvs_gm": 0.38998177388803124,
  "icvs_wm": 0.3928141558003481,
  "inu_med": 1.5112543106079102,
  "inu_range": 0.3049427270889282,
  "provenance": {
    "md5sum": "6a1e3d22ad4566a23bf6b1eaa68ed4dc",
    "settings": {
      "testing": false
    },
    "software": "mriqc",
    "version": "21.0.0rc2",
    "warnings": {
      "large_rot_frame": true,
      "small_air_mask": false
    },
    "webapi_port": null,
    "webapi_url": "https://mriqc.nimh.nih.gov/api/v1"
  },
  "qi_1": 0.0,
  "qi_2": 0.00132753098316418,
  "rpve_csf": 26.238023722473162,
  "rpve_gm": 14.057330525025092,
  "rpve_wm": 16.60798262073409,
  "size_x": 176,
  "size_y": 256,
  "size_z": 256,
  "snr_csf": 3.3598481155862956,
  "snr_gm": 11.4036085556494,
  "snr_total": 9.990508433091664,
  "snr_wm": 15.208068628039296,
  "snrd_csf": 16.243580401222182,
  "snrd_gm": 38.44196000270291,
  "snrd_total": 33.82980854621591,
  "snrd_wm": 46.80388523472262,
  "spacing_x": 0.9999999403953552,
  "spacing_y": 0.9765624403953552,
  "spacing_z": 0.9765625,
  "summary_bg_k": 12.598267137762752,
  "summary_bg_mad": 13.99867628810231,
  "summary_bg_mean": 22.652515411376953,
  "summary_bg_median": 18.983108520507812,
  "summary_bg_n": 2096958.0,
  "summary_bg_p05": 4.719846177101135,
  "summary_bg_p95": 55.69127464294429,
  "summary_bg_stdv": 17.52240562438965,
  "summary_csf_k": 1.1084672517948668,
  "summary_csf_mad": 87.03259156320361,
  "summary_csf_mean": 365.56927490234375,
  "summary_csf_median": 347.0859375,
  "summary_csf_n": 41228.0,
  "summary_csf_p05": 230.33490066528321,
  "summary_csf_p95": 572.6882110595706,
  "summary_csf_stdv": 103.30280303955078,
  "summary_gm_k": 0.09930026275227055,
  "summary_gm_mad": 71.71160700725702,
  "summary_gm_mean": 824.255859375,
  "summary_gm_median": 821.4114990234375,
  "summary_gm_n": 9630.0,
  "summary_gm_p05": 710.0201232910156,
  "summary_gm_p95": 947.257681274414,
  "summary_gm_stdv": 72.027099609375,
  "summary_wm_k": 0.1313981749613844,
  "summary_wm_mad": 65.75233154951249,
  "summary_wm_mean": 1004.0817260742188,
  "summary_wm_median": 1000.0855712890625,
  "summary_wm_n": 192492.0,
  "summary_wm_p05": 903.3139434814453,
  "summary_wm_p95": 1118.8387756347654,
  "summary_wm_stdv": 65.76002502441406,
  "tpm_overlap_csf": 0.1775425225496292,
  "tpm_overlap_gm": 0.4183187484741211,
  "tpm_overlap_wm": 0.4972546696662903,
  "wm2max": 0.4841986983557085
}