{
  "aor": 0.00037385714285714284,
  "aqi": 0.01995604904761905,
  "bids_meta": {
    "AcquisitionMatrixPE": 64,
    "BandwidthPerPixelPhaseEncode": 33.245,
    "BaseResolution": 64,
    "BodyPartExamined": "HEAD",
    "DerivedVendorReportedEchoSpacing": 0.000469996,
    "DwellTime": 3e-06,
    "EchoTime": 0.05,
    "EffectiveEchoSpacing": 0.000469995,
    "FlipAngle": 90,
    "ImageType": [
      "ORIGINAL",
      "PRIMARY",
      "FMRI",
      "NONE",
      "ND",
      "MOSAIC"
    ],
    "InPlanePhaseEncodingDirectionDICOM": "COL",
    "Instructions": "During the main condition, participants were visually presented with already solved sums (arithmetic operations of addition, subtraction, multiplication, and division with simple and double-digit numbers). The control condition stimuli were digit lines with non-mathematical characters instead of arithmetic signs. Participants responded with one of three buttons on the MR-compatible response box, depending on whether the stimulus sum had been solved correctly, incorrectly or just had not been an arithmetic exercise.",
    "MRAcquisitionType": "2D",
    "MagneticFieldStrength": 1.5,
    "Manufacturer": "Siemens",
    "ManufacturersModelName": "Avanto",
    "NumberOfVolumesDiscardedByUser": 3,
    "PartialFourier": 1,
    "PatientPosition": "HFS",
    "PercentPhaseFOV": 100,
    "PhaseEncodingDirection": "j-",
    "PhaseEncodingSteps": 64,
    "PhaseResolution": 1,
    "PixelBandwidth": 2604,
    "ProcedureStepDescription": "head_NEURO",
    "PulseSequenceDetails": "%SiemensSeq%_ep2d_bold",
    "ReceiveCoilName": "HeadMatrix",
    "ReconMatrixPE": 64,
    "RepetitionTime": 2.1,
    "ScanOptions": "FS",
    "ScanningSequence": "EP",
    "SequenceName": "_epfid2d1_64",
    "SequenceVariant": "SK",
    "SliceThickness": 3,
    "SliceTiming": [
      1.0525,
      0,
      1.14,
      0.0875,
      1.2275,
      0.175,
      1.3175,
      0.2625,
      1.405,
      0.35,
      1.4925,
      0.4375,
      1.58,
      0.525,
      1.6675,
      0.615,
      1.755,
      0.7025,
      1.8425,
      0.79,
      1.9325,
      0.8775,
      2.02,
      0.965
    ],
    "SoftwareVersions": "syngo_MR_B19",
    "SpacingBetweenSlices": 3.3,
    "TaskName": "arithm_run-02",
    "TotalReadoutTime": 0.0296097,
    "dataset": "ds002422",
    "modality": "bold",
    "run_id": 2,
    "subject_id": "28",
    "task_id": "arithm"
  },
  "dummy_trs": 0,
  "dvars_nstd": 47.93550743220096,
  "dvars_std": 1.0732268743062199,
  "dvars_vstd": 1.0117044575598086,
  "efc": 0.6255320524328225,
  "fber": 201.0970916748047,
  "fd_mean": 0.09665872539384322,
  "fd_num": 12,
  "fd_perc": 5.714285714285714,
  "fwhm_avg": 1.615888088751791,
  "fwhm_x": 1.4682233333333334,
  "fwhm_y": 1.7301833333333334,
  "fwhm_z": 1.6492575995887062,
  "gcor": 0.0165377,
  "gsr_x": 0.001768383663147688,
  "gsr_y": 0.02214762754738331,
  "provenance": {
    "md5sum": "d3a8c0958afe18a27a8eaa5dd5a79f39",
    "settings": {
      "fd_thres": 0.2,
      "testing": false
    },
    "software": "mriqc",
    "version": "21.0.0rc2",
    "webapi_port": null,
    "webapi_url": "https://mriqc.nimh.nih.gov/api/v1"
  },
  "size_t": 210,
  "size_x": 64,
  "size_y": 64,
  "size_z": 24,
  "snr": 6.299342375248114,
  "spacing_tr": 2.0999999046325684,
  "spacing_x": 3.0,
  "spacing_y": 3.0,
  "spacing_z": 3.299999952316284,
  "summary_bg_k": 46.80142791696031,
  "summary_bg_mad": 2.774585444501313,
  "summary_bg_mean": 43.199134826660156,
  "summary_bg_median": 36.471431732177734,
  "summary_bg_n": 50329.0,
  "summary_bg_p05": 33.95714569091797,
  "summary_bg_p95": 73.36666870117185,
  "summary_bg_stdv": 20.54964828491211,
  "summary_fg_k": 0.983717851393406,
  "summary_fg_mad": 81.64899632174192,
  "summary_fg_mean": 523.1324462890625,
  "summary_fg_median": 512.4595336914062,
  "summary_fg_n": 24310.0,
  "summary_fg_p05": 417.175732421875,
  "summary_fg_p95": 664.3083801269531,
  "summary_fg_stdv": 81.34960174560547,
  "tsnr": 32.59905326552689
}