{
  "aor": 0.001157904761904762,
  "aqi": 0.033214072857142854,
  "bids_meta": {
    "AcquisitionMatrixPE": 64,
    "BandwidthPerPixelPhaseEncode": 33.245,
    "BaseResolution": 64,
    "BodyPartExamined": "HEAD",
    "DerivedVendorReportedEchoSpacing": 0.000469996,
    "DwellTime": 3e-06,
    "EchoTime": 0.05,
    "EffectiveEchoSpacing": 0.000469995,
    "FlipAngle": 90,
    "ImageType": [
      "ORIGINAL",
      "PRIMARY",
      "FMRI",
      "NONE",
      "ND",
      "MOSAIC"
    ],
    "InPlanePhaseEncodingDirectionDICOM": "COL",
    "Instructions": "During the main condition, participants were visually presented with already solved sums (arithmetic operations of addition, subtraction, multiplication, and division with simple and double-digit numbers). The control condition stimuli were digit lines with non-mathematical characters instead of arithmetic signs. Participants responded with one of three buttons on the MR-compatible response box, depending on whether the stimulus sum had been solved correctly, incorrectly or just had not been an arithmetic exercise.",
    "MRAcquisitionType": "2D",
    "MagneticFieldStrength": 1.5,
    "Manufacturer": "Siemens",
    "ManufacturersModelName": "Avanto",
    "NumberOfVolumesDiscardedByUser": 3,
    "PartialFourier": 1,
    "PatientPosition": "HFS",
    "PercentPhaseFOV": 100,
    "PhaseEncodingDirection": "j-",
    "PhaseEncodingSteps": 64,
    "PhaseResolution": 1,
    "PixelBandwidth": 2604,
    "ProcedureStepDescription": "head_NEURO",
    "PulseSequenceDetails": "%SiemensSeq%_ep2d_bold",
    "ReceiveCoilName": "HeadMatrix",
    "ReconMatrixPE": 64,
    "RepetitionTime": 2.1,
    "ScanOptions": "FS",
    "ScanningSequence": "EP",
    "SequenceName": "_epfid2d1_64",
    "SequenceVariant": "SK",
    "SliceThickness": 3,
    "SliceTiming": [
      1.055,
      0,
      1.1425,
      0.0875,
      1.23,
      0.1775,
      1.3175,
      0.265,
      1.405,
      0.3525,
      1.495,
      0.44,
      1.5825,
      0.5275,
      1.67,
      0.615,
      1.7575,
      0.7025,
      1.845,
      0.7925,
      1.9325,
      0.88,
      2.02,
      0.9675
    ],
    "SoftwareVersions": "syngo_MR_B19",
    "SpacingBetweenSlices": 3.3,
    "TaskName": "arithm_run-01",
    "TotalReadoutTime": 0.0296097,
    "dataset": "ds002422",
    "modality": "bold",
    "run_id": 1,
    "subject_id": "02",
    "task_id": "arithm"
  },
  "dummy_trs": 0,
  "dvars_nstd": 46.89904785138757,
  "dvars_std": 1.0183750288038271,
  "dvars_vstd": 0.9969440234449758,
  "efc": 0.6372614883656414,
  "fber": 210.18124389648438,
  "fd_mean": 0.3161009707773041,
  "fd_num": 113,
  "fd_perc": 53.80952380952381,
  "fwhm_avg": 1.9554922888917596,
  "fwhm_x": 1.9005433333333333,
  "fwhm_y": 2.1835033333333334,
  "fwhm_z": 1.7824302000086119,
  "gcor": 0.00436086,
  "gsr_x": 0.002131498884409666,
  "gsr_y": 0.028661131858825684,
  "provenance": {
    "md5sum": "00a04101d46527f154cf76e1ca936de6",
    "settings": {
      "fd_thres": 0.2,
      "testing": false
    },
    "software": "mriqc",
    "version": "21.0.0rc2",
    "webapi_port": null,
    "webapi_url": "https://mriqc.nimh.nih.gov/api/v1"
  },
  "size_t": 210,
  "size_x": 64,
  "size_y": 64,
  "size_z": 24,
  "snr": 5.436976350605602,
  "spacing_tr": 2.0999999046325684,
  "spacing_x": 3.0,
  "spacing_y": 3.0,
  "spacing_z": 3.3000001907348633,
  "summary_bg_k": 39.59884510270723,
  "summary_bg_mad": 5.6762483321163435,
  "summary_bg_mean": 46.658817291259766,
  "summary_bg_median": 40.13809585571289,
  "summary_bg_n": 47161.0,
  "summary_bg_p05": 32.27143096923828,
  "summary_bg_p95": 84.8809585571289,
  "summary_bg_stdv": 21.96915054321289,
  "summary_fg_k": 0.17874227047496083,
  "summary_fg_mad": 110.77863696825577,
  "summary_fg_mean": 605.19482421875,
  "summary_fg_median": 584.7285766601562,
  "summary_fg_n": 26889.0,
  "summary_fg_p05": 468.9476318359375,
  "summary_fg_p95": 787.4323974609375,
  "summary_fg_stdv": 107.54464721679688,
  "tsnr": 28.381337823229842
}