{
  "aor": 0.002147857142857143,
  "aqi": 0.039677250000000004,
  "bids_meta": {
    "AcquisitionMatrixPE": 64,
    "BandwidthPerPixelPhaseEncode": 33.245,
    "BaseResolution": 64,
    "BodyPartExamined": "HEAD",
    "DerivedVendorReportedEchoSpacing": 0.000469996,
    "DwellTime": 3e-06,
    "EchoTime": 0.05,
    "EffectiveEchoSpacing": 0.000469995,
    "FlipAngle": 90,
    "ImageType": [
      "ORIGINAL",
      "PRIMARY",
      "FMRI",
      "NONE",
      "ND",
      "MOSAIC"
    ],
    "InPlanePhaseEncodingDirectionDICOM": "COL",
    "Instructions": "During the main condition, participants were visually presented with already solved sums (arithmetic operations of addition, subtraction, multiplication, and division with simple and double-digit numbers). The control condition stimuli were digit lines with non-mathematical characters instead of arithmetic signs. Participants responded with one of three buttons on the MR-compatible response box, depending on whether the stimulus sum had been solved correctly, incorrectly or just had not been an arithmetic exercise.",
    "MRAcquisitionType": "2D",
    "MagneticFieldStrength": 1.5,
    "Manufacturer": "Siemens",
    "ManufacturersModelName": "Avanto",
    "NumberOfVolumesDiscardedByUser": 3,
    "PartialFourier": 1,
    "PatientPosition": "HFS",
    "PercentPhaseFOV": 100,
    "PhaseEncodingDirection": "j-",
    "PhaseEncodingSteps": 64,
    "PhaseResolution": 1,
    "PixelBandwidth": 2604,
    "ProcedureStepDescription": "head_NEURO",
    "PulseSequenceDetails": "%SiemensSeq%_ep2d_bold",
    "ReceiveCoilName": "HeadMatrix",
    "ReconMatrixPE": 64,
    "RepetitionTime": 2.1,
    "ScanOptions": "FS",
    "ScanningSequence": "EP",
    "SequenceName": "_epfid2d1_64",
    "SequenceVariant": "SK",
    "SliceThickness": 3,
    "SliceTiming": [
      1.0525,
      0,
      1.1425,
      0.0875,
      1.23,
      0.175,
      1.3175,
      0.2625,
      1.405,
      0.35,
      1.4925,
      0.4375,
      1.58,
      0.5275,
      1.6675,
      0.615,
      1.755,
      0.7025,
      1.845,
      0.79,
      1.9325,
      0.8775,
      2.02,
      0.965
    ],
    "SoftwareVersions": "syngo_MR_B19",
    "SpacingBetweenSlices": 3.3,
    "TaskName": "arithm_run-02",
    "TotalReadoutTime": 0.0296097,
    "dataset": "ds002422",
    "modality": "bold",
    "run_id": 2,
    "subject_id": "02",
    "task_id": "arithm"
  },
  "dummy_trs": 0,
  "dvars_nstd": 48.01088407933017,
  "dvars_std": 1.0046141765071772,
  "dvars_vstd": 0.9902236187559801,
  "efc": 0.6383690945722493,
  "fber": 210.23797607421875,
  "fd_mean": 0.36661630124182465,
  "fd_num": 128,
  "fd_perc": 60.95238095238095,
  "fwhm_avg": 1.966266227889167,
  "fwhm_x": 1.9011733333333334,
  "fwhm_y": 2.1946133333333333,
  "fwhm_z": 1.803012017000833,
  "gcor": 0.0105398,
  "gsr_x": -0.001243215287104249,
  "gsr_y": 0.029676178470253944,
  "provenance": {
    "md5sum": "b2fd115ed3c4601666b020a6892909c6",
    "settings": {
      "fd_thres": 0.2,
      "testing": false
    },
    "software": "mriqc",
    "version": "21.0.0rc2",
    "webapi_port": null,
    "webapi_url": "https://mriqc.nimh.nih.gov/api/v1"
  },
  "size_t": 210,
  "size_x": 64,
  "size_y": 64,
  "size_z": 24,
  "snr": 5.5141967495326565,
  "spacing_tr": 2.0999999046325684,
  "spacing_x": 3.0,
  "spacing_y": 3.0,
  "spacing_z": 3.3000001907348633,
  "summary_bg_k": 44.11344497069254,
  "summary_bg_mad": 5.746848168441438,
  "summary_bg_mean": 46.86088562011719,
  "summary_bg_median": 40.17142868041992,
  "summary_bg_n": 46503.0,
  "summary_bg_p05": 31.309524536132812,
  "summary_bg_p95": 87.24905395507817,
  "summary_bg_stdv": 23.234283447265625,
  "summary_fg_k": 0.06437193534614627,
  "summary_fg_mad": 109.02069369137871,
  "summary_fg_mean": 605.1465454101562,
  "summary_fg_median": 585.2976684570312,
  "summary_fg_n": 26848.0,
  "summary_fg_p05": 469.7826416015625,
  "summary_fg_p95": 785.8776489257813,
  "summary_fg_stdv": 106.14179992675781,
  "tsnr": 26.754472388885915
}