{
  "aor": 0.00054955,
  "aqi": 0.00742823465,
  "bids_meta": {
    "AcquisitionMatrixPE": 64,
    "BandwidthPerPixelPhaseEncode": 34.722,
    "BaseResolution": 64,
    "BodyPartExamined": "HEAD",
    "DelayTime": 0.5,
    "DerivedVendorReportedEchoSpacing": 0.000450003,
    "DwellTime": 3e-06,
    "EchoTime": 0.05,
    "EffectiveEchoSpacing": 0.000450003,
    "FlipAngle": 90,
    "ImageType": [
      "ORIGINAL",
      "PRIMARY",
      "FMRI",
      "NONE",
      "ND",
      "MOSAIC"
    ],
    "InPlanePhaseEncodingDirectionDICOM": "COL",
    "Instructions": "Participants were asked to close their eyes, to not fall asleep, and to avoid consistent thinking about one topic during the period of scanning",
    "MRAcquisitionType": "2D",
    "MagneticFieldStrength": 1.5,
    "Manufacturer": "Siemens",
    "ManufacturersModelName": "Avanto",
    "NumberOfVolumesDiscardedByUser": 3,
    "PartialFourier": 1,
    "PatientPosition": "HFS",
    "PercentPhaseFOV": 100,
    "PhaseEncodingDirection": "j-",
    "PhaseEncodingSteps": 64,
    "PhaseResolution": 1,
    "PixelBandwidth": 2604,
    "ProcedureStepDescription": "head_NEURO",
    "PulseSequenceDetails": "%SiemensSeq%_ep2d_bold",
    "ReceiveCoilName": "HeadMatrix",
    "ReconMatrixPE": 64,
    "RepetitionTime": 3.56,
    "ScanOptions": "FS",
    "ScanningSequence": "EP",
    "SequenceName": "_epfid2d1_64",
    "SequenceVariant": "SK",
    "SliceThickness": 3.6,
    "SliceTiming": [
      1.535,
      0,
      1.62,
      0.085,
      1.7075,
      0.17,
      1.7925,
      0.255,
      1.8775,
      0.34,
      1.9625,
      0.4275,
      2.0475,
      0.5125,
      2.1325,
      0.5975,
      2.2175,
      0.6825,
      2.305,
      0.7675,
      2.39,
      0.8525,
      2.475,
      0.9375,
      2.56,
      1.0225,
      2.645,
      1.11,
      2.73,
      1.195,
      2.815,
      1.28,
      2.9,
      1.365,
      2.9875,
      1.45
    ],
    "SoftwareVersions": "syngo_MR_B19",
    "SpacingBetweenSlices": 3.78,
    "TaskName": "rest",
    "TotalReadoutTime": 0.0283502,
    "dataset": "ds002422",
    "modality": "bold",
    "subject_id": "40",
    "task_id": "rest"
  },
  "dummy_trs": 0,
  "dvars_nstd": 27.873576514170868,
  "dvars_std": 1.0747152804522608,
  "dvars_vstd": 0.9936839501507536,
  "efc": 0.4715264961785788,
  "fber": 757.679443359375,
  "fd_mean": 0.06047889119215835,
  "fd_num": 1,
  "fd_perc": 0.5,
  "fwhm_avg": 1.5429288608580816,
  "fwhm_x": 1.453248,
  "fwhm_y": 1.6421787826086958,
  "fwhm_z": 1.533359799965549,
  "gcor": 0.0209009,
  "gsr_x": -0.009897547774016857,
  "gsr_y": 0.03786171227693558,
  "provenance": {
    "md5sum": "8116f421429fa3fc774272b1712f0e9e",
    "settings": {
      "fd_thres": 0.2,
      "testing": false
    },
    "software": "mriqc",
    "version": "21.0.0rc2",
    "webapi_port": null,
    "webapi_url": "https://mriqc.nimh.nih.gov/api/v1"
  },
  "size_t": 200,
  "size_x": 64,
  "size_y": 64,
  "size_z": 36,
  "snr": 5.378971468832596,
  "spacing_tr": 3.559999942779541,
  "spacing_x": 3.59375,
  "spacing_y": 3.59375,
  "spacing_z": 3.7799999713897705,
  "summary_bg_k": 232.71912503528392,
  "summary_bg_mad": 1.7346447087651269,
  "summary_bg_mean": 29.564380645751953,
  "summary_bg_median": 20.979999542236328,
  "summary_bg_n": 101190.0,
  "summary_bg_p05": 19.434999465942383,
  "summary_bg_p95": 62.91999816894531,
  "summary_bg_stdv": 36.1645393371582,
  "summary_fg_k": 0.47761386867192845,
  "summary_fg_mad": 114.60513339231142,
  "summary_fg_mean": 586.141357421875,
  "summary_fg_median": 580.0599975585938,
  "summary_fg_n": 18619.0,
  "summary_fg_p05": 437.8094970703125,
  "summary_fg_p95": 768.7299743652343,
  "summary_fg_stdv": 107.83556365966797,
  "tsnr": 54.08745856920723
}