{
  "aor": 0.00042,
  "aqi": 0.019399342857142857,
  "bids_meta": {
    "AcquisitionMatrixPE": 64,
    "BandwidthPerPixelPhaseEncode": 33.245,
    "BaseResolution": 64,
    "BodyPartExamined": "HEAD",
    "DerivedVendorReportedEchoSpacing": 0.000469996,
    "DwellTime": 3e-06,
    "EchoTime": 0.05,
    "EffectiveEchoSpacing": 0.000469995,
    "FlipAngle": 90,
    "ImageType": [
      "ORIGINAL",
      "PRIMARY",
      "FMRI",
      "NONE",
      "ND",
      "MOSAIC"
    ],
    "InPlanePhaseEncodingDirectionDICOM": "COL",
    "Instructions": "During the main condition, participants were visually presented with already solved sums (arithmetic operations of addition, subtraction, multiplication, and division with simple and double-digit numbers). The control condition stimuli were digit lines with non-mathematical characters instead of arithmetic signs. Participants responded with one of three buttons on the MR-compatible response box, depending on whether the stimulus sum had been solved correctly, incorrectly or just had not been an arithmetic exercise.",
    "MRAcquisitionType": "2D",
    "MagneticFieldStrength": 1.5,
    "Manufacturer": "Siemens",
    "ManufacturersModelName": "Avanto",
    "NumberOfVolumesDiscardedByUser": 3,
    "PartialFourier": 1,
    "PatientPosition": "HFS",
    "PercentPhaseFOV": 100,
    "PhaseEncodingDirection": "j-",
    "PhaseEncodingSteps": 64,
    "PhaseResolution": 1,
    "PixelBandwidth": 2604,
    "ProcedureStepDescription": "head_NEURO",
    "PulseSequenceDetails": "%SiemensSeq%_ep2d_bold",
    "ReceiveCoilName": "HeadMatrix",
    "ReconMatrixPE": 64,
    "RepetitionTime": 2.1,
    "ScanOptions": "FS",
    "ScanningSequence": "EP",
    "SequenceName": "_epfid2d1_64",
    "SequenceVariant": "SK",
    "SliceThickness": 3,
    "SliceTiming": [
      1.0525,
      0,
      1.14,
      0.0875,
      1.23,
      0.175,
      1.3175,
      0.2625,
      1.405,
      0.35,
      1.4925,
      0.4375,
      1.58,
      0.525,
      1.6675,
      0.615,
      1.755,
      0.7025,
      1.8425,
      0.79,
      1.9325,
      0.8775,
      2.02,
      0.965
    ],
    "SoftwareVersions": "syngo_MR_B19",
    "SpacingBetweenSlices": 3.3,
    "TaskName": "arithm_run-02",
    "TotalReadoutTime": 0.0296097,
    "dataset": "ds002422",
    "modality": "bold",
    "run_id": 2,
    "subject_id": "40",
    "task_id": "arithm"
  },
  "dummy_trs": 0,
  "dvars_nstd": 41.905425113014346,
  "dvars_std": 1.0105819084210528,
  "dvars_vstd": 1.0086131736842103,
  "efc": 0.6407535772833071,
  "fber": 191.45413208007812,
  "fd_mean": 0.0641532756733833,
  "fd_num": 7,
  "fd_perc": 3.3333333333333335,
  "fwhm_avg": 1.565523037879166,
  "fwhm_x": 1.4172900000000002,
  "fwhm_y": 1.7063366666666668,
  "fwhm_z": 1.5729424469708306,
  "gcor": 0.00302194,
  "gsr_x": -0.008684834465384483,
  "gsr_y": 0.056704431772232056,
  "provenance": {
    "md5sum": "b5dc8e0b3bfd4ae47c0496df2c29569a",
    "settings": {
      "fd_thres": 0.2,
      "testing": false
    },
    "software": "mriqc",
    "version": "21.0.0rc2",
    "webapi_port": null,
    "webapi_url": "https://mriqc.nimh.nih.gov/api/v1"
  },
  "size_t": 210,
  "size_x": 64,
  "size_y": 64,
  "size_z": 24,
  "snr": 6.353018969022602,
  "spacing_tr": 2.0999999046325684,
  "spacing_x": 3.0,
  "spacing_y": 3.0,
  "spacing_z": 3.299999952316284,
  "summary_bg_k": 23.914029781851937,
  "summary_bg_mad": 4.017143694958692,
  "summary_bg_mean": 48.51118469238281,
  "summary_bg_median": 37.17142868041992,
  "summary_bg_n": 49838.0,
  "summary_bg_p05": 33.70952606201172,
  "summary_bg_p95": 101.76333770751947,
  "summary_bg_stdv": 27.33022689819336,
  "summary_fg_k": 0.7652491795592642,
  "summary_fg_mad": 86.56278565085458,
  "summary_fg_mean": 519.2213134765625,
  "summary_fg_median": 515.1428833007812,
  "summary_fg_n": 24695.0,
  "summary_fg_p05": 409.0619201660156,
  "summary_fg_p95": 657.1590698242187,
  "summary_fg_stdv": 81.08467102050781,
  "tsnr": 32.32111650131992
}