{
  "bids_meta": {
    "AcquisitionMatrixPE": 246,
    "BaseResolution": 256,
    "CoilString": "T:HE1-4;NE2",
    "DwellTime": 1.5e-05,
    "EchoTime": 0.00291,
    "FlipAngle": 15,
    "ImagingFrequency": 63.6572,
    "InversionTime": 1.1,
    "MagneticFieldStrength": 1.5,
    "Manufacturer": "Siemens",
    "ManufacturersModelName": "Avanto",
    "PartialFourier": 1,
    "PercentPhaseFOV": 100,
    "PhaseEncodingSteps": 307,
    "PhaseOversampling": 0.25,
    "PhaseResolution": 0.96,
    "PixelBandwidth": 130,
    "ProtocolName": "t1_mpr_ns_sag_p2_iso",
    "PulseSequenceDetails": "%SiemensSeq%_tfl",
    "ReceiveCoilName": "NeckMatrix",
    "ReconMatrixPE": 256,
    "RepetitionTime": 1.9,
    "ScanOptions": "IR",
    "ScanningSequence": "GR_IR",
    "SequenceName": "_tfl3d1_ns",
    "SequenceVariant": "SP_MP_OSP",
    "SeriesDescription": "t1_mpr_ns_sag_p2_iso",
    "SliceThickness": 1,
    "SoftwareVersions": "syngo_MR_B19",
    "dataset": "ds002422",
    "modality": "T1w",
    "subject_id": "44"
  },
  "cjv": 0.4630449810304221,
  "cnr": 2.880440544855678,
  "efc": 0.49811034067843585,
  "fber": 1988.480224609375,
  "fwhm_avg": 3.386128494201671,
  "fwhm_x": 3.34984,
  "fwhm_y": 3.3194805226050126,
  "fwhm_z": 3.4890649600000003,
  "icvs_csf": 0.17174461237387662,
  "icvs_gm": 0.4467337166547648,
  "icvs_wm": 0.3815216709713586,
  "inu_med": 1.535773515701294,
  "inu_range": 0.22259724140167236,
  "provenance": {
    "md5sum": "603ee97224994bc08cf70ae040e9d248",
    "settings": {
      "testing": false
    },
    "software": "mriqc",
    "version": "21.0.0rc2",
    "warnings": {
      "large_rot_frame": true,
      "small_air_mask": false
    },
    "webapi_port": null,
    "webapi_url": "https://mriqc.nimh.nih.gov/api/v1"
  },
  "qi_1": 0.0,
  "qi_2": 0.003172183281913328,
  "rpve_csf": 35.38475677642799,
  "rpve_gm": 15.056538077607652,
  "rpve_wm": 20.04344883902702,
  "size_x": 176,
  "size_y": 256,
  "size_z": 256,
  "snr_csf": 3.148753293708368,
  "snr_gm": 15.222489665504366,
  "snr_total": 13.17511428403825,
  "snr_wm": 21.15409989290201,
  "snrd_csf": 26.8245243852595,
  "snrd_gm": 55.87638668307219,
  "snrd_total": 51.00702719837497,
  "snrd_wm": 70.32017052679323,
  "spacing_x": 1.0,
  "spacing_y": 0.9765624403953552,
  "spacing_z": 0.9765625,
  "summary_bg_k": 3.5239798815556655,
  "summary_bg_mad": 9.316663031842179,
  "summary_bg_mean": 16.40580177307129,
  "summary_bg_median": 14.632315635681152,
  "summary_bg_n": 2960504.0,
  "summary_bg_p05": 2.1089953422546386,
  "summary_bg_p95": 37.694259834289554,
  "summary_bg_stdv": 11.211299896240234,
  "summary_csf_k": 0.04680789425766552,
  "summary_csf_mad": 120.93148501578887,
  "summary_csf_mean": 407.791259765625,
  "summary_csf_median": 381.47027587890625,
  "summary_csf_n": 13562.0,
  "summary_csf_p05": 246.06764526367186,
  "summary_csf_p95": 624.7586334228515,
  "summary_csf_stdv": 121.14515686035156,
  "summary_gm_k": 0.4222843358371602,
  "summary_gm_mad": 49.56672946748764,
  "summary_gm_mean": 797.1920776367188,
  "summary_gm_median": 794.6154174804688,
  "summary_gm_n": 17823.0,
  "summary_gm_p05": 715.8079956054687,
  "summary_gm_p95": 887.5596313476562,
  "summary_gm_stdv": 52.198631286621094,
  "summary_wm_k": 0.32367788718519197,
  "summary_wm_mad": 45.544727544586685,
  "summary_wm_mean": 1001.2108154296875,
  "summary_wm_median": 1000.019775390625,
  "summary_wm_n": 175856.0,
  "summary_wm_p05": 925.4977416992188,
  "summary_wm_p95": 1080.8354187011719,
  "summary_wm_stdv": 47.2729606628418,
  "tpm_overlap_csf": 0.1809106022119522,
  "tpm_overlap_gm": 0.46500974893569946,
  "tpm_overlap_wm": 0.5178831815719604,
  "wm2max": 0.5522847594803814
}