{
  "aor": 0.00091445,
  "aqi": 0.0122046647,
  "bids_meta": {
    "AcquisitionMatrixPE": 64,
    "BandwidthPerPixelPhaseEncode": 34.722,
    "BaseResolution": 64,
    "BodyPartExamined": "HEAD",
    "DelayTime": 0.5,
    "DerivedVendorReportedEchoSpacing": 0.000450003,
    "DwellTime": 3e-06,
    "EchoTime": 0.05,
    "EffectiveEchoSpacing": 0.000450003,
    "FlipAngle": 90,
    "ImageType": [
      "ORIGINAL",
      "PRIMARY",
      "FMRI",
      "NONE",
      "ND",
      "MOSAIC"
    ],
    "InPlanePhaseEncodingDirectionDICOM": "COL",
    "Instructions": "Participants were asked to close their eyes, to not fall asleep, and to avoid consistent thinking about one topic during the period of scanning",
    "MRAcquisitionType": "2D",
    "MagneticFieldStrength": 1.5,
    "Manufacturer": "Siemens",
    "ManufacturersModelName": "Avanto",
    "NumberOfVolumesDiscardedByUser": 3,
    "PartialFourier": 1,
    "PatientPosition": "HFS",
    "PercentPhaseFOV": 100,
    "PhaseEncodingDirection": "j-",
    "PhaseEncodingSteps": 64,
    "PhaseResolution": 1,
    "PixelBandwidth": 2604,
    "ProcedureStepDescription": "head_NEURO",
    "PulseSequenceDetails": "%SiemensSeq%_ep2d_bold",
    "ReceiveCoilName": "HeadMatrix",
    "ReconMatrixPE": 64,
    "RepetitionTime": 3.56,
    "ScanOptions": "FS",
    "ScanningSequence": "EP",
    "SequenceName": "_epfid2d1_64",
    "SequenceVariant": "SK",
    "SliceThickness": 3.6,
    "SliceTiming": [
      1.535,
      0,
      1.62,
      0.085,
      1.705,
      0.17,
      1.79,
      0.255,
      1.8775,
      0.34,
      1.9625,
      0.425,
      2.0475,
      0.51,
      2.1325,
      0.595,
      2.2175,
      0.6825,
      2.3025,
      0.7675,
      2.3875,
      0.8525,
      2.4725,
      0.9375,
      2.56,
      1.0225,
      2.645,
      1.1075,
      2.73,
      1.1925,
      2.815,
      1.28,
      2.9,
      1.365,
      2.985,
      1.45
    ],
    "SoftwareVersions": "syngo_MR_B19",
    "SpacingBetweenSlices": 3.78,
    "TaskName": "rest",
    "TotalReadoutTime": 0.0283502,
    "dataset": "ds002422",
    "modality": "bold",
    "subject_id": "09",
    "task_id": "rest"
  },
  "dummy_trs": 0,
  "dvars_nstd": 34.2269379214573,
  "dvars_std": 1.2129312254271356,
  "dvars_vstd": 0.9976888337185928,
  "efc": 0.5083635713227956,
  "fber": 696.1478881835938,
  "fd_mean": 0.09512180674062924,
  "fd_num": 14,
  "fd_perc": 7.0,
  "fwhm_avg": 1.6983764766825578,
  "fwhm_x": 1.59378932312737,
  "fwhm_y": 1.8314907826086957,
  "fwhm_z": 1.6698493243116073,
  "gcor": 0.0330378,
  "gsr_x": -0.015624066814780235,
  "gsr_y": 0.03218003734946251,
  "provenance": {
    "md5sum": "8356041102028fb03c89d4858deed84e",
    "settings": {
      "fd_thres": 0.2,
      "testing": false
    },
    "software": "mriqc",
    "version": "21.0.0rc2",
    "webapi_port": null,
    "webapi_url": "https://mriqc.nimh.nih.gov/api/v1"
  },
  "size_t": 200,
  "size_x": 64,
  "size_y": 64,
  "size_z": 36,
  "snr": 5.809645536676809,
  "spacing_tr": 3.559999942779541,
  "spacing_x": 3.593749761581421,
  "spacing_y": 3.59375,
  "spacing_z": 3.7799997329711914,
  "summary_bg_k": 170.69782436486642,
  "summary_bg_mad": 3.6768528232124575,
  "summary_bg_mean": 38.004634857177734,
  "summary_bg_median": 23.639999389648438,
  "summary_bg_n": 95174.0,
  "summary_bg_p05": 20.564998626708984,
  "summary_bg_p95": 107.80199699401838,
  "summary_bg_stdv": 49.30692672729492,
  "summary_fg_k": 1.9084493849415205,
  "summary_fg_mad": 102.1216480499345,
  "summary_fg_mean": 633.0531616210938,
  "summary_fg_median": 625.7774658203125,
  "summary_fg_n": 22016.0,
  "summary_fg_p05": 487.5787353515625,
  "summary_fg_p95": 817.0249938964844,
  "summary_fg_stdv": 107.71109008789062,
  "tsnr": 50.80227401352022
}