{
  "aor": 0.00032876190476190483,
  "aqi": 0.02168131,
  "bids_meta": {
    "AcquisitionMatrixPE": 64,
    "BandwidthPerPixelPhaseEncode": 33.245,
    "BaseResolution": 64,
    "BodyPartExamined": "HEAD",
    "DerivedVendorReportedEchoSpacing": 0.000469996,
    "DwellTime": 3e-06,
    "EchoTime": 0.05,
    "EffectiveEchoSpacing": 0.000469995,
    "FlipAngle": 90,
    "ImageType": [
      "ORIGINAL",
      "PRIMARY",
      "FMRI",
      "NONE",
      "ND",
      "MOSAIC"
    ],
    "InPlanePhaseEncodingDirectionDICOM": "COL",
    "Instructions": "During the main condition, participants were visually presented with already solved sums (arithmetic operations of addition, subtraction, multiplication, and division with simple and double-digit numbers). The control condition stimuli were digit lines with non-mathematical characters instead of arithmetic signs. Participants responded with one of three buttons on the MR-compatible response box, depending on whether the stimulus sum had been solved correctly, incorrectly or just had not been an arithmetic exercise.",
    "MRAcquisitionType": "2D",
    "MagneticFieldStrength": 1.5,
    "Manufacturer": "Siemens",
    "ManufacturersModelName": "Avanto",
    "NumberOfVolumesDiscardedByUser": 3,
    "PartialFourier": 1,
    "PatientPosition": "HFS",
    "PercentPhaseFOV": 100,
    "PhaseEncodingDirection": "j-",
    "PhaseEncodingSteps": 64,
    "PhaseResolution": 1,
    "PixelBandwidth": 2604,
    "ProcedureStepDescription": "head_NEURO",
    "PulseSequenceDetails": "%SiemensSeq%_ep2d_bold",
    "ReceiveCoilName": "HeadMatrix",
    "ReconMatrixPE": 64,
    "RepetitionTime": 2.1,
    "ScanOptions": "FS",
    "ScanningSequence": "EP",
    "SequenceName": "_epfid2d1_64",
    "SequenceVariant": "SK",
    "SliceThickness": 3,
    "SliceTiming": [
      1.0525,
      0,
      1.1425,
      0.0875,
      1.23,
      0.175,
      1.3175,
      0.2625,
      1.405,
      0.35,
      1.4925,
      0.44,
      1.58,
      0.5275,
      1.6675,
      0.615,
      1.7575,
      0.7025,
      1.845,
      0.79,
      1.9325,
      0.8775,
      2.02,
      0.965
    ],
    "SoftwareVersions": "syngo_MR_B19",
    "SpacingBetweenSlices": 3.3,
    "TaskName": "arithm_run-02",
    "TotalReadoutTime": 0.0296097,
    "dataset": "ds002422",
    "modality": "bold",
    "run_id": 2,
    "subject_id": "09",
    "task_id": "arithm"
  },
  "dummy_trs": 0,
  "dvars_nstd": 41.50825109894737,
  "dvars_std": 1.0302974193779901,
  "dvars_vstd": 1.004902642057416,
  "efc": 0.6452211887417975,
  "fber": 200.477294921875,
  "fd_mean": 0.06926736463687198,
  "fd_num": 0,
  "fd_perc": 0.0,
  "fwhm_avg": 1.7727647976195529,
  "fwhm_x": 1.5591834572461014,
  "fwhm_y": 1.9236533333333332,
  "fwhm_z": 1.835457602279224,
  "gcor": 0.0103846,
  "gsr_x": -0.007364689372479916,
  "gsr_y": 0.05664300546050072,
  "provenance": {
    "md5sum": "938061cbf74c0c4cff630e67f9c21f51",
    "settings": {
      "fd_thres": 0.2,
      "testing": false
    },
    "software": "mriqc",
    "version": "21.0.0rc2",
    "webapi_port": null,
    "webapi_url": "https://mriqc.nimh.nih.gov/api/v1"
  },
  "size_t": 210,
  "size_x": 64,
  "size_y": 64,
  "size_z": 24,
  "snr": 6.508950027484907,
  "spacing_tr": 2.0999999046325684,
  "spacing_x": 2.999999761581421,
  "spacing_y": 3.0,
  "spacing_z": 3.299999952316284,
  "summary_bg_k": 10.926150762089149,
  "summary_bg_mad": 6.121027866532298,
  "summary_bg_mean": 58.317138671875,
  "summary_bg_median": 40.514286041259766,
  "summary_bg_n": 50046.0,
  "summary_bg_p05": 35.861907958984375,
  "summary_bg_p95": 139.7261962890625,
  "summary_bg_stdv": 37.04249572753906,
  "summary_fg_k": 2.2946376900574794,
  "summary_fg_mad": 80.53360600525632,
  "summary_fg_mean": 576.9522094726562,
  "summary_fg_median": 569.7761840820312,
  "summary_fg_n": 24677.0,
  "summary_fg_p05": 463.7847839355469,
  "summary_fg_p95": 732.8428955078124,
  "summary_fg_stdv": 87.53556823730469,
  "tsnr": 34.10918448516168
}