{
  "aor": 0.0005516666666666667,
  "aqi": 0.018301441904761906,
  "bids_meta": {
    "AcquisitionMatrixPE": 64,
    "BandwidthPerPixelPhaseEncode": 33.245,
    "BaseResolution": 64,
    "BodyPartExamined": "HEAD",
    "DerivedVendorReportedEchoSpacing": 0.000469996,
    "DwellTime": 3e-06,
    "EchoTime": 0.05,
    "EffectiveEchoSpacing": 0.000469995,
    "FlipAngle": 90,
    "ImageType": [
      "ORIGINAL",
      "PRIMARY",
      "FMRI",
      "NONE",
      "ND",
      "MOSAIC"
    ],
    "InPlanePhaseEncodingDirectionDICOM": "COL",
    "Instructions": "During the main condition, participants were visually presented with already solved sums (arithmetic operations of addition, subtraction, multiplication, and division with simple and double-digit numbers). The control condition stimuli were digit lines with non-mathematical characters instead of arithmetic signs. Participants responded with one of three buttons on the MR-compatible response box, depending on whether the stimulus sum had been solved correctly, incorrectly or just had not been an arithmetic exercise.",
    "MRAcquisitionType": "2D",
    "MagneticFieldStrength": 1.5,
    "Manufacturer": "Siemens",
    "ManufacturersModelName": "Avanto",
    "NumberOfVolumesDiscardedByUser": 3,
    "PartialFourier": 1,
    "PatientPosition": "HFS",
    "PercentPhaseFOV": 100,
    "PhaseEncodingDirection": "j-",
    "PhaseEncodingSteps": 64,
    "PhaseResolution": 1,
    "PixelBandwidth": 2604,
    "ProcedureStepDescription": "head_NEURO",
    "PulseSequenceDetails": "%SiemensSeq%_ep2d_bold",
    "ReceiveCoilName": "HeadMatrix",
    "ReconMatrixPE": 64,
    "RepetitionTime": 2.1,
    "ScanOptions": "FS",
    "ScanningSequence": "EP",
    "SequenceName": "_epfid2d1_64",
    "SequenceVariant": "SK",
    "SliceThickness": 3,
    "SliceTiming": [
      1.0525,
      0,
      1.14,
      0.0875,
      1.2275,
      0.175,
      1.3175,
      0.2625,
      1.405,
      0.35,
      1.4925,
      0.4375,
      1.58,
      0.525,
      1.6675,
      0.615,
      1.755,
      0.7025,
      1.8425,
      0.79,
      1.9325,
      0.8775,
      2.02,
      0.965
    ],
    "SoftwareVersions": "syngo_MR_B19",
    "SpacingBetweenSlices": 3.3,
    "TaskName": "arithm_run-01",
    "TotalReadoutTime": 0.0296097,
    "dataset": "ds002422",
    "modality": "bold",
    "run_id": 1,
    "subject_id": "17",
    "task_id": "arithm"
  },
  "dummy_trs": 0,
  "dvars_nstd": 38.85947292248803,
  "dvars_std": 1.0217353136842109,
  "dvars_vstd": 1.0152717946889958,
  "efc": 0.583720595485508,
  "fber": 223.98583984375,
  "fd_mean": 0.10017501291068509,
  "fd_num": 15,
  "fd_perc": 7.142857142857143,
  "fwhm_avg": 1.7599658593591239,
  "fwhm_x": 1.6657666666666666,
  "fwhm_y": 1.871673184586113,
  "fwhm_z": 1.7424577268245924,
  "gcor": 0.00907752,
  "gsr_x": -0.0093326261267066,
  "gsr_y": 0.04722357913851738,
  "provenance": {
    "md5sum": "ff67d6e22d66764d39ee366b79be3e4d",
    "settings": {
      "fd_thres": 0.2,
      "testing": false
    },
    "software": "mriqc",
    "version": "21.0.0rc2",
    "webapi_port": null,
    "webapi_url": "https://mriqc.nimh.nih.gov/api/v1"
  },
  "size_t": 210,
  "size_x": 64,
  "size_y": 64,
  "size_z": 24,
  "snr": 6.347467421490359,
  "spacing_tr": 2.0999999046325684,
  "spacing_x": 3.0,
  "spacing_y": 3.000000238418579,
  "spacing_z": 3.299999713897705,
  "summary_bg_k": 134.47384444947917,
  "summary_bg_mad": 3.131113769591243,
  "summary_bg_mean": 46.93295669555664,
  "summary_bg_median": 36.45952606201172,
  "summary_bg_n": 56572.0,
  "summary_bg_p05": 33.25238037109375,
  "summary_bg_p95": 93.57119522094712,
  "summary_bg_stdv": 41.79749298095703,
  "summary_fg_k": 2.1654945711185434,
  "summary_fg_mad": 78.31316395281883,
  "summary_fg_mean": 557.0968017578125,
  "summary_fg_median": 547.6524047851562,
  "summary_fg_n": 18608.0,
  "summary_fg_p05": 446.4414428710937,
  "summary_fg_p95": 713.8269470214843,
  "summary_fg_stdv": 86.27656555175781,
  "tsnr": 35.3368370430544
}