{
  "bids_meta": {
    "AcquisitionMatrixPE": 246,
    "BaseResolution": 256,
    "CoilString": "T:HE1-4;NE2",
    "DwellTime": 1.5e-05,
    "EchoTime": 0.00291,
    "FlipAngle": 15,
    "ImagingFrequency": 63.6572,
    "InversionTime": 1.1,
    "MagneticFieldStrength": 1.5,
    "Manufacturer": "Siemens",
    "ManufacturersModelName": "Avanto",
    "PartialFourier": 1,
    "PercentPhaseFOV": 100,
    "PhaseEncodingSteps": 307,
    "PhaseOversampling": 0.25,
    "PhaseResolution": 0.96,
    "PixelBandwidth": 130,
    "ProtocolName": "t1_mpr_ns_sag_p2_iso",
    "PulseSequenceDetails": "%SiemensSeq%_tfl",
    "ReceiveCoilName": "NeckMatrix",
    "ReconMatrixPE": 256,
    "RepetitionTime": 1.9,
    "ScanOptions": "IR",
    "ScanningSequence": "GR_IR",
    "SequenceName": "_tfl3d1_ns",
    "SequenceVariant": "SP_MP_OSP",
    "SeriesDescription": "t1_mpr_ns_sag_p2_iso",
    "SliceThickness": 1,
    "SoftwareVersions": "syngo_MR_B19",
    "dataset": "ds002422",
    "modality": "T1w",
    "subject_id": "10"
  },
  "cjv": 0.6026387593698649,
  "cnr": 2.312634139837507,
  "efc": 0.5816624636960395,
  "fber": 1609.4434814453125,
  "fwhm_avg": 3.316475563254171,
  "fwhm_x": 3.24067,
  "fwhm_y": 3.27200768,
  "fwhm_z": 3.436749009762513,
  "icvs_csf": 0.2243369278291042,
  "icvs_gm": 0.3994378431969961,
  "icvs_wm": 0.3762252289738997,
  "inu_med": 1.5041089057922363,
  "inu_range": 0.25340815186500554,
  "provenance": {
    "md5sum": "9269bfe99eb1dcf584e18f3d183fc625",
    "settings": {
      "testing": false
    },
    "software": "mriqc",
    "version": "21.0.0rc2",
    "warnings": {
      "large_rot_frame": true,
      "small_air_mask": false
    },
    "webapi_port": null,
    "webapi_url": "https://mriqc.nimh.nih.gov/api/v1"
  },
  "qi_1": 0.0,
  "qi_2": 0.004356684920324489,
  "rpve_csf": 23.54738068525071,
  "rpve_gm": 13.019430203083461,
  "rpve_wm": 16.002222079273274,
  "size_x": 176,
  "size_y": 256,
  "size_z": 256,
  "snr_csf": 3.0853012362024894,
  "snr_gm": 14.527277803310083,
  "snr_total": 11.660414039545671,
  "snr_wm": 17.36866307912444,
  "snrd_csf": 21.463350819948417,
  "snrd_gm": 49.13717807455763,
  "snrd_total": 43.69461892870154,
  "snrd_wm": 60.48332789159855,
  "spacing_x": 1.0,
  "spacing_y": 0.9765625,
  "spacing_z": 0.9765624403953552,
  "summary_bg_k": 2.581962907806873,
  "summary_bg_mad": 10.832669102249977,
  "summary_bg_mean": 17.27422523498535,
  "summary_bg_median": 14.656453132629395,
  "summary_bg_n": 2203914.0,
  "summary_bg_p05": 2.4441525101661683,
  "summary_bg_p95": 39.29043750762939,
  "summary_bg_stdv": 11.738298416137695,
  "summary_csf_k": 6.832415964174341,
  "summary_csf_mad": 90.02397048090957,
  "summary_csf_mean": 379.1370544433594,
  "summary_csf_median": 354.8961486816406,
  "summary_csf_n": 42107.0,
  "summary_csf_p05": 238.76087951660156,
  "summary_csf_p95": 603.8708679199215,
  "summary_csf_stdv": 115.02667236328125,
  "summary_gm_k": 0.21884937869658083,
  "summary_gm_mad": 54.69964240940007,
  "summary_gm_mean": 813.042236328125,
  "summary_gm_median": 812.482421875,
  "summary_gm_n": 14615.0,
  "summary_gm_p05": 723.3635864257812,
  "summary_gm_p95": 905.112451171875,
  "summary_gm_stdv": 55.926143646240234,
  "summary_wm_k": -0.07285823481771914,
  "summary_wm_mad": 58.36045007234222,
  "summary_wm_mean": 1001.9307861328125,
  "summary_wm_median": 1000.0908203125,
  "summary_wm_n": 194411.0,
  "summary_wm_p05": 910.5875854492188,
  "summary_wm_p95": 1099.5415649414062,
  "summary_wm_stdv": 57.58003616333008,
  "tpm_overlap_csf": 0.18117722868919373,
  "tpm_overlap_gm": 0.43723294138908386,
  "tpm_overlap_wm": 0.5049025416374207,
  "wm2max": 0.4957714555642768
}