{
  "bids_meta": {
    "AcquisitionMatrixPE": 246,
    "BaseResolution": 256,
    "CoilString": "T:HE1-4;NE2",
    "DwellTime": 1.5e-05,
    "EchoTime": 0.00291,
    "FlipAngle": 15,
    "ImagingFrequency": 63.6572,
    "InversionTime": 1.1,
    "MagneticFieldStrength": 1.5,
    "Manufacturer": "Siemens",
    "ManufacturersModelName": "Avanto",
    "PartialFourier": 1,
    "PercentPhaseFOV": 100,
    "PhaseEncodingSteps": 307,
    "PhaseOversampling": 0.25,
    "PhaseResolution": 0.96,
    "PixelBandwidth": 130,
    "ProtocolName": "t1_mpr_ns_sag_p2_iso",
    "PulseSequenceDetails": "%SiemensSeq%_tfl",
    "ReceiveCoilName": "NeckMatrix",
    "ReconMatrixPE": 256,
    "RepetitionTime": 1.9,
    "ScanOptions": "IR",
    "ScanningSequence": "GR_IR",
    "SequenceName": "_tfl3d1_ns",
    "SequenceVariant": "SP_MP_OSP",
    "SeriesDescription": "t1_mpr_ns_sag_p2_iso",
    "SliceThickness": 1,
    "SoftwareVersions": "syngo_MR_B19",
    "dataset": "ds002422",
    "modality": "T1w",
    "subject_id": "23"
  },
  "cjv": 0.49401493651891437,
  "cnr": 2.7246003269634325,
  "efc": 0.5046919739184591,
  "fber": 2578.213623046875,
  "fwhm_avg": 3.4766541333333336,
  "fwhm_x": 3.42058,
  "fwhm_y": 3.49756416,
  "fwhm_z": 3.51181824,
  "icvs_csf": 0.18291073357346255,
  "icvs_gm": 0.41996626787136515,
  "icvs_wm": 0.3971229985551723,
  "inu_med": 1.5255029201507568,
  "inu_range": 0.21692461967468257,
  "provenance": {
    "md5sum": "7c1e76367019ed5e3f583d2a0638e431",
    "settings": {
      "testing": false
    },
    "software": "mriqc",
    "version": "21.0.0rc2",
    "warnings": {
      "large_rot_frame": true,
      "small_air_mask": false
    },
    "webapi_port": null,
    "webapi_url": "https://mriqc.nimh.nih.gov/api/v1"
  },
  "qi_1": 0.0,
  "qi_2": 0.002554182283732844,
  "rpve_csf": 32.06981876153717,
  "rpve_gm": 15.009465355612818,
  "rpve_wm": 18.74125025552966,
  "size_x": 176,
  "size_y": 256,
  "size_z": 256,
  "snr_csf": 2.557880580566665,
  "snr_gm": 14.198935778828238,
  "snr_total": 13.078100993097934,
  "snr_wm": 22.477486619898897,
  "snrd_csf": 26.654829040638173,
  "snrd_gm": 59.2212555389535,
  "snrd_total": 53.238480050803524,
  "snrd_wm": 73.83935557281887,
  "spacing_x": 1.0,
  "spacing_y": 0.9765625,
  "spacing_z": 0.9765625,
  "summary_bg_k": 4.169627061149061,
  "summary_bg_mad": 8.872650195360361,
  "summary_bg_mean": 14.827335357666016,
  "summary_bg_median": 11.971725463867188,
  "summary_bg_n": 2610892.0,
  "summary_bg_p05": 1.9898711442947388,
  "summary_bg_p95": 34.57293033599853,
  "summary_bg_stdv": 10.48930549621582,
  "summary_csf_k": 16.853454354362853,
  "summary_csf_mad": 127.1972982552221,
  "summary_csf_mean": 394.8223571777344,
  "summary_csf_median": 360.9919738769531,
  "summary_csf_n": 18439.0,
  "summary_csf_p05": 222.27478637695313,
  "summary_csf_p95": 626.9249633789062,
  "summary_csf_stdv": 141.12550354003906,
  "summary_gm_k": 0.11420138719092998,
  "summary_gm_mad": 55.0390736179947,
  "summary_gm_mean": 802.824462890625,
  "summary_gm_median": 802.0459594726562,
  "summary_gm_n": 12679.0,
  "summary_gm_p05": 710.104150390625,
  "summary_gm_p95": 898.4068176269529,
  "summary_gm_stdv": 56.48411560058594,
  "summary_wm_k": 0.3612557694901217,
  "summary_wm_mad": 42.764033967166114,
  "summary_wm_mean": 1000.5585327148438,
  "summary_wm_median": 1000.02197265625,
  "summary_wm_n": 193412.0,
  "summary_wm_p05": 928.1461608886718,
  "summary_wm_p95": 1074.1996643066404,
  "summary_wm_stdv": 44.48982238769531,
  "tpm_overlap_csf": 0.1831972599029541,
  "tpm_overlap_gm": 0.4548092186450958,
  "tpm_overlap_wm": 0.5231383442878723,
  "wm2max": 0.5730507011769883
}