{
  "bids_meta": {
    "AcquisitionMatrixPE": 246,
    "BaseResolution": 256,
    "CoilString": "T:HE1-4;NE2",
    "DwellTime": 1.5e-05,
    "EchoTime": 0.00291,
    "FlipAngle": 15,
    "ImagingFrequency": 63.6572,
    "InversionTime": 1.1,
    "MagneticFieldStrength": 1.5,
    "Manufacturer": "Siemens",
    "ManufacturersModelName": "Avanto",
    "PartialFourier": 1,
    "PercentPhaseFOV": 100,
    "PhaseEncodingSteps": 307,
    "PhaseOversampling": 0.25,
    "PhaseResolution": 0.96,
    "PixelBandwidth": 130,
    "ProtocolName": "t1_mpr_ns_sag_p2_iso",
    "PulseSequenceDetails": "%SiemensSeq%_tfl",
    "ReceiveCoilName": "NeckMatrix",
    "ReconMatrixPE": 256,
    "RepetitionTime": 1.9,
    "ScanOptions": "IR",
    "ScanningSequence": "GR_IR",
    "SequenceName": "_tfl3d1_ns",
    "SequenceVariant": "SP_MP_OSP",
    "SeriesDescription": "t1_mpr_ns_sag_p2_iso",
    "SliceThickness": 1,
    "SoftwareVersions": "syngo_MR_B19",
    "dataset": "ds002422",
    "modality": "T1w",
    "subject_id": "31"
  },
  "cjv": 0.4205927831670568,
  "cnr": 3.215196758529973,
  "efc": 0.5147452442777948,
  "fber": 1830.250732421875,
  "fwhm_avg": 3.5100514292754252,
  "fwhm_x": 3.44942,
  "fwhm_y": 3.444162349785013,
  "fwhm_z": 3.6365719380412638,
  "icvs_csf": 0.19633454123532207,
  "icvs_gm": 0.45107037263698224,
  "icvs_wm": 0.35259508612769574,
  "inu_med": 1.481395959854126,
  "inu_range": 0.21449851989746094,
  "provenance": {
    "md5sum": "d50ba95da62f0b446af862180fbcea9d",
    "settings": {
      "testing": false
    },
    "software": "mriqc",
    "version": "21.0.0rc2",
    "warnings": {
      "large_rot_frame": true,
      "small_air_mask": false
    },
    "webapi_port": null,
    "webapi_url": "https://mriqc.nimh.nih.gov/api/v1"
  },
  "qi_1": 0.0,
  "qi_2": 0.0033353666204084626,
  "rpve_csf": 28.012442321980213,
  "rpve_gm": 13.05545234572998,
  "rpve_wm": 18.77475711607295,
  "size_x": 176,
  "size_y": 256,
  "size_z": 256,
  "snr_csf": 3.47049530927117,
  "snr_gm": 14.77086368190738,
  "snr_total": 12.840112073909514,
  "snr_wm": 20.278977230549994,
  "snrd_csf": 25.73436544789282,
  "snrd_gm": 55.12309859883532,
  "snrd_total": 50.90464151079581,
  "snrd_wm": 71.85646048565928,
  "spacing_x": 1.0,
  "spacing_y": 0.9765625596046448,
  "spacing_z": 0.9765625596046448,
  "summary_bg_k": 4.06825096839425,
  "summary_bg_mad": 9.117546382192302,
  "summary_bg_mean": 15.114904403686523,
  "summary_bg_median": 12.303764343261719,
  "summary_bg_n": 2639438.0,
  "summary_bg_p05": 2.048218011856079,
  "summary_bg_p95": 35.53106803894043,
  "summary_bg_stdv": 10.820806503295898,
  "summary_csf_k": 0.223645667189734,
  "summary_csf_mad": 90.81818611941475,
  "summary_csf_mean": 381.06280517578125,
  "summary_csf_median": 358.14569091796875,
  "summary_csf_n": 27668.0,
  "summary_csf_p05": 243.32165145874023,
  "summary_csf_p95": 578.7043853759765,
  "summary_csf_stdv": 103.19541931152344,
  "summary_gm_k": 0.2570531847368276,
  "summary_gm_mad": 50.63280226632886,
  "summary_gm_mean": 768.2282104492188,
  "summary_gm_median": 767.1492919921875,
  "summary_gm_n": 20997.0,
  "summary_gm_p05": 684.1545043945313,
  "summary_gm_p95": 854.7436279296875,
  "summary_gm_stdv": 51.935420989990234,
  "summary_wm_k": 0.49313383923874365,
  "summary_wm_mad": 47.314231028581304,
  "summary_wm_mean": 1000.302978515625,
  "summary_wm_median": 1000.02783203125,
  "summary_wm_n": 177294.0,
  "summary_wm_p05": 919.752328491211,
  "summary_wm_p95": 1081.3008666992187,
  "summary_wm_stdv": 49.313385009765625,
  "tpm_overlap_csf": 0.16801409423351288,
  "tpm_overlap_gm": 0.46543431282043457,
  "tpm_overlap_wm": 0.5118117928504944,
  "wm2max": 0.5716759659307497
}