{
  "aor": 0.0009055000000000001,
  "aqi": 0.0077911885999999994,
  "bids_meta": {
    "AcquisitionMatrixPE": 64,
    "BandwidthPerPixelPhaseEncode": 34.722,
    "BaseResolution": 64,
    "BodyPartExamined": "HEAD",
    "DelayTime": 0.5,
    "DerivedVendorReportedEchoSpacing": 0.000450003,
    "DwellTime": 3e-06,
    "EchoTime": 0.05,
    "EffectiveEchoSpacing": 0.000450003,
    "FlipAngle": 90,
    "ImageType": [
      "ORIGINAL",
      "PRIMARY",
      "FMRI",
      "NONE",
      "ND",
      "MOSAIC"
    ],
    "InPlanePhaseEncodingDirectionDICOM": "COL",
    "Instructions": "Participants were asked to close their eyes, to not fall asleep, and to avoid consistent thinking about one topic during the period of scanning",
    "MRAcquisitionType": "2D",
    "MagneticFieldStrength": 1.5,
    "Manufacturer": "Siemens",
    "ManufacturersModelName": "Avanto",
    "NumberOfVolumesDiscardedByUser": 3,
    "PartialFourier": 1,
    "PatientPosition": "HFS",
    "PercentPhaseFOV": 100,
    "PhaseEncodingDirection": "j-",
    "PhaseEncodingSteps": 64,
    "PhaseResolution": 1,
    "PixelBandwidth": 2604,
    "ProcedureStepDescription": "head_NEURO",
    "PulseSequenceDetails": "%SiemensSeq%_ep2d_bold",
    "ReceiveCoilName": "HeadMatrix",
    "ReconMatrixPE": 64,
    "RepetitionTime": 3.56,
    "ScanOptions": "FS",
    "ScanningSequence": "EP",
    "SequenceName": "_epfid2d1_64",
    "SequenceVariant": "SK",
    "SliceThickness": 3.6,
    "SliceTiming": [
      1.5375,
      0,
      1.6225,
      0.0875,
      1.7075,
      0.1725,
      1.7925,
      0.2575,
      1.8775,
      0.3425,
      1.965,
      0.4275,
      2.05,
      0.5125,
      2.135,
      0.5975,
      2.22,
      0.685,
      2.305,
      0.77,
      2.39,
      0.855,
      2.475,
      0.94,
      2.5625,
      1.025,
      2.6475,
      1.11,
      2.7325,
      1.195,
      2.8175,
      1.28,
      2.9025,
      1.3675,
      2.9875,
      1.4525
    ],
    "SoftwareVersions": "syngo_MR_B19",
    "SpacingBetweenSlices": 3.78,
    "TaskName": "rest",
    "TotalReadoutTime": 0.0283502,
    "dataset": "ds002422",
    "modality": "bold",
    "subject_id": "26",
    "task_id": "rest"
  },
  "dummy_trs": 0,
  "dvars_nstd": 29.149289672814067,
  "dvars_std": 1.1382807047236176,
  "dvars_vstd": 1.001887286482412,
  "efc": 0.48508644087329805,
  "fber": 707.6063232421875,
  "fd_mean": 0.06738568840304827,
  "fd_num": 10,
  "fd_perc": 5.0,
  "fwhm_avg": 1.5707992211734239,
  "fwhm_x": 1.4779992062935734,
  "fwhm_y": 1.656520237928292,
  "fwhm_z": 1.5778782192984062,
  "gcor": 0.02101,
  "gsr_x": -0.019042713567614555,
  "gsr_y": 0.02634979411959648,
  "provenance": {
    "md5sum": "b44edeabfea2e37aa7adfd7c11241abc",
    "settings": {
      "fd_thres": 0.2,
      "testing": false
    },
    "software": "mriqc",
    "version": "21.0.0rc2",
    "webapi_port": null,
    "webapi_url": "https://mriqc.nimh.nih.gov/api/v1"
  },
  "size_t": 200,
  "size_x": 64,
  "size_y": 64,
  "size_z": 36,
  "snr": 6.191449468447194,
  "spacing_tr": 3.559999942779541,
  "spacing_x": 3.593750238418579,
  "spacing_y": 3.593750238418579,
  "spacing_z": 3.7800002098083496,
  "summary_bg_k": 177.7970870146358,
  "summary_bg_mad": 3.009683521588525,
  "summary_bg_mean": 33.1681022644043,
  "summary_bg_median": 21.764999389648438,
  "summary_bg_n": 99659.0,
  "summary_bg_p05": 18.939998626708984,
  "summary_bg_p95": 77.35599594116202,
  "summary_bg_stdv": 46.64814758300781,
  "summary_fg_k": 0.9209111402117167,
  "summary_fg_mad": 99.54193466827205,
  "summary_fg_mean": 586.0238647460938,
  "summary_fg_median": 583.9049682617188,
  "summary_fg_n": 18658.0,
  "summary_fg_p05": 453.627001953125,
  "summary_fg_p95": 740.2144653320312,
  "summary_fg_stdv": 94.30575561523438,
  "tsnr": 54.46529276436195
}