{
  "bids_meta": {
    "AcquisitionMatrixPE": 246,
    "BaseResolution": 256,
    "CoilString": "T:HE1-4;NE2",
    "DwellTime": 1.5e-05,
    "EchoTime": 0.00291,
    "FlipAngle": 15,
    "ImagingFrequency": 63.6572,
    "InversionTime": 1.1,
    "MagneticFieldStrength": 1.5,
    "Manufacturer": "Siemens",
    "ManufacturersModelName": "Avanto",
    "PartialFourier": 1,
    "PercentPhaseFOV": 100,
    "PhaseEncodingSteps": 307,
    "PhaseOversampling": 0.25,
    "PhaseResolution": 0.96,
    "PixelBandwidth": 130,
    "ProtocolName": "t1_mpr_ns_sag_p2_iso",
    "PulseSequenceDetails": "%SiemensSeq%_tfl",
    "ReceiveCoilName": "NeckMatrix",
    "ReconMatrixPE": 256,
    "RepetitionTime": 1.9,
    "ScanOptions": "IR",
    "ScanningSequence": "GR_IR",
    "SequenceName": "_tfl3d1_ns",
    "SequenceVariant": "SP_MP_OSP",
    "SeriesDescription": "t1_mpr_ns_sag_p2_iso",
    "SliceThickness": 1,
    "SoftwareVersions": "syngo_MR_B19",
    "dataset": "ds002422",
    "modality": "T1w",
    "subject_id": "42"
  },
  "cjv": 0.688036029179006,
  "cnr": 2.0628984367388186,
  "efc": 0.5728232659862292,
  "fber": 2023.667724609375,
  "fwhm_avg": 3.3743647362833378,
  "fwhm_x": 3.29839,
  "fwhm_y": 3.421798608850013,
  "fwhm_z": 3.4029056,
  "icvs_csf": 0.17577176266905253,
  "icvs_gm": 0.4599779601784195,
  "icvs_wm": 0.36425027715252795,
  "inu_med": 1.5418603420257568,
  "inu_range": 0.33053396940231305,
  "provenance": {
    "md5sum": "ce386ea477198646b26f76f6347856d2",
    "settings": {
      "testing": false
    },
    "software": "mriqc",
    "version": "21.0.0rc2",
    "warnings": {
      "large_rot_frame": true,
      "small_air_mask": false
    },
    "webapi_port": null,
    "webapi_url": "https://mriqc.nimh.nih.gov/api/v1"
  },
  "qi_1": 0.0,
  "qi_2": 0.005008063124281539,
  "rpve_csf": 25.936634094065564,
  "rpve_gm": 11.24606003965948,
  "rpve_wm": 16.079527557948893,
  "size_x": 176,
  "size_y": 256,
  "size_z": 256,
  "snr_csf": 2.9673964275455873,
  "snr_gm": 13.19332852658631,
  "snr_total": 11.262066850203093,
  "snr_wm": 17.62547559647738,
  "snrd_csf": 25.49645764168219,
  "snrd_gm": 50.10234765586465,
  "snrd_total": 45.45844962200605,
  "snrd_wm": 60.77654356847131,
  "spacing_x": 1.0,
  "spacing_y": 0.9765624403953552,
  "spacing_z": 0.9765625,
  "summary_bg_k": 2.6270191291501783,
  "summary_bg_mad": 10.779780023551416,
  "summary_bg_mean": 17.068452835083008,
  "summary_bg_median": 14.628904342651367,
  "summary_bg_n": 2550855.0,
  "summary_bg_p05": 2.438260889053345,
  "summary_bg_p95": 38.75373306274413,
  "summary_bg_stdv": 11.196051597595215,
  "summary_csf_k": -0.8372287471736217,
  "summary_csf_mad": 162.17160768774357,
  "summary_csf_mean": 440.370361328125,
  "summary_csf_median": 419.5251770019531,
  "summary_csf_n": 15241.0,
  "summary_csf_p05": 239.51473999023438,
  "summary_csf_p95": 680.079345703125,
  "summary_csf_stdv": 141.37356567382812,
  "summary_gm_k": -0.12389724055779494,
  "summary_gm_mad": 63.3530116933988,
  "summary_gm_mean": 825.3950805664062,
  "summary_gm_median": 824.396728515625,
  "summary_gm_n": 29757.0,
  "summary_gm_p05": 725.3277221679688,
  "summary_gm_p95": 931.3302001953125,
  "summary_gm_stdv": 62.48482894897461,
  "summary_wm_k": -0.0015917601430408546,
  "summary_wm_mad": 57.490832926355964,
  "summary_wm_mean": 1001.7449340820312,
  "summary_wm_median": 1000.0326538085938,
  "summary_wm_n": 226980.0,
  "summary_wm_p05": 911.694613647461,
  "summary_wm_p95": 1097.5059326171875,
  "summary_wm_stdv": 56.73778533935547,
  "tpm_overlap_csf": 0.17197905480861664,
  "tpm_overlap_gm": 0.46779876947402954,
  "tpm_overlap_wm": 0.5132851004600525,
  "wm2max": 0.5308669139956859
}