{
  "bids_meta": {
    "AcquisitionMatrixPE": 246,
    "BaseResolution": 256,
    "CoilString": "T:HE1-4;NE2",
    "DwellTime": 1.5e-05,
    "EchoTime": 0.00291,
    "FlipAngle": 15,
    "ImagingFrequency": 63.6572,
    "InversionTime": 1.1,
    "MagneticFieldStrength": 1.5,
    "Manufacturer": "Siemens",
    "ManufacturersModelName": "Avanto",
    "PartialFourier": 1,
    "PercentPhaseFOV": 100,
    "PhaseEncodingSteps": 307,
    "PhaseOversampling": 0.25,
    "PhaseResolution": 0.96,
    "PixelBandwidth": 130,
    "ProtocolName": "t1_mpr_ns_sag_p2_iso",
    "PulseSequenceDetails": "%SiemensSeq%_tfl",
    "ReceiveCoilName": "NeckMatrix",
    "ReconMatrixPE": 256,
    "RepetitionTime": 1.9,
    "ScanOptions": "IR",
    "ScanningSequence": "GR_IR",
    "SequenceName": "_tfl3d1_ns",
    "SequenceVariant": "SP_MP_OSP",
    "SeriesDescription": "t1_mpr_ns_sag_p2_iso",
    "SliceThickness": 1,
    "SoftwareVersions": "syngo_MR_B19",
    "dataset": "ds002422",
    "modality": "T1w",
    "subject_id": "19"
  },
  "cjv": 0.549605161537346,
  "cnr": 2.4077029493502677,
  "efc": 0.5381892155810557,
  "fber": 1548.2991943359375,
  "fwhm_avg": 3.509701392346255,
  "fwhm_x": 3.42321,
  "fwhm_y": 3.6529968970387636,
  "fwhm_z": 3.45289728,
  "icvs_csf": 0.20857712564237427,
  "icvs_gm": 0.4115963181284634,
  "icvs_wm": 0.37982655622916234,
  "inu_med": 1.525198221206665,
  "inu_range": 0.2537999153137207,
  "provenance": {
    "md5sum": "920d3225ab80a005177015dd01b66b15",
    "settings": {
      "testing": false
    },
    "software": "mriqc",
    "version": "21.0.0rc2",
    "warnings": {
      "large_rot_frame": true,
      "small_air_mask": false
    },
    "webapi_port": null,
    "webapi_url": "https://mriqc.nimh.nih.gov/api/v1"
  },
  "qi_1": 0.0,
  "qi_2": 0.0023860591766995225,
  "rpve_csf": 29.109432763768023,
  "rpve_gm": 15.30493046912173,
  "rpve_wm": 20.06108848704186,
  "size_x": 176,
  "size_y": 256,
  "size_z": 256,
  "snr_csf": 3.153180935337096,
  "snr_gm": 13.502889288927308,
  "snr_total": 12.1721285833588,
  "snr_wm": 19.860315525811995,
  "snrd_csf": 26.386942817973374,
  "snrd_gm": 56.38988199798585,
  "snrd_total": 50.826813126122886,
  "snrd_wm": 69.70361456240941,
  "spacing_x": 1.0,
  "spacing_y": 0.9765625596046448,
  "spacing_z": 0.9765625,
  "summary_bg_k": 5.0231578538880175,
  "summary_bg_mad": 9.399245837262345,
  "summary_bg_mean": 18.077383041381836,
  "summary_bg_median": 14.638313293457031,
  "summary_bg_n": 2356427.0,
  "summary_bg_p05": 2.101111316680908,
  "summary_bg_p95": 42.89598464965802,
  "summary_bg_stdv": 12.99677562713623,
  "summary_csf_k": 0.0893953074561562,
  "summary_csf_mad": 118.23825085268626,
  "summary_csf_mean": 398.1965026855469,
  "summary_csf_median": 378.5736389160156,
  "summary_csf_n": 13755.0,
  "summary_csf_p05": 231.27625427246093,
  "summary_csf_p95": 617.887139892578,
  "summary_csf_stdv": 120.05650329589844,
  "summary_gm_k": 0.5408181585311107,
  "summary_gm_mad": 55.694725130090795,
  "summary_gm_mean": 810.8079223632812,
  "summary_gm_median": 809.0260009765625,
  "summary_gm_n": 10370.0,
  "summary_gm_p05": 714.8231781005859,
  "summary_gm_p95": 911.867041015625,
  "summary_gm_stdv": 59.912139892578125,
  "summary_wm_k": 0.34218482328582445,
  "summary_wm_mad": 49.286569770924324,
  "summary_wm_mean": 1001.7026977539062,
  "summary_wm_median": 1000.0382080078125,
  "summary_wm_n": 179360.0,
  "summary_wm_p05": 922.2348724365235,
  "summary_wm_p95": 1086.5796325683593,
  "summary_wm_stdv": 50.353450775146484,
  "tpm_overlap_csf": 0.17868417501449585,
  "tpm_overlap_gm": 0.453890860080719,
  "tpm_overlap_wm": 0.528175950050354,
  "wm2max": 0.5128046520798263
}