{
  "aor": 0.00038609523809523817,
  "aqi": 0.019907849047619046,
  "bids_meta": {
    "AcquisitionMatrixPE": 64,
    "BandwidthPerPixelPhaseEncode": 33.245,
    "BaseResolution": 64,
    "BodyPartExamined": "HEAD",
    "DerivedVendorReportedEchoSpacing": 0.000469996,
    "DwellTime": 3e-06,
    "EchoTime": 0.05,
    "EffectiveEchoSpacing": 0.000469995,
    "FlipAngle": 90,
    "ImageType": [
      "ORIGINAL",
      "PRIMARY",
      "FMRI",
      "NONE",
      "ND",
      "MOSAIC"
    ],
    "InPlanePhaseEncodingDirectionDICOM": "COL",
    "Instructions": "During the main condition, participants were visually presented with already solved sums (arithmetic operations of addition, subtraction, multiplication, and division with simple and double-digit numbers). The control condition stimuli were digit lines with non-mathematical characters instead of arithmetic signs. Participants responded with one of three buttons on the MR-compatible response box, depending on whether the stimulus sum had been solved correctly, incorrectly or just had not been an arithmetic exercise.",
    "MRAcquisitionType": "2D",
    "MagneticFieldStrength": 1.5,
    "Manufacturer": "Siemens",
    "ManufacturersModelName": "Avanto",
    "NumberOfVolumesDiscardedByUser": 3,
    "PartialFourier": 1,
    "PatientPosition": "HFS",
    "PercentPhaseFOV": 100,
    "PhaseEncodingDirection": "j-",
    "PhaseEncodingSteps": 64,
    "PhaseResolution": 1,
    "PixelBandwidth": 2604,
    "ProcedureStepDescription": "head_NEURO",
    "PulseSequenceDetails": "%SiemensSeq%_ep2d_bold",
    "ReceiveCoilName": "HeadMatrix",
    "ReconMatrixPE": 64,
    "RepetitionTime": 2.1,
    "ScanOptions": "FS",
    "ScanningSequence": "EP",
    "SequenceName": "_epfid2d1_64",
    "SequenceVariant": "SK",
    "SliceThickness": 3,
    "SliceTiming": [
      1.0525,
      0,
      1.14,
      0.0875,
      1.2275,
      0.175,
      1.3175,
      0.2625,
      1.405,
      0.35,
      1.4925,
      0.4375,
      1.58,
      0.525,
      1.6675,
      0.6125,
      1.755,
      0.7025,
      1.8425,
      0.79,
      1.93,
      0.8775,
      2.02,
      0.965
    ],
    "SoftwareVersions": "syngo_MR_B19",
    "SpacingBetweenSlices": 3.3,
    "TaskName": "arithm_run-01",
    "TotalReadoutTime": 0.0296097,
    "dataset": "ds002422",
    "modality": "bold",
    "run_id": 1,
    "subject_id": "09",
    "task_id": "arithm"
  },
  "dummy_trs": 0,
  "dvars_nstd": 42.19722083425837,
  "dvars_std": 1.0475223742583732,
  "dvars_vstd": 1.0117800999999995,
  "efc": 0.645182918346327,
  "fber": 200.64028930664062,
  "fd_mean": 0.0774567029520305,
  "fd_num": 1,
  "fd_perc": 0.47619047619047616,
  "fwhm_avg": 1.7484974237768796,
  "fwhm_x": 1.5675501245776913,
  "fwhm_y": 1.9103633333333334,
  "fwhm_z": 1.7675788134196138,
  "gcor": 0.00948021,
  "gsr_x": -0.007543494459241629,
  "gsr_y": 0.056596070528030396,
  "provenance": {
    "md5sum": "f6638c822357d8b4cc3f29c73453f63b",
    "settings": {
      "fd_thres": 0.2,
      "testing": false
    },
    "software": "mriqc",
    "version": "21.0.0rc2",
    "webapi_port": null,
    "webapi_url": "https://mriqc.nimh.nih.gov/api/v1"
  },
  "size_t": 210,
  "size_x": 64,
  "size_y": 64,
  "size_z": 24,
  "snr": 6.540403507872813,
  "spacing_tr": 2.0999999046325684,
  "spacing_x": 2.999999761581421,
  "spacing_y": 3.0,
  "spacing_z": 3.299999952316284,
  "summary_bg_k": 10.82634206235472,
  "summary_bg_mad": 6.092789063137987,
  "summary_bg_mean": 57.99470520019531,
  "summary_bg_median": 40.376190185546875,
  "summary_bg_n": 49994.0,
  "summary_bg_p05": 35.80952453613281,
  "summary_bg_p95": 138.27167663574215,
  "summary_bg_stdv": 36.50130081176758,
  "summary_fg_k": 2.314181082473141,
  "summary_fg_mad": 80.5864979117942,
  "summary_fg_mean": 577.7111206054688,
  "summary_fg_median": 570.7071533203125,
  "summary_fg_n": 24730.0,
  "summary_fg_p05": 463.618586730957,
  "summary_fg_p95": 732.9385864257813,
  "summary_fg_stdv": 87.25694274902344,
  "tsnr": 35.09383540134877
}