{
  "aor": 0.00130964824120603,
  "aqi": 0.009281968090452262,
  "bids_meta": {
    "AcquisitionMatrixPE": 64,
    "BandwidthPerPixelPhaseEncode": 34.722,
    "BaseResolution": 64,
    "BodyPartExamined": "HEAD",
    "DelayTime": 0.5,
    "DerivedVendorReportedEchoSpacing": 0.000450003,
    "DwellTime": 3e-06,
    "EchoTime": 0.05,
    "EffectiveEchoSpacing": 0.000450003,
    "FlipAngle": 90,
    "ImageType": [
      "ORIGINAL",
      "PRIMARY",
      "FMRI",
      "NONE",
      "ND",
      "MOSAIC"
    ],
    "InPlanePhaseEncodingDirectionDICOM": "COL",
    "Instructions": "Participants were asked to close their eyes, to not fall asleep, and to avoid consistent thinking about one topic during the period of scanning",
    "MRAcquisitionType": "2D",
    "MagneticFieldStrength": 1.5,
    "Manufacturer": "Siemens",
    "ManufacturersModelName": "Avanto",
    "NumberOfVolumesDiscardedByUser": 3,
    "PartialFourier": 1,
    "PatientPosition": "HFS",
    "PercentPhaseFOV": 100,
    "PhaseEncodingDirection": "j-",
    "PhaseEncodingSteps": 64,
    "PhaseResolution": 1,
    "PixelBandwidth": 2604,
    "ProcedureStepDescription": "head_NEURO",
    "PulseSequenceDetails": "%SiemensSeq%_ep2d_bold",
    "ReceiveCoilName": "HeadMatrix",
    "ReconMatrixPE": 64,
    "RepetitionTime": 3.56,
    "ScanOptions": "FS",
    "ScanningSequence": "EP",
    "SequenceName": "_epfid2d1_64",
    "SequenceVariant": "SK",
    "SliceThickness": 3.6,
    "SliceTiming": [
      1.535,
      0,
      1.62,
      0.085,
      1.7075,
      0.17,
      1.7925,
      0.255,
      1.8775,
      0.34,
      1.9625,
      0.4275,
      2.0475,
      0.5125,
      2.1325,
      0.5975,
      2.2175,
      0.6825,
      2.305,
      0.7675,
      2.39,
      0.8525,
      2.475,
      0.9375,
      2.56,
      1.0225,
      2.645,
      1.11,
      2.73,
      1.195,
      2.815,
      1.28,
      2.9,
      1.365,
      2.9875,
      1.45
    ],
    "SoftwareVersions": "syngo_MR_B19",
    "SpacingBetweenSlices": 3.78,
    "TaskName": "rest",
    "TotalReadoutTime": 0.0283502,
    "dataset": "ds002422",
    "modality": "bold",
    "subject_id": "35",
    "task_id": "rest"
  },
  "dummy_trs": 1,
  "dvars_nstd": 27.927673763585865,
  "dvars_std": 1.1015843207575753,
  "dvars_vstd": 1.0179571811111117,
  "efc": 0.5187966567697061,
  "fber": 532.9591064453125,
  "fd_mean": 0.06226616582867376,
  "fd_num": 5,
  "fd_perc": 2.512562814070352,
  "fwhm_avg": 1.5976580452987974,
  "fwhm_x": 1.5050100869565217,
  "fwhm_y": 1.6849613913043477,
  "fwhm_z": 1.6030026576355223,
  "gcor": 0.0247759,
  "gsr_x": -0.016447419300675392,
  "gsr_y": 0.03115750476717949,
  "provenance": {
    "md5sum": "54bcdc90fc9849a136ee2406b46fa503",
    "settings": {
      "fd_thres": 0.2,
      "testing": false
    },
    "software": "mriqc",
    "version": "21.0.0rc2",
    "webapi_port": null,
    "webapi_url": "https://mriqc.nimh.nih.gov/api/v1"
  },
  "size_t": 199,
  "size_x": 64,
  "size_y": 64,
  "size_z": 36,
  "snr": 6.139631526319961,
  "spacing_tr": 3.559999942779541,
  "spacing_x": 3.59375,
  "spacing_y": 3.59375,
  "spacing_z": 3.7799999713897705,
  "summary_bg_k": 207.70042611403568,
  "summary_bg_mad": 3.561225301483035,
  "summary_bg_mean": 38.326663970947266,
  "summary_bg_median": 26.432161331176758,
  "summary_bg_n": 93798.0,
  "summary_bg_p05": 22.63819122314453,
  "summary_bg_p95": 90.50829200744626,
  "summary_bg_stdv": 52.22426986694336,
  "summary_fg_k": 1.6395929292548548,
  "summary_fg_mad": 98.8500415675217,
  "summary_fg_mean": 622.4497680664062,
  "summary_fg_median": 614.7939453125,
  "summary_fg_n": 22693.0,
  "summary_fg_p05": 485.7457275390625,
  "summary_fg_p95": 789.6572753906249,
  "summary_fg_stdv": 100.13311004638672,
  "tsnr": 53.51259025116451
}