{
  "bids_meta": {
    "AcquisitionMatrixPE": 246,
    "BaseResolution": 256,
    "CoilString": "T:HE1-4;NE2",
    "DwellTime": 1.5e-05,
    "EchoTime": 0.00291,
    "FlipAngle": 15,
    "ImagingFrequency": 63.6572,
    "InversionTime": 1.1,
    "MagneticFieldStrength": 1.5,
    "Manufacturer": "Siemens",
    "ManufacturersModelName": "Avanto",
    "PartialFourier": 1,
    "PercentPhaseFOV": 100,
    "PhaseEncodingSteps": 307,
    "PhaseOversampling": 0.25,
    "PhaseResolution": 0.96,
    "PixelBandwidth": 130,
    "ProtocolName": "t1_mpr_ns_sag_p2_iso",
    "PulseSequenceDetails": "%SiemensSeq%_tfl",
    "ReceiveCoilName": "NeckMatrix",
    "ReconMatrixPE": 256,
    "RepetitionTime": 1.9,
    "ScanOptions": "IR",
    "ScanningSequence": "GR_IR",
    "SequenceName": "_tfl3d1_ns",
    "SequenceVariant": "SP_MP_OSP",
    "SeriesDescription": "t1_mpr_ns_sag_p2_iso",
    "SliceThickness": 1,
    "SoftwareVersions": "syngo_MR_B19",
    "dataset": "ds002422",
    "modality": "T1w",
    "subject_id": "12"
  },
  "cjv": 0.670634303742439,
  "cnr": 2.0536602142221208,
  "efc": 0.5768913066552613,
  "fber": 1641.462890625,
  "fwhm_avg": 3.330498693333333,
  "fwhm_x": 3.25417,
  "fwhm_y": 3.3408716800000002,
  "fwhm_z": 3.3964544,
  "icvs_csf": 0.17515486902396085,
  "icvs_gm": 0.42661912759695525,
  "icvs_wm": 0.3982260033790839,
  "inu_med": 1.5333845615386963,
  "inu_range": 0.3151586771011352,
  "provenance": {
    "md5sum": "2fdbcbd25e68dfbf90452877976fe41d",
    "settings": {
      "testing": false
    },
    "software": "mriqc",
    "version": "21.0.0rc2",
    "warnings": {
      "large_rot_frame": true,
      "small_air_mask": false
    },
    "webapi_port": null,
    "webapi_url": "https://mriqc.nimh.nih.gov/api/v1"
  },
  "qi_1": 0.0,
  "qi_2": 0.0037191114238898666,
  "rpve_csf": 29.863788318980678,
  "rpve_gm": 13.240020855591323,
  "rpve_wm": 16.585136914756603,
  "size_x": 176,
  "size_y": 256,
  "size_z": 256,
  "snr_csf": 2.4499035150513997,
  "snr_gm": 13.473451076587422,
  "snr_total": 11.325633074408737,
  "snr_wm": 18.053544631587393,
  "snrd_csf": 21.88830698485286,
  "snrd_gm": 50.02327826888931,
  "snrd_total": 44.107950184462815,
  "snrd_wm": 60.412265299646286,
  "spacing_x": 1.0,
  "spacing_y": 0.9765625,
  "spacing_z": 0.9765625,
  "summary_bg_k": 2.411264180705846,
  "summary_bg_mad": 10.844936269196152,
  "summary_bg_mean": 19.515380859375,
  "summary_bg_median": 17.001407623291016,
  "summary_bg_n": 1855276.0,
  "summary_bg_p05": 2.444183349609375,
  "summary_bg_p95": 43.77822399139404,
  "summary_bg_stdv": 12.929311752319336,
  "summary_csf_k": 17.266372798186225,
  "summary_csf_mad": 116.02181302071806,
  "summary_csf_mean": 402.1519470214844,
  "summary_csf_median": 362.3326416015625,
  "summary_csf_n": 17557.0,
  "summary_csf_p05": 237.3688171386719,
  "summary_csf_p95": 654.8248413085938,
  "summary_csf_stdv": 147.89248657226562,
  "summary_gm_k": 0.17360265406762654,
  "summary_gm_mad": 59.79730916209692,
  "summary_gm_mean": 829.810791015625,
  "summary_gm_median": 828.0707397460938,
  "summary_gm_n": 16404.0,
  "summary_gm_p05": 731.157339477539,
  "summary_gm_p95": 933.0351806640624,
  "summary_gm_stdv": 61.45756530761719,
  "summary_wm_k": 0.11715540421499737,
  "summary_wm_mad": 55.53586842876105,
  "summary_wm_mean": 1003.0910034179688,
  "summary_wm_median": 1000.0469970703125,
  "summary_wm_n": 206123.0,
  "summary_wm_p05": 917.3635986328125,
  "summary_wm_p95": 1098.4483154296875,
  "summary_wm_stdv": 55.393253326416016,
  "tpm_overlap_csf": 0.18703296780586243,
  "tpm_overlap_gm": 0.4540349841117859,
  "tpm_overlap_wm": 0.5137342214584351,
  "wm2max": 0.4759721878281309
}