{
  "bids_meta": {
    "AcquisitionMatrixPE": 246,
    "BaseResolution": 256,
    "CoilString": "T:HE1-4;NE2",
    "DwellTime": 1.5e-05,
    "EchoTime": 0.00291,
    "FlipAngle": 15,
    "ImagingFrequency": 63.6572,
    "InversionTime": 1.1,
    "MagneticFieldStrength": 1.5,
    "Manufacturer": "Siemens",
    "ManufacturersModelName": "Avanto",
    "PartialFourier": 1,
    "PercentPhaseFOV": 100,
    "PhaseEncodingSteps": 307,
    "PhaseOversampling": 0.25,
    "PhaseResolution": 0.96,
    "PixelBandwidth": 130,
    "ProtocolName": "t1_mpr_ns_sag_p2_iso",
    "PulseSequenceDetails": "%SiemensSeq%_tfl",
    "ReceiveCoilName": "NeckMatrix",
    "ReconMatrixPE": 256,
    "RepetitionTime": 1.9,
    "ScanOptions": "IR",
    "ScanningSequence": "GR_IR",
    "SequenceName": "_tfl3d1_ns",
    "SequenceVariant": "SP_MP_OSP",
    "SeriesDescription": "t1_mpr_ns_sag_p2_iso",
    "SliceThickness": 1,
    "SoftwareVersions": "syngo_MR_B19",
    "dataset": "ds002422",
    "modality": "T1w",
    "subject_id": "35"
  },
  "cjv": 0.8314997158455415,
  "cnr": 1.7398295297444124,
  "efc": 0.5850336463169531,
  "fber": 1409.7662353515625,
  "fwhm_avg": 3.4034315753500195,
  "fwhm_x": 3.3121901974219203,
  "fwhm_y": 3.418163408628138,
  "fwhm_z": 3.47994112,
  "icvs_csf": 0.16404630310304033,
  "icvs_gm": 0.455573877226677,
  "icvs_wm": 0.38037981967028267,
  "inu_med": 1.4898736476898193,
  "inu_range": 0.381135606765747,
  "provenance": {
    "md5sum": "0554b1d9ca9e6982fa4d2a95a8efd8ac",
    "settings": {
      "testing": false
    },
    "software": "mriqc",
    "version": "21.0.0rc2",
    "warnings": {
      "large_rot_frame": true,
      "small_air_mask": false
    },
    "webapi_port": null,
    "webapi_url": "https://mriqc.nimh.nih.gov/api/v1"
  },
  "qi_1": 0.0,
  "qi_2": 0.004609210502886228,
  "rpve_csf": 27.815656798698303,
  "rpve_gm": 11.235681596667343,
  "rpve_wm": 15.044315789473684,
  "size_x": 176,
  "size_y": 256,
  "size_z": 256,
  "snr_csf": 2.880354077272231,
  "snr_gm": 12.727005371399848,
  "snr_total": 10.135433283584742,
  "snr_wm": 14.798940402082149,
  "snrd_csf": 21.93402507817292,
  "snrd_gm": 46.895437748661614,
  "snrd_total": 41.67058089827777,
  "snrd_wm": 56.182279867998794,
  "spacing_x": 0.9999999403953552,
  "spacing_y": 0.9765624403953552,
  "spacing_z": 0.9765625,
  "summary_bg_k": 2.3868230412630016,
  "summary_bg_mad": 11.661681303519737,
  "summary_bg_mean": 19.200212478637695,
  "summary_bg_median": 15.947247505187988,
  "summary_bg_n": 1876963.0,
  "summary_bg_p05": 2.642241668701172,
  "summary_bg_p95": 42.852271652221674,
  "summary_bg_stdv": 12.624269485473633,
  "summary_csf_k": 0.389227292560673,
  "summary_csf_mad": 122.12852070896187,
  "summary_csf_mean": 417.5814514160156,
  "summary_csf_median": 390.43414306640625,
  "summary_csf_n": 16846.0,
  "summary_csf_p05": 236.70408248901367,
  "summary_csf_p95": 680.2680358886719,
  "summary_csf_stdv": 135.54672241210938,
  "summary_gm_k": -0.2602916220117102,
  "summary_gm_mad": 68.2754428994565,
  "summary_gm_mean": 834.033447265625,
  "summary_gm_median": 834.7569580078125,
  "summary_gm_n": 25887.0,
  "summary_gm_p05": 725.2519592285156,
  "summary_gm_p95": 939.6066162109375,
  "summary_gm_stdv": 65.5881576538086,
  "summary_wm_k": -0.10208126399028217,
  "summary_wm_mad": 69.1792655897906,
  "summary_wm_mean": 1004.1318969726562,
  "summary_wm_median": 1000.0663452148438,
  "summary_wm_n": 222245.0,
  "summary_wm_p05": 900.3022094726563,
  "summary_wm_p95": 1121.075341796875,
  "summary_wm_stdv": 67.57673645019531,
  "tpm_overlap_csf": 0.1840239316225052,
  "tpm_overlap_gm": 0.46862584352493286,
  "tpm_overlap_wm": 0.5017105340957642,
  "wm2max": 0.5763467030094379
}