{
  "bids_meta": {
    "AcquisitionMatrixPE": 246,
    "BaseResolution": 256,
    "CoilString": "T:HE1-4;NE2",
    "DwellTime": 1.5e-05,
    "EchoTime": 0.00291,
    "FlipAngle": 15,
    "ImagingFrequency": 63.6572,
    "InversionTime": 1.1,
    "MagneticFieldStrength": 1.5,
    "Manufacturer": "Siemens",
    "ManufacturersModelName": "Avanto",
    "PartialFourier": 1,
    "PercentPhaseFOV": 100,
    "PhaseEncodingSteps": 307,
    "PhaseOversampling": 0.25,
    "PhaseResolution": 0.96,
    "PixelBandwidth": 130,
    "ProtocolName": "t1_mpr_ns_sag_p2_iso",
    "PulseSequenceDetails": "%SiemensSeq%_tfl",
    "ReceiveCoilName": "NeckMatrix",
    "ReconMatrixPE": 256,
    "RepetitionTime": 1.9,
    "ScanOptions": "IR",
    "ScanningSequence": "GR_IR",
    "SequenceName": "_tfl3d1_ns",
    "SequenceVariant": "SP_MP_OSP",
    "SeriesDescription": "t1_mpr_ns_sag_p2_iso",
    "SliceThickness": 1,
    "SoftwareVersions": "syngo_MR_B19",
    "dataset": "ds002422",
    "modality": "T1w",
    "subject_id": "38"
  },
  "cjv": 0.5482144139737496,
  "cnr": 2.469293588191509,
  "efc": 0.5250633975842367,
  "fber": 1856.2747802734375,
  "fwhm_avg": 3.2993947216352164,
  "fwhm_x": 3.26421,
  "fwhm_y": 3.2832821203956373,
  "fwhm_z": 3.3506920445100126,
  "icvs_csf": 0.19811342003339327,
  "icvs_gm": 0.43072945186561973,
  "icvs_wm": 0.371157128100987,
  "inu_med": 1.5095752477645874,
  "inu_range": 0.24921250343322754,
  "provenance": {
    "md5sum": "a02289366cdbe43083eaa11bce6f2626",
    "settings": {
      "testing": false
    },
    "software": "mriqc",
    "version": "21.0.0rc2",
    "warnings": {
      "large_rot_frame": true,
      "small_air_mask": false
    },
    "webapi_port": null,
    "webapi_url": "https://mriqc.nimh.nih.gov/api/v1"
  },
  "qi_1": 0.0,
  "qi_2": 0.002947842053646155,
  "rpve_csf": 28.75037624159727,
  "rpve_gm": 13.874480837290019,
  "rpve_wm": 18.54631323647032,
  "size_x": 176,
  "size_y": 256,
  "size_z": 256,
  "snr_csf": 3.089544162832994,
  "snr_gm": 14.534384125871743,
  "snr_total": 12.308319122542295,
  "snr_wm": 19.30102907892215,
  "snrd_csf": 23.86502160896534,
  "snrd_gm": 54.28646254665712,
  "snrd_total": 48.396180872663706,
  "snrd_wm": 67.03705846236866,
  "spacing_x": 1.0,
  "spacing_y": 0.9765624403953552,
  "spacing_z": 0.9765624403953552,
  "summary_bg_k": 4.5647068608885775,
  "summary_bg_mad": 9.773091850314099,
  "summary_bg_mean": 17.23972511291504,
  "summary_bg_median": 15.345846176147461,
  "summary_bg_n": 2975003.0,
  "summary_bg_p05": 2.21356463432312,
  "summary_bg_p95": 39.82213516235352,
  "summary_bg_stdv": 12.031339645385742,
  "summary_csf_k": 0.4920754746160325,
  "summary_csf_mad": 97.97323039831942,
  "summary_csf_mean": 382.57611083984375,
  "summary_csf_median": 356.0099182128906,
  "summary_csf_n": 18129.0,
  "summary_csf_p05": 236.76446533203125,
  "summary_csf_p95": 615.8324096679686,
  "summary_csf_stdv": 115.22738647460938,
  "summary_gm_k": 0.37547149384780454,
  "summary_gm_mad": 53.11894810075408,
  "summary_gm_mean": 812.2269897460938,
  "summary_gm_median": 809.826171875,
  "summary_gm_n": 15849.0,
  "summary_gm_p05": 723.8199340820313,
  "summary_gm_p95": 908.0572265624999,
  "summary_gm_stdv": 55.7161979675293,
  "summary_wm_k": 0.1643679284350763,
  "summary_wm_mad": 51.15629188022381,
  "summary_wm_mean": 1001.6261596679688,
  "summary_wm_median": 1000.0350341796875,
  "summary_wm_n": 168449.0,
  "summary_wm_p05": 919.0504516601562,
  "summary_wm_p95": 1089.3156494140626,
  "summary_wm_stdv": 51.81237030029297,
  "tpm_overlap_csf": 0.17156007885932922,
  "tpm_overlap_gm": 0.44372713565826416,
  "tpm_overlap_wm": 0.5008894801139832,
  "wm2max": 0.4837736885897511
}