{
  "aor": 0.0007800499999999999,
  "aqi": 0.016473160299999998,
  "bids_meta": {
    "AcquisitionMatrixPE": 64,
    "BandwidthPerPixelPhaseEncode": 34.722,
    "BaseResolution": 64,
    "BodyPartExamined": "HEAD",
    "DelayTime": 0.5,
    "DerivedVendorReportedEchoSpacing": 0.000450003,
    "DwellTime": 3e-06,
    "EchoTime": 0.05,
    "EffectiveEchoSpacing": 0.000450003,
    "FlipAngle": 90,
    "ImageType": [
      "ORIGINAL",
      "PRIMARY",
      "FMRI",
      "NONE",
      "ND",
      "MOSAIC"
    ],
    "InPlanePhaseEncodingDirectionDICOM": "COL",
    "Instructions": "Participants were asked to close their eyes, to not fall asleep, and to avoid consistent thinking about one topic during the period of scanning",
    "MRAcquisitionType": "2D",
    "MagneticFieldStrength": 1.5,
    "Manufacturer": "Siemens",
    "ManufacturersModelName": "Avanto",
    "NumberOfVolumesDiscardedByUser": 3,
    "PartialFourier": 1,
    "PatientPosition": "HFS",
    "PercentPhaseFOV": 100,
    "PhaseEncodingDirection": "j-",
    "PhaseEncodingSteps": 64,
    "PhaseResolution": 1,
    "PixelBandwidth": 2604,
    "ProcedureStepDescription": "head_NEURO",
    "PulseSequenceDetails": "%SiemensSeq%_ep2d_bold",
    "ReceiveCoilName": "HeadMatrix",
    "ReconMatrixPE": 64,
    "RepetitionTime": 3.56,
    "ScanOptions": "FS",
    "ScanningSequence": "EP",
    "SequenceName": "_epfid2d1_64",
    "SequenceVariant": "SK",
    "SliceThickness": 3.6,
    "SliceTiming": [
      1.5375,
      0,
      1.6225,
      0.085,
      1.7075,
      0.1725,
      1.7925,
      0.2575,
      1.8775,
      0.3425,
      1.9625,
      0.4275,
      2.05,
      0.5125,
      2.135,
      0.5975,
      2.22,
      0.6825,
      2.305,
      0.77,
      2.39,
      0.855,
      2.475,
      0.94,
      2.56,
      1.025,
      2.6475,
      1.11,
      2.7325,
      1.195,
      2.8175,
      1.28,
      2.9025,
      1.3675,
      2.9875,
      1.4525
    ],
    "SoftwareVersions": "syngo_MR_B19",
    "SpacingBetweenSlices": 3.78,
    "TaskName": "rest",
    "TotalReadoutTime": 0.0283502,
    "dataset": "ds002422",
    "modality": "bold",
    "subject_id": "13",
    "task_id": "rest"
  },
  "dummy_trs": 0,
  "dvars_nstd": 29.226270982361804,
  "dvars_std": 1.0220691357286433,
  "dvars_vstd": 0.9598811280402011,
  "efc": 0.52383455845365,
  "fber": 630.5247802734375,
  "fd_mean": 0.19504168533620428,
  "fd_num": 65,
  "fd_perc": 32.5,
  "fwhm_avg": 1.6723800725358948,
  "fwhm_x": 1.540079304347826,
  "fwhm_y": 1.8085872504210927,
  "fwhm_z": 1.6684736628387655,
  "gcor": 0.0103478,
  "gsr_x": -0.015323536470532417,
  "gsr_y": 0.038321029394865036,
  "provenance": {
    "md5sum": "208f1717a42756c19d8d3ccbbad3fb95",
    "settings": {
      "fd_thres": 0.2,
      "testing": false
    },
    "software": "mriqc",
    "version": "21.0.0rc2",
    "webapi_port": null,
    "webapi_url": "https://mriqc.nimh.nih.gov/api/v1"
  },
  "size_t": 200,
  "size_x": 64,
  "size_y": 64,
  "size_z": 36,
  "snr": 5.334249940706477,
  "spacing_tr": 3.559999942779541,
  "spacing_x": 3.59375,
  "spacing_y": 3.593749761581421,
  "spacing_z": 3.7799997329711914,
  "summary_bg_k": 151.95128756620852,
  "summary_bg_mad": 4.766566358722655,
  "summary_bg_mean": 37.00447463989258,
  "summary_bg_median": 24.625,
  "summary_bg_n": 91511.0,
  "summary_bg_p05": 19.994998931884766,
  "summary_bg_p95": 88.18749618530273,
  "summary_bg_stdv": 42.84169387817383,
  "summary_fg_k": 1.4202312674579947,
  "summary_fg_mad": 112.06243077159677,
  "summary_fg_mean": 631.513427734375,
  "summary_fg_median": 620.8200073242188,
  "summary_fg_n": 25275.0,
  "summary_fg_p05": 477.1839965820312,
  "summary_fg_p95": 838.4554626464842,
  "summary_fg_stdv": 116.3814468383789,
  "tsnr": 42.988595083588734
}