{
  "aor": 0.0003758095238095239,
  "aqi": 0.027583295714285718,
  "bids_meta": {
    "AcquisitionMatrixPE": 64,
    "BandwidthPerPixelPhaseEncode": 33.245,
    "BaseResolution": 64,
    "BodyPartExamined": "HEAD",
    "DerivedVendorReportedEchoSpacing": 0.000469996,
    "DwellTime": 3e-06,
    "EchoTime": 0.05,
    "EffectiveEchoSpacing": 0.000469995,
    "FlipAngle": 90,
    "ImageType": [
      "ORIGINAL",
      "PRIMARY",
      "FMRI",
      "NONE",
      "ND",
      "MOSAIC"
    ],
    "InPlanePhaseEncodingDirectionDICOM": "COL",
    "Instructions": "During the main condition, participants were visually presented with already solved sums (arithmetic operations of addition, subtraction, multiplication, and division with simple and double-digit numbers). The control condition stimuli were digit lines with non-mathematical characters instead of arithmetic signs. Participants responded with one of three buttons on the MR-compatible response box, depending on whether the stimulus sum had been solved correctly, incorrectly or just had not been an arithmetic exercise.",
    "MRAcquisitionType": "2D",
    "MagneticFieldStrength": 1.5,
    "Manufacturer": "Siemens",
    "ManufacturersModelName": "Avanto",
    "NumberOfVolumesDiscardedByUser": 3,
    "PartialFourier": 1,
    "PatientPosition": "HFS",
    "PercentPhaseFOV": 100,
    "PhaseEncodingDirection": "j-",
    "PhaseEncodingSteps": 64,
    "PhaseResolution": 1,
    "PixelBandwidth": 2604,
    "ProcedureStepDescription": "head_NEURO",
    "PulseSequenceDetails": "%SiemensSeq%_ep2d_bold",
    "ReceiveCoilName": "HeadMatrix",
    "ReconMatrixPE": 64,
    "RepetitionTime": 2.1,
    "ScanOptions": "FS",
    "ScanningSequence": "EP",
    "SequenceName": "_epfid2d1_64",
    "SequenceVariant": "SK",
    "SliceThickness": 3,
    "SliceTiming": [
      1.055,
      0,
      1.1425,
      0.09,
      1.23,
      0.1775,
      1.3175,
      0.265,
      1.4075,
      0.3525,
      1.495,
      0.44,
      1.5825,
      0.5275,
      1.67,
      0.615,
      1.7575,
      0.705,
      1.845,
      0.7925,
      1.9325,
      0.88,
      2.0225,
      0.9675
    ],
    "SoftwareVersions": "syngo_MR_B19",
    "SpacingBetweenSlices": 3.3,
    "TaskName": "arithm_run-01",
    "TotalReadoutTime": 0.0296097,
    "dataset": "ds002422",
    "modality": "bold",
    "run_id": 1,
    "subject_id": "13",
    "task_id": "arithm"
  },
  "dummy_trs": 0,
  "dvars_nstd": 43.51143697373206,
  "dvars_std": 0.9997081528229667,
  "dvars_vstd": 0.9961152431578946,
  "efc": 0.6496783012422384,
  "fber": 179.5643310546875,
  "fd_mean": 0.17774745437408818,
  "fd_num": 59,
  "fd_perc": 28.095238095238095,
  "fwhm_avg": 1.7278809678917952,
  "fwhm_x": 1.5087333333333335,
  "fwhm_y": 1.8962701507020117,
  "fwhm_z": 1.7786394196400415,
  "gcor": 0.00368226,
  "gsr_x": 0.0015376508235931396,
  "gsr_y": 0.056137070059776306,
  "provenance": {
    "md5sum": "67415194d5726f4fbb250d7e21de72d5",
    "settings": {
      "fd_thres": 0.2,
      "testing": false
    },
    "software": "mriqc",
    "version": "21.0.0rc2",
    "webapi_port": null,
    "webapi_url": "https://mriqc.nimh.nih.gov/api/v1"
  },
  "size_t": 210,
  "size_x": 64,
  "size_y": 64,
  "size_z": 24,
  "snr": 6.2608483417048175,
  "spacing_tr": 2.0999999046325684,
  "spacing_x": 3.0,
  "spacing_y": 2.999999761581421,
  "spacing_z": 3.299999952316284,
  "summary_bg_k": 19.02206310513598,
  "summary_bg_mad": 5.880989554162705,
  "summary_bg_mean": 53.315086364746094,
  "summary_bg_median": 41.09524154663086,
  "summary_bg_n": 47917.0,
  "summary_bg_p05": 35.261905670166016,
  "summary_bg_p95": 113.62571563720694,
  "summary_bg_stdv": 31.966150283813477,
  "summary_fg_k": 1.1307333972780134,
  "summary_fg_mad": 85.26378938335898,
  "summary_fg_mean": 557.4454956054688,
  "summary_fg_median": 547.8143310546875,
  "summary_fg_n": 26093.0,
  "summary_fg_p05": 442.45810546875,
  "summary_fg_p95": 717.9285888671873,
  "summary_fg_stdv": 87.49674224853516,
  "tsnr": 30.182515984401107
}