{
  "bids_meta": {
    "AcquisitionMatrixPE": 246,
    "BaseResolution": 256,
    "CoilString": "T:HE1-4;NE2",
    "DwellTime": 1.5e-05,
    "EchoTime": 0.00291,
    "FlipAngle": 15,
    "ImagingFrequency": 63.6572,
    "InversionTime": 1.1,
    "MagneticFieldStrength": 1.5,
    "Manufacturer": "Siemens",
    "ManufacturersModelName": "Avanto",
    "PartialFourier": 1,
    "PercentPhaseFOV": 100,
    "PhaseEncodingSteps": 307,
    "PhaseOversampling": 0.25,
    "PhaseResolution": 0.96,
    "PixelBandwidth": 130,
    "ProtocolName": "t1_mpr_ns_sag_p2_iso",
    "PulseSequenceDetails": "%SiemensSeq%_tfl",
    "ReceiveCoilName": "NeckMatrix",
    "ReconMatrixPE": 256,
    "RepetitionTime": 1.9,
    "ScanOptions": "IR",
    "ScanningSequence": "GR_IR",
    "SequenceName": "_tfl3d1_ns",
    "SequenceVariant": "SP_MP_OSP",
    "SeriesDescription": "t1_mpr_ns_sag_p2_iso",
    "SliceThickness": 1,
    "SoftwareVersions": "syngo_MR_B19",
    "dataset": "ds002422",
    "modality": "T1w",
    "subject_id": "29"
  },
  "cjv": 0.695386851601264,
  "cnr": 1.9918026792064276,
  "efc": 0.553239340616354,
  "fber": 2255.136962890625,
  "fwhm_avg": 3.416379215491879,
  "fwhm_x": 3.3573,
  "fwhm_y": 3.3828968464756377,
  "fwhm_z": 3.5089408,
  "icvs_csf": 0.18463970470660584,
  "icvs_gm": 0.44121826537725717,
  "icvs_wm": 0.374142029916137,
  "inu_med": 1.4433976411819458,
  "inu_range": 0.3108261942863466,
  "provenance": {
    "md5sum": "f3c1c1d836b45dbf3568af9215b13c2c",
    "settings": {
      "testing": false
    },
    "software": "mriqc",
    "version": "21.0.0rc2",
    "warnings": {
      "large_rot_frame": true,
      "small_air_mask": false
    },
    "webapi_port": null,
    "webapi_url": "https://mriqc.nimh.nih.gov/api/v1"
  },
  "qi_1": 0.0,
  "qi_2": 0.004574961787370428,
  "rpve_csf": 25.64482475178115,
  "rpve_gm": 11.830828272903087,
  "rpve_wm": 16.093406052768447,
  "size_x": 176,
  "size_y": 256,
  "size_z": 256,
  "snr_csf": 3.2990767338493554,
  "snr_gm": 13.34047888568035,
  "snr_total": 11.501378466064304,
  "snr_wm": 17.86457977866321,
  "snrd_csf": 24.198305841817415,
  "snrd_gm": 53.918266533768055,
  "snrd_total": 47.64780874574183,
  "snrd_wm": 64.82685386164002,
  "spacing_x": 1.0,
  "spacing_y": 0.9765624403953552,
  "spacing_z": 0.9765625,
  "summary_bg_k": 2.27931803978732,
  "summary_bg_mad": 10.106526625642399,
  "summary_bg_mean": 16.791725158691406,
  "summary_bg_median": 14.007901191711426,
  "summary_bg_n": 1860281.0,
  "summary_bg_p05": 2.3149406909942627,
  "summary_bg_p95": 36.999900817871094,
  "summary_bg_stdv": 10.818796157836914,
  "summary_csf_k": 1.8500474087055911,
  "summary_csf_mad": 95.62440444100493,
  "summary_csf_mean": 395.9620361328125,
  "summary_csf_median": 373.2975769042969,
  "summary_csf_n": 20675.0,
  "summary_csf_p05": 251.7080307006836,
  "summary_csf_p95": 618.3565307617187,
  "summary_csf_stdv": 113.14939880371094,
  "summary_gm_k": 0.059908901072420306,
  "summary_gm_mad": 61.49740615795716,
  "summary_gm_mean": 833.2539672851562,
  "summary_gm_median": 831.7755126953125,
  "summary_gm_n": 27830.0,
  "summary_gm_p05": 733.5031982421875,
  "summary_gm_p95": 939.4993560791015,
  "summary_gm_stdv": 62.348628997802734,
  "summary_wm_k": 0.18491259327983434,
  "summary_wm_mad": 55.52396888092575,
  "summary_wm_mean": 1001.9224243164062,
  "summary_wm_median": 1000.0579223632812,
  "summary_wm_n": 217572.0,
  "summary_wm_p05": 913.263052368164,
  "summary_wm_p95": 1097.0159790039063,
  "summary_wm_stdv": 55.979801177978516,
  "tpm_overlap_csf": 0.1844976842403412,
  "tpm_overlap_gm": 0.462741494178772,
  "tpm_overlap_wm": 0.5050260424613953,
  "wm2max": 0.5788218597372503
}