{
  "aor": 0.0022053999999999997,
  "aqi": 0.02055636035,
  "bids_meta": {
    "AcquisitionMatrixPE": 64,
    "BandwidthPerPixelPhaseEncode": 34.722,
    "BaseResolution": 64,
    "BodyPartExamined": "HEAD",
    "DelayTime": 0.5,
    "DerivedVendorReportedEchoSpacing": 0.000450003,
    "DwellTime": 3e-06,
    "EchoTime": 0.05,
    "EffectiveEchoSpacing": 0.000450003,
    "FlipAngle": 90,
    "ImageType": [
      "ORIGINAL",
      "PRIMARY",
      "FMRI",
      "NONE",
      "ND",
      "MOSAIC"
    ],
    "InPlanePhaseEncodingDirectionDICOM": "COL",
    "Instructions": "Participants were asked to close their eyes, to not fall asleep, and to avoid consistent thinking about one topic during the period of scanning",
    "MRAcquisitionType": "2D",
    "MagneticFieldStrength": 1.5,
    "Manufacturer": "Siemens",
    "ManufacturersModelName": "Avanto",
    "NumberOfVolumesDiscardedByUser": 3,
    "PartialFourier": 1,
    "PatientPosition": "HFS",
    "PercentPhaseFOV": 100,
    "PhaseEncodingDirection": "j-",
    "PhaseEncodingSteps": 64,
    "PhaseResolution": 1,
    "PixelBandwidth": 2604,
    "ProcedureStepDescription": "head_NEURO",
    "PulseSequenceDetails": "%SiemensSeq%_ep2d_bold",
    "ReceiveCoilName": "HeadMatrix",
    "ReconMatrixPE": 64,
    "RepetitionTime": 3.56,
    "ScanOptions": "FS",
    "ScanningSequence": "EP",
    "SequenceName": "_epfid2d1_64",
    "SequenceVariant": "SK",
    "SliceThickness": 3.6,
    "SliceTiming": [
      1.5375,
      0,
      1.6225,
      0.085,
      1.7075,
      0.17,
      1.7925,
      0.2575,
      1.8775,
      0.3425,
      1.9625,
      0.4275,
      2.0475,
      0.5125,
      2.135,
      0.5975,
      2.22,
      0.6825,
      2.305,
      0.7675,
      2.39,
      0.855,
      2.475,
      0.94,
      2.56,
      1.025,
      2.645,
      1.11,
      2.7325,
      1.195,
      2.8175,
      1.28,
      2.9025,
      1.365,
      2.9875,
      1.4525
    ],
    "SoftwareVersions": "syngo_MR_B19",
    "SpacingBetweenSlices": 3.78,
    "TaskName": "rest",
    "TotalReadoutTime": 0.0283502,
    "dataset": "ds002422",
    "modality": "bold",
    "subject_id": "23",
    "task_id": "rest"
  },
  "dummy_trs": 0,
  "dvars_nstd": 27.23735265844222,
  "dvars_std": 0.9688234350251264,
  "dvars_vstd": 0.936821640954774,
  "efc": 0.474154506734116,
  "fber": 619.7005004882812,
  "fd_mean": 0.16181699270451416,
  "fd_num": 41,
  "fd_perc": 20.5,
  "fwhm_avg": 1.6081704050565706,
  "fwhm_x": 1.5566304674112692,
  "fwhm_y": 1.7328278260869567,
  "fwhm_z": 1.5350529216714859,
  "gcor": 0.00382655,
  "gsr_x": -0.015539344400167465,
  "gsr_y": 0.01757165975868702,
  "provenance": {
    "md5sum": "3bd77e747a3aa261a2a6701ad8c1292e",
    "settings": {
      "fd_thres": 0.2,
      "testing": false
    },
    "software": "mriqc",
    "version": "21.0.0rc2",
    "webapi_port": null,
    "webapi_url": "https://mriqc.nimh.nih.gov/api/v1"
  },
  "size_t": 200,
  "size_x": 64,
  "size_y": 64,
  "size_z": 36,
  "snr": 5.047094438501169,
  "spacing_tr": 3.559999942779541,
  "spacing_x": 3.593749523162842,
  "spacing_y": 3.59375,
  "spacing_z": 3.7799999713897705,
  "summary_bg_k": 283.0653599565462,
  "summary_bg_mad": 3.854766333682428,
  "summary_bg_mean": 30.64337921142578,
  "summary_bg_median": 22.434999465942383,
  "summary_bg_n": 100612.0,
  "summary_bg_p05": 17.73499870300293,
  "summary_bg_p95": 68.62999725341797,
  "summary_bg_stdv": 33.530723571777344,
  "summary_fg_k": 2.1356204290761447,
  "summary_fg_mad": 99.73463495051739,
  "summary_fg_mean": 580.1193237304688,
  "summary_fg_median": 562.4199829101562,
  "summary_fg_n": 17822.0,
  "summary_fg_p05": 442.88050384521483,
  "summary_fg_p95": 777.9485107421875,
  "summary_fg_stdv": 111.43128204345703,
  "tsnr": 33.85867551364936
}