{
  "aor": 0.0004026190476190476,
  "aqi": 0.01612556380952381,
  "bids_meta": {
    "AcquisitionMatrixPE": 64,
    "BandwidthPerPixelPhaseEncode": 33.245,
    "BaseResolution": 64,
    "BodyPartExamined": "HEAD",
    "DerivedVendorReportedEchoSpacing": 0.000469996,
    "DwellTime": 3e-06,
    "EchoTime": 0.05,
    "EffectiveEchoSpacing": 0.000469995,
    "FlipAngle": 90,
    "ImageType": [
      "ORIGINAL",
      "PRIMARY",
      "FMRI",
      "NONE",
      "ND",
      "MOSAIC"
    ],
    "InPlanePhaseEncodingDirectionDICOM": "COL",
    "Instructions": "During the main condition, participants were visually presented with already solved sums (arithmetic operations of addition, subtraction, multiplication, and division with simple and double-digit numbers). The control condition stimuli were digit lines with non-mathematical characters instead of arithmetic signs. Participants responded with one of three buttons on the MR-compatible response box, depending on whether the stimulus sum had been solved correctly, incorrectly or just had not been an arithmetic exercise.",
    "MRAcquisitionType": "2D",
    "MagneticFieldStrength": 1.5,
    "Manufacturer": "Siemens",
    "ManufacturersModelName": "Avanto",
    "NumberOfVolumesDiscardedByUser": 3,
    "PartialFourier": 1,
    "PatientPosition": "HFS",
    "PercentPhaseFOV": 100,
    "PhaseEncodingDirection": "j-",
    "PhaseEncodingSteps": 64,
    "PhaseResolution": 1,
    "PixelBandwidth": 2604,
    "ProcedureStepDescription": "head_NEURO",
    "PulseSequenceDetails": "%SiemensSeq%_ep2d_bold",
    "ReceiveCoilName": "HeadMatrix",
    "ReconMatrixPE": 64,
    "RepetitionTime": 2.1,
    "ScanOptions": "FS",
    "ScanningSequence": "EP",
    "SequenceName": "_epfid2d1_64",
    "SequenceVariant": "SK",
    "SliceThickness": 3,
    "SliceTiming": [
      1.055,
      0,
      1.1425,
      0.0875,
      1.23,
      0.1775,
      1.3175,
      0.265,
      1.405,
      0.3525,
      1.495,
      0.44,
      1.5825,
      0.5275,
      1.67,
      0.615,
      1.7575,
      0.7025,
      1.845,
      0.7925,
      1.9325,
      0.88,
      2.02,
      0.9675
    ],
    "SoftwareVersions": "syngo_MR_B19",
    "SpacingBetweenSlices": 3.3,
    "TaskName": "arithm_run-02",
    "TotalReadoutTime": 0.0296097,
    "dataset": "ds002422",
    "modality": "bold",
    "run_id": 2,
    "subject_id": "17",
    "task_id": "arithm"
  },
  "dummy_trs": 0,
  "dvars_nstd": 38.64963847220094,
  "dvars_std": 1.0197968890430624,
  "dvars_vstd": 1.0126217490909095,
  "efc": 0.5840060994092392,
  "fber": 224.4770050048828,
  "fd_mean": 0.06832236069323411,
  "fd_num": 3,
  "fd_perc": 1.4285714285714286,
  "fwhm_avg": 1.7577361639715734,
  "fwhm_x": 1.6461266666666667,
  "fwhm_y": 1.8498665196524842,
  "fwhm_z": 1.777215305595569,
  "gcor": 0.0200797,
  "gsr_x": -0.00932002067565918,
  "gsr_y": 0.0485084243118763,
  "provenance": {
    "md5sum": "44c2af59445b344bbed9e7e877fdc9c2",
    "settings": {
      "fd_thres": 0.2,
      "testing": false
    },
    "software": "mriqc",
    "version": "21.0.0rc2",
    "webapi_port": null,
    "webapi_url": "https://mriqc.nimh.nih.gov/api/v1"
  },
  "size_t": 210,
  "size_x": 64,
  "size_y": 64,
  "size_z": 24,
  "snr": 6.318848785285118,
  "spacing_tr": 2.0999999046325684,
  "spacing_x": 3.0,
  "spacing_y": 3.000000238418579,
  "spacing_z": 3.299999713897705,
  "summary_bg_k": 125.75576400515956,
  "summary_bg_mad": 2.9793266665476743,
  "summary_bg_mean": 46.915252685546875,
  "summary_bg_median": 36.51905059814453,
  "summary_bg_n": 56541.0,
  "summary_bg_p05": 33.21904754638672,
  "summary_bg_p95": 93.36190795898438,
  "summary_bg_stdv": 41.52880859375,
  "summary_fg_k": 2.165399062866137,
  "summary_fg_mad": 78.7861822906291,
  "summary_fg_mean": 558.7005004882812,
  "summary_fg_median": 548.8309936523438,
  "summary_fg_n": 18682.0,
  "summary_fg_p05": 447.0116943359375,
  "summary_fg_p95": 716.9321594238281,
  "summary_fg_stdv": 86.85384368896484,
  "tsnr": 36.31463341740891
}