{
  "aor": 0.0008301,
  "aqi": 0.0051938283500000005,
  "bids_meta": {
    "AcquisitionMatrixPE": 64,
    "BandwidthPerPixelPhaseEncode": 34.722,
    "BaseResolution": 64,
    "BodyPartExamined": "HEAD",
    "DelayTime": 0.5,
    "DerivedVendorReportedEchoSpacing": 0.000450003,
    "DwellTime": 3e-06,
    "EchoTime": 0.05,
    "EffectiveEchoSpacing": 0.000450003,
    "FlipAngle": 90,
    "ImageType": [
      "ORIGINAL",
      "PRIMARY",
      "FMRI",
      "NONE",
      "ND",
      "MOSAIC"
    ],
    "InPlanePhaseEncodingDirectionDICOM": "COL",
    "Instructions": "Participants were asked to close their eyes, to not fall asleep, and to avoid consistent thinking about one topic during the period of scanning",
    "MRAcquisitionType": "2D",
    "MagneticFieldStrength": 1.5,
    "Manufacturer": "Siemens",
    "ManufacturersModelName": "Avanto",
    "NumberOfVolumesDiscardedByUser": 3,
    "PartialFourier": 1,
    "PatientPosition": "HFS",
    "PercentPhaseFOV": 100,
    "PhaseEncodingDirection": "j-",
    "PhaseEncodingSteps": 64,
    "PhaseResolution": 1,
    "PixelBandwidth": 2604,
    "ProcedureStepDescription": "head_NEURO",
    "PulseSequenceDetails": "%SiemensSeq%_ep2d_bold",
    "ReceiveCoilName": "HeadMatrix",
    "ReconMatrixPE": 64,
    "RepetitionTime": 3.56,
    "ScanOptions": "FS",
    "ScanningSequence": "EP",
    "SequenceName": "_epfid2d1_64",
    "SequenceVariant": "SK",
    "SliceThickness": 3.6,
    "SliceTiming": [
      1.535,
      0,
      1.62,
      0.085,
      1.705,
      0.17,
      1.79,
      0.255,
      1.8775,
      0.34,
      1.9625,
      0.425,
      2.0475,
      0.51,
      2.1325,
      0.5975,
      2.2175,
      0.6825,
      2.3025,
      0.7675,
      2.3875,
      0.8525,
      2.475,
      0.9375,
      2.56,
      1.0225,
      2.645,
      1.1075,
      2.73,
      1.195,
      2.815,
      1.28,
      2.9,
      1.365,
      2.985,
      1.45
    ],
    "SoftwareVersions": "syngo_MR_B19",
    "SpacingBetweenSlices": 3.78,
    "TaskName": "rest",
    "TotalReadoutTime": 0.0283502,
    "dataset": "ds002422",
    "modality": "bold",
    "subject_id": "17",
    "task_id": "rest"
  },
  "dummy_trs": 0,
  "dvars_nstd": 26.208438317487424,
  "dvars_std": 1.1301130309547736,
  "dvars_vstd": 1.0066219724120602,
  "efc": 0.4616122390138852,
  "fber": 825.4271850585938,
  "fd_mean": 0.04519550727312349,
  "fd_num": 4,
  "fd_perc": 2.0,
  "fwhm_avg": 1.711033410304691,
  "fwhm_x": 1.6393654564576883,
  "fwhm_y": 1.7752903170053023,
  "fwhm_z": 1.7184444574510822,
  "gcor": 0.0193924,
  "gsr_x": -0.017296940088272095,
  "gsr_y": 0.026190755888819695,
  "provenance": {
    "md5sum": "b780249c96fd68ee414ff130322e770b",
    "settings": {
      "fd_thres": 0.2,
      "testing": false
    },
    "software": "mriqc",
    "version": "21.0.0rc2",
    "webapi_port": null,
    "webapi_url": "https://mriqc.nimh.nih.gov/api/v1"
  },
  "size_t": 200,
  "size_x": 64,
  "size_y": 64,
  "size_z": 36,
  "snr": 5.145964197596268,
  "spacing_tr": 3.559999942779541,
  "spacing_x": 3.593750238418579,
  "spacing_y": 3.593750238418579,
  "spacing_z": 3.7799999713897705,
  "summary_bg_k": 254.077522181274,
  "summary_bg_mad": 2.372164115176826,
  "summary_bg_mean": 31.50240707397461,
  "summary_bg_median": 21.559999465942383,
  "summary_bg_n": 101762.0,
  "summary_bg_p05": 19.619998931884766,
  "summary_bg_p95": 73.67449569702146,
  "summary_bg_stdv": 41.07068634033203,
  "summary_fg_k": 2.1193642266478045,
  "summary_fg_mad": 112.93720589649261,
  "summary_fg_mean": 637.6387939453125,
  "summary_fg_median": 624.4400024414062,
  "summary_fg_n": 17226.0,
  "summary_fg_p05": 479.90499114990234,
  "summary_fg_p95": 853.3049926757812,
  "summary_fg_stdv": 121.34205627441406,
  "tsnr": 61.3733851716388
}