{
  "bids_meta": {
    "AcquisitionMatrixPE": 246,
    "BaseResolution": 256,
    "CoilString": "T:HE1-4;NE2",
    "DwellTime": 1.5e-05,
    "EchoTime": 0.00291,
    "FlipAngle": 15,
    "ImagingFrequency": 63.6572,
    "InversionTime": 1.1,
    "MagneticFieldStrength": 1.5,
    "Manufacturer": "Siemens",
    "ManufacturersModelName": "Avanto",
    "PartialFourier": 1,
    "PercentPhaseFOV": 100,
    "PhaseEncodingSteps": 307,
    "PhaseOversampling": 0.25,
    "PhaseResolution": 0.96,
    "PixelBandwidth": 130,
    "ProtocolName": "t1_mpr_ns_sag_p2_iso",
    "PulseSequenceDetails": "%SiemensSeq%_tfl",
    "ReceiveCoilName": "NeckMatrix",
    "ReconMatrixPE": 256,
    "RepetitionTime": 1.9,
    "ScanOptions": "IR",
    "ScanningSequence": "GR_IR",
    "SequenceName": "_tfl3d1_ns",
    "SequenceVariant": "SP_MP_OSP",
    "SeriesDescription": "t1_mpr_ns_sag_p2_iso",
    "SliceThickness": 1,
    "SoftwareVersions": "syngo_MR_B19",
    "dataset": "ds002422",
    "modality": "T1w",
    "subject_id": "41"
  },
  "cjv": 0.7170295505697017,
  "cnr": 1.8864029888248124,
  "efc": 0.5787174936146486,
  "fber": 1752.2171630859375,
  "fwhm_avg": 3.60058448,
  "fwhm_x": 3.4527,
  "fwhm_y": 3.71499008,
  "fwhm_z": 3.6340633600000003,
  "icvs_csf": 0.19424351795030798,
  "icvs_gm": 0.43928386020414095,
  "icvs_wm": 0.366472621845551,
  "inu_med": 1.5169072151184082,
  "inu_range": 0.3386629521846771,
  "provenance": {
    "md5sum": "f9f8e71e67a0b73d53692916c6571ca6",
    "settings": {
      "testing": false
    },
    "software": "mriqc",
    "version": "21.0.0rc2",
    "warnings": {
      "large_rot_frame": true,
      "small_air_mask": false
    },
    "webapi_port": null,
    "webapi_url": "https://mriqc.nimh.nih.gov/api/v1"
  },
  "qi_1": 0.0,
  "qi_2": 0.0047413011017585,
  "rpve_csf": 24.207331415517388,
  "rpve_gm": 11.641967373107674,
  "rpve_wm": 16.11177743335487,
  "size_x": 176,
  "size_y": 256,
  "size_z": 256,
  "snr_csf": 2.712178228064197,
  "snr_gm": 12.68818512027862,
  "snr_total": 11.13287463590038,
  "snr_wm": 17.99826055935833,
  "snrd_csf": 25.066922123178784,
  "snrd_gm": 53.626610712774585,
  "snrd_total": 47.61259693195526,
  "snrd_wm": 64.1442579599124,
  "spacing_x": 1.0,
  "spacing_y": 0.9765625,
  "spacing_z": 0.9765625,
  "summary_bg_k": 3.7291910950706653,
  "summary_bg_mad": 10.214099047084549,
  "summary_bg_mean": 17.373863220214844,
  "summary_bg_median": 16.09876823425293,
  "summary_bg_n": 1824514.0,
  "summary_bg_p05": 2.321098244190216,
  "summary_bg_p95": 38.98063240051269,
  "summary_bg_stdv": 11.267157554626465,
  "summary_csf_k": 17.697109616973243,
  "summary_csf_mad": 133.172907312847,
  "summary_csf_mean": 422.27703857421875,
  "summary_csf_median": 390.8133239746094,
  "summary_csf_n": 24177.0,
  "summary_csf_p05": 239.14026794433593,
  "summary_csf_p95": 674.4494995117187,
  "summary_csf_stdv": 144.09275817871094,
  "summary_gm_k": 0.22500192795114904,
  "summary_gm_mad": 63.449836911526305,
  "summary_gm_mean": 838.4890747070312,
  "summary_gm_median": 836.0816650390625,
  "summary_gm_n": 23803.0,
  "summary_gm_p05": 734.6234558105468,
  "summary_gm_p95": 952.2637329101561,
  "summary_gm_stdv": 65.89311981201172,
  "summary_wm_k": 0.40026244291804103,
  "summary_wm_mad": 54.12760445015427,
  "summary_wm_mean": 1003.7455444335938,
  "summary_wm_median": 1000.0601806640625,
  "summary_wm_n": 223550.0,
  "summary_wm_p05": 919.521615600586,
  "summary_wm_p95": 1100.485089111328,
  "summary_wm_stdv": 55.564144134521484,
  "tpm_overlap_csf": 0.19524623453617096,
  "tpm_overlap_gm": 0.4823521375656128,
  "tpm_overlap_wm": 0.5395734310150146,
  "wm2max": 0.5378724128609421
}