{
  "aor": 0.00035266666666666666,
  "aqi": 0.020918785238095237,
  "bids_meta": {
    "AcquisitionMatrixPE": 64,
    "BandwidthPerPixelPhaseEncode": 33.245,
    "BaseResolution": 64,
    "BodyPartExamined": "HEAD",
    "DerivedVendorReportedEchoSpacing": 0.000469996,
    "DwellTime": 3e-06,
    "EchoTime": 0.05,
    "EffectiveEchoSpacing": 0.000469995,
    "FlipAngle": 90,
    "ImageType": [
      "ORIGINAL",
      "PRIMARY",
      "FMRI",
      "NONE",
      "ND",
      "MOSAIC"
    ],
    "InPlanePhaseEncodingDirectionDICOM": "COL",
    "Instructions": "During the main condition, participants were visually presented with already solved sums (arithmetic operations of addition, subtraction, multiplication, and division with simple and double-digit numbers). The control condition stimuli were digit lines with non-mathematical characters instead of arithmetic signs. Participants responded with one of three buttons on the MR-compatible response box, depending on whether the stimulus sum had been solved correctly, incorrectly or just had not been an arithmetic exercise.",
    "MRAcquisitionType": "2D",
    "MagneticFieldStrength": 1.5,
    "Manufacturer": "Siemens",
    "ManufacturersModelName": "Avanto",
    "NumberOfVolumesDiscardedByUser": 3,
    "PartialFourier": 1,
    "PatientPosition": "HFS",
    "PercentPhaseFOV": 100,
    "PhaseEncodingDirection": "j-",
    "PhaseEncodingSteps": 64,
    "PhaseResolution": 1,
    "PixelBandwidth": 2604,
    "ProcedureStepDescription": "head_NEURO",
    "PulseSequenceDetails": "%SiemensSeq%_ep2d_bold",
    "ReceiveCoilName": "HeadMatrix",
    "ReconMatrixPE": 64,
    "RepetitionTime": 2.1,
    "ScanOptions": "FS",
    "ScanningSequence": "EP",
    "SequenceName": "_epfid2d1_64",
    "SequenceVariant": "SK",
    "SliceThickness": 3,
    "SliceTiming": [
      1.0525,
      0,
      1.14,
      0.0875,
      1.23,
      0.175,
      1.3175,
      0.2625,
      1.405,
      0.35,
      1.4925,
      0.4375,
      1.58,
      0.525,
      1.6675,
      0.615,
      1.755,
      0.7025,
      1.8425,
      0.79,
      1.9325,
      0.8775,
      2.02,
      0.965
    ],
    "SoftwareVersions": "syngo_MR_B19",
    "SpacingBetweenSlices": 3.3,
    "TaskName": "arithm_run-01",
    "TotalReadoutTime": 0.0296097,
    "dataset": "ds002422",
    "modality": "bold",
    "run_id": 1,
    "subject_id": "20",
    "task_id": "arithm"
  },
  "dummy_trs": 0,
  "dvars_nstd": 39.4459720590909,
  "dvars_std": 1.011484452344497,
  "dvars_vstd": 1.0056637319138753,
  "efc": 0.6106347760480321,
  "fber": 217.11865234375,
  "fd_mean": 0.07216168829753579,
  "fd_num": 3,
  "fd_perc": 1.4285714285714286,
  "fwhm_avg": 1.616435502026004,
  "fwhm_x": 1.4248733333333332,
  "fwhm_y": 1.7814633333333332,
  "fwhm_z": 1.642969839411346,
  "gcor": 0.00277758,
  "gsr_x": -0.017069894820451736,
  "gsr_y": 0.05552497133612633,
  "provenance": {
    "md5sum": "ffa0607e03d5aab3355e94ab01bc9369",
    "settings": {
      "fd_thres": 0.2,
      "testing": false
    },
    "software": "mriqc",
    "version": "21.0.0rc2",
    "webapi_port": null,
    "webapi_url": "https://mriqc.nimh.nih.gov/api/v1"
  },
  "size_t": 210,
  "size_x": 64,
  "size_y": 64,
  "size_z": 24,
  "snr": 6.687117768925195,
  "spacing_tr": 2.0999999046325684,
  "spacing_x": 3.0,
  "spacing_y": 3.0,
  "spacing_z": 3.299999713897705,
  "summary_bg_k": 20.398047445298793,
  "summary_bg_mad": 3.2546620692405006,
  "summary_bg_mean": 45.465091705322266,
  "summary_bg_median": 36.233333587646484,
  "summary_bg_n": 53636.0,
  "summary_bg_p05": 33.004764556884766,
  "summary_bg_p95": 90.48809814453125,
  "summary_bg_stdv": 22.551746368408203,
  "summary_fg_k": 0.6005511651388389,
  "summary_fg_mad": 82.19967843848482,
  "summary_fg_mean": 541.7520751953125,
  "summary_fg_median": 533.5380859375,
  "summary_fg_n": 21891.0,
  "summary_fg_p05": 435.7524108886719,
  "summary_fg_p95": 686.5452880859375,
  "summary_fg_stdv": 79.78413391113281,
  "tsnr": 34.48962532111909
}