{
  "aor": 0.00036447619047619046,
  "aqi": 0.017783095714285716,
  "bids_meta": {
    "AcquisitionMatrixPE": 64,
    "BandwidthPerPixelPhaseEncode": 33.245,
    "BaseResolution": 64,
    "BodyPartExamined": "HEAD",
    "DerivedVendorReportedEchoSpacing": 0.000469996,
    "DwellTime": 3e-06,
    "EchoTime": 0.05,
    "EffectiveEchoSpacing": 0.000469995,
    "FlipAngle": 90,
    "ImageType": [
      "ORIGINAL",
      "PRIMARY",
      "FMRI",
      "NONE",
      "ND",
      "MOSAIC"
    ],
    "InPlanePhaseEncodingDirectionDICOM": "COL",
    "Instructions": "During the main condition, participants were visually presented with already solved sums (arithmetic operations of addition, subtraction, multiplication, and division with simple and double-digit numbers). The control condition stimuli were digit lines with non-mathematical characters instead of arithmetic signs. Participants responded with one of three buttons on the MR-compatible response box, depending on whether the stimulus sum had been solved correctly, incorrectly or just had not been an arithmetic exercise.",
    "MRAcquisitionType": "2D",
    "MagneticFieldStrength": 1.5,
    "Manufacturer": "Siemens",
    "ManufacturersModelName": "Avanto",
    "NumberOfVolumesDiscardedByUser": 3,
    "PartialFourier": 1,
    "PatientPosition": "HFS",
    "PercentPhaseFOV": 100,
    "PhaseEncodingDirection": "j-",
    "PhaseEncodingSteps": 64,
    "PhaseResolution": 1,
    "PixelBandwidth": 2604,
    "ProcedureStepDescription": "head_NEURO",
    "PulseSequenceDetails": "%SiemensSeq%_ep2d_bold",
    "ReceiveCoilName": "HeadMatrix",
    "ReconMatrixPE": 64,
    "RepetitionTime": 2.1,
    "ScanOptions": "FS",
    "ScanningSequence": "EP",
    "SequenceName": "_epfid2d1_64",
    "SequenceVariant": "SK",
    "SliceThickness": 3,
    "SliceTiming": [
      1.0525,
      0,
      1.14,
      0.0875,
      1.23,
      0.175,
      1.3175,
      0.2625,
      1.405,
      0.35,
      1.4925,
      0.4375,
      1.58,
      0.525,
      1.6675,
      0.615,
      1.755,
      0.7025,
      1.8425,
      0.79,
      1.9325,
      0.8775,
      2.02,
      0.965
    ],
    "SoftwareVersions": "syngo_MR_B19",
    "SpacingBetweenSlices": 3.3,
    "TaskName": "arithm_run-02",
    "TotalReadoutTime": 0.0296097,
    "dataset": "ds002422",
    "modality": "bold",
    "run_id": 2,
    "subject_id": "20",
    "task_id": "arithm"
  },
  "dummy_trs": 0,
  "dvars_nstd": 38.92526911277514,
  "dvars_std": 1.0139303521531093,
  "dvars_vstd": 1.010505083349283,
  "efc": 0.6125260109364065,
  "fber": 220.952392578125,
  "fd_mean": 0.07252680959793123,
  "fd_num": 3,
  "fd_perc": 1.4285714285714286,
  "fwhm_avg": 1.6095297443415681,
  "fwhm_x": 1.42671,
  "fwhm_y": 1.76267,
  "fwhm_z": 1.6392092330247041,
  "gcor": 0.00239499,
  "gsr_x": -0.01686420477926731,
  "gsr_y": 0.05609849467873573,
  "provenance": {
    "md5sum": "15bd4830cce737862b575a8267f8dc9c",
    "settings": {
      "fd_thres": 0.2,
      "testing": false
    },
    "software": "mriqc",
    "version": "21.0.0rc2",
    "webapi_port": null,
    "webapi_url": "https://mriqc.nimh.nih.gov/api/v1"
  },
  "size_t": 210,
  "size_x": 64,
  "size_y": 64,
  "size_z": 24,
  "snr": 6.649388980971277,
  "spacing_tr": 2.0999999046325684,
  "spacing_x": 3.0,
  "spacing_y": 3.0,
  "spacing_z": 3.299999713897705,
  "summary_bg_k": 20.710101252534997,
  "summary_bg_mad": 2.52748318952417,
  "summary_bg_mean": 45.674659729003906,
  "summary_bg_median": 35.904762268066406,
  "summary_bg_n": 53379.0,
  "summary_bg_p05": 33.595237731933594,
  "summary_bg_p95": 92.27143096923828,
  "summary_bg_stdv": 23.20156478881836,
  "summary_fg_k": 0.6443812629149974,
  "summary_fg_mad": 83.06811920331627,
  "summary_fg_mean": 541.7506103515625,
  "summary_fg_median": 533.5952758789062,
  "summary_fg_n": 22149.0,
  "summary_fg_p05": 435.70953369140625,
  "summary_fg_p95": 687.1505004882813,
  "summary_fg_stdv": 80.24545288085938,
  "tsnr": 35.60299016186036
}