{
  "aor": 0.0013741499999999998,
  "aqi": 0.015433200099999999,
  "bids_meta": {
    "AcquisitionMatrixPE": 64,
    "BandwidthPerPixelPhaseEncode": 34.722,
    "BaseResolution": 64,
    "BodyPartExamined": "HEAD",
    "DelayTime": 0.5,
    "DerivedVendorReportedEchoSpacing": 0.000450003,
    "DwellTime": 3e-06,
    "EchoTime": 0.05,
    "EffectiveEchoSpacing": 0.000450003,
    "FlipAngle": 90,
    "ImageType": [
      "ORIGINAL",
      "PRIMARY",
      "FMRI",
      "NONE",
      "ND",
      "MOSAIC"
    ],
    "InPlanePhaseEncodingDirectionDICOM": "COL",
    "Instructions": "Participants were asked to close their eyes, to not fall asleep, and to avoid consistent thinking about one topic during the period of scanning",
    "MRAcquisitionType": "2D",
    "MagneticFieldStrength": 1.5,
    "Manufacturer": "Siemens",
    "ManufacturersModelName": "Avanto",
    "NumberOfVolumesDiscardedByUser": 3,
    "PartialFourier": 1,
    "PatientPosition": "HFS",
    "PercentPhaseFOV": 100,
    "PhaseEncodingDirection": "j-",
    "PhaseEncodingSteps": 64,
    "PhaseResolution": 1,
    "PixelBandwidth": 2604,
    "ProcedureStepDescription": "head_NEURO",
    "PulseSequenceDetails": "%SiemensSeq%_ep2d_bold",
    "ReceiveCoilName": "HeadMatrix",
    "ReconMatrixPE": 64,
    "RepetitionTime": 3.56,
    "ScanOptions": "FS",
    "ScanningSequence": "EP",
    "SequenceName": "_epfid2d1_64",
    "SequenceVariant": "SK",
    "SliceThickness": 3.6,
    "SliceTiming": [
      1.5375,
      0,
      1.6225,
      0.085,
      1.7075,
      0.17,
      1.7925,
      0.2575,
      1.8775,
      0.3425,
      1.9625,
      0.4275,
      2.0475,
      0.5125,
      2.135,
      0.5975,
      2.22,
      0.6825,
      2.305,
      0.7675,
      2.39,
      0.8525,
      2.475,
      0.94,
      2.56,
      1.025,
      2.645,
      1.11,
      2.73,
      1.195,
      2.8175,
      1.28,
      2.9025,
      1.365,
      2.9875,
      1.45
    ],
    "SoftwareVersions": "syngo_MR_B19",
    "SpacingBetweenSlices": 3.78,
    "TaskName": "rest",
    "TotalReadoutTime": 0.0283502,
    "dataset": "ds002422",
    "modality": "bold",
    "subject_id": "20",
    "task_id": "rest"
  },
  "dummy_trs": 0,
  "dvars_nstd": 29.15186765085427,
  "dvars_std": 1.0591625019095476,
  "dvars_vstd": 0.9441763890954771,
  "efc": 0.4755200636276527,
  "fber": 742.0823364257812,
  "fd_mean": 0.09082549589283476,
  "fd_num": 4,
  "fd_perc": 2.0,
  "fwhm_avg": 1.5823985590475067,
  "fwhm_x": 1.4946419877981443,
  "fwhm_y": 1.7038525217391305,
  "fwhm_z": 1.5487011676052456,
  "gcor": 0.00369776,
  "gsr_x": -0.02087623067200184,
  "gsr_y": 0.02937685139477253,
  "provenance": {
    "md5sum": "5fc9a404ec26f320d804ea9df42fb605",
    "settings": {
      "fd_thres": 0.2,
      "testing": false
    },
    "software": "mriqc",
    "version": "21.0.0rc2",
    "webapi_port": null,
    "webapi_url": "https://mriqc.nimh.nih.gov/api/v1"
  },
  "size_t": 200,
  "size_x": 64,
  "size_y": 64,
  "size_z": 36,
  "snr": 5.5162906220680075,
  "spacing_tr": 3.559999942779541,
  "spacing_x": 3.593750238418579,
  "spacing_y": 3.59375,
  "spacing_z": 3.7799997329711914,
  "summary_bg_k": 269.59949623145866,
  "summary_bg_mad": 3.113465224429627,
  "summary_bg_mean": 30.706071853637695,
  "summary_bg_median": 21.53499984741211,
  "summary_bg_n": 99548.0,
  "summary_bg_p05": 18.399999618530273,
  "summary_bg_p95": 65.33999633789062,
  "summary_bg_stdv": 41.32412338256836,
  "summary_fg_k": 1.4888004674052908,
  "summary_fg_mad": 107.87415189700488,
  "summary_fg_mean": 602.3822631835938,
  "summary_fg_median": 593.2224731445312,
  "summary_fg_n": 18862.0,
  "summary_fg_p05": 458.8214767456055,
  "summary_fg_p95": 784.0544921875,
  "summary_fg_stdv": 107.5372543334961,
  "tsnr": 42.78652381233405
}