{
  "aor": 0.0004994761904761904,
  "aqi": 0.02174001142857143,
  "bids_meta": {
    "AcquisitionMatrixPE": 64,
    "BandwidthPerPixelPhaseEncode": 33.245,
    "BaseResolution": 64,
    "BodyPartExamined": "HEAD",
    "DerivedVendorReportedEchoSpacing": 0.000469996,
    "DwellTime": 3e-06,
    "EchoTime": 0.05,
    "EffectiveEchoSpacing": 0.000469995,
    "FlipAngle": 90,
    "ImageType": [
      "ORIGINAL",
      "PRIMARY",
      "FMRI",
      "NONE",
      "ND",
      "MOSAIC"
    ],
    "InPlanePhaseEncodingDirectionDICOM": "COL",
    "Instructions": "During the main condition, participants were visually presented with already solved sums (arithmetic operations of addition, subtraction, multiplication, and division with simple and double-digit numbers). The control condition stimuli were digit lines with non-mathematical characters instead of arithmetic signs. Participants responded with one of three buttons on the MR-compatible response box, depending on whether the stimulus sum had been solved correctly, incorrectly or just had not been an arithmetic exercise.",
    "MRAcquisitionType": "2D",
    "MagneticFieldStrength": 1.5,
    "Manufacturer": "Siemens",
    "ManufacturersModelName": "Avanto",
    "NumberOfVolumesDiscardedByUser": 3,
    "PartialFourier": 1,
    "PatientPosition": "HFS",
    "PercentPhaseFOV": 100,
    "PhaseEncodingDirection": "j-",
    "PhaseEncodingSteps": 64,
    "PhaseResolution": 1,
    "PixelBandwidth": 2604,
    "ProcedureStepDescription": "head_NEURO",
    "PulseSequenceDetails": "%SiemensSeq%_ep2d_bold",
    "ReceiveCoilName": "HeadMatrix",
    "ReconMatrixPE": 64,
    "RepetitionTime": 2.1,
    "ScanOptions": "FS",
    "ScanningSequence": "EP",
    "SequenceName": "_epfid2d1_64",
    "SequenceVariant": "SK",
    "SliceThickness": 3,
    "SliceTiming": [
      1.055,
      0,
      1.1425,
      0.09,
      1.23,
      0.1775,
      1.3175,
      0.265,
      1.4075,
      0.3525,
      1.495,
      0.44,
      1.5825,
      0.5275,
      1.67,
      0.615,
      1.7575,
      0.7025,
      1.845,
      0.7925,
      1.9325,
      0.88,
      2.02,
      0.9675
    ],
    "SoftwareVersions": "syngo_MR_B19",
    "SpacingBetweenSlices": 3.3,
    "TaskName": "arithm_run-02",
    "TotalReadoutTime": 0.0296097,
    "dataset": "ds002422",
    "modality": "bold",
    "run_id": 2,
    "subject_id": "42",
    "task_id": "arithm"
  },
  "dummy_trs": 0,
  "dvars_nstd": 42.827214565119625,
  "dvars_std": 1.0343567084688992,
  "dvars_vstd": 1.0167623847368426,
  "efc": 0.6502482930615024,
  "fber": 199.7817840576172,
  "fd_mean": 0.10375407171988547,
  "fd_num": 12,
  "fd_perc": 5.714285714285714,
  "fwhm_avg": 1.6979283401163692,
  "fwhm_x": 1.49929,
  "fwhm_y": 1.844343479908584,
  "fwhm_z": 1.750151540440524,
  "gcor": 0.0211136,
  "gsr_x": 7.441631896654144e-05,
  "gsr_y": 0.028139863163232803,
  "provenance": {
    "md5sum": "3704683b08f58a7267a5e9c5f1cead38",
    "settings": {
      "fd_thres": 0.2,
      "testing": false
    },
    "software": "mriqc",
    "version": "21.0.0rc2",
    "webapi_port": null,
    "webapi_url": "https://mriqc.nimh.nih.gov/api/v1"
  },
  "size_t": 210,
  "size_x": 64,
  "size_y": 64,
  "size_z": 24,
  "snr": 6.905957285763149,
  "spacing_tr": 2.0999999046325684,
  "spacing_x": 3.0,
  "spacing_y": 2.999999761581421,
  "spacing_z": 3.299999952316284,
  "summary_bg_k": 19.74808335514022,
  "summary_bg_mad": 3.1840678885940354,
  "summary_bg_mean": 49.47487258911133,
  "summary_bg_median": 38.70952606201172,
  "summary_bg_n": 47585.0,
  "summary_bg_p05": 35.66666793823242,
  "summary_bg_p95": 103.971435546875,
  "summary_bg_stdv": 29.11090660095215,
  "summary_fg_k": 1.0899898446251877,
  "summary_fg_mad": 81.12659259814372,
  "summary_fg_mean": 549.8451538085938,
  "summary_fg_median": 544.338134765625,
  "summary_fg_n": 26783.0,
  "summary_fg_p05": 442.9528717041016,
  "summary_fg_p95": 685.0562377929688,
  "summary_fg_stdv": 78.82006072998047,
  "tsnr": 32.67931822268292
}