{
  "aor": 0.0011646500000000001,
  "aqi": 0.01223556225,
  "bids_meta": {
    "AcquisitionMatrixPE": 64,
    "BandwidthPerPixelPhaseEncode": 34.722,
    "BaseResolution": 64,
    "BodyPartExamined": "HEAD",
    "DelayTime": 0.5,
    "DerivedVendorReportedEchoSpacing": 0.000450003,
    "DwellTime": 3e-06,
    "EchoTime": 0.05,
    "EffectiveEchoSpacing": 0.000450003,
    "FlipAngle": 90,
    "ImageType": [
      "ORIGINAL",
      "PRIMARY",
      "FMRI",
      "NONE",
      "ND",
      "MOSAIC"
    ],
    "InPlanePhaseEncodingDirectionDICOM": "COL",
    "Instructions": "Participants were asked to close their eyes, to not fall asleep, and to avoid consistent thinking about one topic during the period of scanning",
    "MRAcquisitionType": "2D",
    "MagneticFieldStrength": 1.5,
    "Manufacturer": "Siemens",
    "ManufacturersModelName": "Avanto",
    "NumberOfVolumesDiscardedByUser": 3,
    "PartialFourier": 1,
    "PatientPosition": "HFS",
    "PercentPhaseFOV": 100,
    "PhaseEncodingDirection": "j-",
    "PhaseEncodingSteps": 64,
    "PhaseResolution": 1,
    "PixelBandwidth": 2604,
    "ProcedureStepDescription": "head_NEURO",
    "PulseSequenceDetails": "%SiemensSeq%_ep2d_bold",
    "ReceiveCoilName": "HeadMatrix",
    "ReconMatrixPE": 64,
    "RepetitionTime": 3.56,
    "ScanOptions": "FS",
    "ScanningSequence": "EP",
    "SequenceName": "_epfid2d1_64",
    "SequenceVariant": "SK",
    "SliceThickness": 3.6,
    "SliceTiming": [
      1.535,
      0,
      1.62,
      0.085,
      1.7075,
      0.17,
      1.7925,
      0.255,
      1.8775,
      0.34,
      1.9625,
      0.4275,
      2.0475,
      0.5125,
      2.1325,
      0.5975,
      2.2175,
      0.6825,
      2.305,
      0.7675,
      2.39,
      0.8525,
      2.475,
      0.9375,
      2.56,
      1.0225,
      2.645,
      1.11,
      2.73,
      1.195,
      2.815,
      1.28,
      2.9,
      1.365,
      2.9875,
      1.45
    ],
    "SoftwareVersions": "syngo_MR_B19",
    "SpacingBetweenSlices": 3.78,
    "TaskName": "rest",
    "TotalReadoutTime": 0.0283502,
    "dataset": "ds002422",
    "modality": "bold",
    "subject_id": "42",
    "task_id": "rest"
  },
  "dummy_trs": 0,
  "dvars_nstd": 30.344508674422105,
  "dvars_std": 1.1305616868341717,
  "dvars_vstd": 0.9986824214070357,
  "efc": 0.5104839720824489,
  "fber": 660.803466796875,
  "fd_mean": 0.10072484244963491,
  "fd_num": 10,
  "fd_perc": 5.0,
  "fwhm_avg": 1.5738626040864165,
  "fwhm_x": 1.4657168695652174,
  "fwhm_y": 1.6787227826086957,
  "fwhm_z": 1.577148160085336,
  "gcor": 0.035557,
  "gsr_x": -0.01810622587800026,
  "gsr_y": 0.027677500620484352,
  "provenance": {
    "md5sum": "9df7ce3c66d4f4ce7b899b2271ab8471",
    "settings": {
      "fd_thres": 0.2,
      "testing": false
    },
    "software": "mriqc",
    "version": "21.0.0rc2",
    "webapi_port": null,
    "webapi_url": "https://mriqc.nimh.nih.gov/api/v1"
  },
  "size_t": 200,
  "size_x": 64,
  "size_y": 64,
  "size_z": 36,
  "snr": 5.827408348194252,
  "spacing_tr": 3.559999942779541,
  "spacing_x": 3.59375,
  "spacing_y": 3.59375,
  "spacing_z": 3.7799999713897705,
  "summary_bg_k": 198.42626469326515,
  "summary_bg_mad": 3.4248103329529322,
  "summary_bg_mean": 35.82746124267578,
  "summary_bg_median": 23.21500015258789,
  "summary_bg_n": 94649.0,
  "summary_bg_p05": 19.80500030517578,
  "summary_bg_p95": 93.283995056152,
  "summary_bg_stdv": 50.06475067138672,
  "summary_fg_k": 1.0139578214668683,
  "summary_fg_mad": 106.53610882425507,
  "summary_fg_mean": 606.9840087890625,
  "summary_fg_median": 601.0775146484375,
  "summary_fg_n": 22482.0,
  "summary_fg_p05": 465.8552307128906,
  "summary_fg_p95": 779.7607055664063,
  "summary_fg_stdv": 103.14433288574219,
  "tsnr": 48.26051314920187
}