{
  "aor": 0.0004708571428571428,
  "aqi": 0.02204665,
  "bids_meta": {
    "AcquisitionMatrixPE": 64,
    "BandwidthPerPixelPhaseEncode": 33.245,
    "BaseResolution": 64,
    "BodyPartExamined": "HEAD",
    "DerivedVendorReportedEchoSpacing": 0.000469996,
    "DwellTime": 3e-06,
    "EchoTime": 0.05,
    "EffectiveEchoSpacing": 0.000469995,
    "FlipAngle": 90,
    "ImageType": [
      "ORIGINAL",
      "PRIMARY",
      "FMRI",
      "NONE",
      "ND",
      "MOSAIC"
    ],
    "InPlanePhaseEncodingDirectionDICOM": "COL",
    "Instructions": "During the main condition, participants were visually presented with already solved sums (arithmetic operations of addition, subtraction, multiplication, and division with simple and double-digit numbers). The control condition stimuli were digit lines with non-mathematical characters instead of arithmetic signs. Participants responded with one of three buttons on the MR-compatible response box, depending on whether the stimulus sum had been solved correctly, incorrectly or just had not been an arithmetic exercise.",
    "MRAcquisitionType": "2D",
    "MagneticFieldStrength": 1.5,
    "Manufacturer": "Siemens",
    "ManufacturersModelName": "Avanto",
    "NumberOfVolumesDiscardedByUser": 3,
    "PartialFourier": 1,
    "PatientPosition": "HFS",
    "PercentPhaseFOV": 100,
    "PhaseEncodingDirection": "j-",
    "PhaseEncodingSteps": 64,
    "PhaseResolution": 1,
    "PixelBandwidth": 2604,
    "ProcedureStepDescription": "head_NEURO",
    "PulseSequenceDetails": "%SiemensSeq%_ep2d_bold",
    "ReceiveCoilName": "HeadMatrix",
    "ReconMatrixPE": 64,
    "RepetitionTime": 2.1,
    "ScanOptions": "FS",
    "ScanningSequence": "EP",
    "SequenceName": "_epfid2d1_64",
    "SequenceVariant": "SK",
    "SliceThickness": 3,
    "SliceTiming": [
      1.055,
      0,
      1.1425,
      0.0875,
      1.23,
      0.1775,
      1.3175,
      0.265,
      1.405,
      0.3525,
      1.495,
      0.44,
      1.5825,
      0.5275,
      1.67,
      0.615,
      1.7575,
      0.7025,
      1.845,
      0.7925,
      1.9325,
      0.88,
      2.02,
      0.9675
    ],
    "SoftwareVersions": "syngo_MR_B19",
    "SpacingBetweenSlices": 3.3,
    "TaskName": "arithm_run-02",
    "TotalReadoutTime": 0.0296097,
    "dataset": "ds002422",
    "modality": "bold",
    "run_id": 2,
    "subject_id": "06",
    "task_id": "arithm"
  },
  "dummy_trs": 0,
  "dvars_nstd": 42.868468398995255,
  "dvars_std": 1.0203644832057417,
  "dvars_vstd": 1.0161457257416266,
  "efc": 0.6698105613161124,
  "fber": 168.67898559570312,
  "fd_mean": 0.0944443702626121,
  "fd_num": 10,
  "fd_perc": 4.761904761904762,
  "fwhm_avg": 1.6605396935886618,
  "fwhm_x": 1.4486100000000002,
  "fwhm_y": 1.856996814247514,
  "fwhm_z": 1.6760122665184716,
  "gcor": 0.00986872,
  "gsr_x": -0.009327065199613571,
  "gsr_y": 0.0564485564827919,
  "provenance": {
    "md5sum": "bd6f7efd41d5b70a0256d89c18bab424",
    "settings": {
      "fd_thres": 0.2,
      "testing": false
    },
    "software": "mriqc",
    "version": "21.0.0rc2",
    "webapi_port": null,
    "webapi_url": "https://mriqc.nimh.nih.gov/api/v1"
  },
  "size_t": 210,
  "size_x": 64,
  "size_y": 64,
  "size_z": 24,
  "snr": 6.7238393726062595,
  "spacing_tr": 2.0999999046325684,
  "spacing_x": 3.0,
  "spacing_y": 2.999999761581421,
  "spacing_z": 3.299999713897705,
  "summary_bg_k": 9.574831361679102,
  "summary_bg_mad": 6.438729957834536,
  "summary_bg_mean": 54.507381439208984,
  "summary_bg_median": 40.67619323730469,
  "summary_bg_n": 46271.0,
  "summary_bg_p05": 35.43333435058594,
  "summary_bg_p95": 117.04286193847656,
  "summary_bg_stdv": 29.39902687072754,
  "summary_fg_k": 1.9593312480523686,
  "summary_fg_mad": 73.49821326342557,
  "summary_fg_mean": 534.6978149414062,
  "summary_fg_median": 527.9857177734375,
  "summary_fg_n": 27768.0,
  "summary_fg_p05": 427.5333557128906,
  "summary_fg_p95": 667.802667236328,
  "summary_fg_stdv": 78.52302551269531,
  "tsnr": 32.47878703707829
}