{
  "aor": 0.00153485,
  "aqi": 0.01295121975,
  "bids_meta": {
    "AcquisitionMatrixPE": 64,
    "BandwidthPerPixelPhaseEncode": 34.722,
    "BaseResolution": 64,
    "BodyPartExamined": "HEAD",
    "DelayTime": 0.5,
    "DerivedVendorReportedEchoSpacing": 0.000450003,
    "DwellTime": 3e-06,
    "EchoTime": 0.05,
    "EffectiveEchoSpacing": 0.000450003,
    "FlipAngle": 90,
    "ImageType": [
      "ORIGINAL",
      "PRIMARY",
      "FMRI",
      "NONE",
      "ND",
      "MOSAIC"
    ],
    "InPlanePhaseEncodingDirectionDICOM": "COL",
    "Instructions": "Participants were asked to close their eyes, to not fall asleep, and to avoid consistent thinking about one topic during the period of scanning",
    "MRAcquisitionType": "2D",
    "MagneticFieldStrength": 1.5,
    "Manufacturer": "Siemens",
    "ManufacturersModelName": "Avanto",
    "NumberOfVolumesDiscardedByUser": 3,
    "PartialFourier": 1,
    "PatientPosition": "HFS",
    "PercentPhaseFOV": 100,
    "PhaseEncodingDirection": "j-",
    "PhaseEncodingSteps": 64,
    "PhaseResolution": 1,
    "PixelBandwidth": 2604,
    "ProcedureStepDescription": "head_NEURO",
    "PulseSequenceDetails": "%SiemensSeq%_ep2d_bold",
    "ReceiveCoilName": "HeadMatrix",
    "ReconMatrixPE": 64,
    "RepetitionTime": 3.56,
    "ScanOptions": "FS",
    "ScanningSequence": "EP",
    "SequenceName": "_epfid2d1_64",
    "SequenceVariant": "SK",
    "SliceThickness": 3.6,
    "SliceTiming": [
      1.5375,
      0,
      1.6225,
      0.0875,
      1.7075,
      0.1725,
      1.7925,
      0.2575,
      1.8775,
      0.3425,
      1.965,
      0.4275,
      2.05,
      0.5125,
      2.135,
      0.5975,
      2.22,
      0.6825,
      2.305,
      0.77,
      2.39,
      0.855,
      2.475,
      0.94,
      2.56,
      1.025,
      2.6475,
      1.11,
      2.7325,
      1.195,
      2.8175,
      1.28,
      2.9025,
      1.3675,
      2.9875,
      1.4525
    ],
    "SoftwareVersions": "syngo_MR_B19",
    "SpacingBetweenSlices": 3.78,
    "TaskName": "rest",
    "TotalReadoutTime": 0.0283502,
    "dataset": "ds002422",
    "modality": "bold",
    "subject_id": "06",
    "task_id": "rest"
  },
  "dummy_trs": 0,
  "dvars_nstd": 26.887205028090438,
  "dvars_std": 1.029817397286432,
  "dvars_vstd": 0.9973685606532663,
  "efc": 0.4976965537251615,
  "fber": 645.1016845703125,
  "fd_mean": 0.08138972792811387,
  "fd_num": 5,
  "fd_perc": 2.5,
  "fwhm_avg": 1.5741141146824438,
  "fwhm_x": 1.4928445217391304,
  "fwhm_y": 1.763553274305707,
  "fwhm_z": 1.4659445480024937,
  "gcor": 0.0082745,
  "gsr_x": -0.006388923618942499,
  "gsr_y": 0.04109448194503784,
  "provenance": {
    "md5sum": "54f39c94c9ebc2916d128343820a388d",
    "settings": {
      "fd_thres": 0.2,
      "testing": false
    },
    "software": "mriqc",
    "version": "21.0.0rc2",
    "webapi_port": null,
    "webapi_url": "https://mriqc.nimh.nih.gov/api/v1"
  },
  "size_t": 200,
  "size_x": 64,
  "size_y": 64,
  "size_z": 36,
  "snr": 5.7513351014981655,
  "spacing_tr": 3.559999942779541,
  "spacing_x": 3.59375,
  "spacing_y": 3.593750238418579,
  "spacing_z": 3.7799997329711914,
  "summary_bg_k": 296.8777243091537,
  "summary_bg_mad": 2.520424902595249,
  "summary_bg_mean": 32.48569107055664,
  "summary_bg_median": 22.639999389648438,
  "summary_bg_n": 97725.0,
  "summary_bg_p05": 20.119998931884766,
  "summary_bg_p95": 75.20899963378908,
  "summary_bg_stdv": 39.571502685546875,
  "summary_fg_k": 2.4786080965698565,
  "summary_fg_mad": 93.31127712719632,
  "summary_fg_mean": 591.3236694335938,
  "summary_fg_median": 582.7374877929688,
  "summary_fg_n": 21052.0,
  "summary_fg_p05": 458.0262420654297,
  "summary_fg_p95": 757.7417419433593,
  "summary_fg_stdv": 101.31971740722656,
  "tsnr": 50.801675843889825
}