{
  "aor": 0.0004216190476190477,
  "aqi": 0.02589635095238095,
  "bids_meta": {
    "AcquisitionMatrixPE": 64,
    "BandwidthPerPixelPhaseEncode": 33.245,
    "BaseResolution": 64,
    "BodyPartExamined": "HEAD",
    "DerivedVendorReportedEchoSpacing": 0.000469996,
    "DwellTime": 3e-06,
    "EchoTime": 0.05,
    "EffectiveEchoSpacing": 0.000469995,
    "FlipAngle": 90,
    "ImageType": [
      "ORIGINAL",
      "PRIMARY",
      "FMRI",
      "NONE",
      "ND",
      "MOSAIC"
    ],
    "InPlanePhaseEncodingDirectionDICOM": "COL",
    "Instructions": "During the main condition, participants were visually presented with already solved sums (arithmetic operations of addition, subtraction, multiplication, and division with simple and double-digit numbers). The control condition stimuli were digit lines with non-mathematical characters instead of arithmetic signs. Participants responded with one of three buttons on the MR-compatible response box, depending on whether the stimulus sum had been solved correctly, incorrectly or just had not been an arithmetic exercise.",
    "MRAcquisitionType": "2D",
    "MagneticFieldStrength": 1.5,
    "Manufacturer": "Siemens",
    "ManufacturersModelName": "Avanto",
    "NumberOfVolumesDiscardedByUser": 3,
    "PartialFourier": 1,
    "PatientPosition": "HFS",
    "PercentPhaseFOV": 100,
    "PhaseEncodingDirection": "j-",
    "PhaseEncodingSteps": 64,
    "PhaseResolution": 1,
    "PixelBandwidth": 2604,
    "ProcedureStepDescription": "head_NEURO",
    "PulseSequenceDetails": "%SiemensSeq%_ep2d_bold",
    "ReceiveCoilName": "HeadMatrix",
    "ReconMatrixPE": 64,
    "RepetitionTime": 2.1,
    "ScanOptions": "FS",
    "ScanningSequence": "EP",
    "SequenceName": "_epfid2d1_64",
    "SequenceVariant": "SK",
    "SliceThickness": 3,
    "SliceTiming": [
      1.0525,
      0,
      1.1425,
      0.0875,
      1.23,
      0.175,
      1.3175,
      0.2625,
      1.405,
      0.35,
      1.4925,
      0.44,
      1.58,
      0.5275,
      1.6675,
      0.615,
      1.7575,
      0.7025,
      1.845,
      0.79,
      1.9325,
      0.8775,
      2.02,
      0.965
    ],
    "SoftwareVersions": "syngo_MR_B19",
    "SpacingBetweenSlices": 3.3,
    "TaskName": "arithm_run-01",
    "TotalReadoutTime": 0.0296097,
    "dataset": "ds002422",
    "modality": "bold",
    "run_id": 1,
    "subject_id": "42",
    "task_id": "arithm"
  },
  "dummy_trs": 0,
  "dvars_nstd": 42.700633710622,
  "dvars_std": 1.0154475457416265,
  "dvars_vstd": 1.000281208086124,
  "efc": 0.6477383647355573,
  "fber": 201.63232421875,
  "fd_mean": 0.10442101505427477,
  "fd_num": 12,
  "fd_perc": 5.714285714285714,
  "fwhm_avg": 1.7132645023812387,
  "fwhm_x": 1.5202799999999999,
  "fwhm_y": 1.8687134818453377,
  "fwhm_z": 1.750800025298379,
  "gcor": 0.0148704,
  "gsr_x": 0.00034020637394860387,
  "gsr_y": 0.02832370065152645,
  "provenance": {
    "md5sum": "d006da74572aa5a86a40c041effe76cf",
    "settings": {
      "fd_thres": 0.2,
      "testing": false
    },
    "software": "mriqc",
    "version": "21.0.0rc2",
    "webapi_port": null,
    "webapi_url": "https://mriqc.nimh.nih.gov/api/v1"
  },
  "size_t": 210,
  "size_x": 64,
  "size_y": 64,
  "size_z": 24,
  "snr": 6.883513436623743,
  "spacing_tr": 2.0999999046325684,
  "spacing_x": 3.0,
  "spacing_y": 2.999999761581421,
  "spacing_z": 3.299999952316284,
  "summary_bg_k": 19.67611003251934,
  "summary_bg_mad": 3.43469363135701,
  "summary_bg_mean": 49.160430908203125,
  "summary_bg_median": 38.66904830932617,
  "summary_bg_n": 47896.0,
  "summary_bg_p05": 35.361907958984375,
  "summary_bg_p95": 102.55119323730469,
  "summary_bg_stdv": 28.46040153503418,
  "summary_fg_k": 1.0428158259950244,
  "summary_fg_mad": 81.53253458741473,
  "summary_fg_mean": 551.08203125,
  "summary_fg_median": 545.1024169921875,
  "summary_fg_n": 26570.0,
  "summary_fg_p05": 443.501203918457,
  "summary_fg_p95": 686.2969268798827,
  "summary_fg_stdv": 79.18807220458984,
  "tsnr": 31.454356545873452
}