{
  "bids_meta": {
    "AcquisitionMatrixPE": 246,
    "BaseResolution": 256,
    "CoilString": "T:HE1-4;NE2",
    "DwellTime": 1.5e-05,
    "EchoTime": 0.00291,
    "FlipAngle": 15,
    "ImagingFrequency": 63.6572,
    "InversionTime": 1.1,
    "MagneticFieldStrength": 1.5,
    "Manufacturer": "Siemens",
    "ManufacturersModelName": "Avanto",
    "PartialFourier": 1,
    "PercentPhaseFOV": 100,
    "PhaseEncodingSteps": 307,
    "PhaseOversampling": 0.25,
    "PhaseResolution": 0.96,
    "PixelBandwidth": 130,
    "ProtocolName": "t1_mpr_ns_sag_p2_iso",
    "PulseSequenceDetails": "%SiemensSeq%_tfl",
    "ReceiveCoilName": "NeckMatrix",
    "ReconMatrixPE": 256,
    "RepetitionTime": 1.9,
    "ScanOptions": "IR",
    "ScanningSequence": "GR_IR",
    "SequenceName": "_tfl3d1_ns",
    "SequenceVariant": "SP_MP_OSP",
    "SeriesDescription": "t1_mpr_ns_sag_p2_iso",
    "SliceThickness": 1,
    "SoftwareVersions": "syngo_MR_B19",
    "dataset": "ds002422",
    "modality": "T1w",
    "subject_id": "14"
  },
  "cjv": 0.8243387614078229,
  "cnr": 1.764101557518354,
  "efc": 0.6068173712044835,
  "fber": 1303.8009033203125,
  "fwhm_avg": 3.5036585414145875,
  "fwhm_x": 3.4255,
  "fwhm_y": 3.534950184243763,
  "fwhm_z": 3.55052544,
  "icvs_csf": 0.18047175315915254,
  "icvs_gm": 0.4441790603624016,
  "icvs_wm": 0.37534918647844584,
  "inu_med": 1.5376836061477661,
  "inu_range": 0.3972319126129149,
  "provenance": {
    "md5sum": "b92dd9f71ec34d6b229c36327b29a421",
    "settings": {
      "testing": false
    },
    "software": "mriqc",
    "version": "21.0.0rc2",
    "warnings": {
      "large_rot_frame": true,
      "small_air_mask": false
    },
    "webapi_port": null,
    "webapi_url": "https://mriqc.nimh.nih.gov/api/v1"
  },
  "qi_1": 0.0,
  "qi_2": 0.0027861986532537247,
  "rpve_csf": 25.46440877795945,
  "rpve_gm": 11.439896378799771,
  "rpve_wm": 15.459944562847918,
  "size_x": 176,
  "size_y": 256,
  "size_z": 256,
  "snr_csf": 2.9590330766101705,
  "snr_gm": 12.437952030136184,
  "snr_total": 10.069393160889677,
  "snr_wm": 14.811194375922675,
  "snrd_csf": 24.473106198356376,
  "snrd_gm": 50.338893735083296,
  "snrd_total": 45.134241938996446,
  "snrd_wm": 60.59072588354967,
  "spacing_x": 1.0,
  "spacing_y": 0.9765625596046448,
  "spacing_z": 0.9765625,
  "summary_bg_k": 9.209508223241627,
  "summary_bg_mad": 10.813169736257038,
  "summary_bg_mean": 19.686233520507812,
  "summary_bg_median": 16.95233917236328,
  "summary_bg_n": 2396147.0,
  "summary_bg_p05": 2.4375854969024657,
  "summary_bg_p95": 44.690307998657126,
  "summary_bg_stdv": 13.3843994140625,
  "summary_csf_k": 3.8346988992637483,
  "summary_csf_mad": 130.5988496098135,
  "summary_csf_mean": 427.9830017089844,
  "summary_csf_median": 403.9339904785156,
  "summary_csf_n": 17251.0,
  "summary_csf_p05": 242.8852996826172,
  "summary_csf_p95": 671.93603515625,
  "summary_csf_stdv": 136.50482177734375,
  "summary_gm_k": -0.2584165982230533,
  "summary_gm_mad": 69.33884621798485,
  "summary_gm_mean": 831.6613159179688,
  "summary_gm_median": 830.8544921875,
  "summary_gm_n": 24162.0,
  "summary_gm_p05": 723.3259002685547,
  "summary_gm_p95": 942.9280181884766,
  "summary_gm_stdv": 66.7985610961914,
  "summary_wm_k": -0.1391270406340568,
  "summary_wm_mad": 70.1464771261979,
  "summary_wm_mean": 1002.7869262695312,
  "summary_wm_median": 1000.063232421875,
  "summary_wm_n": 230234.0,
  "summary_wm_p05": 897.3139526367188,
  "summary_wm_p95": 1117.6070251464844,
  "summary_wm_stdv": 67.52062225341797,
  "tpm_overlap_csf": 0.18072794377803802,
  "tpm_overlap_gm": 0.4722088575363159,
  "tpm_overlap_wm": 0.5199839472770691,
  "wm2max": 0.4676881515382622
}