{
  "aor": 0.00037114285714285705,
  "aqi": 0.019499218095238097,
  "bids_meta": {
    "AcquisitionMatrixPE": 64,
    "BandwidthPerPixelPhaseEncode": 33.245,
    "BaseResolution": 64,
    "BodyPartExamined": "HEAD",
    "DerivedVendorReportedEchoSpacing": 0.000469996,
    "DwellTime": 3e-06,
    "EchoTime": 0.05,
    "EffectiveEchoSpacing": 0.000469995,
    "FlipAngle": 90,
    "ImageType": [
      "ORIGINAL",
      "PRIMARY",
      "FMRI",
      "NONE",
      "ND",
      "MOSAIC"
    ],
    "InPlanePhaseEncodingDirectionDICOM": "COL",
    "Instructions": "During the main condition, participants were visually presented with already solved sums (arithmetic operations of addition, subtraction, multiplication, and division with simple and double-digit numbers). The control condition stimuli were digit lines with non-mathematical characters instead of arithmetic signs. Participants responded with one of three buttons on the MR-compatible response box, depending on whether the stimulus sum had been solved correctly, incorrectly or just had not been an arithmetic exercise.",
    "MRAcquisitionType": "2D",
    "MagneticFieldStrength": 1.5,
    "Manufacturer": "Siemens",
    "ManufacturersModelName": "Avanto",
    "NumberOfVolumesDiscardedByUser": 3,
    "PartialFourier": 1,
    "PatientPosition": "HFS",
    "PercentPhaseFOV": 100,
    "PhaseEncodingDirection": "j-",
    "PhaseEncodingSteps": 64,
    "PhaseResolution": 1,
    "PixelBandwidth": 2604,
    "ProcedureStepDescription": "head_NEURO",
    "PulseSequenceDetails": "%SiemensSeq%_ep2d_bold",
    "ReceiveCoilName": "HeadMatrix",
    "ReconMatrixPE": 64,
    "RepetitionTime": 2.1,
    "ScanOptions": "FS",
    "ScanningSequence": "EP",
    "SequenceName": "_epfid2d1_64",
    "SequenceVariant": "SK",
    "SliceThickness": 3,
    "SliceTiming": [
      1.055,
      0,
      1.1425,
      0.0875,
      1.23,
      0.175,
      1.3175,
      0.2625,
      1.405,
      0.3525,
      1.4925,
      0.44,
      1.58,
      0.5275,
      1.67,
      0.615,
      1.7575,
      0.7025,
      1.845,
      0.79,
      1.9325,
      0.8775,
      2.02,
      0.965
    ],
    "SoftwareVersions": "syngo_MR_B19",
    "SpacingBetweenSlices": 3.3,
    "TaskName": "arithm_run-01",
    "TotalReadoutTime": 0.0296097,
    "dataset": "ds002422",
    "modality": "bold",
    "run_id": 1,
    "subject_id": "28",
    "task_id": "arithm"
  },
  "dummy_trs": 0,
  "dvars_nstd": 46.10416939856461,
  "dvars_std": 1.0626773373684204,
  "dvars_vstd": 1.011822591722488,
  "efc": 0.6272398603637914,
  "fber": 201.04510498046875,
  "fd_mean": 0.09384262051824604,
  "fd_num": 3,
  "fd_perc": 1.4285714285714286,
  "fwhm_avg": 1.6026163715291062,
  "fwhm_x": 1.4735866666666666,
  "fwhm_y": 1.6955866666666666,
  "fwhm_z": 1.638675781253985,
  "gcor": 0.00699664,
  "gsr_x": 0.0020735112484544516,
  "gsr_y": 0.02204929292201996,
  "provenance": {
    "md5sum": "1bd078f3f8d06a4745f41ab9ff4a42e4",
    "settings": {
      "fd_thres": 0.2,
      "testing": false
    },
    "software": "mriqc",
    "version": "21.0.0rc2",
    "webapi_port": null,
    "webapi_url": "https://mriqc.nimh.nih.gov/api/v1"
  },
  "size_t": 210,
  "size_x": 64,
  "size_y": 64,
  "size_z": 24,
  "snr": 6.3024368173309036,
  "spacing_tr": 2.0999999046325684,
  "spacing_x": 3.0,
  "spacing_y": 3.0,
  "spacing_z": 3.299999952316284,
  "summary_bg_k": 40.26360700637365,
  "summary_bg_mad": 2.8169408217534664,
  "summary_bg_mean": 43.3651237487793,
  "summary_bg_median": 36.52857208251953,
  "summary_bg_n": 50064.0,
  "summary_bg_p05": 33.96190643310547,
  "summary_bg_p95": 74.20952606201172,
  "summary_bg_stdv": 20.54749870300293,
  "summary_fg_k": 0.9845125250891997,
  "summary_fg_mad": 81.8219695969295,
  "summary_fg_mean": 523.3704223632812,
  "summary_fg_median": 513.0404663085938,
  "summary_fg_n": 24516.0,
  "summary_fg_p05": 417.65240478515625,
  "summary_fg_p95": 664.6869201660156,
  "summary_fg_stdv": 81.40184783935547,
  "tsnr": 33.04147760150954
}