{
  "aor": 0.00048150000000000005,
  "aqi": 0.00822087135,
  "bids_meta": {
    "AcquisitionMatrixPE": 64,
    "BandwidthPerPixelPhaseEncode": 34.722,
    "BaseResolution": 64,
    "BodyPartExamined": "HEAD",
    "DelayTime": 0.5,
    "DerivedVendorReportedEchoSpacing": 0.000450003,
    "DwellTime": 3e-06,
    "EchoTime": 0.05,
    "EffectiveEchoSpacing": 0.000450003,
    "FlipAngle": 90,
    "ImageType": [
      "ORIGINAL",
      "PRIMARY",
      "FMRI",
      "NONE",
      "ND",
      "MOSAIC"
    ],
    "InPlanePhaseEncodingDirectionDICOM": "COL",
    "Instructions": "Participants were asked to close their eyes, to not fall asleep, and to avoid consistent thinking about one topic during the period of scanning",
    "MRAcquisitionType": "2D",
    "MagneticFieldStrength": 1.5,
    "Manufacturer": "Siemens",
    "ManufacturersModelName": "Avanto",
    "NumberOfVolumesDiscardedByUser": 3,
    "PartialFourier": 1,
    "PatientPosition": "HFS",
    "PercentPhaseFOV": 100,
    "PhaseEncodingDirection": "j-",
    "PhaseEncodingSteps": 64,
    "PhaseResolution": 1,
    "PixelBandwidth": 2604,
    "ProcedureStepDescription": "head_NEURO",
    "PulseSequenceDetails": "%SiemensSeq%_ep2d_bold",
    "ReceiveCoilName": "HeadMatrix",
    "ReconMatrixPE": 64,
    "RepetitionTime": 3.56,
    "ScanOptions": "FS",
    "ScanningSequence": "EP",
    "SequenceName": "_epfid2d1_64",
    "SequenceVariant": "SK",
    "SliceThickness": 3.6,
    "SliceTiming": [
      1.5375,
      0,
      1.6225,
      0.0875,
      1.7075,
      0.1725,
      1.7925,
      0.2575,
      1.8775,
      0.3425,
      1.965,
      0.4275,
      2.05,
      0.5125,
      2.135,
      0.5975,
      2.22,
      0.6825,
      2.305,
      0.77,
      2.39,
      0.855,
      2.475,
      0.94,
      2.5625,
      1.025,
      2.6475,
      1.11,
      2.7325,
      1.195,
      2.8175,
      1.28,
      2.9025,
      1.3675,
      2.9875,
      1.4525
    ],
    "SoftwareVersions": "syngo_MR_B19",
    "SpacingBetweenSlices": 3.78,
    "TaskName": "rest",
    "TotalReadoutTime": 0.0283502,
    "dataset": "ds002422",
    "modality": "bold",
    "subject_id": "28",
    "task_id": "rest"
  },
  "dummy_trs": 0,
  "dvars_nstd": 41.37221969879398,
  "dvars_std": 1.3244139083417092,
  "dvars_vstd": 0.9940573158793965,
  "efc": 0.4946415996326105,
  "fber": 492.16424560546875,
  "fd_mean": 0.05672051493596977,
  "fd_num": 0,
  "fd_perc": 0.0,
  "fwhm_avg": 1.5346633691691196,
  "fwhm_x": 1.4949343600473395,
  "fwhm_y": 1.5830372173913045,
  "fwhm_z": 1.5260185300687144,
  "gcor": 0.00713548,
  "gsr_x": -0.01512466836720705,
  "gsr_y": 0.02477102540433407,
  "provenance": {
    "md5sum": "824043ed1207461da3930794e1e2ce5b",
    "settings": {
      "fd_thres": 0.2,
      "testing": false
    },
    "software": "mriqc",
    "version": "21.0.0rc2",
    "webapi_port": null,
    "webapi_url": "https://mriqc.nimh.nih.gov/api/v1"
  },
  "size_t": 200,
  "size_x": 64,
  "size_y": 64,
  "size_z": 36,
  "snr": 5.104672311293926,
  "spacing_tr": 3.559999942779541,
  "spacing_x": 3.593749761581421,
  "spacing_y": 3.59375,
  "spacing_z": 3.7799999713897705,
  "summary_bg_k": 197.87225520756704,
  "summary_bg_mad": 2.3202704359169606,
  "summary_bg_mean": 35.494258880615234,
  "summary_bg_median": 25.125,
  "summary_bg_n": 99249.0,
  "summary_bg_p05": 23.064998626708984,
  "summary_bg_p95": 78.02299957275386,
  "summary_bg_stdv": 44.06155014038086,
  "summary_fg_k": 1.0321384235515518,
  "summary_fg_mad": 108.48202423604367,
  "summary_fg_mean": 572.7575073242188,
  "summary_fg_median": 558.1950073242188,
  "summary_fg_n": 18917.0,
  "summary_fg_p05": 431.0629821777344,
  "summary_fg_p95": 766.7849731445312,
  "summary_fg_stdv": 109.34693145751953,
  "tsnr": 51.7152866688557
}