{
  "aor": 0.0017512857142857146,
  "aqi": 0.045563364761904764,
  "bids_meta": {
    "AcquisitionMatrixPE": 64,
    "BandwidthPerPixelPhaseEncode": 33.245,
    "BaseResolution": 64,
    "BodyPartExamined": "HEAD",
    "DerivedVendorReportedEchoSpacing": 0.000469996,
    "DwellTime": 3e-06,
    "EchoTime": 0.05,
    "EffectiveEchoSpacing": 0.000469995,
    "FlipAngle": 90,
    "ImageType": [
      "ORIGINAL",
      "PRIMARY",
      "FMRI",
      "NONE",
      "ND",
      "MOSAIC"
    ],
    "InPlanePhaseEncodingDirectionDICOM": "COL",
    "Instructions": "During the main condition, participants were visually presented with already solved sums (arithmetic operations of addition, subtraction, multiplication, and division with simple and double-digit numbers). The control condition stimuli were digit lines with non-mathematical characters instead of arithmetic signs. Participants responded with one of three buttons on the MR-compatible response box, depending on whether the stimulus sum had been solved correctly, incorrectly or just had not been an arithmetic exercise.",
    "MRAcquisitionType": "2D",
    "MagneticFieldStrength": 1.5,
    "Manufacturer": "Siemens",
    "ManufacturersModelName": "Avanto",
    "NumberOfVolumesDiscardedByUser": 3,
    "PartialFourier": 1,
    "PatientPosition": "HFS",
    "PercentPhaseFOV": 100,
    "PhaseEncodingDirection": "j-",
    "PhaseEncodingSteps": 64,
    "PhaseResolution": 1,
    "PixelBandwidth": 2604,
    "ProcedureStepDescription": "head_NEURO",
    "PulseSequenceDetails": "%SiemensSeq%_ep2d_bold",
    "ReceiveCoilName": "HeadMatrix",
    "ReconMatrixPE": 64,
    "RepetitionTime": 2.1,
    "ScanOptions": "FS",
    "ScanningSequence": "EP",
    "SequenceName": "_epfid2d1_64",
    "SequenceVariant": "SK",
    "SliceThickness": 3,
    "SliceTiming": [
      1.0525,
      0,
      1.14,
      0.0875,
      1.23,
      0.175,
      1.3175,
      0.2625,
      1.405,
      0.35,
      1.4925,
      0.4375,
      1.58,
      0.5275,
      1.6675,
      0.615,
      1.755,
      0.7025,
      1.845,
      0.79,
      1.9325,
      0.8775,
      2.02,
      0.965
    ],
    "SoftwareVersions": "syngo_MR_B19",
    "SpacingBetweenSlices": 3.3,
    "TaskName": "arithm_run-02",
    "TotalReadoutTime": 0.0296097,
    "dataset": "ds002422",
    "modality": "bold",
    "run_id": 2,
    "subject_id": "22",
    "task_id": "arithm"
  },
  "dummy_trs": 0,
  "dvars_nstd": 45.991098504449766,
  "dvars_std": 0.9815031940191389,
  "dvars_vstd": 0.99659556569378,
  "efc": 0.6756714861105815,
  "fber": 173.8249053955078,
  "fd_mean": 0.20228323618204275,
  "fd_num": 77,
  "fd_perc": 36.666666666666664,
  "fwhm_avg": 1.7179102489147982,
  "fwhm_x": 1.6091466666666667,
  "fwhm_y": 1.92189,
  "fwhm_z": 1.6226940800777274,
  "gcor": 0.00262495,
  "gsr_x": -0.02701151743531227,
  "gsr_y": 0.06748247891664505,
  "provenance": {
    "md5sum": "f1393a435a6bdc9aba72492038377b70",
    "settings": {
      "fd_thres": 0.2,
      "testing": false
    },
    "software": "mriqc",
    "version": "21.0.0rc2",
    "webapi_port": null,
    "webapi_url": "https://mriqc.nimh.nih.gov/api/v1"
  },
  "size_t": 210,
  "size_x": 64,
  "size_y": 64,
  "size_z": 24,
  "snr": 5.915129538717568,
  "spacing_tr": 2.0999999046325684,
  "spacing_x": 3.0,
  "spacing_y": 3.0,
  "spacing_z": 3.299999713897705,
  "summary_bg_k": 28.63690710113777,
  "summary_bg_mad": 7.1588505506219455,
  "summary_bg_mean": 55.540653228759766,
  "summary_bg_median": 41.42857360839844,
  "summary_bg_n": 44303.0,
  "summary_bg_p05": 35.19047927856445,
  "summary_bg_p95": 121.2142929077149,
  "summary_bg_stdv": 32.560821533203125,
  "summary_fg_k": 0.6042762875674699,
  "summary_fg_mad": 97.18102818140613,
  "summary_fg_mean": 556.9586181640625,
  "summary_fg_median": 550.0142822265625,
  "summary_fg_n": 29235.0,
  "summary_fg_p05": 428.4895263671875,
  "summary_fg_p95": 718.1923950195312,
  "summary_fg_stdv": 92.98272705078125,
  "tsnr": 24.91030646301806
}