{
  "aor": 0.00071605,
  "aqi": 0.0117604818,
  "bids_meta": {
    "AcquisitionMatrixPE": 64,
    "BandwidthPerPixelPhaseEncode": 34.722,
    "BaseResolution": 64,
    "BodyPartExamined": "HEAD",
    "DelayTime": 0.5,
    "DerivedVendorReportedEchoSpacing": 0.000450003,
    "DwellTime": 3e-06,
    "EchoTime": 0.05,
    "EffectiveEchoSpacing": 0.000450003,
    "FlipAngle": 90,
    "ImageType": [
      "ORIGINAL",
      "PRIMARY",
      "FMRI",
      "NONE",
      "ND",
      "MOSAIC"
    ],
    "InPlanePhaseEncodingDirectionDICOM": "COL",
    "Instructions": "Participants were asked to close their eyes, to not fall asleep, and to avoid consistent thinking about one topic during the period of scanning",
    "MRAcquisitionType": "2D",
    "MagneticFieldStrength": 1.5,
    "Manufacturer": "Siemens",
    "ManufacturersModelName": "Avanto",
    "NumberOfVolumesDiscardedByUser": 3,
    "PartialFourier": 1,
    "PatientPosition": "HFS",
    "PercentPhaseFOV": 100,
    "PhaseEncodingDirection": "j-",
    "PhaseEncodingSteps": 64,
    "PhaseResolution": 1,
    "PixelBandwidth": 2604,
    "ProcedureStepDescription": "head_NEURO",
    "PulseSequenceDetails": "%SiemensSeq%_ep2d_bold",
    "ReceiveCoilName": "HeadMatrix",
    "ReconMatrixPE": 64,
    "RepetitionTime": 3.56,
    "ScanOptions": "FS",
    "ScanningSequence": "EP",
    "SequenceName": "_epfid2d1_64",
    "SequenceVariant": "SK",
    "SliceThickness": 3.6,
    "SliceTiming": [
      1.535,
      0,
      1.62,
      0.085,
      1.705,
      0.17,
      1.79,
      0.255,
      1.8775,
      0.34,
      1.9625,
      0.425,
      2.0475,
      0.51,
      2.1325,
      0.595,
      2.2175,
      0.6825,
      2.3025,
      0.7675,
      2.3875,
      0.8525,
      2.4725,
      0.9375,
      2.56,
      1.0225,
      2.645,
      1.1075,
      2.73,
      1.1925,
      2.815,
      1.28,
      2.9,
      1.365,
      2.985,
      1.45
    ],
    "SoftwareVersions": "syngo_MR_B19",
    "SpacingBetweenSlices": 3.78,
    "TaskName": "rest",
    "TotalReadoutTime": 0.0283502,
    "dataset": "ds002422",
    "modality": "bold",
    "subject_id": "22",
    "task_id": "rest"
  },
  "dummy_trs": 0,
  "dvars_nstd": 30.010161950854265,
  "dvars_std": 1.074417518190955,
  "dvars_vstd": 0.9495323911055275,
  "efc": 0.4997043956719409,
  "fber": 674.5042114257812,
  "fd_mean": 0.08215629238046937,
  "fd_num": 0,
  "fd_perc": 0.0,
  "fwhm_avg": 1.631567344696096,
  "fwhm_x": 1.525957666453331,
  "fwhm_y": 1.7362365217391305,
  "fwhm_z": 1.6325078458958264,
  "gcor": 0.00310662,
  "gsr_x": -0.018696263432502747,
  "gsr_y": 0.03772997483611107,
  "provenance": {
    "md5sum": "9282b3deb10dc698bbd9f0dfa73e6f7c",
    "settings": {
      "fd_thres": 0.2,
      "testing": false
    },
    "software": "mriqc",
    "version": "21.0.0rc2",
    "webapi_port": null,
    "webapi_url": "https://mriqc.nimh.nih.gov/api/v1"
  },
  "size_t": 200,
  "size_x": 64,
  "size_y": 64,
  "size_z": 36,
  "snr": 4.870837681103217,
  "spacing_tr": 3.559999942779541,
  "spacing_x": 3.593749761581421,
  "spacing_y": 3.59375,
  "spacing_z": 3.7800002098083496,
  "summary_bg_k": 217.15323900614416,
  "summary_bg_mad": 4.069744334047176,
  "summary_bg_mean": 34.71715545654297,
  "summary_bg_median": 23.114999771118164,
  "summary_bg_n": 95285.0,
  "summary_bg_p05": 18.764999389648438,
  "summary_bg_p95": 81.28899993896486,
  "summary_bg_stdv": 49.08115768432617,
  "summary_fg_k": 0.818672995273142,
  "summary_fg_mad": 127.68911606879497,
  "summary_fg_mean": 616.7611694335938,
  "summary_fg_median": 604.0199584960938,
  "summary_fg_n": 22021.0,
  "summary_fg_p05": 452.91998291015625,
  "summary_fg_p95": 836.0149536132812,
  "summary_fg_stdv": 124.00459289550781,
  "tsnr": 44.17127607681323
}