{
  "aor": 0.000728,
  "aqi": 0.022278068571428573,
  "bids_meta": {
    "AcquisitionMatrixPE": 64,
    "BandwidthPerPixelPhaseEncode": 33.245,
    "BaseResolution": 64,
    "BodyPartExamined": "HEAD",
    "DerivedVendorReportedEchoSpacing": 0.000469996,
    "DwellTime": 3e-06,
    "EchoTime": 0.05,
    "EffectiveEchoSpacing": 0.000469995,
    "FlipAngle": 90,
    "ImageType": [
      "ORIGINAL",
      "PRIMARY",
      "FMRI",
      "NONE",
      "ND",
      "MOSAIC"
    ],
    "InPlanePhaseEncodingDirectionDICOM": "COL",
    "Instructions": "During the main condition, participants were visually presented with already solved sums (arithmetic operations of addition, subtraction, multiplication, and division with simple and double-digit numbers). The control condition stimuli were digit lines with non-mathematical characters instead of arithmetic signs. Participants responded with one of three buttons on the MR-compatible response box, depending on whether the stimulus sum had been solved correctly, incorrectly or just had not been an arithmetic exercise.",
    "MRAcquisitionType": "2D",
    "MagneticFieldStrength": 1.5,
    "Manufacturer": "Siemens",
    "ManufacturersModelName": "Avanto",
    "NumberOfVolumesDiscardedByUser": 3,
    "PartialFourier": 1,
    "PatientPosition": "HFS",
    "PercentPhaseFOV": 100,
    "PhaseEncodingDirection": "j-",
    "PhaseEncodingSteps": 64,
    "PhaseResolution": 1,
    "PixelBandwidth": 2604,
    "ProcedureStepDescription": "head_NEURO",
    "PulseSequenceDetails": "%SiemensSeq%_ep2d_bold",
    "ReceiveCoilName": "HeadMatrix",
    "ReconMatrixPE": 64,
    "RepetitionTime": 2.1,
    "ScanOptions": "FS",
    "ScanningSequence": "EP",
    "SequenceName": "_epfid2d1_64",
    "SequenceVariant": "SK",
    "SliceThickness": 3,
    "SliceTiming": [
      1.0525,
      0,
      1.14,
      0.0875,
      1.23,
      0.175,
      1.3175,
      0.2625,
      1.405,
      0.35,
      1.4925,
      0.4375,
      1.58,
      0.5275,
      1.6675,
      0.615,
      1.755,
      0.7025,
      1.845,
      0.79,
      1.9325,
      0.8775,
      2.02,
      0.965
    ],
    "SoftwareVersions": "syngo_MR_B19",
    "SpacingBetweenSlices": 3.3,
    "TaskName": "arithm_run-01",
    "TotalReadoutTime": 0.0296097,
    "dataset": "ds002422",
    "modality": "bold",
    "run_id": 1,
    "subject_id": "22",
    "task_id": "arithm"
  },
  "dummy_trs": 0,
  "dvars_nstd": 42.9977095024402,
  "dvars_std": 1.0205094844019142,
  "dvars_vstd": 1.0119860783253585,
  "efc": 0.6718162687148321,
  "fber": 183.94378662109375,
  "fd_mean": 0.14396318599517816,
  "fd_num": 33,
  "fd_perc": 15.714285714285714,
  "fwhm_avg": 1.6940657056865438,
  "fwhm_x": 1.5441099999999999,
  "fwhm_y": 1.8383566666666666,
  "fwhm_z": 1.6997304503929644,
  "gcor": 0.00423106,
  "gsr_x": -0.021208597347140312,
  "gsr_y": 0.06736189126968384,
  "provenance": {
    "md5sum": "101600865359a2066b00edeb9bcd57ee",
    "settings": {
      "fd_thres": 0.2,
      "testing": false
    },
    "software": "mriqc",
    "version": "21.0.0rc2",
    "webapi_port": null,
    "webapi_url": "https://mriqc.nimh.nih.gov/api/v1"
  },
  "size_t": 210,
  "size_x": 64,
  "size_y": 64,
  "size_z": 24,
  "snr": 5.9184086903443545,
  "spacing_tr": 2.0999999046325684,
  "spacing_x": 3.0,
  "spacing_y": 3.0,
  "spacing_z": 3.299999713897705,
  "summary_bg_k": 28.720014700531195,
  "summary_bg_mad": 7.335347313595366,
  "summary_bg_mean": 53.52809143066406,
  "summary_bg_median": 40.28095245361328,
  "summary_bg_n": 45104.0,
  "summary_bg_p05": 33.619049072265625,
  "summary_bg_p95": 117.95167083740233,
  "summary_bg_stdv": 31.46044921875,
  "summary_fg_k": 0.6511713226277074,
  "summary_fg_mad": 96.43271403065344,
  "summary_fg_mean": 556.9397583007812,
  "summary_fg_median": 550.376220703125,
  "summary_fg_n": 29523.0,
  "summary_fg_p05": 429.2719299316406,
  "summary_fg_p95": 718.3838378906248,
  "summary_fg_stdv": 92.99237823486328,
  "tsnr": 30.49779373104684
}