{
  "bids_meta": {
    "AcquisitionMatrixPE": 246,
    "BaseResolution": 256,
    "CoilString": "T:HE1-4;NE2",
    "DwellTime": 1.5e-05,
    "EchoTime": 0.00291,
    "FlipAngle": 15,
    "ImagingFrequency": 63.6572,
    "InversionTime": 1.1,
    "MagneticFieldStrength": 1.5,
    "Manufacturer": "Siemens",
    "ManufacturersModelName": "Avanto",
    "PartialFourier": 1,
    "PercentPhaseFOV": 100,
    "PhaseEncodingSteps": 307,
    "PhaseOversampling": 0.25,
    "PhaseResolution": 0.96,
    "PixelBandwidth": 130,
    "ProtocolName": "t1_mpr_ns_sag_p2_iso",
    "PulseSequenceDetails": "%SiemensSeq%_tfl",
    "ReceiveCoilName": "NeckMatrix",
    "ReconMatrixPE": 256,
    "RepetitionTime": 1.9,
    "ScanOptions": "IR",
    "ScanningSequence": "GR_IR",
    "SequenceName": "_tfl3d1_ns",
    "SequenceVariant": "SP_MP_OSP",
    "SeriesDescription": "t1_mpr_ns_sag_p2_iso",
    "SliceThickness": 1,
    "SoftwareVersions": "syngo_MR_B19",
    "dataset": "ds002422",
    "modality": "T1w",
    "subject_id": "43"
  },
  "cjv": 0.5928011433566521,
  "cnr": 2.3339994436840517,
  "efc": 0.5656999315517778,
  "fber": 2042.5045166015625,
  "fwhm_avg": 3.536563006480838,
  "fwhm_x": 3.44302,
  "fwhm_y": 3.5953461394425137,
  "fwhm_z": 3.5713228800000003,
  "icvs_csf": 0.1720211494813308,
  "icvs_gm": 0.4374270158843286,
  "icvs_wm": 0.3905518346343406,
  "inu_med": 1.34820556640625,
  "inu_range": 0.2489165425300599,
  "provenance": {
    "md5sum": "06569929d3616b9c447fe6a123396be5",
    "settings": {
      "testing": false
    },
    "software": "mriqc",
    "version": "21.0.0rc2",
    "warnings": {
      "large_rot_frame": true,
      "small_air_mask": false
    },
    "webapi_port": null,
    "webapi_url": "https://mriqc.nimh.nih.gov/api/v1"
  },
  "qi_1": 0.0,
  "qi_2": 0.005276834228322876,
  "rpve_csf": 25.848284427182712,
  "rpve_gm": 11.379146354413995,
  "rpve_wm": 14.843250808045697,
  "size_x": 176,
  "size_y": 256,
  "size_z": 256,
  "snr_csf": 2.673607068740917,
  "snr_gm": 13.60717508143089,
  "snr_total": 11.97185255119257,
  "snr_wm": 19.63477550340591,
  "snrd_csf": 27.287277326574554,
  "snrd_gm": 57.51416540779919,
  "snrd_total": 51.79076989488951,
  "snrd_wm": 70.57086695029477,
  "spacing_x": 1.0,
  "spacing_y": 0.9765624403953552,
  "spacing_z": 0.9765625,
  "summary_bg_k": 1.9662087784112368,
  "summary_bg_mad": 9.283856560995169,
  "summary_bg_mean": 15.997978210449219,
  "summary_bg_median": 14.61757755279541,
  "summary_bg_n": 2162860.0,
  "summary_bg_p05": 2.109379255771637,
  "summary_bg_p95": 35.400383377075194,
  "summary_bg_stdv": 10.134077072143555,
  "summary_csf_k": -0.8828068083610803,
  "summary_csf_mad": 155.9008853192604,
  "summary_csf_mean": 419.49041748046875,
  "summary_csf_median": 386.68463134765625,
  "summary_csf_n": 20142.0,
  "summary_csf_p05": 227.00017700195312,
  "summary_csf_p95": 669.0515380859375,
  "summary_csf_stdv": 144.62672424316406,
  "summary_gm_k": 0.04461582075273318,
  "summary_gm_mad": 59.01804713788666,
  "summary_gm_mean": 817.2811279296875,
  "summary_gm_median": 815.026123046875,
  "summary_gm_n": 29693.0,
  "summary_gm_p05": 722.2284912109375,
  "summary_gm_p95": 920.3767211914062,
  "summary_gm_stdv": 59.895782470703125,
  "summary_wm_k": 0.062183676686130784,
  "summary_wm_mad": 50.66492652094125,
  "summary_wm_mean": 1001.4444580078125,
  "summary_wm_median": 1000.051025390625,
  "summary_wm_n": 257185.0,
  "summary_wm_p05": 920.0838012695312,
  "summary_wm_p95": 1087.4898437499999,
  "summary_wm_stdv": 50.93254470825195,
  "tpm_overlap_csf": 0.17906159162521362,
  "tpm_overlap_gm": 0.4581129252910614,
  "tpm_overlap_wm": 0.5129900574684143,
  "wm2max": 0.6205090515585707
}