{
  "bids_meta": {
    "AcquisitionMatrixPE": 246,
    "BaseResolution": 256,
    "CoilString": "T:HE1-4;NE2",
    "DwellTime": 1.5e-05,
    "EchoTime": 0.00291,
    "FlipAngle": 15,
    "ImagingFrequency": 63.6572,
    "InversionTime": 1.1,
    "MagneticFieldStrength": 1.5,
    "Manufacturer": "Siemens",
    "ManufacturersModelName": "Avanto",
    "PartialFourier": 1,
    "PercentPhaseFOV": 100,
    "PhaseEncodingSteps": 307,
    "PhaseOversampling": 0.25,
    "PhaseResolution": 0.96,
    "PixelBandwidth": 130,
    "ProtocolName": "t1_mpr_ns_sag_p2_iso",
    "PulseSequenceDetails": "%SiemensSeq%_tfl",
    "ReceiveCoilName": "NeckMatrix",
    "ReconMatrixPE": 256,
    "RepetitionTime": 1.9,
    "ScanOptions": "IR",
    "ScanningSequence": "GR_IR",
    "SequenceName": "_tfl3d1_ns",
    "SequenceVariant": "SP_MP_OSP",
    "SeriesDescription": "t1_mpr_ns_sag_p2_iso",
    "SliceThickness": 1,
    "SoftwareVersions": "syngo_MR_B19",
    "dataset": "ds002422",
    "modality": "T1w",
    "subject_id": "15"
  },
  "cjv": 0.654419223262891,
  "cnr": 2.0288537971593406,
  "efc": 0.5966197415618897,
  "fber": 1168.46484375,
  "fwhm_avg": 3.6635750411839676,
  "fwhm_x": 3.65312,
  "fwhm_y": 3.6397053778500132,
  "fwhm_z": 3.6978997457018887,
  "icvs_csf": 0.23489166610337409,
  "icvs_gm": 0.39622398417750887,
  "icvs_wm": 0.36888434971911704,
  "inu_med": 1.3914068937301636,
  "inu_range": 0.2753973066806794,
  "provenance": {
    "md5sum": "d5280cf2b7971e8e5864838311a56493",
    "settings": {
      "testing": false
    },
    "software": "mriqc",
    "version": "21.0.0rc2",
    "warnings": {
      "large_rot_frame": true,
      "small_air_mask": false
    },
    "webapi_port": null,
    "webapi_url": "https://mriqc.nimh.nih.gov/api/v1"
  },
  "qi_1": 0.00038484871060781833,
  "qi_2": 0.0012511321193369848,
  "rpve_csf": 22.653411642292376,
  "rpve_gm": 13.113375381879452,
  "rpve_wm": 16.793648791733517,
  "size_x": 176,
  "size_y": 256,
  "size_z": 256,
  "snr_csf": 3.481539748179229,
  "snr_gm": 12.547684030921205,
  "snr_total": 11.20972711127269,
  "snr_wm": 17.599957554717633,
  "snrd_csf": 18.44452452905535,
  "snrd_gm": 43.085926530366,
  "snrd_total": 38.04335155785671,
  "snrd_wm": 52.59960361414878,
  "spacing_x": 1.0,
  "spacing_y": 0.9765625596046448,
  "spacing_z": 0.9765624403953552,
  "summary_bg_k": 76.22887972045882,
  "summary_bg_mad": 12.455855938354867,
  "summary_bg_mean": 20.285947799682617,
  "summary_bg_median": 16.98148536682129,
  "summary_bg_n": 2130526.0,
  "summary_bg_p05": 4.239828944206238,
  "summary_bg_p95": 44.974552154541016,
  "summary_bg_stdv": 21.398761749267578,
  "summary_csf_k": 1.1925880156006592,
  "summary_csf_mad": 83.9860584675082,
  "summary_csf_mean": 370.3262939453125,
  "summary_csf_median": 350.67864990234375,
  "summary_csf_n": 43648.0,
  "summary_csf_p05": 239.7015739440918,
  "summary_csf_p95": 572.7801208496095,
  "summary_csf_stdv": 100.72400665283203,
  "summary_gm_k": 0.2890998028442411,
  "summary_gm_mad": 62.74020760259558,
  "summary_gm_mean": 821.9859008789062,
  "summary_gm_median": 819.1761474609375,
  "summary_gm_n": 13135.0,
  "summary_gm_p05": 718.9293518066406,
  "summary_gm_p95": 932.3095642089843,
  "summary_gm_stdv": 65.28256225585938,
  "summary_wm_k": 0.20146533809777756,
  "summary_wm_mad": 55.63106481144341,
  "summary_wm_mean": 1003.1932983398438,
  "summary_wm_median": 1000.0560302734375,
  "summary_wm_n": 207326.0,
  "summary_wm_p05": 915.2403106689453,
  "summary_wm_p95": 1101.8732604980469,
  "summary_wm_stdv": 56.82136535644531,
  "tpm_overlap_csf": 0.18093456327915192,
  "tpm_overlap_gm": 0.4301587641239166,
  "tpm_overlap_wm": 0.507514476776123,
  "wm2max": 0.47854009429182276
}