{
  "aor": 0.00109265,
  "aqi": 0.007428561500000001,
  "bids_meta": {
    "AcquisitionMatrixPE": 64,
    "BandwidthPerPixelPhaseEncode": 34.722,
    "BaseResolution": 64,
    "BodyPartExamined": "HEAD",
    "DelayTime": 0.5,
    "DerivedVendorReportedEchoSpacing": 0.000450003,
    "DwellTime": 3e-06,
    "EchoTime": 0.05,
    "EffectiveEchoSpacing": 0.000450003,
    "FlipAngle": 90,
    "ImageType": [
      "ORIGINAL",
      "PRIMARY",
      "FMRI",
      "NONE",
      "ND",
      "MOSAIC"
    ],
    "InPlanePhaseEncodingDirectionDICOM": "COL",
    "Instructions": "Participants were asked to close their eyes, to not fall asleep, and to avoid consistent thinking about one topic during the period of scanning",
    "MRAcquisitionType": "2D",
    "MagneticFieldStrength": 1.5,
    "Manufacturer": "Siemens",
    "ManufacturersModelName": "Avanto",
    "NumberOfVolumesDiscardedByUser": 3,
    "PartialFourier": 1,
    "PatientPosition": "HFS",
    "PercentPhaseFOV": 100,
    "PhaseEncodingDirection": "j-",
    "PhaseEncodingSteps": 64,
    "PhaseResolution": 1,
    "PixelBandwidth": 2604,
    "ProcedureStepDescription": "head_NEURO",
    "PulseSequenceDetails": "%SiemensSeq%_ep2d_bold",
    "ReceiveCoilName": "HeadMatrix",
    "ReconMatrixPE": 64,
    "RepetitionTime": 3.56,
    "ScanOptions": "FS",
    "ScanningSequence": "EP",
    "SequenceName": "_epfid2d1_64",
    "SequenceVariant": "SK",
    "SliceThickness": 3.6,
    "SliceTiming": [
      1.5375,
      0,
      1.6225,
      0.085,
      1.7075,
      0.17,
      1.7925,
      0.255,
      1.8775,
      0.3425,
      1.9625,
      0.4275,
      2.0475,
      0.5125,
      2.1325,
      0.5975,
      2.22,
      0.6825,
      2.305,
      0.7675,
      2.39,
      0.8525,
      2.475,
      0.94,
      2.56,
      1.025,
      2.645,
      1.11,
      2.73,
      1.195,
      2.8175,
      1.28,
      2.9025,
      1.365,
      2.9875,
      1.45
    ],
    "SoftwareVersions": "syngo_MR_B19",
    "SpacingBetweenSlices": 3.78,
    "TaskName": "rest",
    "TotalReadoutTime": 0.0283502,
    "dataset": "ds002422",
    "modality": "bold",
    "subject_id": "04",
    "task_id": "rest"
  },
  "dummy_trs": 0,
  "dvars_nstd": 27.559922136834167,
  "dvars_std": 1.1235234697989949,
  "dvars_vstd": 1.0048340032663319,
  "efc": 0.4882719567782191,
  "fber": 757.0554809570312,
  "fd_mean": 0.07664433982268269,
  "fd_num": 6,
  "fd_perc": 3.0,
  "fwhm_avg": 1.606955138670432,
  "fwhm_x": 1.546242680026996,
  "fwhm_y": 1.6539269565217392,
  "fwhm_z": 1.6206957794625603,
  "gcor": 0.0260197,
  "gsr_x": -0.01074341032654047,
  "gsr_y": 0.014663182199001312,
  "provenance": {
    "md5sum": "0b3a140b398fd230a9066d5dc19983a4",
    "settings": {
      "fd_thres": 0.2,
      "testing": false
    },
    "software": "mriqc",
    "version": "21.0.0rc2",
    "webapi_port": null,
    "webapi_url": "https://mriqc.nimh.nih.gov/api/v1"
  },
  "size_t": 200,
  "size_x": 64,
  "size_y": 64,
  "size_z": 36,
  "snr": 5.317158145027901,
  "spacing_tr": 3.559999942779541,
  "spacing_x": 3.593750238418579,
  "spacing_y": 3.59375,
  "spacing_z": 3.7799999713897705,
  "summary_bg_k": 196.453061858121,
  "summary_bg_mad": 3.157941481167634,
  "summary_bg_mean": 31.117616653442383,
  "summary_bg_median": 22.189998626708984,
  "summary_bg_n": 96643.0,
  "summary_bg_p05": 19.059999465942383,
  "summary_bg_p95": 69.02999877929688,
  "summary_bg_stdv": 34.96120071411133,
  "summary_fg_k": 1.1045505380043013,
  "summary_fg_mad": 114.25674358876853,
  "summary_fg_mean": 623.9341430664062,
  "summary_fg_median": 612.1324462890625,
  "summary_fg_n": 21298.0,
  "summary_fg_p05": 471.4312484741211,
  "summary_fg_p95": 829.8087371826172,
  "summary_fg_stdv": 115.12128448486328,
  "tsnr": 53.4540974535048
}