{
  "aor": 0.0008173333333333333,
  "aqi": 0.01802401761904762,
  "bids_meta": {
    "AcquisitionMatrixPE": 64,
    "BandwidthPerPixelPhaseEncode": 33.245,
    "BaseResolution": 64,
    "BodyPartExamined": "HEAD",
    "DerivedVendorReportedEchoSpacing": 0.000469996,
    "DwellTime": 3e-06,
    "EchoTime": 0.05,
    "EffectiveEchoSpacing": 0.000469995,
    "FlipAngle": 90,
    "ImageType": [
      "ORIGINAL",
      "PRIMARY",
      "FMRI",
      "NONE",
      "ND",
      "MOSAIC"
    ],
    "InPlanePhaseEncodingDirectionDICOM": "COL",
    "Instructions": "During the main condition, participants were visually presented with already solved sums (arithmetic operations of addition, subtraction, multiplication, and division with simple and double-digit numbers). The control condition stimuli were digit lines with non-mathematical characters instead of arithmetic signs. Participants responded with one of three buttons on the MR-compatible response box, depending on whether the stimulus sum had been solved correctly, incorrectly or just had not been an arithmetic exercise.",
    "MRAcquisitionType": "2D",
    "MagneticFieldStrength": 1.5,
    "Manufacturer": "Siemens",
    "ManufacturersModelName": "Avanto",
    "NumberOfVolumesDiscardedByUser": 3,
    "PartialFourier": 1,
    "PatientPosition": "HFS",
    "PercentPhaseFOV": 100,
    "PhaseEncodingDirection": "j-",
    "PhaseEncodingSteps": 64,
    "PhaseResolution": 1,
    "PixelBandwidth": 2604,
    "ProcedureStepDescription": "head_NEURO",
    "PulseSequenceDetails": "%SiemensSeq%_ep2d_bold",
    "ReceiveCoilName": "HeadMatrix",
    "ReconMatrixPE": 64,
    "RepetitionTime": 2.1,
    "ScanOptions": "FS",
    "ScanningSequence": "EP",
    "SequenceName": "_epfid2d1_64",
    "SequenceVariant": "SK",
    "SliceThickness": 3,
    "SliceTiming": [
      1.0525,
      0,
      1.14,
      0.0875,
      1.2275,
      0.175,
      1.3175,
      0.2625,
      1.405,
      0.35,
      1.4925,
      0.4375,
      1.58,
      0.525,
      1.6675,
      0.6125,
      1.755,
      0.7025,
      1.8425,
      0.79,
      1.93,
      0.8775,
      2.02,
      0.965
    ],
    "SoftwareVersions": "syngo_MR_B19",
    "SpacingBetweenSlices": 3.3,
    "TaskName": "arithm_run-02",
    "TotalReadoutTime": 0.0296097,
    "dataset": "ds002422",
    "modality": "bold",
    "run_id": 2,
    "subject_id": "04",
    "task_id": "arithm"
  },
  "dummy_trs": 0,
  "dvars_nstd": 38.510143517607645,
  "dvars_std": 1.0213981433492823,
  "dvars_vstd": 1.0173958142105266,
  "efc": 0.6286706990078952,
  "fber": 229.79005432128906,
  "fd_mean": 0.07657976186767475,
  "fd_num": 3,
  "fd_perc": 1.4285714285714286,
  "fwhm_avg": 1.6248992396497801,
  "fwhm_x": 1.5042801195494429,
  "fwhm_y": 1.7342266666666666,
  "fwhm_z": 1.6361909327332314,
  "gcor": 0.0106111,
  "gsr_x": 0.00537093123421073,
  "gsr_y": 0.021468784660100937,
  "provenance": {
    "md5sum": "d2780246be91e1d668ea8d820fa4774b",
    "settings": {
      "fd_thres": 0.2,
      "testing": false
    },
    "software": "mriqc",
    "version": "21.0.0rc2",
    "webapi_port": null,
    "webapi_url": "https://mriqc.nimh.nih.gov/api/v1"
  },
  "size_t": 210,
  "size_x": 64,
  "size_y": 64,
  "size_z": 24,
  "snr": 6.751493361635382,
  "spacing_tr": 2.0999999046325684,
  "spacing_x": 2.999999761581421,
  "spacing_y": 3.0,
  "spacing_z": 3.299999952316284,
  "summary_bg_k": 50.19812753438228,
  "summary_bg_mad": 3.4594032912868617,
  "summary_bg_mean": 44.17010498046875,
  "summary_bg_median": 37.009525299072266,
  "summary_bg_n": 48924.0,
  "summary_bg_p05": 33.18571472167969,
  "summary_bg_p95": 72.62714233398437,
  "summary_bg_stdv": 25.46344566345215,
  "summary_fg_k": 1.0908697566314656,
  "summary_fg_mad": 85.05190503920427,
  "summary_fg_mean": 563.1722412109375,
  "summary_fg_median": 556.84765625,
  "summary_fg_n": 25699.0,
  "summary_fg_p05": 451.71143798828126,
  "summary_fg_p95": 706.6981079101562,
  "summary_fg_stdv": 82.4760971069336,
  "tsnr": 34.99096063314937
}