{
  "aor": 0.0006931428571428571,
  "aqi": 0.030863304285714283,
  "bids_meta": {
    "AcquisitionMatrixPE": 64,
    "BandwidthPerPixelPhaseEncode": 33.245,
    "BaseResolution": 64,
    "BodyPartExamined": "HEAD",
    "DerivedVendorReportedEchoSpacing": 0.000469996,
    "DwellTime": 3e-06,
    "EchoTime": 0.05,
    "EffectiveEchoSpacing": 0.000469995,
    "FlipAngle": 90,
    "ImageType": [
      "ORIGINAL",
      "PRIMARY",
      "FMRI",
      "NONE",
      "ND",
      "MOSAIC"
    ],
    "InPlanePhaseEncodingDirectionDICOM": "COL",
    "Instructions": "During the main condition, participants were visually presented with already solved sums (arithmetic operations of addition, subtraction, multiplication, and division with simple and double-digit numbers). The control condition stimuli were digit lines with non-mathematical characters instead of arithmetic signs. Participants responded with one of three buttons on the MR-compatible response box, depending on whether the stimulus sum had been solved correctly, incorrectly or just had not been an arithmetic exercise.",
    "MRAcquisitionType": "2D",
    "MagneticFieldStrength": 1.5,
    "Manufacturer": "Siemens",
    "ManufacturersModelName": "Avanto",
    "NumberOfVolumesDiscardedByUser": 3,
    "PartialFourier": 1,
    "PatientPosition": "HFS",
    "PercentPhaseFOV": 100,
    "PhaseEncodingDirection": "j-",
    "PhaseEncodingSteps": 64,
    "PhaseResolution": 1,
    "PixelBandwidth": 2604,
    "ProcedureStepDescription": "head_NEURO",
    "PulseSequenceDetails": "%SiemensSeq%_ep2d_bold",
    "ReceiveCoilName": "HeadMatrix",
    "ReconMatrixPE": 64,
    "RepetitionTime": 2.1,
    "ScanOptions": "FS",
    "ScanningSequence": "EP",
    "SequenceName": "_epfid2d1_64",
    "SequenceVariant": "SK",
    "SliceThickness": 3,
    "SliceTiming": [
      1.055,
      0,
      1.1425,
      0.09,
      1.23,
      0.1775,
      1.3175,
      0.265,
      1.4075,
      0.3525,
      1.495,
      0.44,
      1.5825,
      0.5275,
      1.67,
      0.615,
      1.7575,
      0.705,
      1.845,
      0.7925,
      1.9325,
      0.88,
      2.0225,
      0.9675
    ],
    "SoftwareVersions": "syngo_MR_B19",
    "SpacingBetweenSlices": 3.3,
    "TaskName": "arithm_run-02",
    "TotalReadoutTime": 0.0296097,
    "dataset": "ds002422",
    "modality": "bold",
    "run_id": 2,
    "subject_id": "13",
    "task_id": "arithm"
  },
  "dummy_trs": 0,
  "dvars_nstd": 44.33311040794259,
  "dvars_std": 1.0020428502870822,
  "dvars_vstd": 0.999887482057417,
  "efc": 0.6476981977541166,
  "fber": 183.11630249023438,
  "fd_mean": 0.20209928563948903,
  "fd_num": 56,
  "fd_perc": 26.666666666666668,
  "fwhm_avg": 1.7004732912042273,
  "fwhm_x": 1.5165433333333331,
  "fwhm_y": 1.9199734859191169,
  "fwhm_z": 1.6649030543602317,
  "gcor": 0.00802733,
  "gsr_x": 0.0009248526184819639,
  "gsr_y": 0.05715818330645561,
  "provenance": {
    "md5sum": "7ce351b69554732d5153eeaf55332f94",
    "settings": {
      "fd_thres": 0.2,
      "testing": false
    },
    "software": "mriqc",
    "version": "21.0.0rc2",
    "webapi_port": null,
    "webapi_url": "https://mriqc.nimh.nih.gov/api/v1"
  },
  "size_t": 210,
  "size_x": 64,
  "size_y": 64,
  "size_z": 24,
  "snr": 6.319279422958241,
  "spacing_tr": 2.0999999046325684,
  "spacing_x": 3.0,
  "spacing_y": 2.999999761581421,
  "spacing_z": 3.299999952316284,
  "summary_bg_k": 18.075193698349274,
  "summary_bg_mad": 4.691379767029489,
  "summary_bg_mean": 53.0942268371582,
  "summary_bg_median": 40.473812103271484,
  "summary_bg_n": 48256.0,
  "summary_bg_p05": 36.32381057739258,
  "summary_bg_p95": 112.55357360839844,
  "summary_bg_stdv": 31.241247177124023,
  "summary_fg_k": 1.0286493599361144,
  "summary_fg_mad": 85.10843920277918,
  "summary_fg_mean": 558.5021362304688,
  "summary_fg_median": 549.145263671875,
  "summary_fg_n": 25846.0,
  "summary_fg_p05": 443.4035949707031,
  "summary_fg_p95": 719.3095703125,
  "summary_fg_stdv": 86.89830017089844,
  "tsnr": 29.74507498089224
}