{
  "bids_meta": {
    "AcquisitionMatrixPE": 246,
    "BaseResolution": 256,
    "CoilString": "T:HE1-4;NE2",
    "DwellTime": 1.5e-05,
    "EchoTime": 0.00291,
    "FlipAngle": 15,
    "ImagingFrequency": 63.6572,
    "InversionTime": 1.1,
    "MagneticFieldStrength": 1.5,
    "Manufacturer": "Siemens",
    "ManufacturersModelName": "Avanto",
    "PartialFourier": 1,
    "PercentPhaseFOV": 100,
    "PhaseEncodingSteps": 307,
    "PhaseOversampling": 0.25,
    "PhaseResolution": 0.96,
    "PixelBandwidth": 130,
    "ProtocolName": "t1_mpr_ns_sag_p2_iso",
    "PulseSequenceDetails": "%SiemensSeq%_tfl",
    "ReceiveCoilName": "NeckMatrix",
    "ReconMatrixPE": 256,
    "RepetitionTime": 1.9,
    "ScanOptions": "IR",
    "ScanningSequence": "GR_IR",
    "SequenceName": "_tfl3d1_ns",
    "SequenceVariant": "SP_MP_OSP",
    "SeriesDescription": "t1_mpr_ns_sag_p2_iso",
    "SliceThickness": 1,
    "SoftwareVersions": "syngo_MR_B19",
    "dataset": "ds002422",
    "modality": "T1w",
    "subject_id": "17"
  },
  "cjv": 0.5240398236288147,
  "cnr": 2.6337509790211007,
  "efc": 0.47799611411482745,
  "fber": 2101.95849609375,
  "fwhm_avg": 3.4092177103943833,
  "fwhm_x": 3.36214,
  "fwhm_y": 3.3713842424242424,
  "fwhm_z": 3.494128888758907,
  "icvs_csf": 0.20438174206909135,
  "icvs_gm": 0.4375843365904926,
  "icvs_wm": 0.35803392134041606,
  "inu_med": 1.653256893157959,
  "inu_range": 0.2736617803573609,
  "provenance": {
    "md5sum": "ab174524e80e67e2261d5c116351f7af",
    "settings": {
      "testing": false
    },
    "software": "mriqc",
    "version": "21.0.0rc2",
    "warnings": {
      "large_rot_frame": true,
      "small_air_mask": false
    },
    "webapi_port": null,
    "webapi_url": "https://mriqc.nimh.nih.gov/api/v1"
  },
  "qi_1": 0.0,
  "qi_2": 0.0032049208159117314,
  "rpve_csf": 33.59016052675495,
  "rpve_gm": 16.39124643470389,
  "rpve_wm": 22.832574698636847,
  "size_x": 176,
  "size_y": 256,
  "size_z": 256,
  "snr_csf": 3.181630706015309,
  "snr_gm": 14.877795301085687,
  "snr_total": 12.039336558024312,
  "snr_wm": 18.058583666971938,
  "snrd_csf": 23.48948412287516,
  "snrd_gm": 53.57045229732317,
  "snrd_total": 48.138427823321116,
  "snrd_wm": 67.35534704976504,
  "spacing_x": 1.0,
  "spacing_y": 1.03125,
  "spacing_z": 1.0312498807907104,
  "summary_bg_k": 4.725554708369914,
  "summary_bg_mad": 9.727034831399303,
  "summary_bg_mean": 15.102452278137207,
  "summary_bg_median": 13.194192886352539,
  "summary_bg_n": 2831641.0,
  "summary_bg_p05": 2.2055671215057373,
  "summary_bg_p95": 35.27848815917969,
  "summary_bg_stdv": 10.694825172424316,
  "summary_csf_k": 0.589183385195851,
  "summary_csf_mad": 84.49149515521958,
  "summary_csf_mean": 376.5892639160156,
  "summary_csf_median": 348.7564392089844,
  "summary_csf_n": 20991.0,
  "summary_csf_p05": 239.60681915283203,
  "summary_csf_p95": 604.4530639648438,
  "summary_csf_stdv": 109.6130142211914,
  "summary_gm_k": 0.30779199735119933,
  "summary_gm_mad": 51.78456990775581,
  "summary_gm_mean": 795.5501708984375,
  "summary_gm_median": 795.37890625,
  "summary_gm_n": 10410.0,
  "summary_gm_p05": 707.6213104248047,
  "summary_gm_p95": 882.6690185546875,
  "summary_gm_stdv": 53.45823669433594,
  "summary_wm_k": 0.03853739185342864,
  "summary_wm_mad": 55.47017206580725,
  "summary_wm_mean": 1001.2398071289062,
  "summary_wm_median": 1000.0479736328125,
  "summary_wm_n": 133248.0,
  "summary_wm_p05": 912.8504669189454,
  "summary_wm_p95": 1094.9664978027345,
  "summary_wm_stdv": 55.377777099609375,
  "tpm_overlap_csf": 0.18418413400650024,
  "tpm_overlap_gm": 0.47004637122154236,
  "tpm_overlap_wm": 0.5158236622810364,
  "wm2max": 0.5827677216555592
}