{
  "aor": 0.0005478571428571429,
  "aqi": 0.022732199047619053,
  "bids_meta": {
    "AcquisitionMatrixPE": 64,
    "BandwidthPerPixelPhaseEncode": 33.245,
    "BaseResolution": 64,
    "BodyPartExamined": "HEAD",
    "DerivedVendorReportedEchoSpacing": 0.000469996,
    "DwellTime": 3e-06,
    "EchoTime": 0.05,
    "EffectiveEchoSpacing": 0.000469995,
    "FlipAngle": 90,
    "ImageType": [
      "ORIGINAL",
      "PRIMARY",
      "FMRI",
      "NONE",
      "ND",
      "MOSAIC"
    ],
    "InPlanePhaseEncodingDirectionDICOM": "COL",
    "Instructions": "During the main condition, participants were visually presented with already solved sums (arithmetic operations of addition, subtraction, multiplication, and division with simple and double-digit numbers). The control condition stimuli were digit lines with non-mathematical characters instead of arithmetic signs. Participants responded with one of three buttons on the MR-compatible response box, depending on whether the stimulus sum had been solved correctly, incorrectly or just had not been an arithmetic exercise.",
    "MRAcquisitionType": "2D",
    "MagneticFieldStrength": 1.5,
    "Manufacturer": "Siemens",
    "ManufacturersModelName": "Avanto",
    "NumberOfVolumesDiscardedByUser": 3,
    "PartialFourier": 1,
    "PatientPosition": "HFS",
    "PercentPhaseFOV": 100,
    "PhaseEncodingDirection": "j-",
    "PhaseEncodingSteps": 64,
    "PhaseResolution": 1,
    "PixelBandwidth": 2604,
    "ProcedureStepDescription": "head_NEURO",
    "PulseSequenceDetails": "%SiemensSeq%_ep2d_bold",
    "ReceiveCoilName": "HeadMatrix",
    "ReconMatrixPE": 64,
    "RepetitionTime": 2.1,
    "ScanOptions": "FS",
    "ScanningSequence": "EP",
    "SequenceName": "_epfid2d1_64",
    "SequenceVariant": "SK",
    "SliceThickness": 3,
    "SliceTiming": [
      1.055,
      0,
      1.1425,
      0.0875,
      1.23,
      0.175,
      1.3175,
      0.2625,
      1.405,
      0.35,
      1.4925,
      0.44,
      1.58,
      0.5275,
      1.6675,
      0.615,
      1.7575,
      0.7025,
      1.845,
      0.79,
      1.9325,
      0.8775,
      2.02,
      0.965
    ],
    "SoftwareVersions": "syngo_MR_B19",
    "SpacingBetweenSlices": 3.3,
    "TaskName": "arithm_run-02",
    "TotalReadoutTime": 0.0296097,
    "dataset": "ds002422",
    "modality": "bold",
    "run_id": 2,
    "subject_id": "35",
    "task_id": "arithm"
  },
  "dummy_trs": 0,
  "dvars_nstd": 40.30645361373208,
  "dvars_std": 1.016497099808612,
  "dvars_vstd": 1.0153045699521526,
  "efc": 0.6439579270152052,
  "fber": 213.7998046875,
  "fd_mean": 0.08130155371020836,
  "fd_num": 9,
  "fd_perc": 4.285714285714286,
  "fwhm_avg": 1.6924039881845798,
  "fwhm_x": 1.5268367880087526,
  "fwhm_y": 1.81816,
  "fwhm_z": 1.7322151765449867,
  "gcor": 0.00926374,
  "gsr_x": -0.0024904117453843355,
  "gsr_y": 0.029030483216047287,
  "provenance": {
    "md5sum": "7c836700a7ecfc4cc5b6b37411cc1864",
    "settings": {
      "fd_thres": 0.2,
      "testing": false
    },
    "software": "mriqc",
    "version": "21.0.0rc2",
    "webapi_port": null,
    "webapi_url": "https://mriqc.nimh.nih.gov/api/v1"
  },
  "size_t": 210,
  "size_x": 64,
  "size_y": 64,
  "size_z": 24,
  "snr": 7.1948978632162435,
  "spacing_tr": 2.0999999046325684,
  "spacing_x": 2.999999761581421,
  "spacing_y": 3.0,
  "spacing_z": 3.299999952316284,
  "summary_bg_k": 53.81547440552598,
  "summary_bg_mad": 3.0075654699419863,
  "summary_bg_mean": 48.054710388183594,
  "summary_bg_median": 38.43333435058594,
  "summary_bg_n": 47979.0,
  "summary_bg_p05": 35.70476150512695,
  "summary_bg_p95": 95.12571487426754,
  "summary_bg_stdv": 27.599477767944336,
  "summary_fg_k": 1.608467952047354,
  "summary_fg_mad": 77.67072410599994,
  "summary_fg_mean": 568.8467407226562,
  "summary_fg_median": 562.471435546875,
  "summary_fg_n": 26120.0,
  "summary_fg_p05": 463.9857177734375,
  "summary_fg_p95": 705.89716796875,
  "summary_fg_stdv": 78.17493438720703,
  "tsnr": 33.89259231335018
}