{
  "aor": 0.0005897619047619047,
  "aqi": 0.024480036666666666,
  "bids_meta": {
    "AcquisitionMatrixPE": 64,
    "BandwidthPerPixelPhaseEncode": 33.245,
    "BaseResolution": 64,
    "BodyPartExamined": "HEAD",
    "DerivedVendorReportedEchoSpacing": 0.000469996,
    "DwellTime": 3e-06,
    "EchoTime": 0.05,
    "EffectiveEchoSpacing": 0.000469995,
    "FlipAngle": 90,
    "ImageType": [
      "ORIGINAL",
      "PRIMARY",
      "FMRI",
      "NONE",
      "ND",
      "MOSAIC"
    ],
    "InPlanePhaseEncodingDirectionDICOM": "COL",
    "Instructions": "During the main condition, participants were visually presented with already solved sums (arithmetic operations of addition, subtraction, multiplication, and division with simple and double-digit numbers). The control condition stimuli were digit lines with non-mathematical characters instead of arithmetic signs. Participants responded with one of three buttons on the MR-compatible response box, depending on whether the stimulus sum had been solved correctly, incorrectly or just had not been an arithmetic exercise.",
    "MRAcquisitionType": "2D",
    "MagneticFieldStrength": 1.5,
    "Manufacturer": "Siemens",
    "ManufacturersModelName": "Avanto",
    "NumberOfVolumesDiscardedByUser": 3,
    "PartialFourier": 1,
    "PatientPosition": "HFS",
    "PercentPhaseFOV": 100,
    "PhaseEncodingDirection": "j-",
    "PhaseEncodingSteps": 64,
    "PhaseResolution": 1,
    "PixelBandwidth": 2604,
    "ProcedureStepDescription": "head_NEURO",
    "PulseSequenceDetails": "%SiemensSeq%_ep2d_bold",
    "ReceiveCoilName": "HeadMatrix",
    "ReconMatrixPE": 64,
    "RepetitionTime": 2.1,
    "ScanOptions": "FS",
    "ScanningSequence": "EP",
    "SequenceName": "_epfid2d1_64",
    "SequenceVariant": "SK",
    "SliceThickness": 3,
    "SliceTiming": [
      1.055,
      0,
      1.1425,
      0.0875,
      1.23,
      0.1775,
      1.3175,
      0.265,
      1.405,
      0.3525,
      1.495,
      0.44,
      1.5825,
      0.5275,
      1.67,
      0.615,
      1.7575,
      0.7025,
      1.845,
      0.79,
      1.9325,
      0.88,
      2.02,
      0.9675
    ],
    "SoftwareVersions": "syngo_MR_B19",
    "SpacingBetweenSlices": 3.3,
    "TaskName": "arithm_run-01",
    "TotalReadoutTime": 0.0296097,
    "dataset": "ds002422",
    "modality": "bold",
    "run_id": 1,
    "subject_id": "35",
    "task_id": "arithm"
  },
  "dummy_trs": 0,
  "dvars_nstd": 40.25773762990432,
  "dvars_std": 1.0093167786124397,
  "dvars_vstd": 1.0096516419138757,
  "efc": 0.6429397312900506,
  "fber": 214.31275939941406,
  "fd_mean": 0.0876631089214769,
  "fd_num": 13,
  "fd_perc": 6.190476190476191,
  "fwhm_avg": 1.6875864122627628,
  "fwhm_x": 1.5223167876495352,
  "fwhm_y": 1.8174666666666666,
  "fwhm_z": 1.722975782472087,
  "gcor": 0.0128976,
  "gsr_x": -0.0018758531659841537,
  "gsr_y": 0.029148641973733902,
  "provenance": {
    "md5sum": "a758000762859d64da8ed5c1044ab8a5",
    "settings": {
      "fd_thres": 0.2,
      "testing": false
    },
    "software": "mriqc",
    "version": "21.0.0rc2",
    "webapi_port": null,
    "webapi_url": "https://mriqc.nimh.nih.gov/api/v1"
  },
  "size_t": 210,
  "size_x": 64,
  "size_y": 64,
  "size_z": 24,
  "snr": 7.145350237382182,
  "spacing_tr": 2.0999999046325684,
  "spacing_x": 2.999999761581421,
  "spacing_y": 3.0,
  "spacing_z": 3.299999952316284,
  "summary_bg_k": 58.732751747432935,
  "summary_bg_mad": 3.148765142592174,
  "summary_bg_mean": 47.675018310546875,
  "summary_bg_median": 38.376190185546875,
  "summary_bg_n": 47985.0,
  "summary_bg_p05": 35.41428756713867,
  "summary_bg_p95": 92.52285919189451,
  "summary_bg_stdv": 27.04701805114746,
  "summary_fg_k": 1.7251223624975855,
  "summary_fg_mad": 77.70956730682353,
  "summary_fg_mean": 567.1206665039062,
  "summary_fg_median": 560.3333740234375,
  "summary_fg_n": 26131.0,
  "summary_fg_p05": 462.0095520019531,
  "summary_fg_p95": 704.9761962890625,
  "summary_fg_stdv": 78.41780090332031,
  "tsnr": 33.156335577368736
}