{
  "aor": 0.0028461500000000004,
  "aqi": 0.0115182993,
  "bids_meta": {
    "AcquisitionMatrixPE": 64,
    "BandwidthPerPixelPhaseEncode": 34.722,
    "BaseResolution": 64,
    "BodyPartExamined": "HEAD",
    "DelayTime": 0.5,
    "DerivedVendorReportedEchoSpacing": 0.000450003,
    "DwellTime": 3e-06,
    "EchoTime": 0.05,
    "EffectiveEchoSpacing": 0.000450003,
    "FlipAngle": 90,
    "ImageType": [
      "ORIGINAL",
      "PRIMARY",
      "FMRI",
      "NONE",
      "ND",
      "MOSAIC"
    ],
    "InPlanePhaseEncodingDirectionDICOM": "COL",
    "Instructions": "Participants were asked to close their eyes, to not fall asleep, and to avoid consistent thinking about one topic during the period of scanning",
    "MRAcquisitionType": "2D",
    "MagneticFieldStrength": 1.5,
    "Manufacturer": "Siemens",
    "ManufacturersModelName": "Avanto",
    "NumberOfVolumesDiscardedByUser": 3,
    "PartialFourier": 1,
    "PatientPosition": "HFS",
    "PercentPhaseFOV": 100,
    "PhaseEncodingDirection": "j-",
    "PhaseEncodingSteps": 64,
    "PhaseResolution": 1,
    "PixelBandwidth": 2604,
    "ProcedureStepDescription": "head_NEURO",
    "PulseSequenceDetails": "%SiemensSeq%_ep2d_bold",
    "ReceiveCoilName": "HeadMatrix",
    "ReconMatrixPE": 64,
    "RepetitionTime": 3.56,
    "ScanOptions": "FS",
    "ScanningSequence": "EP",
    "SequenceName": "_epfid2d1_64",
    "SequenceVariant": "SK",
    "SliceThickness": 3.6,
    "SliceTiming": [
      1.535,
      0,
      1.6225,
      0.085,
      1.7075,
      0.17,
      1.7925,
      0.255,
      1.8775,
      0.3425,
      1.9625,
      0.4275,
      2.0475,
      0.5125,
      2.1325,
      0.5975,
      2.22,
      0.6825,
      2.305,
      0.7675,
      2.39,
      0.8525,
      2.475,
      0.9375,
      2.56,
      1.025,
      2.645,
      1.11,
      2.73,
      1.195,
      2.815,
      1.28,
      2.9025,
      1.365,
      2.9875,
      1.45
    ],
    "SoftwareVersions": "syngo_MR_B19",
    "SpacingBetweenSlices": 3.78,
    "TaskName": "rest",
    "TotalReadoutTime": 0.0283502,
    "dataset": "ds002422",
    "modality": "bold",
    "subject_id": "18",
    "task_id": "rest"
  },
  "dummy_trs": 0,
  "dvars_nstd": 32.534281169899494,
  "dvars_std": 1.0912428867839203,
  "dvars_vstd": 1.0157102206532667,
  "efc": 0.5232358118116518,
  "fber": 512.8958740234375,
  "fd_mean": 0.0988924911791625,
  "fd_num": 15,
  "fd_perc": 7.5,
  "fwhm_avg": 1.6428949084639448,
  "fwhm_x": 1.5776528695652174,
  "fwhm_y": 1.758447187687936,
  "fwhm_z": 1.5925846681386806,
  "gcor": 0.00672231,
  "gsr_x": -0.014456624165177345,
  "gsr_y": 0.050168219953775406,
  "provenance": {
    "md5sum": "fe13221e624bd9534172423d1c363d1b",
    "settings": {
      "fd_thres": 0.2,
      "testing": false
    },
    "software": "mriqc",
    "version": "21.0.0rc2",
    "webapi_port": null,
    "webapi_url": "https://mriqc.nimh.nih.gov/api/v1"
  },
  "size_t": 200,
  "size_x": 64,
  "size_y": 64,
  "size_z": 36,
  "snr": 4.733474960871158,
  "spacing_tr": 3.559999942779541,
  "spacing_x": 3.59375,
  "spacing_y": 3.593750238418579,
  "spacing_z": 3.7799999713897705,
  "summary_bg_k": 165.48774821557726,
  "summary_bg_mad": 4.403327570939484,
  "summary_bg_mean": 38.89854049682617,
  "summary_bg_median": 24.114999771118164,
  "summary_bg_n": 93566.0,
  "summary_bg_p05": 19.989999771118164,
  "summary_bg_p95": 95.48874855041504,
  "summary_bg_stdv": 60.200584411621094,
  "summary_fg_k": 2.225988158542661,
  "summary_fg_mad": 102.29588819713499,
  "summary_fg_mean": 569.0464477539062,
  "summary_fg_median": 551.3775024414062,
  "summary_fg_n": 23054.0,
  "summary_fg_p05": 422.64449920654295,
  "summary_fg_p95": 776.1512542724608,
  "summary_fg_stdv": 116.48219299316406,
  "tsnr": 43.040307244402356
}