{
  "aor": 0.0011687619047619047,
  "aqi": 0.0339608480952381,
  "bids_meta": {
    "AcquisitionMatrixPE": 64,
    "BandwidthPerPixelPhaseEncode": 33.245,
    "BaseResolution": 64,
    "BodyPartExamined": "HEAD",
    "DerivedVendorReportedEchoSpacing": 0.000469996,
    "DwellTime": 3e-06,
    "EchoTime": 0.05,
    "EffectiveEchoSpacing": 0.000469995,
    "FlipAngle": 90,
    "ImageType": [
      "ORIGINAL",
      "PRIMARY",
      "FMRI",
      "NONE",
      "ND",
      "MOSAIC"
    ],
    "InPlanePhaseEncodingDirectionDICOM": "COL",
    "Instructions": "During the main condition, participants were visually presented with already solved sums (arithmetic operations of addition, subtraction, multiplication, and division with simple and double-digit numbers). The control condition stimuli were digit lines with non-mathematical characters instead of arithmetic signs. Participants responded with one of three buttons on the MR-compatible response box, depending on whether the stimulus sum had been solved correctly, incorrectly or just had not been an arithmetic exercise.",
    "MRAcquisitionType": "2D",
    "MagneticFieldStrength": 1.5,
    "Manufacturer": "Siemens",
    "ManufacturersModelName": "Avanto",
    "NumberOfVolumesDiscardedByUser": 3,
    "PartialFourier": 1,
    "PatientPosition": "HFS",
    "PercentPhaseFOV": 100,
    "PhaseEncodingDirection": "j-",
    "PhaseEncodingSteps": 64,
    "PhaseResolution": 1,
    "PixelBandwidth": 2604,
    "ProcedureStepDescription": "head_NEURO",
    "PulseSequenceDetails": "%SiemensSeq%_ep2d_bold",
    "ReceiveCoilName": "HeadMatrix",
    "ReconMatrixPE": 64,
    "RepetitionTime": 2.1,
    "ScanOptions": "FS",
    "ScanningSequence": "EP",
    "SequenceName": "_epfid2d1_64",
    "SequenceVariant": "SK",
    "SliceThickness": 3,
    "SliceTiming": [
      1.055,
      0,
      1.1425,
      0.0875,
      1.23,
      0.175,
      1.3175,
      0.2625,
      1.405,
      0.3525,
      1.4925,
      0.44,
      1.58,
      0.5275,
      1.67,
      0.615,
      1.7575,
      0.7025,
      1.845,
      0.79,
      1.9325,
      0.8775,
      2.02,
      0.9675
    ],
    "SoftwareVersions": "syngo_MR_B19",
    "SpacingBetweenSlices": 3.3,
    "TaskName": "arithm_run-02",
    "TotalReadoutTime": 0.0296097,
    "dataset": "ds002422",
    "modality": "bold",
    "run_id": 2,
    "subject_id": "18",
    "task_id": "arithm"
  },
  "dummy_trs": 0,
  "dvars_nstd": 51.49399336679427,
  "dvars_std": 1.028447576267942,
  "dvars_vstd": 1.0141753442583736,
  "efc": 0.7018043409885885,
  "fber": 138.045654296875,
  "fd_mean": 0.20861824874633253,
  "fd_num": 69,
  "fd_perc": 32.857142857142854,
  "fwhm_avg": 1.6700411192488112,
  "fwhm_x": 1.51025,
  "fwhm_y": 1.81034,
  "fwhm_z": 1.6895333577464329,
  "gcor": 0.00598417,
  "gsr_x": -0.007983463816344738,
  "gsr_y": 0.06909581273794174,
  "provenance": {
    "md5sum": "cef5a12f1f8e6c17354b1b6fb6327f84",
    "settings": {
      "fd_thres": 0.2,
      "testing": false
    },
    "software": "mriqc",
    "version": "21.0.0rc2",
    "webapi_port": null,
    "webapi_url": "https://mriqc.nimh.nih.gov/api/v1"
  },
  "size_t": 210,
  "size_x": 64,
  "size_y": 64,
  "size_z": 24,
  "snr": 6.016655943331355,
  "spacing_tr": 2.0999999046325684,
  "spacing_x": 3.0,
  "spacing_y": 3.0,
  "spacing_z": 3.299999952316284,
  "summary_bg_k": 10.085224110585193,
  "summary_bg_mad": 8.613208310054606,
  "summary_bg_mean": 61.19853973388672,
  "summary_bg_median": 42.657142639160156,
  "summary_bg_n": 42947.0,
  "summary_bg_p05": 35.868096923828126,
  "summary_bg_p95": 144.25429077148408,
  "summary_bg_stdv": 39.56312942504883,
  "summary_fg_k": 1.1843292379295312,
  "summary_fg_mad": 79.00856357431913,
  "summary_fg_mean": 515.6795043945312,
  "summary_fg_median": 504.21429443359375,
  "summary_fg_n": 31171.0,
  "summary_fg_p05": 406.98097229003906,
  "summary_fg_p95": 669.819091796875,
  "summary_fg_stdv": 83.8017349243164,
  "tsnr": 26.191192879341543
}