{
  "aor": 0.0006112380952380952,
  "aqi": 0.03446010428571429,
  "bids_meta": {
    "AcquisitionMatrixPE": 64,
    "BandwidthPerPixelPhaseEncode": 33.245,
    "BaseResolution": 64,
    "BodyPartExamined": "HEAD",
    "DerivedVendorReportedEchoSpacing": 0.000469996,
    "DwellTime": 3e-06,
    "EchoTime": 0.05,
    "EffectiveEchoSpacing": 0.000469995,
    "FlipAngle": 90,
    "ImageType": [
      "ORIGINAL",
      "PRIMARY",
      "FMRI",
      "NONE",
      "ND",
      "MOSAIC"
    ],
    "InPlanePhaseEncodingDirectionDICOM": "COL",
    "Instructions": "During the main condition, participants were visually presented with already solved sums (arithmetic operations of addition, subtraction, multiplication, and division with simple and double-digit numbers). The control condition stimuli were digit lines with non-mathematical characters instead of arithmetic signs. Participants responded with one of three buttons on the MR-compatible response box, depending on whether the stimulus sum had been solved correctly, incorrectly or just had not been an arithmetic exercise.",
    "MRAcquisitionType": "2D",
    "MagneticFieldStrength": 1.5,
    "Manufacturer": "Siemens",
    "ManufacturersModelName": "Avanto",
    "NumberOfVolumesDiscardedByUser": 3,
    "PartialFourier": 1,
    "PatientPosition": "HFS",
    "PercentPhaseFOV": 100,
    "PhaseEncodingDirection": "j-",
    "PhaseEncodingSteps": 64,
    "PhaseResolution": 1,
    "PixelBandwidth": 2604,
    "ProcedureStepDescription": "head_NEURO",
    "PulseSequenceDetails": "%SiemensSeq%_ep2d_bold",
    "ReceiveCoilName": "HeadMatrix",
    "ReconMatrixPE": 64,
    "RepetitionTime": 2.1,
    "ScanOptions": "FS",
    "ScanningSequence": "EP",
    "SequenceName": "_epfid2d1_64",
    "SequenceVariant": "SK",
    "SliceThickness": 3,
    "SliceTiming": [
      1.0525,
      0,
      1.14,
      0.0875,
      1.2275,
      0.175,
      1.3175,
      0.2625,
      1.405,
      0.35,
      1.4925,
      0.4375,
      1.58,
      0.525,
      1.6675,
      0.615,
      1.755,
      0.7025,
      1.8425,
      0.79,
      1.9325,
      0.8775,
      2.02,
      0.965
    ],
    "SoftwareVersions": "syngo_MR_B19",
    "SpacingBetweenSlices": 3.3,
    "TaskName": "arithm_run-02",
    "TotalReadoutTime": 0.0296097,
    "dataset": "ds002422",
    "modality": "bold",
    "run_id": 2,
    "subject_id": "36",
    "task_id": "arithm"
  },
  "dummy_trs": 0,
  "dvars_nstd": 45.60864829129188,
  "dvars_std": 0.9761743813397131,
  "dvars_vstd": 0.9803339628708139,
  "efc": 0.6510976926353076,
  "fber": 190.56417846679688,
  "fd_mean": 0.1246632534609611,
  "fd_num": 25,
  "fd_perc": 11.904761904761905,
  "fwhm_avg": 1.8473904736778035,
  "fwhm_x": 1.82198,
  "fwhm_y": 2.091806666666667,
  "fwhm_z": 1.6283847543667442,
  "gcor": 0.00451866,
  "gsr_x": 0.001475820317864418,
  "gsr_y": 0.022616269066929817,
  "provenance": {
    "md5sum": "46c3c84ea4c2c2f7948a6fe9117c9b99",
    "settings": {
      "fd_thres": 0.2,
      "testing": false
    },
    "software": "mriqc",
    "version": "21.0.0rc2",
    "webapi_port": null,
    "webapi_url": "https://mriqc.nimh.nih.gov/api/v1"
  },
  "size_t": 210,
  "size_x": 64,
  "size_y": 64,
  "size_z": 24,
  "snr": 5.382427454932828,
  "spacing_tr": 2.0999999046325684,
  "spacing_x": 3.0,
  "spacing_y": 3.0,
  "spacing_z": 3.3000001907348633,
  "summary_bg_k": 33.73899690638627,
  "summary_bg_mad": 5.640951241793111,
  "summary_bg_mean": 47.77045440673828,
  "summary_bg_median": 39.42857360839844,
  "summary_bg_n": 45984.0,
  "summary_bg_p05": 33.69047927856445,
  "summary_bg_p95": 87.59929084777832,
  "summary_bg_stdv": 25.417924880981445,
  "summary_fg_k": 2.295979658546023,
  "summary_fg_mad": 88.92789996262043,
  "summary_fg_mean": 564.7708129882812,
  "summary_fg_median": 549.7619018554688,
  "summary_fg_n": 28409.0,
  "summary_fg_p05": 438.20286865234374,
  "summary_fg_p95": 749.135266113281,
  "summary_fg_stdv": 102.13834381103516,
  "tsnr": 28.39176472229883
}