{
  "aor": 0.0006938571428571429,
  "aqi": 0.026705613809523812,
  "bids_meta": {
    "AcquisitionMatrixPE": 64,
    "BandwidthPerPixelPhaseEncode": 33.245,
    "BaseResolution": 64,
    "BodyPartExamined": "HEAD",
    "DerivedVendorReportedEchoSpacing": 0.000469996,
    "DwellTime": 3e-06,
    "EchoTime": 0.05,
    "EffectiveEchoSpacing": 0.000469995,
    "FlipAngle": 90,
    "ImageType": [
      "ORIGINAL",
      "PRIMARY",
      "FMRI",
      "NONE",
      "ND",
      "MOSAIC"
    ],
    "InPlanePhaseEncodingDirectionDICOM": "COL",
    "Instructions": "During the main condition, participants were visually presented with already solved sums (arithmetic operations of addition, subtraction, multiplication, and division with simple and double-digit numbers). The control condition stimuli were digit lines with non-mathematical characters instead of arithmetic signs. Participants responded with one of three buttons on the MR-compatible response box, depending on whether the stimulus sum had been solved correctly, incorrectly or just had not been an arithmetic exercise.",
    "MRAcquisitionType": "2D",
    "MagneticFieldStrength": 1.5,
    "Manufacturer": "Siemens",
    "ManufacturersModelName": "Avanto",
    "NumberOfVolumesDiscardedByUser": 3,
    "PartialFourier": 1,
    "PatientPosition": "HFS",
    "PercentPhaseFOV": 100,
    "PhaseEncodingDirection": "j-",
    "PhaseEncodingSteps": 64,
    "PhaseResolution": 1,
    "PixelBandwidth": 2604,
    "ProcedureStepDescription": "head_NEURO",
    "PulseSequenceDetails": "%SiemensSeq%_ep2d_bold",
    "ReceiveCoilName": "HeadMatrix",
    "ReconMatrixPE": 64,
    "RepetitionTime": 2.1,
    "ScanOptions": "FS",
    "ScanningSequence": "EP",
    "SequenceName": "_epfid2d1_64",
    "SequenceVariant": "SK",
    "SliceThickness": 3,
    "SliceTiming": [
      1.0525,
      0,
      1.14,
      0.0875,
      1.2275,
      0.175,
      1.3175,
      0.2625,
      1.405,
      0.35,
      1.4925,
      0.4375,
      1.58,
      0.525,
      1.6675,
      0.6125,
      1.755,
      0.7025,
      1.8425,
      0.79,
      1.93,
      0.8775,
      2.02,
      0.965
    ],
    "SoftwareVersions": "syngo_MR_B19",
    "SpacingBetweenSlices": 3.3,
    "TaskName": "arithm_run-01",
    "TotalReadoutTime": 0.0296097,
    "dataset": "ds002422",
    "modality": "bold",
    "run_id": 1,
    "subject_id": "36",
    "task_id": "arithm"
  },
  "dummy_trs": 0,
  "dvars_nstd": 45.19383708837321,
  "dvars_std": 1.0042412611004787,
  "dvars_vstd": 0.9986793236842102,
  "efc": 0.6492104541245133,
  "fber": 192.5168914794922,
  "fd_mean": 0.12924215832640837,
  "fd_num": 36,
  "fd_perc": 17.142857142857142,
  "fwhm_avg": 1.8032693594635585,
  "fwhm_x": 1.6806666666666665,
  "fwhm_y": 1.93969,
  "fwhm_z": 1.789451411724009,
  "gcor": 0.00612839,
  "gsr_x": 0.001892094500362873,
  "gsr_y": 0.023197023198008537,
  "provenance": {
    "md5sum": "419d734f535f966475e9c607d8cd3d86",
    "settings": {
      "fd_thres": 0.2,
      "testing": false
    },
    "software": "mriqc",
    "version": "21.0.0rc2",
    "webapi_port": null,
    "webapi_url": "https://mriqc.nimh.nih.gov/api/v1"
  },
  "size_t": 210,
  "size_x": 64,
  "size_y": 64,
  "size_z": 24,
  "snr": 5.412070608800132,
  "spacing_tr": 2.0999999046325684,
  "spacing_x": 3.0,
  "spacing_y": 3.0,
  "spacing_z": 3.3000001907348633,
  "summary_bg_k": 34.726718286371785,
  "summary_bg_mad": 5.4573905362121415,
  "summary_bg_mean": 47.13108825683594,
  "summary_bg_median": 39.41428756713867,
  "summary_bg_n": 46393.0,
  "summary_bg_p05": 33.18571472167969,
  "summary_bg_p95": 85.23238525390626,
  "summary_bg_stdv": 24.779844284057617,
  "summary_fg_k": 2.405564007206877,
  "summary_fg_mad": 87.49117660915282,
  "summary_fg_mean": 563.5789794921875,
  "summary_fg_median": 548.1785888671875,
  "summary_fg_n": 28050.0,
  "summary_fg_p05": 439.88526611328126,
  "summary_fg_p95": 747.0569519042969,
  "summary_fg_stdv": 101.28633880615234,
  "tsnr": 29.89119496778585
}