{
  "aor": 0.0016342380952380953,
  "aqi": 0.048988662857142845,
  "bids_meta": {
    "AcquisitionMatrixPE": 64,
    "BandwidthPerPixelPhaseEncode": 33.245,
    "BaseResolution": 64,
    "BodyPartExamined": "HEAD",
    "DerivedVendorReportedEchoSpacing": 0.000469996,
    "DwellTime": 3e-06,
    "EchoTime": 0.05,
    "EffectiveEchoSpacing": 0.000469995,
    "FlipAngle": 90,
    "ImageType": [
      "ORIGINAL",
      "PRIMARY",
      "FMRI",
      "NONE",
      "ND",
      "MOSAIC"
    ],
    "InPlanePhaseEncodingDirectionDICOM": "COL",
    "Instructions": "During the main condition, participants were visually presented with already solved sums (arithmetic operations of addition, subtraction, multiplication, and division with simple and double-digit numbers). The control condition stimuli were digit lines with non-mathematical characters instead of arithmetic signs. Participants responded with one of three buttons on the MR-compatible response box, depending on whether the stimulus sum had been solved correctly, incorrectly or just had not been an arithmetic exercise.",
    "MRAcquisitionType": "2D",
    "MagneticFieldStrength": 1.5,
    "Manufacturer": "Siemens",
    "ManufacturersModelName": "Avanto",
    "NumberOfVolumesDiscardedByUser": 3,
    "PartialFourier": 1,
    "PatientPosition": "HFS",
    "PercentPhaseFOV": 100,
    "PhaseEncodingDirection": "j-",
    "PhaseEncodingSteps": 64,
    "PhaseResolution": 1,
    "PixelBandwidth": 2604,
    "ProcedureStepDescription": "head_NEURO",
    "PulseSequenceDetails": "%SiemensSeq%_ep2d_bold",
    "ReceiveCoilName": "HeadMatrix",
    "ReconMatrixPE": 64,
    "RepetitionTime": 2.1,
    "ScanOptions": "FS",
    "ScanningSequence": "EP",
    "SequenceName": "_epfid2d1_64",
    "SequenceVariant": "SK",
    "SliceThickness": 3,
    "SliceTiming": [
      1.055,
      0,
      1.1425,
      0.0875,
      1.23,
      0.175,
      1.3175,
      0.2625,
      1.405,
      0.35,
      1.4925,
      0.44,
      1.58,
      0.5275,
      1.6675,
      0.615,
      1.7575,
      0.7025,
      1.845,
      0.79,
      1.9325,
      0.8775,
      2.02,
      0.965
    ],
    "SoftwareVersions": "syngo_MR_B19",
    "SpacingBetweenSlices": 3.3,
    "TaskName": "arithm_run-01",
    "TotalReadoutTime": 0.0296097,
    "dataset": "ds002422",
    "modality": "bold",
    "run_id": 1,
    "subject_id": "18",
    "task_id": "arithm"
  },
  "dummy_trs": 0,
  "dvars_nstd": 56.43744071698565,
  "dvars_std": 1.006797309952153,
  "dvars_vstd": 0.9954732075119613,
  "efc": 0.6988808214507093,
  "fber": 140.5225830078125,
  "fd_mean": 0.4690226395737046,
  "fd_num": 152,
  "fd_perc": 72.38095238095238,
  "fwhm_avg": 1.663453644014501,
  "fwhm_x": 1.5458033333333334,
  "fwhm_y": 1.8560999999999999,
  "fwhm_z": 1.58845759871017,
  "gcor": 0.0063344,
  "gsr_x": -0.005361530929803848,
  "gsr_y": 0.06677097082138062,
  "provenance": {
    "md5sum": "e5968832db9f38f49f428977c86c8e7a",
    "settings": {
      "fd_thres": 0.2,
      "testing": false
    },
    "software": "mriqc",
    "version": "21.0.0rc2",
    "webapi_port": null,
    "webapi_url": "https://mriqc.nimh.nih.gov/api/v1"
  },
  "size_t": 210,
  "size_x": 64,
  "size_y": 64,
  "size_z": 24,
  "snr": 6.028609068718659,
  "spacing_tr": 2.0999999046325684,
  "spacing_x": 3.0,
  "spacing_y": 3.0,
  "spacing_z": 3.299999952316284,
  "summary_bg_k": 9.105883548267649,
  "summary_bg_mad": 9.873423589191546,
  "summary_bg_mean": 60.731876373291016,
  "summary_bg_median": 42.764286041259766,
  "summary_bg_n": 42902.0,
  "summary_bg_p05": 34.70476150512695,
  "summary_bg_p95": 141.42357482910154,
  "summary_bg_stdv": 38.71979522705078,
  "summary_fg_k": 1.1649901001469418,
  "summary_fg_mad": 79.28745639886955,
  "summary_fg_mean": 515.7288208007812,
  "summary_fg_median": 504.89288330078125,
  "summary_fg_n": 31180.0,
  "summary_fg_p05": 406.604052734375,
  "summary_fg_p95": 669.3507507324218,
  "summary_fg_stdv": 83.74813842773438,
  "tsnr": 23.062169989570975
}