{
  "aor": 0.00462505,
  "aqi": 0.011471298750000001,
  "bids_meta": {
    "AcquisitionMatrixPE": 64,
    "BandwidthPerPixelPhaseEncode": 34.722,
    "BaseResolution": 64,
    "BodyPartExamined": "HEAD",
    "DelayTime": 0.5,
    "DerivedVendorReportedEchoSpacing": 0.000450003,
    "DwellTime": 3e-06,
    "EchoTime": 0.05,
    "EffectiveEchoSpacing": 0.000450003,
    "FlipAngle": 90,
    "ImageType": [
      "ORIGINAL",
      "PRIMARY",
      "FMRI",
      "NONE",
      "ND",
      "MOSAIC"
    ],
    "InPlanePhaseEncodingDirectionDICOM": "COL",
    "Instructions": "Participants were asked to close their eyes, to not fall asleep, and to avoid consistent thinking about one topic during the period of scanning",
    "MRAcquisitionType": "2D",
    "MagneticFieldStrength": 1.5,
    "Manufacturer": "Siemens",
    "ManufacturersModelName": "Avanto",
    "NumberOfVolumesDiscardedByUser": 3,
    "PartialFourier": 1,
    "PatientPosition": "HFS",
    "PercentPhaseFOV": 100,
    "PhaseEncodingDirection": "j-",
    "PhaseEncodingSteps": 64,
    "PhaseResolution": 1,
    "PixelBandwidth": 2604,
    "ProcedureStepDescription": "head_NEURO",
    "PulseSequenceDetails": "%SiemensSeq%_ep2d_bold",
    "ReceiveCoilName": "HeadMatrix",
    "ReconMatrixPE": 64,
    "RepetitionTime": 3.56,
    "ScanOptions": "FS",
    "ScanningSequence": "EP",
    "SequenceName": "_epfid2d1_64",
    "SequenceVariant": "SK",
    "SliceThickness": 3.6,
    "SliceTiming": [
      1.535,
      0,
      1.62,
      0.085,
      1.705,
      0.17,
      1.79,
      0.255,
      1.8775,
      0.34,
      1.9625,
      0.425,
      2.0475,
      0.51,
      2.1325,
      0.5975,
      2.2175,
      0.6825,
      2.3025,
      0.7675,
      2.3875,
      0.8525,
      2.475,
      0.9375,
      2.56,
      1.0225,
      2.645,
      1.1075,
      2.73,
      1.1925,
      2.815,
      1.28,
      2.9,
      1.365,
      2.985,
      1.45
    ],
    "SoftwareVersions": "syngo_MR_B19",
    "SpacingBetweenSlices": 3.78,
    "TaskName": "rest",
    "TotalReadoutTime": 0.0283502,
    "dataset": "ds002422",
    "modality": "bold",
    "subject_id": "15",
    "task_id": "rest"
  },
  "dummy_trs": 0,
  "dvars_nstd": 34.12993235552763,
  "dvars_std": 1.120170715276382,
  "dvars_vstd": 1.0286305316080406,
  "efc": 0.512998515661933,
  "fber": 424.244873046875,
  "fd_mean": 0.12192853704678752,
  "fd_num": 21,
  "fd_perc": 10.5,
  "fwhm_avg": 1.6451696661232706,
  "fwhm_x": 1.6021814589245698,
  "fwhm_y": 1.6930365217391303,
  "fwhm_z": 1.6402910177061119,
  "gcor": 0.0080981,
  "gsr_x": 0.0004618799139279872,
  "gsr_y": 0.02133435569703579,
  "provenance": {
    "md5sum": "bd0cb1518b36366f401873e1f428fb7b",
    "settings": {
      "fd_thres": 0.2,
      "testing": false
    },
    "software": "mriqc",
    "version": "21.0.0rc2",
    "webapi_port": null,
    "webapi_url": "https://mriqc.nimh.nih.gov/api/v1"
  },
  "size_t": 200,
  "size_x": 64,
  "size_y": 64,
  "size_z": 36,
  "snr": 4.037516427818967,
  "spacing_tr": 3.559999942779541,
  "spacing_x": 3.593750238418579,
  "spacing_y": 3.59375,
  "spacing_z": 3.7799999713897705,
  "summary_bg_k": 227.57762195869438,
  "summary_bg_mad": 4.729499040988564,
  "summary_bg_mean": 38.48225784301758,
  "summary_bg_median": 27.94999885559082,
  "summary_bg_n": 95401.0,
  "summary_bg_p05": 22.994998931884766,
  "summary_bg_p95": 88.54999542236328,
  "summary_bg_stdv": 37.54246139526367,
  "summary_fg_k": 1.3691331171737948,
  "summary_fg_mad": 130.2540341951641,
  "summary_fg_mean": 602.7919921875,
  "summary_fg_median": 576.9299926757812,
  "summary_fg_n": 21930.0,
  "summary_fg_p05": 427.9239929199219,
  "summary_fg_p95": 880.8097137451172,
  "summary_fg_stdv": 142.8890380859375,
  "tsnr": 39.10756511660293
}