{
  "aor": 0.0004958571428571428,
  "aqi": 0.017323321904761903,
  "bids_meta": {
    "AcquisitionMatrixPE": 64,
    "BandwidthPerPixelPhaseEncode": 33.245,
    "BaseResolution": 64,
    "BodyPartExamined": "HEAD",
    "DerivedVendorReportedEchoSpacing": 0.000469996,
    "DwellTime": 3e-06,
    "EchoTime": 0.05,
    "EffectiveEchoSpacing": 0.000469995,
    "FlipAngle": 90,
    "ImageType": [
      "ORIGINAL",
      "PRIMARY",
      "FMRI",
      "NONE",
      "ND",
      "MOSAIC"
    ],
    "InPlanePhaseEncodingDirectionDICOM": "COL",
    "Instructions": "During the main condition, participants were visually presented with already solved sums (arithmetic operations of addition, subtraction, multiplication, and division with simple and double-digit numbers). The control condition stimuli were digit lines with non-mathematical characters instead of arithmetic signs. Participants responded with one of three buttons on the MR-compatible response box, depending on whether the stimulus sum had been solved correctly, incorrectly or just had not been an arithmetic exercise.",
    "MRAcquisitionType": "2D",
    "MagneticFieldStrength": 1.5,
    "Manufacturer": "Siemens",
    "ManufacturersModelName": "Avanto",
    "NumberOfVolumesDiscardedByUser": 3,
    "PartialFourier": 1,
    "PatientPosition": "HFS",
    "PercentPhaseFOV": 100,
    "PhaseEncodingDirection": "j-",
    "PhaseEncodingSteps": 64,
    "PhaseResolution": 1,
    "PixelBandwidth": 2604,
    "ProcedureStepDescription": "head_NEURO",
    "PulseSequenceDetails": "%SiemensSeq%_ep2d_bold",
    "ReceiveCoilName": "HeadMatrix",
    "ReconMatrixPE": 64,
    "RepetitionTime": 2.1,
    "ScanOptions": "FS",
    "ScanningSequence": "EP",
    "SequenceName": "_epfid2d1_64",
    "SequenceVariant": "SK",
    "SliceThickness": 3,
    "SliceTiming": [
      1.0525,
      0,
      1.1425,
      0.0875,
      1.23,
      0.175,
      1.3175,
      0.2625,
      1.405,
      0.35,
      1.4925,
      0.4375,
      1.58,
      0.5275,
      1.6675,
      0.615,
      1.755,
      0.7025,
      1.845,
      0.79,
      1.9325,
      0.8775,
      2.02,
      0.965
    ],
    "SoftwareVersions": "syngo_MR_B19",
    "SpacingBetweenSlices": 3.3,
    "TaskName": "arithm_run-01",
    "TotalReadoutTime": 0.0296097,
    "dataset": "ds002422",
    "modality": "bold",
    "run_id": 1,
    "subject_id": "15",
    "task_id": "arithm"
  },
  "dummy_trs": 0,
  "dvars_nstd": 48.52633413263159,
  "dvars_std": 1.030463655119617,
  "dvars_vstd": 1.01505512722488,
  "efc": 0.6470539004059479,
  "fber": 171.25308227539062,
  "fd_mean": 0.16635235925166325,
  "fd_num": 54,
  "fd_perc": 25.714285714285715,
  "fwhm_avg": 1.7161257078251984,
  "fwhm_x": 1.6142501282890738,
  "fwhm_y": 1.7700966666666667,
  "fwhm_z": 1.7640303285198549,
  "gcor": 0.00466521,
  "gsr_x": 0.011916875839233398,
  "gsr_y": 0.022162634879350662,
  "provenance": {
    "md5sum": "47a5241c03a9675303b83578a2aac793",
    "settings": {
      "fd_thres": 0.2,
      "testing": false
    },
    "software": "mriqc",
    "version": "21.0.0rc2",
    "webapi_port": null,
    "webapi_url": "https://mriqc.nimh.nih.gov/api/v1"
  },
  "size_t": 210,
  "size_x": 64,
  "size_y": 64,
  "size_z": 24,
  "snr": 5.245328379897095,
  "spacing_tr": 2.0999999046325684,
  "spacing_x": 2.999999761581421,
  "spacing_y": 3.0,
  "spacing_z": 3.299999952316284,
  "summary_bg_k": 36.22560122801331,
  "summary_bg_mad": 4.7231477138882605,
  "summary_bg_mean": 50.189239501953125,
  "summary_bg_median": 40.30476379394531,
  "summary_bg_n": 47968.0,
  "summary_bg_p05": 36.23809814453125,
  "summary_bg_p95": 97.893095779419,
  "summary_bg_stdv": 26.869338989257812,
  "summary_fg_k": 1.118472732510809,
  "summary_fg_mad": 95.21131367394695,
  "summary_fg_mean": 538.2094116210938,
  "summary_fg_median": 522.1476440429688,
  "summary_fg_n": 26414.0,
  "summary_fg_p05": 416.5776306152344,
  "summary_fg_p95": 726.5047607421875,
  "summary_fg_stdv": 99.54338836669922,
  "tsnr": 30.29523336328566
}