{
  "bids_meta": {
    "AcquisitionMatrixPE": 246,
    "BaseResolution": 256,
    "CoilString": "T:HE1-4;NE2",
    "DwellTime": 1.5e-05,
    "EchoTime": 0.00291,
    "FlipAngle": 15,
    "ImagingFrequency": 63.6572,
    "InversionTime": 1.1,
    "MagneticFieldStrength": 1.5,
    "Manufacturer": "Siemens",
    "ManufacturersModelName": "Avanto",
    "PartialFourier": 1,
    "PercentPhaseFOV": 100,
    "PhaseEncodingSteps": 307,
    "PhaseOversampling": 0.25,
    "PhaseResolution": 0.96,
    "PixelBandwidth": 130,
    "ProtocolName": "t1_mpr_ns_sag_p2_iso",
    "PulseSequenceDetails": "%SiemensSeq%_tfl",
    "ReceiveCoilName": "NeckMatrix",
    "ReconMatrixPE": 256,
    "RepetitionTime": 1.9,
    "ScanOptions": "IR",
    "ScanningSequence": "GR_IR",
    "SequenceName": "_tfl3d1_ns",
    "SequenceVariant": "SP_MP_OSP",
    "SeriesDescription": "t1_mpr_ns_sag_p2_iso",
    "SliceThickness": 1,
    "SoftwareVersions": "syngo_MR_B19",
    "dataset": "ds002422",
    "modality": "T1w",
    "subject_id": "46"
  },
  "cjv": 0.6577210066825444,
  "cnr": 2.0832746815409324,
  "efc": 0.6208860721837156,
  "fber": 1254.527099609375,
  "fwhm_avg": 3.577221989145763,
  "fwhm_x": 3.480220207437289,
  "fwhm_y": 3.58177792,
  "fwhm_z": 3.6696678400000002,
  "icvs_csf": 0.19525888831454216,
  "icvs_gm": 0.42391974462338305,
  "icvs_wm": 0.38082136706207476,
  "inu_med": 1.425482153892517,
  "inu_range": 0.29628849029541016,
  "provenance": {
    "md5sum": "61829a2fff75dcc5f684e6250da606c1",
    "settings": {
      "testing": false
    },
    "software": "mriqc",
    "version": "21.0.0rc2",
    "warnings": {
      "large_rot_frame": true,
      "small_air_mask": false
    },
    "webapi_port": null,
    "webapi_url": "https://mriqc.nimh.nih.gov/api/v1"
  },
  "qi_1": 0.0,
  "qi_2": 0.0032747733882435986,
  "rpve_csf": 22.269697854612,
  "rpve_gm": 10.92366221814757,
  "rpve_wm": 14.226042111102956,
  "size_x": 176,
  "size_y": 256,
  "size_z": 256,
  "snr_csf": 3.0085317696967704,
  "snr_gm": 12.687633865804447,
  "snr_total": 10.996378220225509,
  "snr_wm": 17.292969025175314,
  "snrd_csf": 23.52407862388145,
  "snrd_gm": 50.5954855370017,
  "snrd_total": 45.332146618112716,
  "snrd_wm": 61.876875693455,
  "spacing_x": 0.9999999403953552,
  "spacing_y": 0.9765625,
  "spacing_z": 0.9765625,
  "summary_bg_k": 2.337313554457878,
  "summary_bg_mad": 10.58816563160283,
  "summary_bg_mean": 19.4371337890625,
  "summary_bg_median": 16.553665161132812,
  "summary_bg_n": 1760721.0,
  "summary_bg_p05": 2.400010585784912,
  "summary_bg_p95": 43.187583923339844,
  "summary_bg_stdv": 12.723672866821289,
  "summary_csf_k": 2.497846846772039,
  "summary_csf_mad": 119.76532932792986,
  "summary_csf_mean": 403.36431884765625,
  "summary_csf_median": 380.1908264160156,
  "summary_csf_n": 32123.0,
  "summary_csf_p05": 236.3191940307617,
  "summary_csf_p95": 637.4974548339843,
  "summary_csf_stdv": 126.3689193725586,
  "summary_gm_k": 0.08974722002247093,
  "summary_gm_mad": 62.500225847012274,
  "summary_gm_mean": 819.5271606445312,
  "summary_gm_median": 817.7127685546875,
  "summary_gm_n": 22791.0,
  "summary_gm_p05": 715.3132019042969,
  "summary_gm_p95": 928.7474060058594,
  "summary_gm_stdv": 64.44817352294922,
  "summary_wm_k": 0.26845728006191605,
  "summary_wm_mad": 57.42025005706675,
  "summary_wm_mean": 1003.6376953125,
  "summary_wm_median": 1000.0400390625,
  "summary_wm_n": 259939.0,
  "summary_wm_p05": 914.93798828125,
  "summary_wm_p95": 1103.2593627929687,
  "summary_wm_stdv": 57.82917404174805,
  "tpm_overlap_csf": 0.18218110501766205,
  "tpm_overlap_gm": 0.47110018134117126,
  "tpm_overlap_wm": 0.5291279554367065,
  "wm2max": 0.5073273863644296
}