{
  "aor": 0.00034171428571428574,
  "aqi": 0.012491427142857142,
  "bids_meta": {
    "AcquisitionMatrixPE": 64,
    "BandwidthPerPixelPhaseEncode": 33.245,
    "BaseResolution": 64,
    "BodyPartExamined": "HEAD",
    "DerivedVendorReportedEchoSpacing": 0.000469996,
    "DwellTime": 3e-06,
    "EchoTime": 0.05,
    "EffectiveEchoSpacing": 0.000469995,
    "FlipAngle": 90,
    "ImageType": [
      "ORIGINAL",
      "PRIMARY",
      "FMRI",
      "NONE",
      "ND",
      "MOSAIC"
    ],
    "InPlanePhaseEncodingDirectionDICOM": "COL",
    "Instructions": "During the main condition, participants were visually presented with already solved sums (arithmetic operations of addition, subtraction, multiplication, and division with simple and double-digit numbers). The control condition stimuli were digit lines with non-mathematical characters instead of arithmetic signs. Participants responded with one of three buttons on the MR-compatible response box, depending on whether the stimulus sum had been solved correctly, incorrectly or just had not been an arithmetic exercise.",
    "MRAcquisitionType": "2D",
    "MagneticFieldStrength": 1.5,
    "Manufacturer": "Siemens",
    "ManufacturersModelName": "Avanto",
    "NumberOfVolumesDiscardedByUser": 3,
    "PartialFourier": 1,
    "PatientPosition": "HFS",
    "PercentPhaseFOV": 100,
    "PhaseEncodingDirection": "j-",
    "PhaseEncodingSteps": 64,
    "PhaseResolution": 1,
    "PixelBandwidth": 2604,
    "ProcedureStepDescription": "head_NEURO",
    "PulseSequenceDetails": "%SiemensSeq%_ep2d_bold",
    "ReceiveCoilName": "HeadMatrix",
    "ReconMatrixPE": 64,
    "RepetitionTime": 2.1,
    "ScanOptions": "FS",
    "ScanningSequence": "EP",
    "SequenceName": "_epfid2d1_64",
    "SequenceVariant": "SK",
    "SliceThickness": 3,
    "SliceTiming": [
      1.055,
      0,
      1.1425,
      0.0875,
      1.23,
      0.1775,
      1.3175,
      0.265,
      1.405,
      0.3525,
      1.495,
      0.44,
      1.5825,
      0.5275,
      1.67,
      0.615,
      1.7575,
      0.7025,
      1.845,
      0.79,
      1.9325,
      0.88,
      2.02,
      0.9675
    ],
    "SoftwareVersions": "syngo_MR_B19",
    "SpacingBetweenSlices": 3.3,
    "TaskName": "arithm_run-01",
    "TotalReadoutTime": 0.0296097,
    "dataset": "ds002422",
    "modality": "bold",
    "run_id": 1,
    "subject_id": "21",
    "task_id": "arithm"
  },
  "dummy_trs": 0,
  "dvars_nstd": 40.18305359622011,
  "dvars_std": 1.0161141413397126,
  "dvars_vstd": 1.0141029504306227,
  "efc": 0.6904535448976811,
  "fber": 141.362060546875,
  "fd_mean": 0.03169364810342356,
  "fd_num": 0,
  "fd_perc": 0.0,
  "fwhm_avg": 1.9050302112745066,
  "fwhm_x": 1.7837433333333335,
  "fwhm_y": 2.009986666666667,
  "fwhm_z": 1.9213606338235196,
  "gcor": 0.00395525,
  "gsr_x": -0.017436109483242035,
  "gsr_y": 0.06220637261867523,
  "provenance": {
    "md5sum": "521a0c87684e2e5beb8ffe26c7478ac3",
    "settings": {
      "fd_thres": 0.2,
      "testing": false
    },
    "software": "mriqc",
    "version": "21.0.0rc2",
    "webapi_port": null,
    "webapi_url": "https://mriqc.nimh.nih.gov/api/v1"
  },
  "size_t": 210,
  "size_x": 64,
  "size_y": 64,
  "size_z": 24,
  "snr": 5.4861425696645485,
  "spacing_tr": 2.0999999046325684,
  "spacing_x": 3.0,
  "spacing_y": 3.0,
  "spacing_z": 3.299999952316284,
  "summary_bg_k": 10.14426288637593,
  "summary_bg_mad": 12.383261061393414,
  "summary_bg_mean": 63.34143829345703,
  "summary_bg_median": 45.62857437133789,
  "summary_bg_n": 43297.0,
  "summary_bg_p05": 36.71904754638672,
  "summary_bg_p95": 147.1428680419922,
  "summary_bg_stdv": 39.993709564208984,
  "summary_fg_k": 1.064823498653543,
  "summary_fg_mad": 94.2440568921106,
  "summary_fg_mean": 555.9315185546875,
  "summary_fg_median": 547.1666870117188,
  "summary_fg_n": 30201.0,
  "summary_fg_p05": 416.8905029296875,
  "summary_fg_p95": 735.9000244140625,
  "summary_fg_stdv": 99.73448944091797,
  "tsnr": 34.92817057884531
}