{
  "aor": 0.0003585714285714286,
  "aqi": 0.012553873333333333,
  "bids_meta": {
    "AcquisitionMatrixPE": 64,
    "BandwidthPerPixelPhaseEncode": 33.245,
    "BaseResolution": 64,
    "BodyPartExamined": "HEAD",
    "DerivedVendorReportedEchoSpacing": 0.000469996,
    "DwellTime": 3e-06,
    "EchoTime": 0.05,
    "EffectiveEchoSpacing": 0.000469995,
    "FlipAngle": 90,
    "ImageType": [
      "ORIGINAL",
      "PRIMARY",
      "FMRI",
      "NONE",
      "ND",
      "MOSAIC"
    ],
    "InPlanePhaseEncodingDirectionDICOM": "COL",
    "Instructions": "During the main condition, participants were visually presented with already solved sums (arithmetic operations of addition, subtraction, multiplication, and division with simple and double-digit numbers). The control condition stimuli were digit lines with non-mathematical characters instead of arithmetic signs. Participants responded with one of three buttons on the MR-compatible response box, depending on whether the stimulus sum had been solved correctly, incorrectly or just had not been an arithmetic exercise.",
    "MRAcquisitionType": "2D",
    "MagneticFieldStrength": 1.5,
    "Manufacturer": "Siemens",
    "ManufacturersModelName": "Avanto",
    "NumberOfVolumesDiscardedByUser": 3,
    "PartialFourier": 1,
    "PatientPosition": "HFS",
    "PercentPhaseFOV": 100,
    "PhaseEncodingDirection": "j-",
    "PhaseEncodingSteps": 64,
    "PhaseResolution": 1,
    "PixelBandwidth": 2604,
    "ProcedureStepDescription": "head_NEURO",
    "PulseSequenceDetails": "%SiemensSeq%_ep2d_bold",
    "ReceiveCoilName": "HeadMatrix",
    "ReconMatrixPE": 64,
    "RepetitionTime": 2.1,
    "ScanOptions": "FS",
    "ScanningSequence": "EP",
    "SequenceName": "_epfid2d1_64",
    "SequenceVariant": "SK",
    "SliceThickness": 3,
    "SliceTiming": [
      1.055,
      0,
      1.1425,
      0.0875,
      1.23,
      0.175,
      1.3175,
      0.265,
      1.405,
      0.3525,
      1.4925,
      0.44,
      1.5825,
      0.5275,
      1.67,
      0.615,
      1.7575,
      0.7025,
      1.845,
      0.79,
      1.9325,
      0.8775,
      2.02,
      0.9675
    ],
    "SoftwareVersions": "syngo_MR_B19",
    "SpacingBetweenSlices": 3.3,
    "TaskName": "arithm_run-02",
    "TotalReadoutTime": 0.0296097,
    "dataset": "ds002422",
    "modality": "bold",
    "run_id": 2,
    "subject_id": "21",
    "task_id": "arithm"
  },
  "dummy_trs": 0,
  "dvars_nstd": 40.661228471961735,
  "dvars_std": 1.0194447400478466,
  "dvars_vstd": 1.013322869712919,
  "efc": 0.6910765733888979,
  "fber": 140.23597717285156,
  "fd_mean": 0.03890034080963551,
  "fd_num": 0,
  "fd_perc": 0.0,
  "fwhm_avg": 1.915255665868462,
  "fwhm_x": 1.7888666666666666,
  "fwhm_y": 2.02547,
  "fwhm_z": 1.9314303309387195,
  "gcor": 0.00496446,
  "gsr_x": -0.018092872574925423,
  "gsr_y": 0.06388214975595474,
  "provenance": {
    "md5sum": "b9a49d39294536e86f917f68e705cb2a",
    "settings": {
      "fd_thres": 0.2,
      "testing": false
    },
    "software": "mriqc",
    "version": "21.0.0rc2",
    "webapi_port": null,
    "webapi_url": "https://mriqc.nimh.nih.gov/api/v1"
  },
  "size_t": 210,
  "size_x": 64,
  "size_y": 64,
  "size_z": 24,
  "snr": 5.486160679899156,
  "spacing_tr": 2.0999999046325684,
  "spacing_x": 3.0,
  "spacing_y": 3.0,
  "spacing_z": 3.299999952316284,
  "summary_bg_k": 9.360659526097837,
  "summary_bg_mad": 12.969240268459556,
  "summary_bg_mean": 63.81908416748047,
  "summary_bg_median": 45.79523849487305,
  "summary_bg_n": 43299.0,
  "summary_bg_p05": 36.35714340209961,
  "summary_bg_p95": 149.0923889160156,
  "summary_bg_stdv": 40.71937561035156,
  "summary_fg_k": 1.0567957045557685,
  "summary_fg_mad": 94.31473025225789,
  "summary_fg_mean": 556.4273071289062,
  "summary_fg_median": 547.2571411132812,
  "summary_fg_n": 30217.0,
  "summary_fg_p05": 416.925732421875,
  "summary_fg_p95": 735.2542968749999,
  "summary_fg_stdv": 99.75064849853516,
  "tsnr": 34.76026771729812
}