{
  "aor": 0.0005345500000000001,
  "aqi": 0.0051904828,
  "bids_meta": {
    "AcquisitionMatrixPE": 64,
    "BandwidthPerPixelPhaseEncode": 34.722,
    "BaseResolution": 64,
    "BodyPartExamined": "HEAD",
    "DelayTime": 0.5,
    "DerivedVendorReportedEchoSpacing": 0.000450003,
    "DwellTime": 3e-06,
    "EchoTime": 0.05,
    "EffectiveEchoSpacing": 0.000450003,
    "FlipAngle": 90,
    "ImageType": [
      "ORIGINAL",
      "PRIMARY",
      "FMRI",
      "NONE",
      "ND",
      "MOSAIC"
    ],
    "InPlanePhaseEncodingDirectionDICOM": "COL",
    "Instructions": "Participants were asked to close their eyes, to not fall asleep, and to avoid consistent thinking about one topic during the period of scanning",
    "MRAcquisitionType": "2D",
    "MagneticFieldStrength": 1.5,
    "Manufacturer": "Siemens",
    "ManufacturersModelName": "Avanto",
    "NumberOfVolumesDiscardedByUser": 3,
    "PartialFourier": 1,
    "PatientPosition": "HFS",
    "PercentPhaseFOV": 100,
    "PhaseEncodingDirection": "j-",
    "PhaseEncodingSteps": 64,
    "PhaseResolution": 1,
    "PixelBandwidth": 2604,
    "ProcedureStepDescription": "head_NEURO",
    "PulseSequenceDetails": "%SiemensSeq%_ep2d_bold",
    "ReceiveCoilName": "HeadMatrix",
    "ReconMatrixPE": 64,
    "RepetitionTime": 3.56,
    "ScanOptions": "FS",
    "ScanningSequence": "EP",
    "SequenceName": "_epfid2d1_64",
    "SequenceVariant": "SK",
    "SliceThickness": 3.6,
    "SliceTiming": [
      1.5375,
      0,
      1.6225,
      0.085,
      1.7075,
      0.1725,
      1.7925,
      0.2575,
      1.8775,
      0.3425,
      1.9625,
      0.4275,
      2.05,
      0.5125,
      2.135,
      0.5975,
      2.22,
      0.6825,
      2.305,
      0.77,
      2.39,
      0.855,
      2.475,
      0.94,
      2.56,
      1.025,
      2.6475,
      1.11,
      2.7325,
      1.195,
      2.8175,
      1.28,
      2.9025,
      1.3675,
      2.9875,
      1.4525
    ],
    "SoftwareVersions": "syngo_MR_B19",
    "SpacingBetweenSlices": 3.78,
    "TaskName": "rest",
    "TotalReadoutTime": 0.0283502,
    "dataset": "ds002422",
    "modality": "bold",
    "subject_id": "21",
    "task_id": "rest"
  },
  "dummy_trs": 0,
  "dvars_nstd": 27.36021672532665,
  "dvars_std": 1.0991576872361808,
  "dvars_vstd": 1.002074210502512,
  "efc": 0.5122773806761787,
  "fber": 613.938232421875,
  "fd_mean": 0.05558920547137901,
  "fd_num": 1,
  "fd_perc": 0.5,
  "fwhm_avg": 1.7727808130995326,
  "fwhm_x": 1.7398427826086955,
  "fwhm_y": 1.8342455652173915,
  "fwhm_z": 1.744254091472511,
  "gcor": 0.0182791,
  "gsr_x": -0.014701423235237598,
  "gsr_y": 0.03228415921330452,
  "provenance": {
    "md5sum": "0fb204ff214929cf8c0933ca8cc2c272",
    "settings": {
      "fd_thres": 0.2,
      "testing": false
    },
    "software": "mriqc",
    "version": "21.0.0rc2",
    "webapi_port": null,
    "webapi_url": "https://mriqc.nimh.nih.gov/api/v1"
  },
  "size_t": 200,
  "size_x": 64,
  "size_y": 64,
  "size_z": 36,
  "snr": 4.634021224674144,
  "spacing_tr": 3.559999942779541,
  "spacing_x": 3.59375,
  "spacing_y": 3.59375,
  "spacing_z": 3.7799997329711914,
  "summary_bg_k": 186.13857800270455,
  "summary_bg_mad": 4.114223418624497,
  "summary_bg_mean": 37.96550369262695,
  "summary_bg_median": 24.260000228881836,
  "summary_bg_n": 94240.0,
  "summary_bg_p05": 21.05500030517578,
  "summary_bg_p95": 95.16525077819826,
  "summary_bg_stdv": 47.48308181762695,
  "summary_fg_k": 2.0292040802581566,
  "summary_fg_mad": 115.80603756966663,
  "summary_fg_mean": 620.9974975585938,
  "summary_fg_median": 604.9249877929688,
  "summary_fg_n": 22464.0,
  "summary_fg_p05": 447.3722427368164,
  "summary_fg_p95": 857.8407348632811,
  "summary_fg_stdv": 130.5370635986328,
  "tsnr": 58.03154593706131
}