{
  "bids_meta": {
    "AcquisitionMatrixPE": 246,
    "BaseResolution": 256,
    "CoilString": "T:HE1-4;NE2",
    "DwellTime": 1.5e-05,
    "EchoTime": 0.00291,
    "FlipAngle": 15,
    "ImagingFrequency": 63.6572,
    "InversionTime": 1.1,
    "MagneticFieldStrength": 1.5,
    "Manufacturer": "Siemens",
    "ManufacturersModelName": "Avanto",
    "PartialFourier": 1,
    "PercentPhaseFOV": 100,
    "PhaseEncodingSteps": 307,
    "PhaseOversampling": 0.25,
    "PhaseResolution": 0.96,
    "PixelBandwidth": 130,
    "ProtocolName": "t1_mpr_ns_sag_p2_iso",
    "PulseSequenceDetails": "%SiemensSeq%_tfl",
    "ReceiveCoilName": "NeckMatrix",
    "ReconMatrixPE": 256,
    "RepetitionTime": 1.9,
    "ScanOptions": "IR",
    "ScanningSequence": "GR_IR",
    "SequenceName": "_tfl3d1_ns",
    "SequenceVariant": "SP_MP_OSP",
    "SeriesDescription": "t1_mpr_ns_sag_p2_iso",
    "SliceThickness": 1,
    "SoftwareVersions": "syngo_MR_B19",
    "dataset": "ds002422",
    "modality": "T1w",
    "subject_id": "16"
  },
  "cjv": 0.5350734068100856,
  "cnr": 2.4813620734100077,
  "efc": 0.5471818987722862,
  "fber": 1514.2972412109375,
  "fwhm_avg": 3.5131200867883727,
  "fwhm_x": 3.4848602077138544,
  "fwhm_y": 3.484078292651263,
  "fwhm_z": 3.5704217600000003,
  "icvs_csf": 0.2145252694498663,
  "icvs_gm": 0.417490034246039,
  "icvs_wm": 0.3679846963040947,
  "inu_med": 1.3448294401168823,
  "inu_range": 0.19145429134368896,
  "provenance": {
    "md5sum": "918f41922ba63b621097b3c1c2978657",
    "settings": {
      "testing": false
    },
    "software": "mriqc",
    "version": "21.0.0rc2",
    "warnings": {
      "large_rot_frame": true,
      "small_air_mask": false
    },
    "webapi_port": null,
    "webapi_url": "https://mriqc.nimh.nih.gov/api/v1"
  },
  "qi_1": 0.0,
  "qi_2": 0.0025158917155202218,
  "rpve_csf": 26.34867831180714,
  "rpve_gm": 13.80615177532014,
  "rpve_wm": 18.22226746664461,
  "size_x": 176,
  "size_y": 256,
  "size_z": 256,
  "snr_csf": 2.8135318085212977,
  "snr_gm": 13.562354755063458,
  "snr_total": 12.424180383265734,
  "snr_wm": 20.896654586212442,
  "snrd_csf": 21.785442924145134,
  "snrd_gm": 48.54911058987311,
  "snrd_total": 43.46968271479394,
  "snrd_wm": 60.07449463036359,
  "spacing_x": 0.9999999403953552,
  "spacing_y": 0.9765624403953552,
  "spacing_z": 0.9765625,
  "summary_bg_k": 4.262160311356602,
  "summary_bg_mad": 10.905821063556381,
  "summary_bg_mean": 16.932714462280273,
  "summary_bg_median": 14.861024856567383,
  "summary_bg_n": 2313958.0,
  "summary_bg_p05": 3.704767906665802,
  "summary_bg_p95": 39.07620410919189,
  "summary_bg_stdv": 11.72286605834961,
  "summary_csf_k": 2.7563559983352937,
  "summary_csf_mad": 121.7315146919246,
  "summary_csf_mean": 399.64801025390625,
  "summary_csf_median": 362.65447998046875,
  "summary_csf_n": 35848.0,
  "summary_csf_p05": 238.90715560913085,
  "summary_csf_p95": 624.2253326416017,
  "summary_csf_stdv": 128.8947296142578,
  "summary_gm_k": 0.4241701902395443,
  "summary_gm_mad": 56.141071287486966,
  "summary_gm_mean": 810.1052856445312,
  "summary_gm_median": 808.1796875,
  "summary_gm_n": 15940.0,
  "summary_gm_p05": 715.4009429931641,
  "summary_gm_p95": 913.1538513183593,
  "summary_gm_stdv": 59.58805465698242,
  "summary_wm_k": 0.2894496763447725,
  "summary_wm_mad": 46.517549514193895,
  "summary_wm_mean": 1001.536865234375,
  "summary_wm_median": 1000.0386352539062,
  "summary_wm_n": 185557.0,
  "summary_wm_p05": 925.5350341796875,
  "summary_wm_p95": 1082.59912109375,
  "summary_wm_stdv": 47.85626983642578,
  "tpm_overlap_csf": 0.17173440754413605,
  "tpm_overlap_gm": 0.4405972361564636,
  "tpm_overlap_wm": 0.4998891353607178,
  "wm2max": 0.5102660110024939
}