{
  "aor": 0.0005294285714285714,
  "aqi": 0.020425450952380957,
  "bids_meta": {
    "AcquisitionMatrixPE": 64,
    "BandwidthPerPixelPhaseEncode": 33.245,
    "BaseResolution": 64,
    "BodyPartExamined": "HEAD",
    "DerivedVendorReportedEchoSpacing": 0.000469996,
    "DwellTime": 3e-06,
    "EchoTime": 0.05,
    "EffectiveEchoSpacing": 0.000469995,
    "FlipAngle": 90,
    "ImageType": [
      "ORIGINAL",
      "PRIMARY",
      "FMRI",
      "NONE",
      "ND",
      "MOSAIC"
    ],
    "InPlanePhaseEncodingDirectionDICOM": "COL",
    "Instructions": "During the main condition, participants were visually presented with already solved sums (arithmetic operations of addition, subtraction, multiplication, and division with simple and double-digit numbers). The control condition stimuli were digit lines with non-mathematical characters instead of arithmetic signs. Participants responded with one of three buttons on the MR-compatible response box, depending on whether the stimulus sum had been solved correctly, incorrectly or just had not been an arithmetic exercise.",
    "MRAcquisitionType": "2D",
    "MagneticFieldStrength": 1.5,
    "Manufacturer": "Siemens",
    "ManufacturersModelName": "Avanto",
    "NumberOfVolumesDiscardedByUser": 3,
    "PartialFourier": 1,
    "PatientPosition": "HFS",
    "PercentPhaseFOV": 100,
    "PhaseEncodingDirection": "j-",
    "PhaseEncodingSteps": 64,
    "PhaseResolution": 1,
    "PixelBandwidth": 2604,
    "ProcedureStepDescription": "head_NEURO",
    "PulseSequenceDetails": "%SiemensSeq%_ep2d_bold",
    "ReceiveCoilName": "HeadMatrix",
    "ReconMatrixPE": 64,
    "RepetitionTime": 2.1,
    "ScanOptions": "FS",
    "ScanningSequence": "EP",
    "SequenceName": "_epfid2d1_64",
    "SequenceVariant": "SK",
    "SliceThickness": 3,
    "SliceTiming": [
      1.0525,
      0,
      1.14,
      0.0875,
      1.23,
      0.175,
      1.3175,
      0.2625,
      1.405,
      0.35,
      1.4925,
      0.4375,
      1.58,
      0.525,
      1.6675,
      0.615,
      1.755,
      0.7025,
      1.8425,
      0.79,
      1.9325,
      0.8775,
      2.02,
      0.965
    ],
    "SoftwareVersions": "syngo_MR_B19",
    "SpacingBetweenSlices": 3.3,
    "TaskName": "arithm_run-01",
    "TotalReadoutTime": 0.0296097,
    "dataset": "ds002422",
    "modality": "bold",
    "run_id": 1,
    "subject_id": "32",
    "task_id": "arithm"
  },
  "dummy_trs": 0,
  "dvars_nstd": 41.35419354593302,
  "dvars_std": 1.0166241899043056,
  "dvars_vstd": 1.0106566144497613,
  "efc": 0.6506721800258464,
  "fber": 223.69358825683594,
  "fd_mean": 0.11161454931745504,
  "fd_num": 21,
  "fd_perc": 10.0,
  "fwhm_avg": 1.7288463235614593,
  "fwhm_x": 1.5071633333333334,
  "fwhm_y": 1.8460998532851651,
  "fwhm_z": 1.8332757840658793,
  "gcor": 0.0198733,
  "gsr_x": -0.0113423066213727,
  "gsr_y": 0.06929883360862732,
  "provenance": {
    "md5sum": "ecd999645cef1c115aa743ffa6593f59",
    "settings": {
      "fd_thres": 0.2,
      "testing": false
    },
    "software": "mriqc",
    "version": "21.0.0rc2",
    "webapi_port": null,
    "webapi_url": "https://mriqc.nimh.nih.gov/api/v1"
  },
  "size_t": 210,
  "size_x": 64,
  "size_y": 64,
  "size_z": 24,
  "snr": 5.9375735015615625,
  "spacing_tr": 2.0999999046325684,
  "spacing_x": 3.0,
  "spacing_y": 3.000000238418579,
  "spacing_z": 3.299999952316284,
  "summary_bg_k": 13.289065652623233,
  "summary_bg_mad": 3.3958617418906885,
  "summary_bg_mean": 51.84101104736328,
  "summary_bg_median": 36.68571472167969,
  "summary_bg_n": 48014.0,
  "summary_bg_p05": 33.876190185546875,
  "summary_bg_p95": 122.91119689941405,
  "summary_bg_stdv": 34.02779006958008,
  "summary_fg_k": 1.0799292616281155,
  "summary_fg_mad": 92.87443250989678,
  "summary_fg_mean": 557.9716186523438,
  "summary_fg_median": 547.6476440429688,
  "summary_fg_n": 26543.0,
  "summary_fg_p05": 435.91478271484374,
  "summary_fg_p95": 721.9024047851562,
  "summary_fg_stdv": 92.23251342773438,
  "tsnr": 31.883384173503146
}