{
  "aor": 0.006138049999999999,
  "aqi": 0.014888899799999999,
  "bids_meta": {
    "AcquisitionMatrixPE": 64,
    "BandwidthPerPixelPhaseEncode": 34.722,
    "BaseResolution": 64,
    "BodyPartExamined": "HEAD",
    "DelayTime": 0.5,
    "DerivedVendorReportedEchoSpacing": 0.000450003,
    "DwellTime": 3e-06,
    "EchoTime": 0.05,
    "EffectiveEchoSpacing": 0.000450003,
    "FlipAngle": 90,
    "ImageType": [
      "ORIGINAL",
      "PRIMARY",
      "FMRI",
      "NONE",
      "ND",
      "MOSAIC"
    ],
    "InPlanePhaseEncodingDirectionDICOM": "COL",
    "Instructions": "Participants were asked to close their eyes, to not fall asleep, and to avoid consistent thinking about one topic during the period of scanning",
    "MRAcquisitionType": "2D",
    "MagneticFieldStrength": 1.5,
    "Manufacturer": "Siemens",
    "ManufacturersModelName": "Avanto",
    "NumberOfVolumesDiscardedByUser": 3,
    "PartialFourier": 1,
    "PatientPosition": "HFS",
    "PercentPhaseFOV": 100,
    "PhaseEncodingDirection": "j-",
    "PhaseEncodingSteps": 64,
    "PhaseResolution": 1,
    "PixelBandwidth": 2604,
    "ProcedureStepDescription": "head_NEURO",
    "PulseSequenceDetails": "%SiemensSeq%_ep2d_bold",
    "ReceiveCoilName": "HeadMatrix",
    "ReconMatrixPE": 64,
    "RepetitionTime": 3.56,
    "ScanOptions": "FS",
    "ScanningSequence": "EP",
    "SequenceName": "_epfid2d1_64",
    "SequenceVariant": "SK",
    "SliceThickness": 3.6,
    "SliceTiming": [
      1.5375,
      0,
      1.6225,
      0.085,
      1.7075,
      0.1725,
      1.7925,
      0.2575,
      1.8775,
      0.3425,
      1.9625,
      0.4275,
      2.05,
      0.5125,
      2.135,
      0.5975,
      2.22,
      0.6825,
      2.305,
      0.7675,
      2.39,
      0.855,
      2.475,
      0.94,
      2.56,
      1.025,
      2.645,
      1.11,
      2.7325,
      1.195,
      2.8175,
      1.28,
      2.9025,
      1.365,
      2.9875,
      1.4525
    ],
    "SoftwareVersions": "syngo_MR_B19",
    "SpacingBetweenSlices": 3.78,
    "TaskName": "rest",
    "TotalReadoutTime": 0.0283502,
    "dataset": "ds002422",
    "modality": "bold",
    "subject_id": "02",
    "task_id": "rest"
  },
  "dummy_trs": 0,
  "dvars_nstd": 39.886193318542716,
  "dvars_std": 1.2045952187939697,
  "dvars_vstd": 1.0221903231658291,
  "efc": 0.5007121362728202,
  "fber": 679.03515625,
  "fd_mean": 0.24294715486778612,
  "fd_num": 74,
  "fd_perc": 37.0,
  "fwhm_avg": 2.04835049260538,
  "fwhm_x": 1.9556840441679553,
  "fwhm_y": 2.1813092173913042,
  "fwhm_z": 2.00805821625688,
  "gcor": 0.00949668,
  "gsr_x": -0.008591105230152607,
  "gsr_y": 0.01706787385046482,
  "provenance": {
    "md5sum": "bd1928ac73f64559fa7b1865bc0f3b26",
    "settings": {
      "fd_thres": 0.2,
      "testing": false
    },
    "software": "mriqc",
    "version": "21.0.0rc2",
    "webapi_port": null,
    "webapi_url": "https://mriqc.nimh.nih.gov/api/v1"
  },
  "size_t": 200,
  "size_x": 64,
  "size_y": 64,
  "size_z": 36,
  "snr": 3.681782005049489,
  "spacing_tr": 3.559999942779541,
  "spacing_x": 3.593750238418579,
  "spacing_y": 3.59375,
  "spacing_z": 3.7799999713897705,
  "summary_bg_k": 104.00082293362036,
  "summary_bg_mad": 4.344024952675704,
  "summary_bg_mean": 34.7142219543457,
  "summary_bg_median": 24.354999542236328,
  "summary_bg_n": 93026.0,
  "summary_bg_p05": 20.225000381469727,
  "summary_bg_p95": 84.19249725341797,
  "summary_bg_stdv": 35.077335357666016,
  "summary_fg_k": 0.16275716630870063,
  "summary_fg_mad": 137.08880870466902,
  "summary_fg_mean": 681.404541015625,
  "summary_fg_median": 637.7799682617188,
  "summary_fg_n": 23554.0,
  "summary_fg_p05": 481.1214965820312,
  "summary_fg_p95": 1027.5202697753907,
  "summary_fg_stdv": 173.2222137451172,
  "tsnr": 37.247571659390815
}