{
  "bids_meta": {
    "AcquisitionMatrixPE": 246,
    "BaseResolution": 256,
    "CoilString": "T:HE1-4;NE2",
    "DwellTime": 1.5e-05,
    "EchoTime": 0.00291,
    "FlipAngle": 15,
    "ImagingFrequency": 63.6572,
    "InversionTime": 1.1,
    "MagneticFieldStrength": 1.5,
    "Manufacturer": "Siemens",
    "ManufacturersModelName": "Avanto",
    "PartialFourier": 1,
    "PercentPhaseFOV": 100,
    "PhaseEncodingSteps": 307,
    "PhaseOversampling": 0.25,
    "PhaseResolution": 0.96,
    "PixelBandwidth": 130,
    "ProtocolName": "t1_mpr_ns_sag_p2_iso",
    "PulseSequenceDetails": "%SiemensSeq%_tfl",
    "ReceiveCoilName": "NeckMatrix",
    "ReconMatrixPE": 256,
    "RepetitionTime": 1.9,
    "ScanOptions": "IR",
    "ScanningSequence": "GR_IR",
    "SequenceName": "_tfl3d1_ns",
    "SequenceVariant": "SP_MP_OSP",
    "SeriesDescription": "t1_mpr_ns_sag_p2_iso",
    "SliceThickness": 1,
    "SoftwareVersions": "syngo_MR_B19",
    "dataset": "ds002422",
    "modality": "T1w",
    "subject_id": "24"
  },
  "cjv": 0.5250314440916312,
  "cnr": 2.6088345047062678,
  "efc": 0.5185415228506575,
  "fber": 2544.317138671875,
  "fwhm_avg": 3.391091146666667,
  "fwhm_x": 3.31958,
  "fwhm_y": 3.39115008,
  "fwhm_z": 3.46254336,
  "icvs_csf": 0.18255349108675736,
  "icvs_gm": 0.44950493544925896,
  "icvs_wm": 0.36794157346398365,
  "inu_med": 1.5117113590240479,
  "inu_range": 0.27868571281433074,
  "provenance": {
    "md5sum": "8e37bb45841563022fef184c82eb3d29",
    "settings": {
      "testing": false
    },
    "software": "mriqc",
    "version": "21.0.0rc2",
    "warnings": {
      "large_rot_frame": true,
      "small_air_mask": false
    },
    "webapi_port": null,
    "webapi_url": "https://mriqc.nimh.nih.gov/api/v1"
  },
  "qi_1": 0.0,
  "qi_2": 0.0045093955671432935,
  "rpve_csf": 30.02052761337347,
  "rpve_gm": 13.65918873655772,
  "rpve_wm": 19.249842951635824,
  "size_x": 176,
  "size_y": 256,
  "size_z": 256,
  "snr_csf": 2.840321873356021,
  "snr_gm": 14.348501019557819,
  "snr_total": 12.112181604325045,
  "snr_wm": 19.14772192006129,
  "snrd_csf": 25.053016479594344,
  "snrd_gm": 55.7069699842069,
  "snrd_total": 50.1615608119176,
  "snrd_wm": 69.72469597195156,
  "spacing_x": 1.0,
  "spacing_y": 0.9765625,
  "spacing_z": 0.9765625,
  "summary_bg_k": 3.2672436918562386,
  "summary_bg_mad": 9.396519800163196,
  "summary_bg_mean": 15.164167404174805,
  "summary_bg_median": 12.700651168823242,
  "summary_bg_n": 2294029.0,
  "summary_bg_p05": 2.1168821811676026,
  "summary_bg_p95": 35.68499832153321,
  "summary_bg_stdv": 10.526864051818848,
  "summary_csf_k": 10.875525929079892,
  "summary_csf_mad": 109.43439527172862,
  "summary_csf_mean": 388.2243957519531,
  "summary_csf_median": 359.33154296875,
  "summary_csf_n": 13276.0,
  "summary_csf_p05": 234.08441925048828,
  "summary_csf_p95": 625.8659515380859,
  "summary_csf_stdv": 126.50608825683594,
  "summary_gm_k": 0.30847422007639214,
  "summary_gm_mad": 53.52068226512515,
  "summary_gm_mean": 801.2750244140625,
  "summary_gm_median": 798.9964599609375,
  "summary_gm_n": 22462.0,
  "summary_gm_p05": 713.8283142089844,
  "summary_gm_p95": 896.9311614990235,
  "summary_gm_stdv": 55.683773040771484,
  "summary_wm_k": 0.08885220301688967,
  "summary_wm_mad": 52.03903020062921,
  "summary_wm_mean": 1000.597900390625,
  "summary_wm_median": 1000.050537109375,
  "summary_wm_n": 188902.0,
  "summary_wm_p05": 915.7521789550781,
  "summary_wm_p95": 1087.0939819335938,
  "summary_wm_stdv": 52.22803497314453,
  "tpm_overlap_csf": 0.18299339711666107,
  "tpm_overlap_gm": 0.47213515639305115,
  "tpm_overlap_wm": 0.5215198993682861,
  "wm2max": 0.5696344979941512
}