{
  "aor": 0.00038944999999999995,
  "aqi": 0.01210160685,
  "bids_meta": {
    "AcquisitionMatrixPE": 64,
    "BandwidthPerPixelPhaseEncode": 34.722,
    "BaseResolution": 64,
    "BodyPartExamined": "HEAD",
    "DelayTime": 0.5,
    "DerivedVendorReportedEchoSpacing": 0.000450003,
    "DwellTime": 3e-06,
    "EchoTime": 0.05,
    "EffectiveEchoSpacing": 0.000450003,
    "FlipAngle": 90,
    "ImageType": [
      "ORIGINAL",
      "PRIMARY",
      "FMRI",
      "NONE",
      "ND",
      "MOSAIC"
    ],
    "InPlanePhaseEncodingDirectionDICOM": "COL",
    "Instructions": "Participants were asked to close their eyes, to not fall asleep, and to avoid consistent thinking about one topic during the period of scanning",
    "MRAcquisitionType": "2D",
    "MagneticFieldStrength": 1.5,
    "Manufacturer": "Siemens",
    "ManufacturersModelName": "Avanto",
    "NumberOfVolumesDiscardedByUser": 3,
    "PartialFourier": 1,
    "PatientPosition": "HFS",
    "PercentPhaseFOV": 100,
    "PhaseEncodingDirection": "j-",
    "PhaseEncodingSteps": 64,
    "PhaseResolution": 1,
    "PixelBandwidth": 2604,
    "ProcedureStepDescription": "head_NEURO",
    "PulseSequenceDetails": "%SiemensSeq%_ep2d_bold",
    "ReceiveCoilName": "HeadMatrix",
    "ReconMatrixPE": 64,
    "RepetitionTime": 3.56,
    "ScanOptions": "FS",
    "ScanningSequence": "EP",
    "SequenceName": "_epfid2d1_64",
    "SequenceVariant": "SK",
    "SliceThickness": 3.6,
    "SliceTiming": [
      1.5375,
      0,
      1.6225,
      0.085,
      1.7075,
      0.1725,
      1.7925,
      0.2575,
      1.8775,
      0.3425,
      1.9625,
      0.4275,
      2.05,
      0.5125,
      2.135,
      0.5975,
      2.22,
      0.6825,
      2.305,
      0.7675,
      2.39,
      0.855,
      2.475,
      0.94,
      2.56,
      1.025,
      2.645,
      1.11,
      2.7325,
      1.195,
      2.8175,
      1.28,
      2.9025,
      1.365,
      2.9875,
      1.4525
    ],
    "SoftwareVersions": "syngo_MR_B19",
    "SpacingBetweenSlices": 3.78,
    "TaskName": "rest",
    "TotalReadoutTime": 0.0283502,
    "dataset": "ds002422",
    "modality": "bold",
    "subject_id": "45",
    "task_id": "rest"
  },
  "dummy_trs": 0,
  "dvars_nstd": 30.794967814271345,
  "dvars_std": 1.0407079038693468,
  "dvars_vstd": 0.9282172052261305,
  "efc": 0.44953847665146346,
  "fber": 781.3919067382812,
  "fd_mean": 0.15489898341842268,
  "fd_num": 49,
  "fd_perc": 24.5,
  "fwhm_avg": 1.7105964583177071,
  "fwhm_x": 1.5929320682338504,
  "fwhm_y": 1.827439304347826,
  "fwhm_z": 1.7114180023714447,
  "gcor": 0.0149147,
  "gsr_x": -0.017541375011205673,
  "gsr_y": 0.026899436488747597,
  "provenance": {
    "md5sum": "4500ea00be37291d706663bf5fd42ad0",
    "settings": {
      "fd_thres": 0.2,
      "testing": false
    },
    "software": "mriqc",
    "version": "21.0.0rc2",
    "webapi_port": null,
    "webapi_url": "https://mriqc.nimh.nih.gov/api/v1"
  },
  "size_t": 200,
  "size_x": 64,
  "size_y": 64,
  "size_z": 36,
  "snr": 4.254294748869086,
  "spacing_tr": 3.559999942779541,
  "spacing_x": 3.593750238418579,
  "spacing_y": 3.59375,
  "spacing_z": 3.7799999713897705,
  "summary_bg_k": 415.5131214263152,
  "summary_bg_mad": 2.364749520494282,
  "summary_bg_mean": 29.335403442382812,
  "summary_bg_median": 21.81999969482422,
  "summary_bg_n": 102727.0,
  "summary_bg_p05": 19.489999771118164,
  "summary_bg_p95": 59.09000015258789,
  "summary_bg_stdv": 33.271759033203125,
  "summary_fg_k": 1.651225338151482,
  "summary_fg_mad": 133.83819610132682,
  "summary_fg_mean": 629.1865844726562,
  "summary_fg_median": 611.4625244140625,
  "summary_fg_n": 16854.0,
  "summary_fg_p05": 446.0217422485352,
  "summary_fg_p95": 904.2519592285155,
  "summary_fg_stdv": 143.72402954101562,
  "tsnr": 41.70468538039131
}