{
  "bids_meta": {
    "AcquisitionMatrixPE": 246,
    "BaseResolution": 256,
    "CoilString": "T:HE1-4;NE2",
    "DwellTime": 1.5e-05,
    "EchoTime": 0.00291,
    "FlipAngle": 15,
    "ImagingFrequency": 63.6572,
    "InversionTime": 1.1,
    "MagneticFieldStrength": 1.5,
    "Manufacturer": "Siemens",
    "ManufacturersModelName": "Avanto",
    "PartialFourier": 1,
    "PercentPhaseFOV": 100,
    "PhaseEncodingSteps": 307,
    "PhaseOversampling": 0.25,
    "PhaseResolution": 0.96,
    "PixelBandwidth": 130,
    "ProtocolName": "t1_mpr_ns_sag_p2_iso",
    "PulseSequenceDetails": "%SiemensSeq%_tfl",
    "ReceiveCoilName": "NeckMatrix",
    "ReconMatrixPE": 256,
    "RepetitionTime": 1.9,
    "ScanOptions": "IR",
    "ScanningSequence": "GR_IR",
    "SequenceName": "_tfl3d1_ns",
    "SequenceVariant": "SP_MP_OSP",
    "SeriesDescription": "t1_mpr_ns_sag_p2_iso",
    "SliceThickness": 1,
    "SoftwareVersions": "syngo_MR_B19",
    "dataset": "ds002422",
    "modality": "T1w",
    "subject_id": "37"
  },
  "cjv": 0.7048642832700887,
  "cnr": 1.959319278026832,
  "efc": 0.5587136675930539,
  "fber": 2297.3330078125,
  "fwhm_avg": 3.363452385914396,
  "fwhm_x": 3.3175801977431894,
  "fwhm_y": 3.29612288,
  "fwhm_z": 3.47665408,
  "icvs_csf": 0.19004523303361429,
  "icvs_gm": 0.4532542229511931,
  "icvs_wm": 0.3567005440151926,
  "inu_med": 1.5145750045776367,
  "inu_range": 0.35582109689712516,
  "provenance": {
    "md5sum": "da64b604c42103bb261186b45888c0b3",
    "settings": {
      "testing": false
    },
    "software": "mriqc",
    "version": "21.0.0rc2",
    "warnings": {
      "large_rot_frame": true,
      "small_air_mask": false
    },
    "webapi_port": null,
    "webapi_url": "https://mriqc.nimh.nih.gov/api/v1"
  },
  "qi_1": 0.0,
  "qi_2": 0.005428082786301219,
  "rpve_csf": 24.78677645510092,
  "rpve_gm": 11.359534838592873,
  "rpve_wm": 16.255604259763142,
  "size_x": 176,
  "size_y": 256,
  "size_z": 256,
  "snr_csf": 3.1227428244938245,
  "snr_gm": 13.833920205168468,
  "snr_total": 11.17236922983882,
  "snr_wm": 16.560444659854166,
  "snrd_csf": 23.103301654737386,
  "snrd_gm": 52.86470640628187,
  "snrd_total": 46.51033998786378,
  "snrd_wm": 63.56301190257211,
  "spacing_x": 0.9999999403953552,
  "spacing_y": 0.9765625,
  "spacing_z": 0.9765625,
  "summary_bg_k": 2.250590908553722,
  "summary_bg_mad": 10.307430469739021,
  "summary_bg_mean": 16.397098541259766,
  "summary_bg_median": 13.96346664428711,
  "summary_bg_n": 2429012.0,
  "summary_bg_p05": 2.3272608637809755,
  "summary_bg_p95": 37.15923271179199,
  "summary_bg_stdv": 10.89487361907959,
  "summary_csf_k": 1.6257766141131977,
  "summary_csf_mad": 99.78363575015855,
  "summary_csf_mean": 389.5649108886719,
  "summary_csf_median": 363.490234375,
  "summary_csf_n": 22674.0,
  "summary_csf_p05": 244.93378372192382,
  "summary_csf_p95": 620.3853881835937,
  "summary_csf_stdv": 116.39838409423828,
  "summary_gm_k": 0.3744213744813347,
  "summary_gm_mad": 58.69626164661433,
  "summary_gm_mean": 832.7665405273438,
  "summary_gm_median": 831.734130859375,
  "summary_gm_n": 25468.0,
  "summary_gm_p05": 736.4111175537109,
  "summary_gm_p95": 931.8606658935547,
  "summary_gm_stdv": 60.12162780761719,
  "summary_wm_k": 0.0250144513632784,
  "summary_wm_mad": 59.945940396465545,
  "summary_wm_mean": 1004.1229858398438,
  "summary_wm_median": 1000.0533447265625,
  "summary_wm_n": 207928.0,
  "summary_wm_p05": 911.2219696044922,
  "summary_wm_p95": 1109.9416442871093,
  "summary_wm_stdv": 60.3879280090332,
  "tpm_overlap_csf": 0.1908888965845108,
  "tpm_overlap_gm": 0.47225430607795715,
  "tpm_overlap_wm": 0.5020968914031982,
  "wm2max": 0.5944634454355433
}