{
  "aor": 0.00045452380952380956,
  "aqi": 0.02358273952380953,
  "bids_meta": {
    "AcquisitionMatrixPE": 64,
    "BandwidthPerPixelPhaseEncode": 33.245,
    "BaseResolution": 64,
    "BodyPartExamined": "HEAD",
    "DerivedVendorReportedEchoSpacing": 0.000469996,
    "DwellTime": 3e-06,
    "EchoTime": 0.05,
    "EffectiveEchoSpacing": 0.000469995,
    "FlipAngle": 90,
    "ImageType": [
      "ORIGINAL",
      "PRIMARY",
      "FMRI",
      "NONE",
      "ND",
      "MOSAIC"
    ],
    "InPlanePhaseEncodingDirectionDICOM": "COL",
    "Instructions": "During the main condition, participants were visually presented with already solved sums (arithmetic operations of addition, subtraction, multiplication, and division with simple and double-digit numbers). The control condition stimuli were digit lines with non-mathematical characters instead of arithmetic signs. Participants responded with one of three buttons on the MR-compatible response box, depending on whether the stimulus sum had been solved correctly, incorrectly or just had not been an arithmetic exercise.",
    "MRAcquisitionType": "2D",
    "MagneticFieldStrength": 1.5,
    "Manufacturer": "Siemens",
    "ManufacturersModelName": "Avanto",
    "NumberOfVolumesDiscardedByUser": 3,
    "PartialFourier": 1,
    "PatientPosition": "HFS",
    "PercentPhaseFOV": 100,
    "PhaseEncodingDirection": "j-",
    "PhaseEncodingSteps": 64,
    "PhaseResolution": 1,
    "PixelBandwidth": 2604,
    "ProcedureStepDescription": "head_NEURO",
    "PulseSequenceDetails": "%SiemensSeq%_ep2d_bold",
    "ReceiveCoilName": "HeadMatrix",
    "ReconMatrixPE": 64,
    "RepetitionTime": 2.1,
    "ScanOptions": "FS",
    "ScanningSequence": "EP",
    "SequenceName": "_epfid2d1_64",
    "SequenceVariant": "SK",
    "SliceThickness": 3,
    "SliceTiming": [
      1.0525,
      0,
      1.1425,
      0.0875,
      1.23,
      0.175,
      1.3175,
      0.2625,
      1.405,
      0.35,
      1.4925,
      0.44,
      1.58,
      0.5275,
      1.6675,
      0.615,
      1.755,
      0.7025,
      1.845,
      0.79,
      1.9325,
      0.8775,
      2.02,
      0.965
    ],
    "SoftwareVersions": "syngo_MR_B19",
    "SpacingBetweenSlices": 3.3,
    "TaskName": "arithm_run-01",
    "TotalReadoutTime": 0.0296097,
    "dataset": "ds002422",
    "modality": "bold",
    "run_id": 1,
    "subject_id": "14",
    "task_id": "arithm"
  },
  "dummy_trs": 0,
  "dvars_nstd": 45.49980327837322,
  "dvars_std": 1.0402002996650717,
  "dvars_vstd": 1.0106675331578951,
  "efc": 0.7117415709147639,
  "fber": 112.01966857910156,
  "fd_mean": 0.11234428552763753,
  "fd_num": 16,
  "fd_perc": 7.619047619047619,
  "fwhm_avg": 1.761204857194213,
  "fwhm_x": 1.5980533333333333,
  "fwhm_y": 1.87734,
  "fwhm_z": 1.8082212382493055,
  "gcor": 0.0170117,
  "gsr_x": -0.010074345394968987,
  "gsr_y": 0.06270543485879898,
  "provenance": {
    "md5sum": "5d4258f218255b10800bfd335a51614a",
    "settings": {
      "fd_thres": 0.2,
      "testing": false
    },
    "software": "mriqc",
    "version": "21.0.0rc2",
    "webapi_port": null,
    "webapi_url": "https://mriqc.nimh.nih.gov/api/v1"
  },
  "size_t": 210,
  "size_x": 64,
  "size_y": 64,
  "size_z": 24,
  "snr": 6.783685577498881,
  "spacing_tr": 2.0999999046325684,
  "spacing_x": 3.0,
  "spacing_y": 3.0,
  "spacing_z": 3.299999952316284,
  "summary_bg_k": 4.997713155279115,
  "summary_bg_mad": 22.380238605912847,
  "summary_bg_mean": 73.6688232421875,
  "summary_bg_median": 54.54762268066406,
  "summary_bg_n": 42449.0,
  "summary_bg_p05": 38.480953216552734,
  "summary_bg_p95": 174.5209564208983,
  "summary_bg_stdv": 46.40825271606445,
  "summary_fg_k": 1.6689022614649094,
  "summary_fg_mad": 79.72868982278517,
  "summary_fg_mean": 575.6033935546875,
  "summary_fg_median": 570.0,
  "summary_fg_n": 31715.0,
  "summary_fg_p05": 460.4271606445312,
  "summary_fg_p95": 722.857177734375,
  "summary_fg_stdv": 84.02379608154297,
  "tsnr": 31.569936890387908
}