{
  "aor": 0.0005367619047619048,
  "aqi": 0.0315838619047619,
  "bids_meta": {
    "AcquisitionMatrixPE": 64,
    "BandwidthPerPixelPhaseEncode": 33.245,
    "BaseResolution": 64,
    "BodyPartExamined": "HEAD",
    "DerivedVendorReportedEchoSpacing": 0.000469996,
    "DwellTime": 3e-06,
    "EchoTime": 0.05,
    "EffectiveEchoSpacing": 0.000469995,
    "FlipAngle": 90,
    "ImageType": [
      "ORIGINAL",
      "PRIMARY",
      "FMRI",
      "NONE",
      "ND",
      "MOSAIC"
    ],
    "InPlanePhaseEncodingDirectionDICOM": "COL",
    "Instructions": "During the main condition, participants were visually presented with already solved sums (arithmetic operations of addition, subtraction, multiplication, and division with simple and double-digit numbers). The control condition stimuli were digit lines with non-mathematical characters instead of arithmetic signs. Participants responded with one of three buttons on the MR-compatible response box, depending on whether the stimulus sum had been solved correctly, incorrectly or just had not been an arithmetic exercise.",
    "MRAcquisitionType": "2D",
    "MagneticFieldStrength": 1.5,
    "Manufacturer": "Siemens",
    "ManufacturersModelName": "Avanto",
    "NumberOfVolumesDiscardedByUser": 3,
    "PartialFourier": 1,
    "PatientPosition": "HFS",
    "PercentPhaseFOV": 100,
    "PhaseEncodingDirection": "j-",
    "PhaseEncodingSteps": 64,
    "PhaseResolution": 1,
    "PixelBandwidth": 2604,
    "ProcedureStepDescription": "head_NEURO",
    "PulseSequenceDetails": "%SiemensSeq%_ep2d_bold",
    "ReceiveCoilName": "HeadMatrix",
    "ReconMatrixPE": 64,
    "RepetitionTime": 2.1,
    "ScanOptions": "FS",
    "ScanningSequence": "EP",
    "SequenceName": "_epfid2d1_64",
    "SequenceVariant": "SK",
    "SliceThickness": 3,
    "SliceTiming": [
      1.055,
      0,
      1.1425,
      0.09,
      1.23,
      0.1775,
      1.3175,
      0.265,
      1.4075,
      0.3525,
      1.495,
      0.44,
      1.5825,
      0.5275,
      1.67,
      0.615,
      1.7575,
      0.7025,
      1.845,
      0.7925,
      1.9325,
      0.88,
      2.02,
      0.9675
    ],
    "SoftwareVersions": "syngo_MR_B19",
    "SpacingBetweenSlices": 3.3,
    "TaskName": "arithm_run-02",
    "TotalReadoutTime": 0.0296097,
    "dataset": "ds002422",
    "modality": "bold",
    "run_id": 2,
    "subject_id": "14",
    "task_id": "arithm"
  },
  "dummy_trs": 0,
  "dvars_nstd": 45.84381882880381,
  "dvars_std": 1.0204383488516744,
  "dvars_vstd": 0.9957037592344495,
  "efc": 0.7153188029954496,
  "fber": 105.6827621459961,
  "fd_mean": 0.13632186331133686,
  "fd_num": 35,
  "fd_perc": 16.666666666666668,
  "fwhm_avg": 1.8037499074337846,
  "fwhm_x": 1.6848933333333334,
  "fwhm_y": 1.9732533333333333,
  "fwhm_z": 1.7531030556346872,
  "gcor": 0.00573736,
  "gsr_x": -0.010895408689975739,
  "gsr_y": 0.06180201470851898,
  "provenance": {
    "md5sum": "9ef7fa7c45a8c5f3a69c7322b9cb2198",
    "settings": {
      "fd_thres": 0.2,
      "testing": false
    },
    "software": "mriqc",
    "version": "21.0.0rc2",
    "webapi_port": null,
    "webapi_url": "https://mriqc.nimh.nih.gov/api/v1"
  },
  "size_t": 210,
  "size_x": 64,
  "size_y": 64,
  "size_z": 24,
  "snr": 6.806062632332739,
  "spacing_tr": 2.0999999046325684,
  "spacing_x": 3.0,
  "spacing_y": 3.0,
  "spacing_z": 3.299999952316284,
  "summary_bg_k": 4.758762539095072,
  "summary_bg_mad": 25.811397438126768,
  "summary_bg_mean": 75.30277252197266,
  "summary_bg_median": 56.728572845458984,
  "summary_bg_n": 41610.0,
  "summary_bg_p05": 37.43071594238281,
  "summary_bg_p95": 177.52381896972656,
  "summary_bg_stdv": 47.65057373046875,
  "summary_fg_k": 1.6051954138606703,
  "summary_fg_mad": 79.88397213522143,
  "summary_fg_mean": 575.5279541015625,
  "summary_fg_median": 570.2666625976562,
  "summary_fg_n": 32252.0,
  "summary_fg_p05": 459.3359619140625,
  "summary_fg_p95": 721.1143188476562,
  "summary_fg_stdv": 83.7867431640625,
  "tsnr": 29.29083801037632
}