{
  "aor": 0.0005519499999999999,
  "aqi": 0.0110764623,
  "bids_meta": {
    "AcquisitionMatrixPE": 64,
    "BandwidthPerPixelPhaseEncode": 34.722,
    "BaseResolution": 64,
    "BodyPartExamined": "HEAD",
    "DelayTime": 0.5,
    "DerivedVendorReportedEchoSpacing": 0.000450003,
    "DwellTime": 3e-06,
    "EchoTime": 0.05,
    "EffectiveEchoSpacing": 0.000450003,
    "FlipAngle": 90,
    "ImageType": [
      "ORIGINAL",
      "PRIMARY",
      "FMRI",
      "NONE",
      "ND",
      "MOSAIC"
    ],
    "InPlanePhaseEncodingDirectionDICOM": "COL",
    "Instructions": "Participants were asked to close their eyes, to not fall asleep, and to avoid consistent thinking about one topic during the period of scanning",
    "MRAcquisitionType": "2D",
    "MagneticFieldStrength": 1.5,
    "Manufacturer": "Siemens",
    "ManufacturersModelName": "Avanto",
    "NumberOfVolumesDiscardedByUser": 3,
    "PartialFourier": 1,
    "PatientPosition": "HFS",
    "PercentPhaseFOV": 100,
    "PhaseEncodingDirection": "j-",
    "PhaseEncodingSteps": 64,
    "PhaseResolution": 1,
    "PixelBandwidth": 2604,
    "ProcedureStepDescription": "head_NEURO",
    "PulseSequenceDetails": "%SiemensSeq%_ep2d_bold",
    "ReceiveCoilName": "HeadMatrix",
    "ReconMatrixPE": 64,
    "RepetitionTime": 3.56,
    "ScanOptions": "FS",
    "ScanningSequence": "EP",
    "SequenceName": "_epfid2d1_64",
    "SequenceVariant": "SK",
    "SliceThickness": 3.6,
    "SliceTiming": [
      1.5375,
      0,
      1.6225,
      0.085,
      1.7075,
      0.17,
      1.7925,
      0.255,
      1.8775,
      0.3425,
      1.9625,
      0.4275,
      2.0475,
      0.5125,
      2.135,
      0.5975,
      2.22,
      0.6825,
      2.305,
      0.7675,
      2.39,
      0.8525,
      2.475,
      0.94,
      2.56,
      1.025,
      2.645,
      1.11,
      2.73,
      1.195,
      2.8175,
      1.28,
      2.9025,
      1.365,
      2.9875,
      1.45
    ],
    "SoftwareVersions": "syngo_MR_B19",
    "SpacingBetweenSlices": 3.78,
    "TaskName": "rest",
    "TotalReadoutTime": 0.0283502,
    "dataset": "ds002422",
    "modality": "bold",
    "subject_id": "14",
    "task_id": "rest"
  },
  "dummy_trs": 0,
  "dvars_nstd": 33.592040038190945,
  "dvars_std": 1.1509038810552772,
  "dvars_vstd": 0.986231193668342,
  "efc": 0.5308975571847808,
  "fber": 552.923828125,
  "fd_mean": 0.07982326352851374,
  "fd_num": 7,
  "fd_perc": 3.5,
  "fwhm_avg": 1.6666252514797435,
  "fwhm_x": 1.6087204821989,
  "fwhm_y": 1.77764996902267,
  "fwhm_z": 1.6135053032176605,
  "gcor": 0.0108764,
  "gsr_x": -0.011783786118030548,
  "gsr_y": 0.0337078683078289,
  "provenance": {
    "md5sum": "241a2a9446ac796f6c40a5b10227aca0",
    "settings": {
      "fd_thres": 0.2,
      "testing": false
    },
    "software": "mriqc",
    "version": "21.0.0rc2",
    "webapi_port": null,
    "webapi_url": "https://mriqc.nimh.nih.gov/api/v1"
  },
  "size_t": 200,
  "size_x": 64,
  "size_y": 64,
  "size_z": 36,
  "snr": 5.684554964301717,
  "spacing_tr": 3.559999942779541,
  "spacing_x": 3.593750476837158,
  "spacing_y": 3.593750238418579,
  "spacing_z": 3.7799999713897705,
  "summary_bg_k": 135.94364225471193,
  "summary_bg_mad": 5.633887299185561,
  "summary_bg_mean": 44.35091018676758,
  "summary_bg_median": 26.229999542236328,
  "summary_bg_n": 93290.0,
  "summary_bg_p05": 21.90999984741211,
  "summary_bg_p95": 128.7309951782227,
  "summary_bg_stdv": 56.92168426513672,
  "summary_fg_k": 2.161537786517707,
  "summary_fg_mad": 99.54935491863323,
  "summary_fg_mean": 626.9703979492188,
  "summary_fg_median": 617.0499877929688,
  "summary_fg_n": 23503.0,
  "summary_fg_p05": 483.55348815917966,
  "summary_fg_p95": 819.6819946289062,
  "summary_fg_stdv": 108.54620361328125,
  "tsnr": 49.42942307179328
}