{
  "aor": 0.0005856,
  "aqi": 0.005312750399999999,
  "bids_meta": {
    "AcquisitionMatrixPE": 64,
    "BandwidthPerPixelPhaseEncode": 34.722,
    "BaseResolution": 64,
    "BodyPartExamined": "HEAD",
    "DelayTime": 0.5,
    "DerivedVendorReportedEchoSpacing": 0.000450003,
    "DwellTime": 3e-06,
    "EchoTime": 0.05,
    "EffectiveEchoSpacing": 0.000450003,
    "FlipAngle": 90,
    "ImageType": [
      "ORIGINAL",
      "PRIMARY",
      "FMRI",
      "NONE",
      "ND",
      "MOSAIC"
    ],
    "InPlanePhaseEncodingDirectionDICOM": "COL",
    "Instructions": "Participants were asked to close their eyes, to not fall asleep, and to avoid consistent thinking about one topic during the period of scanning",
    "MRAcquisitionType": "2D",
    "MagneticFieldStrength": 1.5,
    "Manufacturer": "Siemens",
    "ManufacturersModelName": "Avanto",
    "NumberOfVolumesDiscardedByUser": 3,
    "PartialFourier": 1,
    "PatientPosition": "HFS",
    "PercentPhaseFOV": 100,
    "PhaseEncodingDirection": "j-",
    "PhaseEncodingSteps": 64,
    "PhaseResolution": 1,
    "PixelBandwidth": 2604,
    "ProcedureStepDescription": "head_NEURO",
    "PulseSequenceDetails": "%SiemensSeq%_ep2d_bold",
    "ReceiveCoilName": "HeadMatrix",
    "ReconMatrixPE": 64,
    "RepetitionTime": 3.56,
    "ScanOptions": "FS",
    "ScanningSequence": "EP",
    "SequenceName": "_epfid2d1_64",
    "SequenceVariant": "SK",
    "SliceThickness": 3.6,
    "SliceTiming": [
      1.5375,
      0,
      1.6225,
      0.085,
      1.7075,
      0.17,
      1.7925,
      0.2575,
      1.8775,
      0.3425,
      1.9625,
      0.4275,
      2.0475,
      0.5125,
      2.135,
      0.5975,
      2.22,
      0.6825,
      2.305,
      0.7675,
      2.39,
      0.855,
      2.475,
      0.94,
      2.56,
      1.025,
      2.645,
      1.11,
      2.7325,
      1.195,
      2.8175,
      1.28,
      2.9025,
      1.365,
      2.9875,
      1.4525
    ],
    "SoftwareVersions": "syngo_MR_B19",
    "SpacingBetweenSlices": 3.78,
    "TaskName": "rest",
    "TotalReadoutTime": 0.0283502,
    "dataset": "ds002422",
    "modality": "bold",
    "subject_id": "29",
    "task_id": "rest"
  },
  "dummy_trs": 0,
  "dvars_nstd": 29.528288031708524,
  "dvars_std": 1.1564043259798997,
  "dvars_vstd": 1.0047269736180913,
  "efc": 0.5022851283207893,
  "fber": 680.4588012695312,
  "fd_mean": 0.04959216813344873,
  "fd_num": 3,
  "fd_perc": 1.5,
  "fwhm_avg": 1.6788864453125212,
  "fwhm_x": 1.6146586754881036,
  "fwhm_y": 1.7511540869565219,
  "fwhm_z": 1.6708465734929376,
  "gcor": 0.0178868,
  "gsr_x": -0.0127663379535079,
  "gsr_y": 0.02858828753232956,
  "provenance": {
    "md5sum": "a00a5ef8856d68b28a7a3a5a6145bdeb",
    "settings": {
      "fd_thres": 0.2,
      "testing": false
    },
    "software": "mriqc",
    "version": "21.0.0rc2",
    "webapi_port": null,
    "webapi_url": "https://mriqc.nimh.nih.gov/api/v1"
  },
  "size_t": 200,
  "size_x": 64,
  "size_y": 64,
  "size_z": 36,
  "snr": 4.979586044071801,
  "spacing_tr": 3.559999942779541,
  "spacing_x": 3.593750238418579,
  "spacing_y": 3.59375,
  "spacing_z": 3.7799999713897705,
  "summary_bg_k": 210.61342011480667,
  "summary_bg_mad": 2.601965649228033,
  "summary_bg_mean": 34.378238677978516,
  "summary_bg_median": 22.604999542236328,
  "summary_bg_n": 95423.0,
  "summary_bg_p05": 20.545000076293945,
  "summary_bg_p95": 86.10950012207029,
  "summary_bg_stdv": 44.70295333862305,
  "summary_fg_k": 1.3714309082371896,
  "summary_fg_mad": 116.09524635203626,
  "summary_fg_mean": 605.038330078125,
  "summary_fg_median": 592.2000122070312,
  "summary_fg_n": 21969.0,
  "summary_fg_p05": 450.54298706054686,
  "summary_fg_p95": 817.9689697265625,
  "summary_fg_stdv": 118.92284393310547,
  "tsnr": 58.728088886942714
}