{
  "aor": 0.0006256937799043063,
  "aqi": 0.028297772248803827,
  "bids_meta": {
    "AcquisitionMatrixPE": 64,
    "BandwidthPerPixelPhaseEncode": 33.245,
    "BaseResolution": 64,
    "BodyPartExamined": "HEAD",
    "DerivedVendorReportedEchoSpacing": 0.000469996,
    "DwellTime": 3e-06,
    "EchoTime": 0.05,
    "EffectiveEchoSpacing": 0.000469995,
    "FlipAngle": 90,
    "ImageType": [
      "ORIGINAL",
      "PRIMARY",
      "FMRI",
      "NONE",
      "ND",
      "MOSAIC"
    ],
    "InPlanePhaseEncodingDirectionDICOM": "COL",
    "Instructions": "During the main condition, participants were visually presented with already solved sums (arithmetic operations of addition, subtraction, multiplication, and division with simple and double-digit numbers). The control condition stimuli were digit lines with non-mathematical characters instead of arithmetic signs. Participants responded with one of three buttons on the MR-compatible response box, depending on whether the stimulus sum had been solved correctly, incorrectly or just had not been an arithmetic exercise.",
    "MRAcquisitionType": "2D",
    "MagneticFieldStrength": 1.5,
    "Manufacturer": "Siemens",
    "ManufacturersModelName": "Avanto",
    "NumberOfVolumesDiscardedByUser": 3,
    "PartialFourier": 1,
    "PatientPosition": "HFS",
    "PercentPhaseFOV": 100,
    "PhaseEncodingDirection": "j-",
    "PhaseEncodingSteps": 64,
    "PhaseResolution": 1,
    "PixelBandwidth": 2604,
    "ProcedureStepDescription": "head_NEURO",
    "PulseSequenceDetails": "%SiemensSeq%_ep2d_bold",
    "ReceiveCoilName": "HeadMatrix",
    "ReconMatrixPE": 64,
    "RepetitionTime": 2.1,
    "ScanOptions": "FS",
    "ScanningSequence": "EP",
    "SequenceName": "_epfid2d1_64",
    "SequenceVariant": "SK",
    "SliceThickness": 3,
    "SliceTiming": [
      1.055,
      0,
      1.1425,
      0.0875,
      1.23,
      0.175,
      1.3175,
      0.2625,
      1.405,
      0.35,
      1.4925,
      0.44,
      1.58,
      0.5275,
      1.6675,
      0.615,
      1.7575,
      0.7025,
      1.845,
      0.79,
      1.9325,
      0.8775,
      2.02,
      0.965
    ],
    "SoftwareVersions": "syngo_MR_B19",
    "SpacingBetweenSlices": 3.3,
    "TaskName": "arithm_run-01",
    "TotalReadoutTime": 0.0296097,
    "dataset": "ds002422",
    "modality": "bold",
    "run_id": 1,
    "subject_id": "31",
    "task_id": "arithm"
  },
  "dummy_trs": 1,
  "dvars_nstd": 40.46586223725961,
  "dvars_std": 0.9890046620673077,
  "dvars_vstd": 0.9832118961057693,
  "efc": 0.5972080311422936,
  "fber": 227.6303253173828,
  "fd_mean": 0.11628411720033587,
  "fd_num": 25,
  "fd_perc": 11.961722488038278,
  "fwhm_avg": 1.6702703102793082,
  "fwhm_x": 1.6422733333333335,
  "fwhm_y": 1.8635133333333334,
  "fwhm_z": 1.5050242641712575,
  "gcor": 0.00370214,
  "gsr_x": -0.0034902209881693125,
  "gsr_y": 0.023614399135112762,
  "provenance": {
    "md5sum": "ea7603f1c4fe076b219bca5649e95217",
    "settings": {
      "fd_thres": 0.2,
      "testing": false
    },
    "software": "mriqc",
    "version": "21.0.0rc2",
    "webapi_port": null,
    "webapi_url": "https://mriqc.nimh.nih.gov/api/v1"
  },
  "size_t": 209,
  "size_x": 64,
  "size_y": 64,
  "size_z": 24,
  "snr": 6.115061899923024,
  "spacing_tr": 2.0999999046325684,
  "spacing_x": 3.0,
  "spacing_y": 3.0,
  "spacing_z": 3.299999952316284,
  "summary_bg_k": 86.28542275390326,
  "summary_bg_mad": 3.2631455871839146,
  "summary_bg_mean": 41.3779296875,
  "summary_bg_median": 36.555023193359375,
  "summary_bg_n": 53244.0,
  "summary_bg_p05": 32.708133697509766,
  "summary_bg_p95": 66.1961669921875,
  "summary_bg_stdv": 15.888440132141113,
  "summary_fg_k": 0.6590091017134849,
  "summary_fg_mad": 94.02108741784316,
  "summary_fg_mean": 563.3451538085938,
  "summary_fg_median": 554.6985473632812,
  "summary_fg_n": 22050.0,
  "summary_fg_p05": 440.6650695800781,
  "summary_fg_p95": 724.850439453125,
  "summary_fg_stdv": 90.7081527709961,
  "tsnr": 31.771117460681126
}