{
  "aor": 0.0008561,
  "aqi": 0.0057370089999999995,
  "bids_meta": {
    "AcquisitionMatrixPE": 64,
    "BandwidthPerPixelPhaseEncode": 34.722,
    "BaseResolution": 64,
    "BodyPartExamined": "HEAD",
    "DelayTime": 0.5,
    "DerivedVendorReportedEchoSpacing": 0.000450003,
    "DwellTime": 3e-06,
    "EchoTime": 0.05,
    "EffectiveEchoSpacing": 0.000450003,
    "FlipAngle": 90,
    "ImageType": [
      "ORIGINAL",
      "PRIMARY",
      "FMRI",
      "NONE",
      "ND",
      "MOSAIC"
    ],
    "InPlanePhaseEncodingDirectionDICOM": "COL",
    "Instructions": "Participants were asked to close their eyes, to not fall asleep, and to avoid consistent thinking about one topic during the period of scanning",
    "MRAcquisitionType": "2D",
    "MagneticFieldStrength": 1.5,
    "Manufacturer": "Siemens",
    "ManufacturersModelName": "Avanto",
    "NumberOfVolumesDiscardedByUser": 3,
    "PartialFourier": 1,
    "PatientPosition": "HFS",
    "PercentPhaseFOV": 100,
    "PhaseEncodingDirection": "j-",
    "PhaseEncodingSteps": 64,
    "PhaseResolution": 1,
    "PixelBandwidth": 2604,
    "ProcedureStepDescription": "head_NEURO",
    "PulseSequenceDetails": "%SiemensSeq%_ep2d_bold",
    "ReceiveCoilName": "HeadMatrix",
    "ReconMatrixPE": 64,
    "RepetitionTime": 3.56,
    "ScanOptions": "FS",
    "ScanningSequence": "EP",
    "SequenceName": "_epfid2d1_64",
    "SequenceVariant": "SK",
    "SliceThickness": 3.6,
    "SliceTiming": [
      1.535,
      0,
      1.62,
      0.085,
      1.705,
      0.17,
      1.79,
      0.255,
      1.8775,
      0.34,
      1.9625,
      0.425,
      2.0475,
      0.51,
      2.1325,
      0.5975,
      2.2175,
      0.6825,
      2.3025,
      0.7675,
      2.3875,
      0.8525,
      2.475,
      0.9375,
      2.56,
      1.0225,
      2.645,
      1.1075,
      2.73,
      1.1925,
      2.815,
      1.28,
      2.9,
      1.365,
      2.985,
      1.45
    ],
    "SoftwareVersions": "syngo_MR_B19",
    "SpacingBetweenSlices": 3.78,
    "TaskName": "rest",
    "TotalReadoutTime": 0.0283502,
    "dataset": "ds002422",
    "modality": "bold",
    "subject_id": "31",
    "task_id": "rest"
  },
  "dummy_trs": 0,
  "dvars_nstd": 24.643717406381896,
  "dvars_std": 1.0581892742713568,
  "dvars_vstd": 0.9972888389447234,
  "efc": 0.46919850000040253,
  "fber": 833.8552856445312,
  "fd_mean": 0.059926862713659296,
  "fd_num": 7,
  "fd_perc": 3.5,
  "fwhm_avg": 1.6039708079003854,
  "fwhm_x": 1.551660418798004,
  "fwhm_y": 1.6398525217391304,
  "fwhm_z": 1.6203994831640216,
  "gcor": 0.0187875,
  "gsr_x": -0.010325818322598934,
  "gsr_y": 0.02481635846197605,
  "provenance": {
    "md5sum": "896a57e88ccc5e3cc579cdf3ef4d4988",
    "settings": {
      "fd_thres": 0.2,
      "testing": false
    },
    "software": "mriqc",
    "version": "21.0.0rc2",
    "webapi_port": null,
    "webapi_url": "https://mriqc.nimh.nih.gov/api/v1"
  },
  "size_t": 200,
  "size_x": 64,
  "size_y": 64,
  "size_z": 36,
  "snr": 5.068185103070524,
  "spacing_tr": 3.559999942779541,
  "spacing_x": 3.593750238418579,
  "spacing_y": 3.59375,
  "spacing_z": 3.7799999713897705,
  "summary_bg_k": 537.8088096051914,
  "summary_bg_mad": 2.164597881655308,
  "summary_bg_mean": 28.661029815673828,
  "summary_bg_median": 21.32499885559082,
  "summary_bg_n": 98862.0,
  "summary_bg_p05": 19.264999389648438,
  "summary_bg_p95": 56.799499130248996,
  "summary_bg_stdv": 36.9781608581543,
  "summary_fg_k": 0.5338105938677531,
  "summary_fg_mad": 126.91442383291688,
  "summary_fg_mean": 629.2758178710938,
  "summary_fg_median": 618.0574951171875,
  "summary_fg_n": 19840.0,
  "summary_fg_p05": 462.96449584960936,
  "summary_fg_p95": 843.4039642333984,
  "summary_fg_stdv": 121.9454116821289,
  "tsnr": 56.8484873380512
}