{
  "aor": 0.001411952380952381,
  "aqi": 0.025399376666666668,
  "bids_meta": {
    "AcquisitionMatrixPE": 64,
    "BandwidthPerPixelPhaseEncode": 33.245,
    "BaseResolution": 64,
    "BodyPartExamined": "HEAD",
    "DerivedVendorReportedEchoSpacing": 0.000469996,
    "DwellTime": 3e-06,
    "EchoTime": 0.05,
    "EffectiveEchoSpacing": 0.000469995,
    "FlipAngle": 90,
    "ImageType": [
      "ORIGINAL",
      "PRIMARY",
      "FMRI",
      "NONE",
      "ND",
      "MOSAIC"
    ],
    "InPlanePhaseEncodingDirectionDICOM": "COL",
    "Instructions": "During the main condition, participants were visually presented with already solved sums (arithmetic operations of addition, subtraction, multiplication, and division with simple and double-digit numbers). The control condition stimuli were digit lines with non-mathematical characters instead of arithmetic signs. Participants responded with one of three buttons on the MR-compatible response box, depending on whether the stimulus sum had been solved correctly, incorrectly or just had not been an arithmetic exercise.",
    "MRAcquisitionType": "2D",
    "MagneticFieldStrength": 1.5,
    "Manufacturer": "Siemens",
    "ManufacturersModelName": "Avanto",
    "NumberOfVolumesDiscardedByUser": 3,
    "PartialFourier": 1,
    "PatientPosition": "HFS",
    "PercentPhaseFOV": 100,
    "PhaseEncodingDirection": "j-",
    "PhaseEncodingSteps": 64,
    "PhaseResolution": 1,
    "PixelBandwidth": 2604,
    "ProcedureStepDescription": "head_NEURO",
    "PulseSequenceDetails": "%SiemensSeq%_ep2d_bold",
    "ReceiveCoilName": "HeadMatrix",
    "ReconMatrixPE": 64,
    "RepetitionTime": 2.1,
    "ScanOptions": "FS",
    "ScanningSequence": "EP",
    "SequenceName": "_epfid2d1_64",
    "SequenceVariant": "SK",
    "SliceThickness": 3,
    "SliceTiming": [
      1.0525,
      0,
      1.1425,
      0.0875,
      1.23,
      0.175,
      1.3175,
      0.2625,
      1.405,
      0.35,
      1.4925,
      0.44,
      1.58,
      0.5275,
      1.6675,
      0.615,
      1.7575,
      0.7025,
      1.845,
      0.79,
      1.9325,
      0.8775,
      2.02,
      0.965
    ],
    "SoftwareVersions": "syngo_MR_B19",
    "SpacingBetweenSlices": 3.3,
    "TaskName": "arithm_run-02",
    "TotalReadoutTime": 0.0296097,
    "dataset": "ds002422",
    "modality": "bold",
    "run_id": 2,
    "subject_id": "31",
    "task_id": "arithm"
  },
  "dummy_trs": 0,
  "dvars_nstd": 40.3732356571292,
  "dvars_std": 1.0063846106698568,
  "dvars_vstd": 1.0047673933014356,
  "efc": 0.6069017529769354,
  "fber": 226.807861328125,
  "fd_mean": 0.16398090090692938,
  "fd_num": 44,
  "fd_perc": 20.952380952380953,
  "fwhm_avg": 1.6819927346348915,
  "fwhm_x": 1.6501766666666666,
  "fwhm_y": 1.8672833333333332,
  "fwhm_z": 1.528518203904675,
  "gcor": 0.00353879,
  "gsr_x": -0.003270182991400361,
  "gsr_y": 0.024038633331656456,
  "provenance": {
    "md5sum": "219b71d0b594f06d355d3432fa774db2",
    "settings": {
      "fd_thres": 0.2,
      "testing": false
    },
    "software": "mriqc",
    "version": "21.0.0rc2",
    "webapi_port": null,
    "webapi_url": "https://mriqc.nimh.nih.gov/api/v1"
  },
  "size_t": 210,
  "size_x": 64,
  "size_y": 64,
  "size_z": 24,
  "snr": 6.15924089022203,
  "spacing_tr": 2.0999999046325684,
  "spacing_x": 3.0,
  "spacing_y": 3.0,
  "spacing_z": 3.299999952316284,
  "summary_bg_k": 94.80791569468872,
  "summary_bg_mad": 3.635905709938911,
  "summary_bg_mean": 41.92236328125,
  "summary_bg_median": 36.78095245361328,
  "summary_bg_n": 51524.0,
  "summary_bg_p05": 32.74833374023437,
  "summary_bg_p95": 66.87000122070312,
  "summary_bg_stdv": 17.726024627685547,
  "summary_fg_k": 0.6058183224412996,
  "summary_fg_mad": 94.0110881780272,
  "summary_fg_mean": 561.7850952148438,
  "summary_fg_median": 553.7761840820312,
  "summary_fg_n": 23222.0,
  "summary_fg_p05": 440.3478637695313,
  "summary_fg_p95": 719.7611877441407,
  "summary_fg_stdv": 89.90787506103516,
  "tsnr": 31.788849474978633
}