{
  "aor": 0.00046128571428571426,
  "aqi": 0.02765023380952381,
  "bids_meta": {
    "AcquisitionMatrixPE": 64,
    "BandwidthPerPixelPhaseEncode": 33.245,
    "BaseResolution": 64,
    "BodyPartExamined": "HEAD",
    "DerivedVendorReportedEchoSpacing": 0.000469996,
    "DwellTime": 3e-06,
    "EchoTime": 0.05,
    "EffectiveEchoSpacing": 0.000469995,
    "FlipAngle": 90,
    "ImageType": [
      "ORIGINAL",
      "PRIMARY",
      "FMRI",
      "NONE",
      "ND",
      "MOSAIC"
    ],
    "InPlanePhaseEncodingDirectionDICOM": "COL",
    "Instructions": "During the main condition, participants were visually presented with already solved sums (arithmetic operations of addition, subtraction, multiplication, and division with simple and double-digit numbers). The control condition stimuli were digit lines with non-mathematical characters instead of arithmetic signs. Participants responded with one of three buttons on the MR-compatible response box, depending on whether the stimulus sum had been solved correctly, incorrectly or just had not been an arithmetic exercise.",
    "MRAcquisitionType": "2D",
    "MagneticFieldStrength": 1.5,
    "Manufacturer": "Siemens",
    "ManufacturersModelName": "Avanto",
    "NumberOfVolumesDiscardedByUser": 3,
    "PartialFourier": 1,
    "PatientPosition": "HFS",
    "PercentPhaseFOV": 100,
    "PhaseEncodingDirection": "j-",
    "PhaseEncodingSteps": 64,
    "PhaseResolution": 1,
    "PixelBandwidth": 2604,
    "ProcedureStepDescription": "head_NEURO",
    "PulseSequenceDetails": "%SiemensSeq%_ep2d_bold",
    "ReceiveCoilName": "HeadMatrix",
    "ReconMatrixPE": 64,
    "RepetitionTime": 2.1,
    "ScanOptions": "FS",
    "ScanningSequence": "EP",
    "SequenceName": "_epfid2d1_64",
    "SequenceVariant": "SK",
    "SliceThickness": 3,
    "SliceTiming": [
      1.055,
      0,
      1.1425,
      0.0875,
      1.23,
      0.175,
      1.3175,
      0.265,
      1.405,
      0.3525,
      1.4925,
      0.44,
      1.5825,
      0.5275,
      1.67,
      0.615,
      1.7575,
      0.7025,
      1.845,
      0.79,
      1.9325,
      0.8775,
      2.02,
      0.9675
    ],
    "SoftwareVersions": "syngo_MR_B19",
    "SpacingBetweenSlices": 3.3,
    "TaskName": "arithm_run-01",
    "TotalReadoutTime": 0.0296097,
    "dataset": "ds002422",
    "modality": "bold",
    "run_id": 1,
    "subject_id": "06",
    "task_id": "arithm"
  },
  "dummy_trs": 0,
  "dvars_nstd": 42.89520740057412,
  "dvars_std": 1.010050838516746,
  "dvars_vstd": 1.007312873923444,
  "efc": 0.668932103335835,
  "fber": 170.8635711669922,
  "fd_mean": 0.09863499505862623,
  "fd_num": 13,
  "fd_perc": 6.190476190476191,
  "fwhm_avg": 1.6625338351557986,
  "fwhm_x": 1.4489966666666667,
  "fwhm_y": 1.8606168145352058,
  "fwhm_z": 1.6779880242655225,
  "gcor": 0.0144065,
  "gsr_x": -0.009169532917439938,
  "gsr_y": 0.05801592767238617,
  "provenance": {
    "md5sum": "c46f4f5e69b91c971f47feda9d3cdc56",
    "settings": {
      "fd_thres": 0.2,
      "testing": false
    },
    "software": "mriqc",
    "version": "21.0.0rc2",
    "webapi_port": null,
    "webapi_url": "https://mriqc.nimh.nih.gov/api/v1"
  },
  "size_t": 210,
  "size_x": 64,
  "size_y": 64,
  "size_z": 24,
  "snr": 6.767598984965672,
  "spacing_tr": 2.0999999046325684,
  "spacing_x": 3.0,
  "spacing_y": 2.999999761581421,
  "spacing_z": 3.299999713897705,
  "summary_bg_k": 10.413805484361173,
  "summary_bg_mad": 5.9374671609513285,
  "summary_bg_mean": 54.436092376708984,
  "summary_bg_median": 40.404762268066406,
  "summary_bg_n": 46455.0,
  "summary_bg_p05": 35.78095245361328,
  "summary_bg_p95": 117.10000610351562,
  "summary_bg_stdv": 29.546554565429688,
  "summary_fg_k": 1.916815805785391,
  "summary_fg_mad": 73.36057666831161,
  "summary_fg_mean": 534.2376098632812,
  "summary_fg_median": 527.8452758789062,
  "summary_fg_n": 27562.0,
  "summary_fg_p05": 427.69691772460936,
  "summary_fg_p95": 666.3186157226562,
  "summary_fg_stdv": 77.9945297241211,
  "tsnr": 30.686230497201905
}