{
  "bids_meta": {
    "AcquisitionMatrixPE": 246,
    "BaseResolution": 256,
    "CoilString": "T:HE1-4;NE2",
    "DwellTime": 1.5e-05,
    "EchoTime": 0.00291,
    "FlipAngle": 15,
    "ImagingFrequency": 63.6572,
    "InversionTime": 1.1,
    "MagneticFieldStrength": 1.5,
    "Manufacturer": "Siemens",
    "ManufacturersModelName": "Avanto",
    "PartialFourier": 1,
    "PercentPhaseFOV": 100,
    "PhaseEncodingSteps": 307,
    "PhaseOversampling": 0.25,
    "PhaseResolution": 0.96,
    "PixelBandwidth": 130,
    "ProtocolName": "t1_mpr_ns_sag_p2_iso",
    "PulseSequenceDetails": "%SiemensSeq%_tfl",
    "ReceiveCoilName": "NeckMatrix",
    "ReconMatrixPE": 256,
    "RepetitionTime": 1.9,
    "ScanOptions": "IR",
    "ScanningSequence": "GR_IR",
    "SequenceName": "_tfl3d1_ns",
    "SequenceVariant": "SP_MP_OSP",
    "SeriesDescription": "t1_mpr_ns_sag_p2_iso",
    "SliceThickness": 1,
    "SoftwareVersions": "syngo_MR_B19",
    "dataset": "ds002422",
    "modality": "T1w",
    "subject_id": "26"
  },
  "cjv": 0.5664906176208069,
  "cnr": 2.427863485677482,
  "efc": 0.5050916215784451,
  "fber": 2413.598388671875,
  "fwhm_avg": 3.310392786458962,
  "fwhm_x": 3.22619,
  "fwhm_y": 3.2665909193768874,
  "fwhm_z": 3.43839744,
  "icvs_csf": 0.1702271770268296,
  "icvs_gm": 0.4733382278483883,
  "icvs_wm": 0.3564345951247821,
  "inu_med": 1.6697372198104858,
  "inu_range": 0.33389419317245483,
  "provenance": {
    "md5sum": "4f827e3e4daa8e92801a0b39792f9811",
    "settings": {
      "testing": false
    },
    "software": "mriqc",
    "version": "21.0.0rc2",
    "warnings": {
      "large_rot_frame": true,
      "small_air_mask": false
    },
    "webapi_port": null,
    "webapi_url": "https://mriqc.nimh.nih.gov/api/v1"
  },
  "qi_1": 0.0,
  "qi_2": 0.003421617889976,
  "rpve_csf": 32.05717704753943,
  "rpve_gm": 13.102555486637982,
  "rpve_wm": 19.1057944929214,
  "size_x": 176,
  "size_y": 256,
  "size_z": 256,
  "snr_csf": 3.009113098610344,
  "snr_gm": 14.736629193993389,
  "snr_total": 11.879399707230405,
  "snr_wm": 17.892456829087486,
  "snrd_csf": 28.308746687860598,
  "snrd_gm": 53.41895086732813,
  "snrd_total": 49.28014223514531,
  "snrd_wm": 66.11272915024719,
  "spacing_x": 1.0,
  "spacing_y": 0.9765624403953552,
  "spacing_z": 0.9765625,
  "summary_bg_k": 3.296653558119173,
  "summary_bg_mad": 9.909782533177362,
  "summary_bg_mean": 16.233543395996094,
  "summary_bg_median": 13.40428638458252,
  "summary_bg_n": 3002889.0,
  "summary_bg_p05": 2.230963659286499,
  "summary_bg_p95": 37.6919532775879,
  "summary_bg_stdv": 11.15109920501709,
  "summary_csf_k": 7.72768815389025,
  "summary_csf_mad": 156.51316908762976,
  "summary_csf_mean": 449.8426208496094,
  "summary_csf_median": 428.206298828125,
  "summary_csf_n": 10208.0,
  "summary_csf_p05": 252.6840461730957,
  "summary_csf_p95": 679.796517944336,
  "summary_csf_stdv": 142.2961883544922,
  "summary_gm_k": 0.09981152176549202,
  "summary_gm_mad": 53.431141561071726,
  "summary_gm_mean": 810.0941162109375,
  "summary_gm_median": 808.030517578125,
  "summary_gm_n": 24907.0,
  "summary_gm_p05": 721.9024597167969,
  "summary_gm_p95": 903.1140197753905,
  "summary_gm_stdv": 54.8303337097168,
  "summary_wm_k": 0.11202456342407086,
  "summary_wm_mad": 55.34058915706091,
  "summary_wm_mean": 1000.313720703125,
  "summary_wm_median": 1000.040283203125,
  "summary_wm_n": 172559.0,
  "summary_wm_p05": 908.8247741699219,
  "summary_wm_p95": 1092.4124755859375,
  "summary_wm_stdv": 55.891563415527344,
  "tpm_overlap_csf": 0.16487571597099304,
  "tpm_overlap_gm": 0.4707629084587097,
  "tpm_overlap_wm": 0.5111044049263,
  "wm2max": 0.5144350381564837
}