{
  "aor": 0.0004923333333333332,
  "aqi": 0.019255774285714285,
  "bids_meta": {
    "AcquisitionMatrixPE": 64,
    "BandwidthPerPixelPhaseEncode": 33.245,
    "BaseResolution": 64,
    "BodyPartExamined": "HEAD",
    "DerivedVendorReportedEchoSpacing": 0.000469996,
    "DwellTime": 3e-06,
    "EchoTime": 0.05,
    "EffectiveEchoSpacing": 0.000469995,
    "FlipAngle": 90,
    "ImageType": [
      "ORIGINAL",
      "PRIMARY",
      "FMRI",
      "NONE",
      "ND",
      "MOSAIC"
    ],
    "InPlanePhaseEncodingDirectionDICOM": "COL",
    "Instructions": "During the main condition, participants were visually presented with already solved sums (arithmetic operations of addition, subtraction, multiplication, and division with simple and double-digit numbers). The control condition stimuli were digit lines with non-mathematical characters instead of arithmetic signs. Participants responded with one of three buttons on the MR-compatible response box, depending on whether the stimulus sum had been solved correctly, incorrectly or just had not been an arithmetic exercise.",
    "MRAcquisitionType": "2D",
    "MagneticFieldStrength": 1.5,
    "Manufacturer": "Siemens",
    "ManufacturersModelName": "Avanto",
    "NumberOfVolumesDiscardedByUser": 3,
    "PartialFourier": 1,
    "PatientPosition": "HFS",
    "PercentPhaseFOV": 100,
    "PhaseEncodingDirection": "j-",
    "PhaseEncodingSteps": 64,
    "PhaseResolution": 1,
    "PixelBandwidth": 2604,
    "ProcedureStepDescription": "head_NEURO",
    "PulseSequenceDetails": "%SiemensSeq%_ep2d_bold",
    "ReceiveCoilName": "HeadMatrix",
    "ReconMatrixPE": 64,
    "RepetitionTime": 2.1,
    "ScanOptions": "FS",
    "ScanningSequence": "EP",
    "SequenceName": "_epfid2d1_64",
    "SequenceVariant": "SK",
    "SliceThickness": 3,
    "SliceTiming": [
      1.055,
      0,
      1.1425,
      0.09,
      1.23,
      0.1775,
      1.3175,
      0.265,
      1.4075,
      0.3525,
      1.495,
      0.44,
      1.5825,
      0.5275,
      1.67,
      0.615,
      1.7575,
      0.7025,
      1.845,
      0.7925,
      1.9325,
      0.88,
      2.02,
      0.9675
    ],
    "SoftwareVersions": "syngo_MR_B19",
    "SpacingBetweenSlices": 3.3,
    "TaskName": "arithm_run-01",
    "TotalReadoutTime": 0.0296097,
    "dataset": "ds002422",
    "modality": "bold",
    "run_id": 1,
    "subject_id": "41",
    "task_id": "arithm"
  },
  "dummy_trs": 0,
  "dvars_nstd": 40.65459549842107,
  "dvars_std": 1.0207626591387562,
  "dvars_vstd": 1.0102874199999998,
  "efc": 0.6413524920386169,
  "fber": 213.0275115966797,
  "fd_mean": 0.06204251309581984,
  "fd_num": 3,
  "fd_perc": 1.4285714285714286,
  "fwhm_avg": 1.6780524322986954,
  "fwhm_x": 1.5479266666666665,
  "fwhm_y": 1.8136033333333332,
  "fwhm_z": 1.6726272968960862,
  "gcor": 0.00574162,
  "gsr_x": 0.003927028737962246,
  "gsr_y": 0.02706349641084671,
  "provenance": {
    "md5sum": "eef403ac3703ed332af35b63d85b1bfc",
    "settings": {
      "fd_thres": 0.2,
      "testing": false
    },
    "software": "mriqc",
    "version": "21.0.0rc2",
    "webapi_port": null,
    "webapi_url": "https://mriqc.nimh.nih.gov/api/v1"
  },
  "size_t": 210,
  "size_x": 64,
  "size_y": 64,
  "size_z": 24,
  "snr": 6.73511437349668,
  "spacing_tr": 2.0999999046325684,
  "spacing_x": 3.0,
  "spacing_y": 3.0,
  "spacing_z": 3.299999952316284,
  "summary_bg_k": 41.066353850668506,
  "summary_bg_mad": 3.07816530626708,
  "summary_bg_mean": 46.24397277832031,
  "summary_bg_median": 37.71428680419922,
  "summary_bg_n": 47693.0,
  "summary_bg_p05": 34.29047775268555,
  "summary_bg_p95": 81.147624206543,
  "summary_bg_stdv": 31.126649856567383,
  "summary_fg_k": 1.2244192201481798,
  "summary_fg_mad": 83.6222852180946,
  "summary_fg_mean": 556.6343994140625,
  "summary_fg_median": 549.0,
  "summary_fg_n": 26572.0,
  "summary_fg_p05": 449.2264343261719,
  "summary_fg_p95": 700.1071777343745,
  "summary_fg_stdv": 81.51155853271484,
  "tsnr": 34.38496465946082
}