{
  "aor": 0.0003683919597989949,
  "aqi": 0.008250602060301508,
  "bids_meta": {
    "AcquisitionMatrixPE": 64,
    "BandwidthPerPixelPhaseEncode": 34.722,
    "BaseResolution": 64,
    "BodyPartExamined": "HEAD",
    "DelayTime": 0.5,
    "DerivedVendorReportedEchoSpacing": 0.000450003,
    "DwellTime": 3e-06,
    "EchoTime": 0.05,
    "EffectiveEchoSpacing": 0.000450003,
    "FlipAngle": 90,
    "ImageType": [
      "ORIGINAL",
      "PRIMARY",
      "FMRI",
      "NONE",
      "ND",
      "MOSAIC"
    ],
    "InPlanePhaseEncodingDirectionDICOM": "COL",
    "Instructions": "Participants were asked to close their eyes, to not fall asleep, and to avoid consistent thinking about one topic during the period of scanning",
    "MRAcquisitionType": "2D",
    "MagneticFieldStrength": 1.5,
    "Manufacturer": "Siemens",
    "ManufacturersModelName": "Avanto",
    "NumberOfVolumesDiscardedByUser": 3,
    "PartialFourier": 1,
    "PatientPosition": "HFS",
    "PercentPhaseFOV": 100,
    "PhaseEncodingDirection": "j-",
    "PhaseEncodingSteps": 64,
    "PhaseResolution": 1,
    "PixelBandwidth": 2604,
    "ProcedureStepDescription": "head_NEURO",
    "PulseSequenceDetails": "%SiemensSeq%_ep2d_bold",
    "ReceiveCoilName": "HeadMatrix",
    "ReconMatrixPE": 64,
    "RepetitionTime": 3.56,
    "ScanOptions": "FS",
    "ScanningSequence": "EP",
    "SequenceName": "_epfid2d1_64",
    "SequenceVariant": "SK",
    "SliceThickness": 3.6,
    "SliceTiming": [
      1.535,
      0,
      1.62,
      0.085,
      1.705,
      0.17,
      1.7925,
      0.255,
      1.8775,
      0.34,
      1.9625,
      0.425,
      2.0475,
      0.5125,
      2.1325,
      0.5975,
      2.2175,
      0.6825,
      2.3025,
      0.7675,
      2.39,
      0.8525,
      2.475,
      0.9375,
      2.56,
      1.0225,
      2.645,
      1.1075,
      2.73,
      1.195,
      2.815,
      1.28,
      2.9,
      1.365,
      2.985,
      1.45
    ],
    "SoftwareVersions": "syngo_MR_B19",
    "SpacingBetweenSlices": 3.78,
    "TaskName": "rest",
    "TotalReadoutTime": 0.0283502,
    "dataset": "ds002422",
    "modality": "bold",
    "subject_id": "41",
    "task_id": "rest"
  },
  "dummy_trs": 1,
  "dvars_nstd": 29.26433348398989,
  "dvars_std": 1.09592123,
  "dvars_vstd": 0.9852823491414148,
  "efc": 0.5029025190186457,
  "fber": 722.7003173828125,
  "fd_mean": 0.060495036113064886,
  "fd_num": 0,
  "fd_perc": 0.0,
  "fwhm_avg": 1.5946717710447267,
  "fwhm_x": 1.5047373913043478,
  "fwhm_y": 1.6699603478260872,
  "fwhm_z": 1.6093175740037444,
  "gcor": 0.00962604,
  "gsr_x": -0.013886918313801289,
  "gsr_y": 0.012180093675851822,
  "provenance": {
    "md5sum": "1aa8b1645b08e6328fbe2c8403a4410d",
    "settings": {
      "fd_thres": 0.2,
      "testing": false
    },
    "software": "mriqc",
    "version": "21.0.0rc2",
    "webapi_port": null,
    "webapi_url": "https://mriqc.nimh.nih.gov/api/v1"
  },
  "size_t": 199,
  "size_x": 64,
  "size_y": 64,
  "size_z": 36,
  "snr": 5.558840585517719,
  "spacing_tr": 3.559999942779541,
  "spacing_x": 3.59375,
  "spacing_y": 3.59375,
  "spacing_z": 3.7799997329711914,
  "summary_bg_k": 42.40325852496984,
  "summary_bg_mad": 2.696995189390846,
  "summary_bg_mean": 31.560970306396484,
  "summary_bg_median": 22.462310791015625,
  "summary_bg_n": 94447.0,
  "summary_bg_p05": 19.99497413635254,
  "summary_bg_p95": 69.68291244506825,
  "summary_bg_stdv": 32.2462158203125,
  "summary_fg_k": 1.0638956209168953,
  "summary_fg_mad": 110.59168285549742,
  "summary_fg_mean": 617.080078125,
  "summary_fg_median": 607.60302734375,
  "summary_fg_n": 22635.0,
  "summary_fg_p05": 470.5552703857422,
  "summary_fg_p95": 806.6849243164062,
  "summary_fg_stdv": 109.30149841308594,
  "tsnr": 53.75002034299541
}