{
  "aor": 0.0004366666666666667,
  "aqi": 0.017741722380952382,
  "bids_meta": {
    "AcquisitionMatrixPE": 64,
    "BandwidthPerPixelPhaseEncode": 33.245,
    "BaseResolution": 64,
    "BodyPartExamined": "HEAD",
    "DerivedVendorReportedEchoSpacing": 0.000469996,
    "DwellTime": 3e-06,
    "EchoTime": 0.05,
    "EffectiveEchoSpacing": 0.000469995,
    "FlipAngle": 90,
    "ImageType": [
      "ORIGINAL",
      "PRIMARY",
      "FMRI",
      "NONE",
      "ND",
      "MOSAIC"
    ],
    "InPlanePhaseEncodingDirectionDICOM": "COL",
    "Instructions": "During the main condition, participants were visually presented with already solved sums (arithmetic operations of addition, subtraction, multiplication, and division with simple and double-digit numbers). The control condition stimuli were digit lines with non-mathematical characters instead of arithmetic signs. Participants responded with one of three buttons on the MR-compatible response box, depending on whether the stimulus sum had been solved correctly, incorrectly or just had not been an arithmetic exercise.",
    "MRAcquisitionType": "2D",
    "MagneticFieldStrength": 1.5,
    "Manufacturer": "Siemens",
    "ManufacturersModelName": "Avanto",
    "NumberOfVolumesDiscardedByUser": 3,
    "PartialFourier": 1,
    "PatientPosition": "HFS",
    "PercentPhaseFOV": 100,
    "PhaseEncodingDirection": "j-",
    "PhaseEncodingSteps": 64,
    "PhaseResolution": 1,
    "PixelBandwidth": 2604,
    "ProcedureStepDescription": "head_NEURO",
    "PulseSequenceDetails": "%SiemensSeq%_ep2d_bold",
    "ReceiveCoilName": "HeadMatrix",
    "ReconMatrixPE": 64,
    "RepetitionTime": 2.1,
    "ScanOptions": "FS",
    "ScanningSequence": "EP",
    "SequenceName": "_epfid2d1_64",
    "SequenceVariant": "SK",
    "SliceThickness": 3,
    "SliceTiming": [
      1.055,
      0,
      1.1425,
      0.0875,
      1.23,
      0.175,
      1.3175,
      0.2625,
      1.405,
      0.3525,
      1.4925,
      0.44,
      1.58,
      0.5275,
      1.67,
      0.615,
      1.7575,
      0.7025,
      1.845,
      0.79,
      1.9325,
      0.8775,
      2.02,
      0.965
    ],
    "SoftwareVersions": "syngo_MR_B19",
    "SpacingBetweenSlices": 3.3,
    "TaskName": "arithm_run-02",
    "TotalReadoutTime": 0.0296097,
    "dataset": "ds002422",
    "modality": "bold",
    "run_id": 2,
    "subject_id": "41",
    "task_id": "arithm"
  },
  "dummy_trs": 0,
  "dvars_nstd": 41.229800538851656,
  "dvars_std": 1.032150843157895,
  "dvars_vstd": 1.0144300895693783,
  "efc": 0.6407552706636377,
  "fber": 218.08229064941406,
  "fd_mean": 0.05415375226991037,
  "fd_num": 1,
  "fd_perc": 0.47619047619047616,
  "fwhm_avg": 1.7018979881446883,
  "fwhm_x": 1.5593433333333333,
  "fwhm_y": 1.8134233333333334,
  "fwhm_z": 1.7329272977673977,
  "gcor": 0.00525961,
  "gsr_x": 0.00400886032730341,
  "gsr_y": 0.026705414056777954,
  "provenance": {
    "md5sum": "075e8974d0a93f2ecc60f6abc6a735ff",
    "settings": {
      "fd_thres": 0.2,
      "testing": false
    },
    "software": "mriqc",
    "version": "21.0.0rc2",
    "webapi_port": null,
    "webapi_url": "https://mriqc.nimh.nih.gov/api/v1"
  },
  "size_t": 210,
  "size_x": 64,
  "size_y": 64,
  "size_z": 24,
  "snr": 6.714620043644292,
  "spacing_tr": 2.0999999046325684,
  "spacing_x": 3.0,
  "spacing_y": 3.0,
  "spacing_z": 3.299999952316284,
  "summary_bg_k": 40.80729175792756,
  "summary_bg_mad": 2.2380255572948733,
  "summary_bg_mean": 46.01982116699219,
  "summary_bg_median": 37.43809509277344,
  "summary_bg_n": 47807.0,
  "summary_bg_p05": 35.257144927978516,
  "summary_bg_p95": 80.0509552001953,
  "summary_bg_stdv": 30.639753341674805,
  "summary_fg_k": 1.3238101747124338,
  "summary_fg_mad": 83.61871082920112,
  "summary_fg_mean": 557.7208862304688,
  "summary_fg_median": 549.8643188476562,
  "summary_fg_n": 26596.0,
  "summary_fg_p05": 450.2690658569336,
  "summary_fg_p95": 700.8940734863281,
  "summary_fg_stdv": 81.88906860351562,
  "tsnr": 35.32514333515428
}