{
  "aor": 0.0002721904761904762,
  "aqi": 0.03987415285714286,
  "bids_meta": {
    "AcquisitionMatrixPE": 64,
    "BandwidthPerPixelPhaseEncode": 33.245,
    "BaseResolution": 64,
    "BodyPartExamined": "HEAD",
    "DerivedVendorReportedEchoSpacing": 0.000469996,
    "DwellTime": 3e-06,
    "EchoTime": 0.05,
    "EffectiveEchoSpacing": 0.000469995,
    "FlipAngle": 90,
    "ImageType": [
      "ORIGINAL",
      "PRIMARY",
      "FMRI",
      "NONE",
      "ND",
      "MOSAIC"
    ],
    "InPlanePhaseEncodingDirectionDICOM": "COL",
    "Instructions": "During the main condition, participants were visually presented with already solved sums (arithmetic operations of addition, subtraction, multiplication, and division with simple and double-digit numbers). The control condition stimuli were digit lines with non-mathematical characters instead of arithmetic signs. Participants responded with one of three buttons on the MR-compatible response box, depending on whether the stimulus sum had been solved correctly, incorrectly or just had not been an arithmetic exercise.",
    "MRAcquisitionType": "2D",
    "MagneticFieldStrength": 1.5,
    "Manufacturer": "Siemens",
    "ManufacturersModelName": "Avanto",
    "NumberOfVolumesDiscardedByUser": 3,
    "PartialFourier": 1,
    "PatientPosition": "HFS",
    "PercentPhaseFOV": 100,
    "PhaseEncodingDirection": "j-",
    "PhaseEncodingSteps": 64,
    "PhaseResolution": 1,
    "PixelBandwidth": 2604,
    "ProcedureStepDescription": "head_NEURO",
    "PulseSequenceDetails": "%SiemensSeq%_ep2d_bold",
    "ReceiveCoilName": "HeadMatrix",
    "ReconMatrixPE": 64,
    "RepetitionTime": 2.1,
    "ScanOptions": "FS",
    "ScanningSequence": "EP",
    "SequenceName": "_epfid2d1_64",
    "SequenceVariant": "SK",
    "SliceThickness": 3,
    "SliceTiming": [
      1.055,
      0,
      1.1425,
      0.09,
      1.23,
      0.1775,
      1.3175,
      0.265,
      1.4075,
      0.3525,
      1.495,
      0.44,
      1.5825,
      0.5275,
      1.67,
      0.615,
      1.7575,
      0.705,
      1.845,
      0.7925,
      1.9325,
      0.88,
      2.0225,
      0.9675
    ],
    "SoftwareVersions": "syngo_MR_B19",
    "SpacingBetweenSlices": 3.3,
    "TaskName": "arithm_run-02",
    "TotalReadoutTime": 0.0296097,
    "dataset": "ds002422",
    "modality": "bold",
    "run_id": 2,
    "subject_id": "01",
    "task_id": "arithm"
  },
  "dummy_trs": 0,
  "dvars_nstd": 45.321671171148324,
  "dvars_std": 1.000673570478469,
  "dvars_vstd": 0.9835943121531099,
  "efc": 0.6417731954479394,
  "fber": 195.6537628173828,
  "fd_mean": 0.11217004705246778,
  "fd_num": 12,
  "fd_perc": 5.714285714285714,
  "fwhm_avg": 1.6441010105144205,
  "fwhm_x": 1.5091233333333334,
  "fwhm_y": 1.7785431919874197,
  "fwhm_z": 1.6446365062225086,
  "gcor": 0.005624,
  "gsr_x": 0.0033767009153962135,
  "gsr_y": 0.021308617666363716,
  "provenance": {
    "md5sum": "9adaa057d0cde99283bd8c02fd19a895",
    "settings": {
      "fd_thres": 0.2,
      "testing": false
    },
    "software": "mriqc",
    "version": "21.0.0rc2",
    "webapi_port": null,
    "webapi_url": "https://mriqc.nimh.nih.gov/api/v1"
  },
  "size_t": 210,
  "size_x": 64,
  "size_y": 64,
  "size_z": 24,
  "snr": 7.037245710170702,
  "spacing_tr": 2.0999999046325684,
  "spacing_x": 3.0,
  "spacing_y": 3.000000238418579,
  "spacing_z": 3.299999713897705,
  "summary_bg_k": 54.60669576691532,
  "summary_bg_mad": 4.405445622586024,
  "summary_bg_mean": 43.306243896484375,
  "summary_bg_median": 37.728572845458984,
  "summary_bg_n": 47359.0,
  "summary_bg_p05": 32.13809585571289,
  "summary_bg_p95": 67.81571426391599,
  "summary_bg_stdv": 21.58313751220703,
  "summary_fg_k": 2.3627170131798865,
  "summary_fg_mad": 67.52192552436517,
  "summary_fg_mean": 534.9021606445312,
  "summary_fg_median": 526.2333374023438,
  "summary_fg_n": 26842.0,
  "summary_fg_p05": 440.59572143554686,
  "summary_fg_p95": 667.9447753906248,
  "summary_fg_stdv": 74.77691650390625,
  "tsnr": 29.788183031370863
}