{
  "aor": 0.0007781428571428571,
  "aqi": 0.03665613761904762,
  "bids_meta": {
    "AcquisitionMatrixPE": 64,
    "BandwidthPerPixelPhaseEncode": 33.245,
    "BaseResolution": 64,
    "BodyPartExamined": "HEAD",
    "DerivedVendorReportedEchoSpacing": 0.000469996,
    "DwellTime": 3e-06,
    "EchoTime": 0.05,
    "EffectiveEchoSpacing": 0.000469995,
    "FlipAngle": 90,
    "ImageType": [
      "ORIGINAL",
      "PRIMARY",
      "FMRI",
      "NONE",
      "ND",
      "MOSAIC"
    ],
    "InPlanePhaseEncodingDirectionDICOM": "COL",
    "Instructions": "During the main condition, participants were visually presented with already solved sums (arithmetic operations of addition, subtraction, multiplication, and division with simple and double-digit numbers). The control condition stimuli were digit lines with non-mathematical characters instead of arithmetic signs. Participants responded with one of three buttons on the MR-compatible response box, depending on whether the stimulus sum had been solved correctly, incorrectly or just had not been an arithmetic exercise.",
    "MRAcquisitionType": "2D",
    "MagneticFieldStrength": 1.5,
    "Manufacturer": "Siemens",
    "ManufacturersModelName": "Avanto",
    "NumberOfVolumesDiscardedByUser": 3,
    "PartialFourier": 1,
    "PatientPosition": "HFS",
    "PercentPhaseFOV": 100,
    "PhaseEncodingDirection": "j-",
    "PhaseEncodingSteps": 64,
    "PhaseResolution": 1,
    "PixelBandwidth": 2604,
    "ProcedureStepDescription": "head_NEURO",
    "PulseSequenceDetails": "%SiemensSeq%_ep2d_bold",
    "ReceiveCoilName": "HeadMatrix",
    "ReconMatrixPE": 64,
    "RepetitionTime": 2.1,
    "ScanOptions": "FS",
    "ScanningSequence": "EP",
    "SequenceName": "_epfid2d1_64",
    "SequenceVariant": "SK",
    "SliceThickness": 3,
    "SliceTiming": [
      1.0525,
      0,
      1.14,
      0.0875,
      1.2275,
      0.175,
      1.3175,
      0.2625,
      1.405,
      0.35,
      1.4925,
      0.4375,
      1.58,
      0.525,
      1.6675,
      0.615,
      1.755,
      0.7025,
      1.8425,
      0.79,
      1.9325,
      0.8775,
      2.02,
      0.965
    ],
    "SoftwareVersions": "syngo_MR_B19",
    "SpacingBetweenSlices": 3.3,
    "TaskName": "arithm_run-01",
    "TotalReadoutTime": 0.0296097,
    "dataset": "ds002422",
    "modality": "bold",
    "run_id": 1,
    "subject_id": "01",
    "task_id": "arithm"
  },
  "dummy_trs": 0,
  "dvars_nstd": 45.07744864842105,
  "dvars_std": 1.0249045636842107,
  "dvars_vstd": 1.0014294982296648,
  "efc": 0.6428987514860511,
  "fber": 196.09571838378906,
  "fd_mean": 0.1149950449656051,
  "fd_num": 10,
  "fd_perc": 4.761904761904762,
  "fwhm_avg": 1.6160894935487538,
  "fwhm_x": 1.5186966666666668,
  "fwhm_y": 1.7624565265992065,
  "fwhm_z": 1.567115287380388,
  "gcor": 0.00459039,
  "gsr_x": 0.004870234057307243,
  "gsr_y": 0.020093785598874092,
  "provenance": {
    "md5sum": "952c2dd1da25250d5f3d1e8a3a6b767d",
    "settings": {
      "fd_thres": 0.2,
      "testing": false
    },
    "software": "mriqc",
    "version": "21.0.0rc2",
    "webapi_port": null,
    "webapi_url": "https://mriqc.nimh.nih.gov/api/v1"
  },
  "size_t": 210,
  "size_x": 64,
  "size_y": 64,
  "size_z": 24,
  "snr": 6.969337226721892,
  "spacing_tr": 2.0999999046325684,
  "spacing_x": 3.0,
  "spacing_y": 3.000000238418579,
  "spacing_z": 3.299999713897705,
  "summary_bg_k": 55.16672547540482,
  "summary_bg_mad": 4.581948041238073,
  "summary_bg_mean": 43.211036682128906,
  "summary_bg_median": 37.68095397949219,
  "summary_bg_n": 47007.0,
  "summary_bg_p05": 31.71428680419922,
  "summary_bg_p95": 68.24666748046869,
  "summary_bg_stdv": 21.63204002380371,
  "summary_fg_k": 2.367322898718924,
  "summary_fg_mad": 67.11240914620068,
  "summary_fg_mean": 534.8662109375,
  "summary_fg_median": 526.01904296875,
  "summary_fg_n": 27239.0,
  "summary_fg_p05": 439.7762145996094,
  "summary_fg_p95": 668.9609680175779,
  "summary_fg_stdv": 75.47480773925781,
  "tsnr": 30.658073792699724
}