{
  "aor": 0.0003966500000000001,
  "aqi": 0.009602423300000001,
  "bids_meta": {
    "AcquisitionMatrixPE": 64,
    "BandwidthPerPixelPhaseEncode": 34.722,
    "BaseResolution": 64,
    "BodyPartExamined": "HEAD",
    "DelayTime": 0.5,
    "DerivedVendorReportedEchoSpacing": 0.000450003,
    "DwellTime": 3e-06,
    "EchoTime": 0.05,
    "EffectiveEchoSpacing": 0.000450003,
    "FlipAngle": 90,
    "ImageType": [
      "ORIGINAL",
      "PRIMARY",
      "FMRI",
      "NONE",
      "ND",
      "MOSAIC"
    ],
    "InPlanePhaseEncodingDirectionDICOM": "COL",
    "Instructions": "Participants were asked to close their eyes, to not fall asleep, and to avoid consistent thinking about one topic during the period of scanning",
    "MRAcquisitionType": "2D",
    "MagneticFieldStrength": 1.5,
    "Manufacturer": "Siemens",
    "ManufacturersModelName": "Avanto",
    "NumberOfVolumesDiscardedByUser": 3,
    "PartialFourier": 1,
    "PatientPosition": "HFS",
    "PercentPhaseFOV": 100,
    "PhaseEncodingDirection": "j-",
    "PhaseEncodingSteps": 64,
    "PhaseResolution": 1,
    "PixelBandwidth": 2604,
    "ProcedureStepDescription": "head_NEURO",
    "PulseSequenceDetails": "%SiemensSeq%_ep2d_bold",
    "ReceiveCoilName": "HeadMatrix",
    "ReconMatrixPE": 64,
    "RepetitionTime": 3.56,
    "ScanOptions": "FS",
    "ScanningSequence": "EP",
    "SequenceName": "_epfid2d1_64",
    "SequenceVariant": "SK",
    "SliceThickness": 3.6,
    "SliceTiming": [
      1.5375,
      0,
      1.6225,
      0.085,
      1.7075,
      0.1725,
      1.7925,
      0.2575,
      1.8775,
      0.3425,
      1.9625,
      0.4275,
      2.05,
      0.5125,
      2.135,
      0.5975,
      2.22,
      0.6825,
      2.305,
      0.77,
      2.39,
      0.855,
      2.475,
      0.94,
      2.56,
      1.025,
      2.6475,
      1.11,
      2.7325,
      1.195,
      2.8175,
      1.28,
      2.9025,
      1.3675,
      2.9875,
      1.4525
    ],
    "SoftwareVersions": "syngo_MR_B19",
    "SpacingBetweenSlices": 3.78,
    "TaskName": "rest",
    "TotalReadoutTime": 0.0283502,
    "dataset": "ds002422",
    "modality": "bold",
    "subject_id": "01",
    "task_id": "rest"
  },
  "dummy_trs": 0,
  "dvars_nstd": 32.05407734969851,
  "dvars_std": 1.1417697229648247,
  "dvars_vstd": 0.990656389949748,
  "efc": 0.48374465648651455,
  "fber": 680.334228515625,
  "fd_mean": 0.07709550294313397,
  "fd_num": 1,
  "fd_perc": 0.5,
  "fwhm_avg": 1.517422198720545,
  "fwhm_x": 1.4297377391304347,
  "fwhm_y": 1.6176055652173913,
  "fwhm_z": 1.5049232918138096,
  "gcor": 0.00723376,
  "gsr_x": -0.011693820357322693,
  "gsr_y": 0.03192811459302902,
  "provenance": {
    "md5sum": "a8444fdbe49868c1a717f7a0abb19dcb",
    "settings": {
      "fd_thres": 0.2,
      "testing": false
    },
    "software": "mriqc",
    "version": "21.0.0rc2",
    "webapi_port": null,
    "webapi_url": "https://mriqc.nimh.nih.gov/api/v1"
  },
  "size_t": 200,
  "size_x": 64,
  "size_y": 64,
  "size_z": 36,
  "snr": 5.758945786062975,
  "spacing_tr": 3.559999942779541,
  "spacing_x": 3.59375,
  "spacing_y": 3.59375,
  "spacing_z": 3.7799999713897705,
  "summary_bg_k": 281.4871188762493,
  "summary_bg_mad": 2.7798791596980035,
  "summary_bg_mean": 30.492525100708008,
  "summary_bg_median": 21.829999923706055,
  "summary_bg_n": 97852.0,
  "summary_bg_p05": 19.020000457763672,
  "summary_bg_p95": 57.802249717712385,
  "summary_bg_stdv": 46.501258850097656,
  "summary_fg_k": 2.8236185172447605,
  "summary_fg_mad": 87.37715812799333,
  "summary_fg_mean": 586.828369140625,
  "summary_fg_median": 573.0750122070312,
  "summary_fg_n": 19916.0,
  "summary_fg_p05": 461.7675018310547,
  "summary_fg_p95": 761.2887420654297,
  "summary_fg_stdv": 99.50790405273438,
  "tsnr": 54.33199852454709
}