{
  "aor": 0.0005004761904761905,
  "aqi": 0.018543120476190476,
  "bids_meta": {
    "AcquisitionMatrixPE": 64,
    "BandwidthPerPixelPhaseEncode": 33.245,
    "BaseResolution": 64,
    "BodyPartExamined": "HEAD",
    "DerivedVendorReportedEchoSpacing": 0.000469996,
    "DwellTime": 3e-06,
    "EchoTime": 0.05,
    "EffectiveEchoSpacing": 0.000469995,
    "FlipAngle": 90,
    "ImageType": [
      "ORIGINAL",
      "PRIMARY",
      "FMRI",
      "NONE",
      "ND",
      "MOSAIC"
    ],
    "InPlanePhaseEncodingDirectionDICOM": "COL",
    "Instructions": "During the main condition, participants were visually presented with already solved sums (arithmetic operations of addition, subtraction, multiplication, and division with simple and double-digit numbers). The control condition stimuli were digit lines with non-mathematical characters instead of arithmetic signs. Participants responded with one of three buttons on the MR-compatible response box, depending on whether the stimulus sum had been solved correctly, incorrectly or just had not been an arithmetic exercise.",
    "MRAcquisitionType": "2D",
    "MagneticFieldStrength": 1.5,
    "Manufacturer": "Siemens",
    "ManufacturersModelName": "Avanto",
    "NumberOfVolumesDiscardedByUser": 3,
    "PartialFourier": 1,
    "PatientPosition": "HFS",
    "PercentPhaseFOV": 100,
    "PhaseEncodingDirection": "j-",
    "PhaseEncodingSteps": 64,
    "PhaseResolution": 1,
    "PixelBandwidth": 2604,
    "ProcedureStepDescription": "head_NEURO",
    "PulseSequenceDetails": "%SiemensSeq%_ep2d_bold",
    "ReceiveCoilName": "HeadMatrix",
    "ReconMatrixPE": 64,
    "RepetitionTime": 2.1,
    "ScanOptions": "FS",
    "ScanningSequence": "EP",
    "SequenceName": "_epfid2d1_64",
    "SequenceVariant": "SK",
    "SliceThickness": 3,
    "SliceTiming": [
      1.055,
      0,
      1.1425,
      0.0875,
      1.23,
      0.175,
      1.3175,
      0.265,
      1.405,
      0.3525,
      1.4925,
      0.44,
      1.5825,
      0.5275,
      1.67,
      0.615,
      1.7575,
      0.7025,
      1.845,
      0.79,
      1.9325,
      0.88,
      2.02,
      0.9675
    ],
    "SoftwareVersions": "syngo_MR_B19",
    "SpacingBetweenSlices": 3.3,
    "TaskName": "arithm_run-01",
    "TotalReadoutTime": 0.0296097,
    "dataset": "ds002422",
    "modality": "bold",
    "run_id": 1,
    "subject_id": "08",
    "task_id": "arithm"
  },
  "dummy_trs": 0,
  "dvars_nstd": 43.69749237124401,
  "dvars_std": 1.0275201804784686,
  "dvars_vstd": 1.0170805433014354,
  "efc": 0.6350865106690797,
  "fber": 191.6707763671875,
  "fd_mean": 0.1206028078506522,
  "fd_num": 16,
  "fd_perc": 7.619047619047619,
  "fwhm_avg": 1.6895148369185549,
  "fwhm_x": 1.5564367903611493,
  "fwhm_y": 1.8438166666666669,
  "fwhm_z": 1.6682910537278481,
  "gcor": 0.00948478,
  "gsr_x": 0.007793506607413292,
  "gsr_y": 0.04630833864212036,
  "provenance": {
    "md5sum": "ee2665492af701a5ae9ad93b3b785c59",
    "settings": {
      "fd_thres": 0.2,
      "testing": false
    },
    "software": "mriqc",
    "version": "21.0.0rc2",
    "webapi_port": null,
    "webapi_url": "https://mriqc.nimh.nih.gov/api/v1"
  },
  "size_t": 210,
  "size_x": 64,
  "size_y": 64,
  "size_z": 24,
  "snr": 6.1673323962958975,
  "spacing_tr": 2.0999999046325684,
  "spacing_x": 2.999999761581421,
  "spacing_y": 3.0,
  "spacing_z": 3.299999713897705,
  "summary_bg_k": 76.21226291079357,
  "summary_bg_mad": 3.1346429130557034,
  "summary_bg_mean": 52.84842300415039,
  "summary_bg_median": 39.904762268066406,
  "summary_bg_n": 49580.0,
  "summary_bg_p05": 37.17142868041992,
  "summary_bg_p95": 112.186912536621,
  "summary_bg_stdv": 41.36655807495117,
  "summary_fg_k": 1.6677758048168752,
  "summary_fg_mad": 83.75996705863759,
  "summary_fg_mean": 562.10986328125,
  "summary_fg_median": 550.8976440429688,
  "summary_fg_n": 24210.0,
  "summary_fg_p05": 448.83286743164064,
  "summary_fg_p95": 726.4064514160154,
  "summary_fg_stdv": 89.3232650756836,
  "tsnr": 32.699102878337726
}