{
  "aor": 0.0003771153846153846,
  "aqi": 0.026065043269230766,
  "bids_meta": {
    "AcquisitionMatrixPE": 64,
    "BandwidthPerPixelPhaseEncode": 33.245,
    "BaseResolution": 64,
    "BodyPartExamined": "HEAD",
    "DerivedVendorReportedEchoSpacing": 0.000469996,
    "DwellTime": 3e-06,
    "EchoTime": 0.05,
    "EffectiveEchoSpacing": 0.000469995,
    "FlipAngle": 90,
    "ImageType": [
      "ORIGINAL",
      "PRIMARY",
      "FMRI",
      "NONE",
      "ND",
      "MOSAIC"
    ],
    "InPlanePhaseEncodingDirectionDICOM": "COL",
    "Instructions": "During the main condition, participants were visually presented with already solved sums (arithmetic operations of addition, subtraction, multiplication, and division with simple and double-digit numbers). The control condition stimuli were digit lines with non-mathematical characters instead of arithmetic signs. Participants responded with one of three buttons on the MR-compatible response box, depending on whether the stimulus sum had been solved correctly, incorrectly or just had not been an arithmetic exercise.",
    "MRAcquisitionType": "2D",
    "MagneticFieldStrength": 1.5,
    "Manufacturer": "Siemens",
    "ManufacturersModelName": "Avanto",
    "NumberOfVolumesDiscardedByUser": 3,
    "PartialFourier": 1,
    "PatientPosition": "HFS",
    "PercentPhaseFOV": 100,
    "PhaseEncodingDirection": "j-",
    "PhaseEncodingSteps": 64,
    "PhaseResolution": 1,
    "PixelBandwidth": 2604,
    "ProcedureStepDescription": "head_NEURO",
    "PulseSequenceDetails": "%SiemensSeq%_ep2d_bold",
    "ReceiveCoilName": "HeadMatrix",
    "ReconMatrixPE": 64,
    "RepetitionTime": 2.1,
    "ScanOptions": "FS",
    "ScanningSequence": "EP",
    "SequenceName": "_epfid2d1_64",
    "SequenceVariant": "SK",
    "SliceThickness": 3,
    "SliceTiming": [
      1.055,
      0,
      1.1425,
      0.0875,
      1.23,
      0.1775,
      1.3175,
      0.265,
      1.405,
      0.3525,
      1.495,
      0.44,
      1.5825,
      0.5275,
      1.67,
      0.615,
      1.7575,
      0.7025,
      1.845,
      0.7925,
      1.9325,
      0.88,
      2.02,
      0.9675
    ],
    "SoftwareVersions": "syngo_MR_B19",
    "SpacingBetweenSlices": 3.3,
    "TaskName": "arithm_run-02",
    "TotalReadoutTime": 0.0296097,
    "dataset": "ds002422",
    "modality": "bold",
    "run_id": 2,
    "subject_id": "08",
    "task_id": "arithm"
  },
  "dummy_trs": 2,
  "dvars_nstd": 43.852860307971014,
  "dvars_std": 0.9965877456038643,
  "dvars_vstd": 0.9898698177294681,
  "efc": 0.6357037816671727,
  "fber": 189.42544555664062,
  "fd_mean": 0.14242169872460128,
  "fd_num": 37,
  "fd_perc": 17.78846153846154,
  "fwhm_avg": 1.6982688774614612,
  "fwhm_x": 1.575920125242879,
  "fwhm_y": 1.86365,
  "fwhm_z": 1.655236507141504,
  "gcor": 0.00396821,
  "gsr_x": 0.0069846417754888535,
  "gsr_y": 0.04506578668951988,
  "provenance": {
    "md5sum": "f0d2d1260fb6c5c2f5d8500006694824",
    "settings": {
      "fd_thres": 0.2,
      "testing": false
    },
    "software": "mriqc",
    "version": "21.0.0rc2",
    "webapi_port": null,
    "webapi_url": "https://mriqc.nimh.nih.gov/api/v1"
  },
  "size_t": 208,
  "size_x": 64,
  "size_y": 64,
  "size_z": 24,
  "snr": 6.165305728761039,
  "spacing_tr": 2.0999999046325684,
  "spacing_x": 2.999999761581421,
  "spacing_y": 3.0,
  "spacing_z": 3.299999713897705,
  "summary_bg_k": 95.5962495864598,
  "summary_bg_mad": 4.15556642940207,
  "summary_bg_mean": 53.27120590209961,
  "summary_bg_median": 40.15865707397461,
  "summary_bg_n": 49429.0,
  "summary_bg_p05": 36.06731033325195,
  "summary_bg_p95": 113.00000762939453,
  "summary_bg_stdv": 44.467891693115234,
  "summary_fg_k": 1.6979536909296549,
  "summary_fg_mad": 83.99157840985006,
  "summary_fg_mean": 564.2103271484375,
  "summary_fg_median": 552.4783935546875,
  "summary_fg_n": 24308.0,
  "summary_fg_p05": 450.1288558959961,
  "summary_fg_p95": 729.1377868652339,
  "summary_fg_stdv": 89.60902404785156,
  "tsnr": 30.85709593188949
}