{
  "aor": 0.0006387999999999999,
  "aqi": 0.007694206750000001,
  "bids_meta": {
    "AcquisitionMatrixPE": 64,
    "BandwidthPerPixelPhaseEncode": 34.722,
    "BaseResolution": 64,
    "BodyPartExamined": "HEAD",
    "DelayTime": 0.5,
    "DerivedVendorReportedEchoSpacing": 0.000450003,
    "DwellTime": 3e-06,
    "EchoTime": 0.05,
    "EffectiveEchoSpacing": 0.000450003,
    "FlipAngle": 90,
    "ImageType": [
      "ORIGINAL",
      "PRIMARY",
      "FMRI",
      "NONE",
      "ND",
      "MOSAIC"
    ],
    "InPlanePhaseEncodingDirectionDICOM": "COL",
    "Instructions": "Participants were asked to close their eyes, to not fall asleep, and to avoid consistent thinking about one topic during the period of scanning",
    "MRAcquisitionType": "2D",
    "MagneticFieldStrength": 1.5,
    "Manufacturer": "Siemens",
    "ManufacturersModelName": "Avanto",
    "NumberOfVolumesDiscardedByUser": 3,
    "PartialFourier": 1,
    "PatientPosition": "HFS",
    "PercentPhaseFOV": 100,
    "PhaseEncodingDirection": "j-",
    "PhaseEncodingSteps": 64,
    "PhaseResolution": 1,
    "PixelBandwidth": 2604,
    "ProcedureStepDescription": "head_NEURO",
    "PulseSequenceDetails": "%SiemensSeq%_ep2d_bold",
    "ReceiveCoilName": "HeadMatrix",
    "ReconMatrixPE": 64,
    "RepetitionTime": 3.56,
    "ScanOptions": "FS",
    "ScanningSequence": "EP",
    "SequenceName": "_epfid2d1_64",
    "SequenceVariant": "SK",
    "SliceThickness": 3.6,
    "SliceTiming": [
      1.535,
      0,
      1.62,
      0.085,
      1.7075,
      0.17,
      1.7925,
      0.255,
      1.8775,
      0.34,
      1.9625,
      0.4275,
      2.0475,
      0.5125,
      2.1325,
      0.5975,
      2.2175,
      0.6825,
      2.305,
      0.7675,
      2.39,
      0.8525,
      2.475,
      0.9375,
      2.56,
      1.025,
      2.645,
      1.11,
      2.73,
      1.195,
      2.815,
      1.28,
      2.9025,
      1.365,
      2.9875,
      1.45
    ],
    "SoftwareVersions": "syngo_MR_B19",
    "SpacingBetweenSlices": 3.78,
    "TaskName": "rest",
    "TotalReadoutTime": 0.0283502,
    "dataset": "ds002422",
    "modality": "bold",
    "subject_id": "08",
    "task_id": "rest"
  },
  "dummy_trs": 0,
  "dvars_nstd": 30.666433822864317,
  "dvars_std": 1.1078287879899498,
  "dvars_vstd": 1.00297916437186,
  "efc": 0.5115531472513419,
  "fber": 644.2942504882812,
  "fd_mean": 0.13073186465668193,
  "fd_num": 24,
  "fd_perc": 12.0,
  "fwhm_avg": 1.652019987181707,
  "fwhm_x": 1.5627102608695653,
  "fwhm_y": 1.7721460869565218,
  "fwhm_z": 1.621203613719033,
  "gcor": 0.0539905,
  "gsr_x": -0.011169353500008583,
  "gsr_y": 0.028442999348044395,
  "provenance": {
    "md5sum": "5809ced6c4bb54c1d727169b00957c60",
    "settings": {
      "fd_thres": 0.2,
      "testing": false
    },
    "software": "mriqc",
    "version": "21.0.0rc2",
    "webapi_port": null,
    "webapi_url": "https://mriqc.nimh.nih.gov/api/v1"
  },
  "size_t": 200,
  "size_x": 64,
  "size_y": 64,
  "size_z": 36,
  "snr": 4.927928610407149,
  "spacing_tr": 3.559999942779541,
  "spacing_x": 3.59375,
  "spacing_y": 3.59375,
  "spacing_z": 3.7800002098083496,
  "summary_bg_k": 140.4042130761811,
  "summary_bg_mad": 3.1875942042191814,
  "summary_bg_mean": 37.028778076171875,
  "summary_bg_median": 24.03499984741211,
  "summary_bg_n": 93827.0,
  "summary_bg_p05": 21.469999313354492,
  "summary_bg_p95": 93.68849563598631,
  "summary_bg_stdv": 45.898681640625,
  "summary_fg_k": 2.2620826684555437,
  "summary_fg_mad": 112.67405848124517,
  "summary_fg_mean": 626.7576904296875,
  "summary_fg_median": 612.3125,
  "summary_fg_n": 22938.0,
  "summary_fg_p05": 469.961247253418,
  "summary_fg_p95": 850.6049713134763,
  "summary_fg_stdv": 124.25081634521484,
  "tsnr": 53.58828054741025
}