{
  "aor": 0.0005269999999999999,
  "aqi": 0.012430582,
  "bids_meta": {
    "AcquisitionMatrixPE": 64,
    "BandwidthPerPixelPhaseEncode": 33.245,
    "BaseResolution": 64,
    "BodyPartExamined": "HEAD",
    "DerivedVendorReportedEchoSpacing": 0.000469996,
    "DwellTime": 3e-06,
    "EchoTime": 0.05,
    "EffectiveEchoSpacing": 0.000469995,
    "FlipAngle": 90,
    "ImageType": [
      "ORIGINAL",
      "PRIMARY",
      "FMRI",
      "NONE",
      "ND",
      "MOSAIC"
    ],
    "InPlanePhaseEncodingDirectionDICOM": "COL",
    "Instructions": "During the main condition, participants were visually presented with already solved sums (arithmetic operations of addition, subtraction, multiplication, and division with simple and double-digit numbers). The control condition stimuli were digit lines with non-mathematical characters instead of arithmetic signs. Participants responded with one of three buttons on the MR-compatible response box, depending on whether the stimulus sum had been solved correctly, incorrectly or just had not been an arithmetic exercise.",
    "MRAcquisitionType": "2D",
    "MagneticFieldStrength": 1.5,
    "Manufacturer": "Siemens",
    "ManufacturersModelName": "Avanto",
    "NumberOfVolumesDiscardedByUser": 3,
    "PartialFourier": 1,
    "PatientPosition": "HFS",
    "PercentPhaseFOV": 100,
    "PhaseEncodingDirection": "j-",
    "PhaseEncodingSteps": 64,
    "PhaseResolution": 1,
    "PixelBandwidth": 2604,
    "ProcedureStepDescription": "head_NEURO",
    "PulseSequenceDetails": "%SiemensSeq%_ep2d_bold",
    "ReceiveCoilName": "HeadMatrix",
    "ReconMatrixPE": 64,
    "RepetitionTime": 2.1,
    "ScanOptions": "FS",
    "ScanningSequence": "EP",
    "SequenceName": "_epfid2d1_64",
    "SequenceVariant": "SK",
    "SliceThickness": 3,
    "SliceTiming": [
      1.055,
      0,
      1.1425,
      0.09,
      1.23,
      0.1775,
      1.3175,
      0.265,
      1.4075,
      0.3525,
      1.495,
      0.44,
      1.5825,
      0.5275,
      1.67,
      0.615,
      1.7575,
      0.705,
      1.845,
      0.7925,
      1.9325,
      0.88,
      2.0225,
      0.9675
    ],
    "SoftwareVersions": "syngo_MR_B19",
    "SpacingBetweenSlices": 3.3,
    "TaskName": "arithm_run-02",
    "TotalReadoutTime": 0.0296097,
    "dataset": "ds002422",
    "modality": "bold",
    "run_id": 2,
    "subject_id": "45",
    "task_id": "arithm"
  },
  "dummy_trs": 0,
  "dvars_nstd": 38.95851878100479,
  "dvars_std": 1.017936377272727,
  "dvars_vstd": 1.015620523397129,
  "efc": 0.597529299258606,
  "fber": 217.74160766601562,
  "fd_mean": 0.07071711383731814,
  "fd_num": 5,
  "fd_perc": 2.380952380952381,
  "fwhm_avg": 1.8035931976280548,
  "fwhm_x": 1.6505933333333334,
  "fwhm_y": 1.95935,
  "fwhm_z": 1.800836259550831,
  "gcor": 0.0164953,
  "gsr_x": -0.013452774845063686,
  "gsr_y": 0.04707060009241104,
  "provenance": {
    "md5sum": "4e167931eba94046222f5e4fa46e0f29",
    "settings": {
      "fd_thres": 0.2,
      "testing": false
    },
    "software": "mriqc",
    "version": "21.0.0rc2",
    "webapi_port": null,
    "webapi_url": "https://mriqc.nimh.nih.gov/api/v1"
  },
  "size_t": 210,
  "size_x": 64,
  "size_y": 64,
  "size_z": 24,
  "snr": 5.133639609187966,
  "spacing_tr": 2.0999999046325684,
  "spacing_x": 3.0,
  "spacing_y": 3.0,
  "spacing_z": 3.3000001907348633,
  "summary_bg_k": 28.2113189013971,
  "summary_bg_mad": 2.753404928035922,
  "summary_bg_mean": 46.55875015258789,
  "summary_bg_median": 37.590476989746094,
  "summary_bg_n": 54809.0,
  "summary_bg_p05": 34.838096618652344,
  "summary_bg_p95": 90.79048156738281,
  "summary_bg_stdv": 22.367408752441406,
  "summary_fg_k": 1.135467635427327,
  "summary_fg_mad": 105.31421076782922,
  "summary_fg_mean": 560.8269653320312,
  "summary_fg_median": 549.2952880859375,
  "summary_fg_n": 20930.0,
  "summary_fg_p05": 423.02454833984376,
  "summary_fg_p95": 755.5583801269531,
  "summary_fg_stdv": 106.99663543701172,
  "tsnr": 33.896829572157
}