{
  "aor": 0.0013949523809523808,
  "aqi": 0.025227492857142857,
  "bids_meta": {
    "AcquisitionMatrixPE": 64,
    "BandwidthPerPixelPhaseEncode": 33.245,
    "BaseResolution": 64,
    "BodyPartExamined": "HEAD",
    "DerivedVendorReportedEchoSpacing": 0.000469996,
    "DwellTime": 3e-06,
    "EchoTime": 0.05,
    "EffectiveEchoSpacing": 0.000469995,
    "FlipAngle": 90,
    "ImageType": [
      "ORIGINAL",
      "PRIMARY",
      "FMRI",
      "NONE",
      "ND",
      "MOSAIC"
    ],
    "InPlanePhaseEncodingDirectionDICOM": "COL",
    "Instructions": "During the main condition, participants were visually presented with already solved sums (arithmetic operations of addition, subtraction, multiplication, and division with simple and double-digit numbers). The control condition stimuli were digit lines with non-mathematical characters instead of arithmetic signs. Participants responded with one of three buttons on the MR-compatible response box, depending on whether the stimulus sum had been solved correctly, incorrectly or just had not been an arithmetic exercise.",
    "MRAcquisitionType": "2D",
    "MagneticFieldStrength": 1.5,
    "Manufacturer": "Siemens",
    "ManufacturersModelName": "Avanto",
    "NumberOfVolumesDiscardedByUser": 3,
    "PartialFourier": 1,
    "PatientPosition": "HFS",
    "PercentPhaseFOV": 100,
    "PhaseEncodingDirection": "j-",
    "PhaseEncodingSteps": 64,
    "PhaseResolution": 1,
    "PixelBandwidth": 2604,
    "ProcedureStepDescription": "head_NEURO",
    "PulseSequenceDetails": "%SiemensSeq%_ep2d_bold",
    "ReceiveCoilName": "HeadMatrix",
    "ReconMatrixPE": 64,
    "RepetitionTime": 2.1,
    "ScanOptions": "FS",
    "ScanningSequence": "EP",
    "SequenceName": "_epfid2d1_64",
    "SequenceVariant": "SK",
    "SliceThickness": 3,
    "SliceTiming": [
      1.055,
      0,
      1.1425,
      0.0875,
      1.23,
      0.1775,
      1.3175,
      0.265,
      1.405,
      0.3525,
      1.495,
      0.44,
      1.5825,
      0.5275,
      1.67,
      0.615,
      1.7575,
      0.7025,
      1.845,
      0.79,
      1.9325,
      0.88,
      2.02,
      0.9675
    ],
    "SoftwareVersions": "syngo_MR_B19",
    "SpacingBetweenSlices": 3.3,
    "TaskName": "arithm_run-01",
    "TotalReadoutTime": 0.0296097,
    "dataset": "ds002422",
    "modality": "bold",
    "run_id": 1,
    "subject_id": "45",
    "task_id": "arithm"
  },
  "dummy_trs": 0,
  "dvars_nstd": 41.91836849009567,
  "dvars_std": 0.9916704590430615,
  "dvars_vstd": 0.996123827416268,
  "efc": 0.6038957319493516,
  "fber": 202.98419189453125,
  "fd_mean": 0.11874028887335523,
  "fd_num": 27,
  "fd_perc": 12.857142857142858,
  "fwhm_avg": 1.816186733035652,
  "fwhm_x": 1.64083,
  "fwhm_y": 2.0097,
  "fwhm_z": 1.7980301991069565,
  "gcor": 0.0130447,
  "gsr_x": -0.015223249793052673,
  "gsr_y": 0.047378502786159515,
  "provenance": {
    "md5sum": "a91c82ec36034b50bc820e32b9b0feaa",
    "settings": {
      "fd_thres": 0.2,
      "testing": false
    },
    "software": "mriqc",
    "version": "21.0.0rc2",
    "webapi_port": null,
    "webapi_url": "https://mriqc.nimh.nih.gov/api/v1"
  },
  "size_t": 210,
  "size_x": 64,
  "size_y": 64,
  "size_z": 24,
  "snr": 5.1237419668489075,
  "spacing_tr": 2.0999999046325684,
  "spacing_x": 3.0,
  "spacing_y": 3.0,
  "spacing_z": 3.3000001907348633,
  "summary_bg_k": 21.804653899108295,
  "summary_bg_mad": 3.890066251844975,
  "summary_bg_mean": 47.37197494506836,
  "summary_bg_median": 38.38571548461914,
  "summary_bg_n": 54083.0,
  "summary_bg_p05": 34.27619171142578,
  "summary_bg_p95": 92.81857757568356,
  "summary_bg_stdv": 22.80472183227539,
  "summary_fg_k": 1.3150690773369504,
  "summary_fg_mad": 103.8774874143616,
  "summary_fg_mean": 560.4906616210938,
  "summary_fg_median": 548.7261962890625,
  "summary_fg_n": 21626.0,
  "summary_fg_p05": 423.0535888671875,
  "summary_fg_p95": 754.8369445800781,
  "summary_fg_stdv": 107.09233856201172,
  "tsnr": 29.655411011190154
}