{
  "bids_meta": {
    "AcquisitionMatrixPE": 246,
    "BaseResolution": 256,
    "CoilString": "T:HE1-4;NE2",
    "DwellTime": 1.5e-05,
    "EchoTime": 0.00291,
    "FlipAngle": 15,
    "ImagingFrequency": 63.6572,
    "InversionTime": 1.1,
    "MagneticFieldStrength": 1.5,
    "Manufacturer": "Siemens",
    "ManufacturersModelName": "Avanto",
    "PartialFourier": 1,
    "PercentPhaseFOV": 100,
    "PhaseEncodingSteps": 307,
    "PhaseOversampling": 0.25,
    "PhaseResolution": 0.96,
    "PixelBandwidth": 130,
    "ProtocolName": "t1_mpr_ns_sag_p2_iso",
    "PulseSequenceDetails": "%SiemensSeq%_tfl",
    "ReceiveCoilName": "NeckMatrix",
    "ReconMatrixPE": 256,
    "RepetitionTime": 1.9,
    "ScanOptions": "IR",
    "ScanningSequence": "GR_IR",
    "SequenceName": "_tfl3d1_ns",
    "SequenceVariant": "SP_MP_OSP",
    "SeriesDescription": "t1_mpr_ns_sag_p2_iso",
    "SliceThickness": 1,
    "SoftwareVersions": "syngo_MR_B19",
    "dataset": "ds002422",
    "modality": "T1w",
    "subject_id": "06"
  },
  "cjv": 0.7232636670285706,
  "cnr": 1.929790714991824,
  "efc": 0.5888617323131049,
  "fber": 1478.7774658203125,
  "fwhm_avg": 3.335582569200421,
  "fwhm_x": 3.24801,
  "fwhm_y": 3.479940907601263,
  "fwhm_z": 3.2787968000000003,
  "icvs_csf": 0.15981837715313657,
  "icvs_gm": 0.4425364729207961,
  "icvs_wm": 0.3976451499260673,
  "inu_med": 1.445926547050476,
  "inu_range": 0.3133370161056517,
  "provenance": {
    "md5sum": "e83ff0415f92d1e6a306509f822794a4",
    "settings": {
      "testing": false
    },
    "software": "mriqc",
    "version": "21.0.0rc2",
    "warnings": {
      "large_rot_frame": true,
      "small_air_mask": false
    },
    "webapi_port": null,
    "webapi_url": "https://mriqc.nimh.nih.gov/api/v1"
  },
  "qi_1": 0.0,
  "qi_2": 0.004009284891540732,
  "rpve_csf": 27.27872680612578,
  "rpve_gm": 11.253702969511954,
  "rpve_wm": 14.490696566698675,
  "size_x": 176,
  "size_y": 256,
  "size_z": 256,
  "snr_csf": 2.56956248228431,
  "snr_gm": 12.315832546888933,
  "snr_total": 10.626662824552646,
  "snr_wm": 16.994593444484696,
  "snrd_csf": 23.743001790364495,
  "snrd_gm": 52.46166629075402,
  "snrd_total": 46.56804304843254,
  "snrd_wm": 63.49946106417912,
  "spacing_x": 1.0,
  "spacing_y": 0.9765625596046448,
  "spacing_z": 0.9765625,
  "summary_bg_k": 2.4428876151024186,
  "summary_bg_mad": 10.317836918416276,
  "summary_bg_mean": 19.097885131835938,
  "summary_bg_median": 16.110960006713867,
  "summary_bg_n": 2283391.0,
  "summary_bg_p05": 4.551544189453125,
  "summary_bg_p95": 41.89209175109863,
  "summary_bg_stdv": 12.294921875,
  "summary_csf_k": 2.0459873835779296,
  "summary_csf_mad": 138.57292664504718,
  "summary_csf_mean": 407.6186218261719,
  "summary_csf_median": 373.93194580078125,
  "summary_csf_n": 16236.0,
  "summary_csf_p05": 225.96453857421875,
  "summary_csf_p95": 673.2255401611328,
  "summary_csf_stdv": 145.51910400390625,
  "summary_gm_k": 0.02621609354588772,
  "summary_gm_mad": 66.36490941317055,
  "summary_gm_mean": 828.4357299804688,
  "summary_gm_median": 826.226318359375,
  "summary_gm_n": 27995.0,
  "summary_gm_p05": 721.787744140625,
  "summary_gm_p95": 942.7152893066407,
  "summary_gm_stdv": 67.08531951904297,
  "summary_wm_k": 0.11060738801670622,
  "summary_wm_mad": 59.364219915407,
  "summary_wm_mean": 1003.2464599609375,
  "summary_wm_median": 1000.0621337890625,
  "summary_wm_n": 253590.0,
  "summary_wm_p05": 912.2168579101562,
  "summary_wm_p95": 1104.1195983886719,
  "summary_wm_stdv": 58.84578323364258,
  "tpm_overlap_csf": 0.17026783525943756,
  "tpm_overlap_gm": 0.4540775418281555,
  "tpm_overlap_wm": 0.506783127784729,
  "wm2max": 0.46557101653873545
}