{
  "bids_meta": {
    "AcquisitionMatrixPE": 246,
    "BaseResolution": 256,
    "CoilString": "T:HE1-4;NE2",
    "DwellTime": 1.5e-05,
    "EchoTime": 0.00291,
    "FlipAngle": 15,
    "ImagingFrequency": 63.6572,
    "InversionTime": 1.1,
    "MagneticFieldStrength": 1.5,
    "Manufacturer": "Siemens",
    "ManufacturersModelName": "Avanto",
    "PartialFourier": 1,
    "PercentPhaseFOV": 100,
    "PhaseEncodingSteps": 307,
    "PhaseOversampling": 0.25,
    "PhaseResolution": 0.96,
    "PixelBandwidth": 130,
    "ProtocolName": "t1_mpr_ns_sag_p2_iso",
    "PulseSequenceDetails": "%SiemensSeq%_tfl",
    "ReceiveCoilName": "NeckMatrix",
    "ReconMatrixPE": 256,
    "RepetitionTime": 1.9,
    "ScanOptions": "IR",
    "ScanningSequence": "GR_IR",
    "SequenceName": "_tfl3d1_ns",
    "SequenceVariant": "SP_MP_OSP",
    "SeriesDescription": "t1_mpr_ns_sag_p2_iso",
    "SliceThickness": 1,
    "SoftwareVersions": "syngo_MR_B19",
    "dataset": "ds002422",
    "modality": "T1w",
    "subject_id": "05"
  },
  "cjv": 0.7488290909082101,
  "cnr": 1.8936102792173997,
  "efc": 0.5944373636231798,
  "fber": 1173.1041259765625,
  "fwhm_avg": 3.4614432964622956,
  "fwhm_x": 3.48429,
  "fwhm_y": 3.4305947693868877,
  "fwhm_z": 3.46944512,
  "icvs_csf": 0.18568588263814467,
  "icvs_gm": 0.44771909200266197,
  "icvs_wm": 0.36659502535919336,
  "inu_med": 1.5111920833587646,
  "inu_range": 0.3929654598236083,
  "provenance": {
    "md5sum": "074e09f018dae2ec88989e3ea59914f9",
    "settings": {
      "testing": false
    },
    "software": "mriqc",
    "version": "21.0.0rc2",
    "warnings": {
      "large_rot_frame": true,
      "small_air_mask": false
    },
    "webapi_port": null,
    "webapi_url": "https://mriqc.nimh.nih.gov/api/v1"
  },
  "qi_1": 0.0,
  "qi_2": 0.0021804852211277925,
  "rpve_csf": 25.648891029662156,
  "rpve_gm": 11.534141923528999,
  "rpve_wm": 15.906902617946667,
  "size_x": 176,
  "size_y": 256,
  "size_z": 256,
  "snr_csf": 3.0888532994479525,
  "snr_gm": 11.8346097124651,
  "snr_total": 9.810552076380418,
  "snr_wm": 14.508193217228202,
  "snrd_csf": 24.419052362774572,
  "snrd_gm": 47.070809402197504,
  "snrd_total": 43.120511368691005,
  "snrd_wm": 57.87167234110092,
  "spacing_x": 1.0,
  "spacing_y": 0.9765624403953552,
  "spacing_z": 0.9765625,
  "summary_bg_k": 6.355780198939847,
  "summary_bg_mad": 11.321056746734394,
  "summary_bg_mean": 21.612783432006836,
  "summary_bg_median": 17.63682746887207,
  "summary_bg_n": 2421355.0,
  "summary_bg_p05": 2.5649002313613893,
  "summary_bg_p95": 50.4060161590576,
  "summary_bg_stdv": 15.4915189743042,
  "summary_csf_k": 0.2175515444279461,
  "summary_csf_mad": 130.9705181865931,
  "summary_csf_mean": 443.04888916015625,
  "summary_csf_median": 421.972412109375,
  "summary_csf_n": 22130.0,
  "summary_csf_p05": 251.54393997192383,
  "summary_csf_p95": 696.8303161621093,
  "summary_csf_stdv": 136.60826110839844,
  "summary_gm_k": -0.1780084318894244,
  "summary_gm_mad": 70.51789685311783,
  "summary_gm_mean": 817.2601928710938,
  "summary_gm_median": 813.4051513671875,
  "summary_gm_n": 25713.0,
  "summary_gm_p05": 710.3361450195313,
  "summary_gm_p95": 935.298095703125,
  "summary_gm_stdv": 68.7297134399414,
  "summary_wm_k": 0.07191490279746837,
  "summary_wm_mad": 69.24645505190244,
  "summary_wm_mean": 1004.7549438476562,
  "summary_wm_median": 1000.0490112304688,
  "summary_wm_n": 212992.0,
  "summary_wm_p05": 899.7325561523437,
  "summary_wm_p95": 1125.348388671875,
  "summary_wm_stdv": 68.9297866821289,
  "tpm_overlap_csf": 0.17803139984607697,
  "tpm_overlap_gm": 0.46945396065711975,
  "tpm_overlap_wm": 0.5126255750656128,
  "wm2max": 0.5481493009240477
}