{
  "aor": 0.0003104761904761905,
  "aqi": 0.01701547476190476,
  "bids_meta": {
    "AcquisitionMatrixPE": 64,
    "BandwidthPerPixelPhaseEncode": 33.245,
    "BaseResolution": 64,
    "BodyPartExamined": "HEAD",
    "DerivedVendorReportedEchoSpacing": 0.000469996,
    "DwellTime": 3e-06,
    "EchoTime": 0.05,
    "EffectiveEchoSpacing": 0.000469995,
    "FlipAngle": 90,
    "ImageType": [
      "ORIGINAL",
      "PRIMARY",
      "FMRI",
      "NONE",
      "ND",
      "MOSAIC"
    ],
    "InPlanePhaseEncodingDirectionDICOM": "COL",
    "Instructions": "During the main condition, participants were visually presented with already solved sums (arithmetic operations of addition, subtraction, multiplication, and division with simple and double-digit numbers). The control condition stimuli were digit lines with non-mathematical characters instead of arithmetic signs. Participants responded with one of three buttons on the MR-compatible response box, depending on whether the stimulus sum had been solved correctly, incorrectly or just had not been an arithmetic exercise.",
    "MRAcquisitionType": "2D",
    "MagneticFieldStrength": 1.5,
    "Manufacturer": "Siemens",
    "ManufacturersModelName": "Avanto",
    "NumberOfVolumesDiscardedByUser": 3,
    "PartialFourier": 1,
    "PatientPosition": "HFS",
    "PercentPhaseFOV": 100,
    "PhaseEncodingDirection": "j-",
    "PhaseEncodingSteps": 64,
    "PhaseResolution": 1,
    "PixelBandwidth": 2604,
    "ProcedureStepDescription": "head_NEURO",
    "PulseSequenceDetails": "%SiemensSeq%_ep2d_bold",
    "ReceiveCoilName": "HeadMatrix",
    "ReconMatrixPE": 64,
    "RepetitionTime": 2.1,
    "ScanOptions": "FS",
    "ScanningSequence": "EP",
    "SequenceName": "_epfid2d1_64",
    "SequenceVariant": "SK",
    "SliceThickness": 3,
    "SliceTiming": [
      1.0525,
      0,
      1.1425,
      0.0875,
      1.23,
      0.175,
      1.3175,
      0.2625,
      1.405,
      0.35,
      1.4925,
      0.4375,
      1.58,
      0.5275,
      1.6675,
      0.615,
      1.755,
      0.7025,
      1.845,
      0.79,
      1.9325,
      0.8775,
      2.02,
      0.965
    ],
    "SoftwareVersions": "syngo_MR_B19",
    "SpacingBetweenSlices": 3.3,
    "TaskName": "arithm_run-02",
    "TotalReadoutTime": 0.0296097,
    "dataset": "ds002422",
    "modality": "bold",
    "run_id": 2,
    "subject_id": "12",
    "task_id": "arithm"
  },
  "dummy_trs": 0,
  "dvars_nstd": 41.243853318133944,
  "dvars_std": 1.0169004256459333,
  "dvars_vstd": 1.0027647670334925,
  "efc": 0.6292965723780674,
  "fber": 216.1482696533203,
  "fd_mean": 0.05640245399646274,
  "fd_num": 0,
  "fd_perc": 0.0,
  "fwhm_avg": 2.0053534960911716,
  "fwhm_x": 1.8639400000000002,
  "fwhm_y": 2.1142266666666667,
  "fwhm_z": 2.0378938216068487,
  "gcor": 0.003195,
  "gsr_x": 0.0025061676278710365,
  "gsr_y": 0.020374950021505356,
  "provenance": {
    "md5sum": "41da7713d4828cf809dad01f416b1f2e",
    "settings": {
      "fd_thres": 0.2,
      "testing": false
    },
    "software": "mriqc",
    "version": "21.0.0rc2",
    "webapi_port": null,
    "webapi_url": "https://mriqc.nimh.nih.gov/api/v1"
  },
  "size_t": 210,
  "size_x": 64,
  "size_y": 64,
  "size_z": 24,
  "snr": 5.674689885858158,
  "spacing_tr": 2.0999999046325684,
  "spacing_x": 3.0,
  "spacing_y": 3.0,
  "spacing_z": 3.3000001907348633,
  "summary_bg_k": 28.0584753859456,
  "summary_bg_mad": 3.332325848173144,
  "summary_bg_mean": 46.91889572143555,
  "summary_bg_median": 38.504764556884766,
  "summary_bg_n": 49155.0,
  "summary_bg_p05": 35.43809509277344,
  "summary_bg_p95": 84.34619216918927,
  "summary_bg_stdv": 25.148069381713867,
  "summary_fg_k": 1.162266429836273,
  "summary_fg_mad": 95.09829059222615,
  "summary_fg_mean": 581.4949340820312,
  "summary_fg_median": 568.1047973632812,
  "summary_fg_n": 25461.0,
  "summary_fg_p05": 452.6095275878906,
  "summary_fg_p95": 765.6333618164062,
  "summary_fg_stdv": 100.11007690429688,
  "tsnr": 34.44173256866634
}