{
  "aor": 0.000658095238095238,
  "aqi": 0.021088952857142854,
  "bids_meta": {
    "AcquisitionMatrixPE": 64,
    "BandwidthPerPixelPhaseEncode": 33.245,
    "BaseResolution": 64,
    "BodyPartExamined": "HEAD",
    "DerivedVendorReportedEchoSpacing": 0.000469996,
    "DwellTime": 3e-06,
    "EchoTime": 0.05,
    "EffectiveEchoSpacing": 0.000469995,
    "FlipAngle": 90,
    "ImageType": [
      "ORIGINAL",
      "PRIMARY",
      "FMRI",
      "NONE",
      "ND",
      "MOSAIC"
    ],
    "InPlanePhaseEncodingDirectionDICOM": "COL",
    "Instructions": "During the main condition, participants were visually presented with already solved sums (arithmetic operations of addition, subtraction, multiplication, and division with simple and double-digit numbers). The control condition stimuli were digit lines with non-mathematical characters instead of arithmetic signs. Participants responded with one of three buttons on the MR-compatible response box, depending on whether the stimulus sum had been solved correctly, incorrectly or just had not been an arithmetic exercise.",
    "MRAcquisitionType": "2D",
    "MagneticFieldStrength": 1.5,
    "Manufacturer": "Siemens",
    "ManufacturersModelName": "Avanto",
    "NumberOfVolumesDiscardedByUser": 3,
    "PartialFourier": 1,
    "PatientPosition": "HFS",
    "PercentPhaseFOV": 100,
    "PhaseEncodingDirection": "j-",
    "PhaseEncodingSteps": 64,
    "PhaseResolution": 1,
    "PixelBandwidth": 2604,
    "ProcedureStepDescription": "head_NEURO",
    "PulseSequenceDetails": "%SiemensSeq%_ep2d_bold",
    "ReceiveCoilName": "HeadMatrix",
    "ReconMatrixPE": 64,
    "RepetitionTime": 2.1,
    "ScanOptions": "FS",
    "ScanningSequence": "EP",
    "SequenceName": "_epfid2d1_64",
    "SequenceVariant": "SK",
    "SliceThickness": 3,
    "SliceTiming": [
      1.055,
      0,
      1.1425,
      0.0875,
      1.23,
      0.175,
      1.3175,
      0.2625,
      1.405,
      0.3525,
      1.4925,
      0.44,
      1.58,
      0.5275,
      1.67,
      0.615,
      1.7575,
      0.7025,
      1.845,
      0.79,
      1.9325,
      0.8775,
      2.02,
      0.9675
    ],
    "SoftwareVersions": "syngo_MR_B19",
    "SpacingBetweenSlices": 3.3,
    "TaskName": "arithm_run-01",
    "TotalReadoutTime": 0.0296097,
    "dataset": "ds002422",
    "modality": "bold",
    "run_id": 1,
    "subject_id": "33",
    "task_id": "arithm"
  },
  "dummy_trs": 0,
  "dvars_nstd": 42.30119739880382,
  "dvars_std": 1.0283546320574162,
  "dvars_vstd": 1.0195835526315793,
  "efc": 0.6705312639847956,
  "fber": 206.10336303710938,
  "fd_mean": 0.1313999927040972,
  "fd_num": 32,
  "fd_perc": 15.238095238095237,
  "fwhm_avg": 1.6240521345060877,
  "fwhm_x": 1.5265966666666666,
  "fwhm_y": 1.6991901350394993,
  "fwhm_z": 1.6463696018120966,
  "gcor": 0.00825668,
  "gsr_x": -0.00797747727483511,
  "gsr_y": 0.03656252101063728,
  "provenance": {
    "md5sum": "9cc565ee342f9a6ea02a235ed48d8660",
    "settings": {
      "fd_thres": 0.2,
      "testing": false
    },
    "software": "mriqc",
    "version": "21.0.0rc2",
    "webapi_port": null,
    "webapi_url": "https://mriqc.nimh.nih.gov/api/v1"
  },
  "size_t": 210,
  "size_x": 64,
  "size_y": 64,
  "size_z": 24,
  "snr": 6.9810659829523605,
  "spacing_tr": 2.0999999046325684,
  "spacing_x": 3.0,
  "spacing_y": 2.999999761581421,
  "spacing_z": 3.3000001907348633,
  "summary_bg_k": 53.81740075510177,
  "summary_bg_mad": 3.3182092743153024,
  "summary_bg_mean": 46.20882034301758,
  "summary_bg_median": 37.38095474243164,
  "summary_bg_n": 43600.0,
  "summary_bg_p05": 34.52381134033203,
  "summary_bg_p95": 85.82857513427734,
  "summary_bg_stdv": 26.658586502075195,
  "summary_fg_k": 1.1097025111633805,
  "summary_fg_mad": 76.40342226154094,
  "summary_fg_mean": 548.1870727539062,
  "summary_fg_median": 538.9952392578125,
  "summary_fg_n": 30017.0,
  "summary_fg_p05": 447.1371704101563,
  "summary_fg_p95": 684.3933715820307,
  "summary_fg_stdv": 77.20687103271484,
  "tsnr": 34.59707166720182
}