{
  "aor": 0.00044447619047619045,
  "aqi": 0.01968169380952381,
  "bids_meta": {
    "AcquisitionMatrixPE": 64,
    "BandwidthPerPixelPhaseEncode": 33.245,
    "BaseResolution": 64,
    "BodyPartExamined": "HEAD",
    "DerivedVendorReportedEchoSpacing": 0.000469996,
    "DwellTime": 3e-06,
    "EchoTime": 0.05,
    "EffectiveEchoSpacing": 0.000469995,
    "FlipAngle": 90,
    "ImageType": [
      "ORIGINAL",
      "PRIMARY",
      "FMRI",
      "NONE",
      "ND",
      "MOSAIC"
    ],
    "InPlanePhaseEncodingDirectionDICOM": "COL",
    "Instructions": "During the main condition, participants were visually presented with already solved sums (arithmetic operations of addition, subtraction, multiplication, and division with simple and double-digit numbers). The control condition stimuli were digit lines with non-mathematical characters instead of arithmetic signs. Participants responded with one of three buttons on the MR-compatible response box, depending on whether the stimulus sum had been solved correctly, incorrectly or just had not been an arithmetic exercise.",
    "MRAcquisitionType": "2D",
    "MagneticFieldStrength": 1.5,
    "Manufacturer": "Siemens",
    "ManufacturersModelName": "Avanto",
    "NumberOfVolumesDiscardedByUser": 3,
    "PartialFourier": 1,
    "PatientPosition": "HFS",
    "PercentPhaseFOV": 100,
    "PhaseEncodingDirection": "j-",
    "PhaseEncodingSteps": 64,
    "PhaseResolution": 1,
    "PixelBandwidth": 2604,
    "ProcedureStepDescription": "head_NEURO",
    "PulseSequenceDetails": "%SiemensSeq%_ep2d_bold",
    "ReceiveCoilName": "HeadMatrix",
    "ReconMatrixPE": 64,
    "RepetitionTime": 2.1,
    "ScanOptions": "FS",
    "ScanningSequence": "EP",
    "SequenceName": "_epfid2d1_64",
    "SequenceVariant": "SK",
    "SliceThickness": 3,
    "SliceTiming": [
      1.055,
      0,
      1.1425,
      0.0875,
      1.23,
      0.1775,
      1.3175,
      0.265,
      1.405,
      0.3525,
      1.495,
      0.44,
      1.5825,
      0.5275,
      1.67,
      0.615,
      1.7575,
      0.7025,
      1.845,
      0.7925,
      1.9325,
      0.88,
      2.02,
      0.9675
    ],
    "SoftwareVersions": "syngo_MR_B19",
    "SpacingBetweenSlices": 3.3,
    "TaskName": "arithm_run-01",
    "TotalReadoutTime": 0.0296097,
    "dataset": "ds002422",
    "modality": "bold",
    "run_id": 1,
    "subject_id": "46",
    "task_id": "arithm"
  },
  "dummy_trs": 0,
  "dvars_nstd": 45.13365085722488,
  "dvars_std": 1.0241688250239236,
  "dvars_vstd": 1.0147210370813389,
  "efc": 0.701073816713988,
  "fber": 142.30715942382812,
  "fd_mean": 0.07994809744932045,
  "fd_num": 7,
  "fd_perc": 3.3333333333333335,
  "fwhm_avg": 1.691268260622152,
  "fwhm_x": 1.5505966666666666,
  "fwhm_y": 1.750559860878002,
  "fwhm_z": 1.7726482543217876,
  "gcor": 0.00821255,
  "gsr_x": -0.008399749174714088,
  "gsr_y": 0.05811019614338875,
  "provenance": {
    "md5sum": "cc3a1d52bec4a96848d9576029583d70",
    "settings": {
      "fd_thres": 0.2,
      "testing": false
    },
    "software": "mriqc",
    "version": "21.0.0rc2",
    "webapi_port": null,
    "webapi_url": "https://mriqc.nimh.nih.gov/api/v1"
  },
  "size_t": 210,
  "size_x": 64,
  "size_y": 64,
  "size_z": 24,
  "snr": 6.156956557721277,
  "spacing_tr": 2.0999999046325684,
  "spacing_x": 3.0,
  "spacing_y": 3.000000238418579,
  "spacing_z": 3.3000004291534424,
  "summary_bg_k": 8.18453978025642,
  "summary_bg_mad": 11.444277017023172,
  "summary_bg_mean": 60.632469177246094,
  "summary_bg_median": 45.152381896972656,
  "summary_bg_n": 42115.0,
  "summary_bg_p05": 36.60476303100586,
  "summary_bg_p95": 136.01429748535156,
  "summary_bg_stdv": 35.477622985839844,
  "summary_fg_k": 0.5899521740333609,
  "summary_fg_mad": 92.71910495203149,
  "summary_fg_mean": 543.4932861328125,
  "summary_fg_median": 538.9476318359375,
  "summary_fg_n": 31995.0,
  "summary_fg_p05": 422.7571716308594,
  "summary_fg_p95": 695.9476318359375,
  "summary_fg_stdv": 87.53337860107422,
  "tsnr": 30.731661825760966
}