{
  "aor": 0.0007776999999999999,
  "aqi": 0.0183768625,
  "bids_meta": {
    "AcquisitionMatrixPE": 64,
    "BandwidthPerPixelPhaseEncode": 34.722,
    "BaseResolution": 64,
    "BodyPartExamined": "HEAD",
    "DelayTime": 0.5,
    "DerivedVendorReportedEchoSpacing": 0.000450003,
    "DwellTime": 3e-06,
    "EchoTime": 0.05,
    "EffectiveEchoSpacing": 0.000450003,
    "FlipAngle": 90,
    "ImageType": [
      "ORIGINAL",
      "PRIMARY",
      "FMRI",
      "NONE",
      "ND",
      "MOSAIC"
    ],
    "InPlanePhaseEncodingDirectionDICOM": "COL",
    "Instructions": "Participants were asked to close their eyes, to not fall asleep, and to avoid consistent thinking about one topic during the period of scanning",
    "MRAcquisitionType": "2D",
    "MagneticFieldStrength": 1.5,
    "Manufacturer": "Siemens",
    "ManufacturersModelName": "Avanto",
    "NumberOfVolumesDiscardedByUser": 3,
    "PartialFourier": 1,
    "PatientPosition": "HFS",
    "PercentPhaseFOV": 100,
    "PhaseEncodingDirection": "j-",
    "PhaseEncodingSteps": 64,
    "PhaseResolution": 1,
    "PixelBandwidth": 2604,
    "ProcedureStepDescription": "head_NEURO",
    "PulseSequenceDetails": "%SiemensSeq%_ep2d_bold",
    "ReceiveCoilName": "HeadMatrix",
    "ReconMatrixPE": 64,
    "RepetitionTime": 3.56,
    "ScanOptions": "FS",
    "ScanningSequence": "EP",
    "SequenceName": "_epfid2d1_64",
    "SequenceVariant": "SK",
    "SliceThickness": 3.6,
    "SliceTiming": [
      1.5375,
      0,
      1.6225,
      0.0875,
      1.7075,
      0.1725,
      1.7925,
      0.2575,
      1.8775,
      0.3425,
      1.965,
      0.4275,
      2.05,
      0.5125,
      2.135,
      0.5975,
      2.22,
      0.685,
      2.305,
      0.77,
      2.39,
      0.855,
      2.475,
      0.94,
      2.5625,
      1.025,
      2.6475,
      1.11,
      2.7325,
      1.195,
      2.8175,
      1.2825,
      2.9025,
      1.3675,
      2.9875,
      1.4525
    ],
    "SoftwareVersions": "syngo_MR_B19",
    "SpacingBetweenSlices": 3.78,
    "TaskName": "rest",
    "TotalReadoutTime": 0.0283502,
    "dataset": "ds002422",
    "modality": "bold",
    "subject_id": "46",
    "task_id": "rest"
  },
  "dummy_trs": 0,
  "dvars_nstd": 30.808505063417076,
  "dvars_std": 1.0209345690452267,
  "dvars_vstd": 0.9529007638693471,
  "efc": 0.5178026988806073,
  "fber": 614.4696655273438,
  "fd_mean": 0.1337468232433681,
  "fd_num": 31,
  "fd_perc": 15.5,
  "fwhm_avg": 1.5988311942458442,
  "fwhm_x": 1.5391944347826088,
  "fwhm_y": 1.6546059130434785,
  "fwhm_z": 1.6026932349114458,
  "gcor": 0.0138644,
  "gsr_x": -0.003992764744907618,
  "gsr_y": 0.03085821121931076,
  "provenance": {
    "md5sum": "8c38f6b32a64f627cde7ae67a8d4bb51",
    "settings": {
      "fd_thres": 0.2,
      "testing": false
    },
    "software": "mriqc",
    "version": "21.0.0rc2",
    "webapi_port": null,
    "webapi_url": "https://mriqc.nimh.nih.gov/api/v1"
  },
  "size_t": 200,
  "size_x": 64,
  "size_y": 64,
  "size_z": 36,
  "snr": 5.304268491333978,
  "spacing_tr": 3.559999942779541,
  "spacing_x": 3.59375,
  "spacing_y": 3.59375,
  "spacing_z": 3.7799997329711914,
  "summary_bg_k": 227.79653848407963,
  "summary_bg_mad": 3.595309248740359,
  "summary_bg_mean": 35.058712005615234,
  "summary_bg_median": 23.814998626708984,
  "summary_bg_n": 93351.0,
  "summary_bg_p05": 20.475000381469727,
  "summary_bg_p95": 83.39749908447266,
  "summary_bg_stdv": 39.20445251464844,
  "summary_fg_k": 0.6500204508320788,
  "summary_fg_mad": 115.4724882668461,
  "summary_fg_mean": 598.6246337890625,
  "summary_fg_median": 589.427490234375,
  "summary_fg_n": 24352.0,
  "summary_fg_p05": 448.29049224853514,
  "summary_fg_p95": 792.8822570800781,
  "summary_fg_stdv": 111.12095642089844,
  "tsnr": 37.654784177429974
}