{
  "aor": 0.0009927500000000001,
  "aqi": 0.0121745279,
  "bids_meta": {
    "AcquisitionMatrixPE": 64,
    "BandwidthPerPixelPhaseEncode": 34.722,
    "BaseResolution": 64,
    "BodyPartExamined": "HEAD",
    "DelayTime": 0.5,
    "DerivedVendorReportedEchoSpacing": 0.000450003,
    "DwellTime": 3e-06,
    "EchoTime": 0.05,
    "EffectiveEchoSpacing": 0.000450003,
    "FlipAngle": 90,
    "ImageType": [
      "ORIGINAL",
      "PRIMARY",
      "FMRI",
      "NONE",
      "ND",
      "MOSAIC"
    ],
    "InPlanePhaseEncodingDirectionDICOM": "COL",
    "Instructions": "Participants were asked to close their eyes, to not fall asleep, and to avoid consistent thinking about one topic during the period of scanning",
    "MRAcquisitionType": "2D",
    "MagneticFieldStrength": 1.5,
    "Manufacturer": "Siemens",
    "ManufacturersModelName": "Avanto",
    "NumberOfVolumesDiscardedByUser": 3,
    "PartialFourier": 1,
    "PatientPosition": "HFS",
    "PercentPhaseFOV": 100,
    "PhaseEncodingDirection": "j-",
    "PhaseEncodingSteps": 64,
    "PhaseResolution": 1,
    "PixelBandwidth": 2604,
    "ProcedureStepDescription": "head_NEURO",
    "PulseSequenceDetails": "%SiemensSeq%_ep2d_bold",
    "ReceiveCoilName": "HeadMatrix",
    "ReconMatrixPE": 64,
    "RepetitionTime": 3.56,
    "ScanOptions": "FS",
    "ScanningSequence": "EP",
    "SequenceName": "_epfid2d1_64",
    "SequenceVariant": "SK",
    "SliceThickness": 3.6,
    "SliceTiming": [
      1.5375,
      0,
      1.6225,
      0.0875,
      1.7075,
      0.1725,
      1.7925,
      0.2575,
      1.8775,
      0.3425,
      1.965,
      0.4275,
      2.05,
      0.5125,
      2.135,
      0.5975,
      2.22,
      0.685,
      2.305,
      0.77,
      2.39,
      0.855,
      2.475,
      0.94,
      2.5625,
      1.025,
      2.6475,
      1.11,
      2.7325,
      1.195,
      2.8175,
      1.2825,
      2.9025,
      1.3675,
      2.9875,
      1.4525
    ],
    "SoftwareVersions": "syngo_MR_B19",
    "SpacingBetweenSlices": 3.78,
    "TaskName": "rest",
    "TotalReadoutTime": 0.0283502,
    "dataset": "ds002422",
    "modality": "bold",
    "subject_id": "25",
    "task_id": "rest"
  },
  "dummy_trs": 0,
  "dvars_nstd": 38.22455932417087,
  "dvars_std": 1.1102762784924622,
  "dvars_vstd": 0.9946335758793968,
  "efc": 0.5209123030280087,
  "fber": 464.72357177734375,
  "fd_mean": 0.3140591590163127,
  "fd_num": 158,
  "fd_perc": 79.0,
  "fwhm_avg": 1.545923107540795,
  "fwhm_x": 1.4682628591134208,
  "fwhm_y": 1.6464666733778797,
  "fwhm_z": 1.5230397901310848,
  "gcor": 0.023836,
  "gsr_x": -0.01183945033699274,
  "gsr_y": 0.030468406155705452,
  "provenance": {
    "md5sum": "892721fb818ff6eaaf92317a1d83ec0f",
    "settings": {
      "fd_thres": 0.2,
      "testing": false
    },
    "software": "mriqc",
    "version": "21.0.0rc2",
    "webapi_port": null,
    "webapi_url": "https://mriqc.nimh.nih.gov/api/v1"
  },
  "size_t": 200,
  "size_x": 64,
  "size_y": 64,
  "size_z": 36,
  "snr": 5.000719304638535,
  "spacing_tr": 3.559999942779541,
  "spacing_x": 3.593750238418579,
  "spacing_y": 3.593750238418579,
  "spacing_z": 3.7799997329711914,
  "summary_bg_k": 209.14587742710356,
  "summary_bg_mad": 3.9140689519462084,
  "summary_bg_mean": 38.07673263549805,
  "summary_bg_median": 27.064998626708984,
  "summary_bg_n": 93700.0,
  "summary_bg_p05": 22.760000228881836,
  "summary_bg_p95": 83.45149688720711,
  "summary_bg_stdv": 48.89956283569336,
  "summary_fg_k": 1.7013406039373216,
  "summary_fg_mad": 106.1098516373489,
  "summary_fg_mean": 603.5664672851562,
  "summary_fg_median": 588.2750244140625,
  "summary_fg_n": 23462.0,
  "summary_fg_p05": 453.1667282104492,
  "summary_fg_p95": 815.4909942626954,
  "summary_fg_stdv": 117.63557434082031,
  "tsnr": 43.328080019622575
}