{
  "aor": 0.00039980861244019137,
  "aqi": 0.02551012822966507,
  "bids_meta": {
    "AcquisitionMatrixPE": 64,
    "BandwidthPerPixelPhaseEncode": 33.245,
    "BaseResolution": 64,
    "BodyPartExamined": "HEAD",
    "DerivedVendorReportedEchoSpacing": 0.000469996,
    "DwellTime": 3e-06,
    "EchoTime": 0.05,
    "EffectiveEchoSpacing": 0.000469995,
    "FlipAngle": 90,
    "ImageType": [
      "ORIGINAL",
      "PRIMARY",
      "FMRI",
      "NONE",
      "ND",
      "MOSAIC"
    ],
    "InPlanePhaseEncodingDirectionDICOM": "COL",
    "Instructions": "During the main condition, participants were visually presented with already solved sums (arithmetic operations of addition, subtraction, multiplication, and division with simple and double-digit numbers). The control condition stimuli were digit lines with non-mathematical characters instead of arithmetic signs. Participants responded with one of three buttons on the MR-compatible response box, depending on whether the stimulus sum had been solved correctly, incorrectly or just had not been an arithmetic exercise.",
    "MRAcquisitionType": "2D",
    "MagneticFieldStrength": 1.5,
    "Manufacturer": "Siemens",
    "ManufacturersModelName": "Avanto",
    "NumberOfVolumesDiscardedByUser": 3,
    "PartialFourier": 1,
    "PatientPosition": "HFS",
    "PercentPhaseFOV": 100,
    "PhaseEncodingDirection": "j-",
    "PhaseEncodingSteps": 64,
    "PhaseResolution": 1,
    "PixelBandwidth": 2604,
    "ProcedureStepDescription": "head_NEURO",
    "PulseSequenceDetails": "%SiemensSeq%_ep2d_bold",
    "ReceiveCoilName": "HeadMatrix",
    "ReconMatrixPE": 64,
    "RepetitionTime": 2.1,
    "ScanOptions": "FS",
    "ScanningSequence": "EP",
    "SequenceName": "_epfid2d1_64",
    "SequenceVariant": "SK",
    "SliceThickness": 3,
    "SliceTiming": [
      1.055,
      0,
      1.1425,
      0.0875,
      1.23,
      0.175,
      1.3175,
      0.2625,
      1.405,
      0.3525,
      1.4925,
      0.44,
      1.58,
      0.5275,
      1.67,
      0.615,
      1.7575,
      0.7025,
      1.845,
      0.79,
      1.9325,
      0.8775,
      2.02,
      0.965
    ],
    "SoftwareVersions": "syngo_MR_B19",
    "SpacingBetweenSlices": 3.3,
    "TaskName": "arithm_run-02",
    "TotalReadoutTime": 0.0296097,
    "dataset": "ds002422",
    "modality": "bold",
    "run_id": 2,
    "subject_id": "25",
    "task_id": "arithm"
  },
  "dummy_trs": 1,
  "dvars_nstd": 52.01909543903847,
  "dvars_std": 1.0717415000480766,
  "dvars_vstd": 1.0050202902884617,
  "efc": 0.6936363548317745,
  "fber": 178.76365661621094,
  "fd_mean": 0.1968655956157761,
  "fd_num": 89,
  "fd_perc": 42.58373205741627,
  "fwhm_avg": 1.6997668353019642,
  "fwhm_x": 1.5480233333333333,
  "fwhm_y": 1.8184500000000001,
  "fwhm_z": 1.7328271725725595,
  "gcor": 0.0137749,
  "gsr_x": 0.0005670713726431131,
  "gsr_y": 0.02626674808561802,
  "provenance": {
    "md5sum": "1aaddf21a8b6b2fc95f5ce08ffbfa2fa",
    "settings": {
      "fd_thres": 0.2,
      "testing": false
    },
    "software": "mriqc",
    "version": "21.0.0rc2",
    "webapi_port": null,
    "webapi_url": "https://mriqc.nimh.nih.gov/api/v1"
  },
  "size_t": 209,
  "size_x": 64,
  "size_y": 64,
  "size_z": 24,
  "snr": 6.000155828952595,
  "spacing_tr": 2.0999999046325684,
  "spacing_x": 3.0,
  "spacing_y": 3.0,
  "spacing_z": 3.3000001907348633,
  "summary_bg_k": 22.995897733284824,
  "summary_bg_mad": 5.008216539501498,
  "summary_bg_mean": 53.0404052734375,
  "summary_bg_median": 40.2200927734375,
  "summary_bg_n": 41404.0,
  "summary_bg_p05": 36.14832305908203,
  "summary_bg_p95": 115.6062156677246,
  "summary_bg_stdv": 34.91944885253906,
  "summary_fg_k": 2.8011874117720588,
  "summary_fg_mad": 79.84770792385265,
  "summary_fg_mean": 546.8463134765625,
  "summary_fg_median": 540.7105102539062,
  "summary_fg_n": 33074.0,
  "summary_fg_p05": 429.7334732055664,
  "summary_fg_p95": 696.7681671142577,
  "summary_fg_stdv": 90.11471557617188,
  "tsnr": 30.741473420755938
}