{
  "aor": 0.0004450476190476191,
  "aqi": 0.023841438095238095,
  "bids_meta": {
    "AcquisitionMatrixPE": 64,
    "BandwidthPerPixelPhaseEncode": 33.245,
    "BaseResolution": 64,
    "BodyPartExamined": "HEAD",
    "DerivedVendorReportedEchoSpacing": 0.000469996,
    "DwellTime": 3e-06,
    "EchoTime": 0.05,
    "EffectiveEchoSpacing": 0.000469995,
    "FlipAngle": 90,
    "ImageType": [
      "ORIGINAL",
      "PRIMARY",
      "FMRI",
      "NONE",
      "ND",
      "MOSAIC"
    ],
    "InPlanePhaseEncodingDirectionDICOM": "COL",
    "Instructions": "During the main condition, participants were visually presented with already solved sums (arithmetic operations of addition, subtraction, multiplication, and division with simple and double-digit numbers). The control condition stimuli were digit lines with non-mathematical characters instead of arithmetic signs. Participants responded with one of three buttons on the MR-compatible response box, depending on whether the stimulus sum had been solved correctly, incorrectly or just had not been an arithmetic exercise.",
    "MRAcquisitionType": "2D",
    "MagneticFieldStrength": 1.5,
    "Manufacturer": "Siemens",
    "ManufacturersModelName": "Avanto",
    "NumberOfVolumesDiscardedByUser": 3,
    "PartialFourier": 1,
    "PatientPosition": "HFS",
    "PercentPhaseFOV": 100,
    "PhaseEncodingDirection": "j-",
    "PhaseEncodingSteps": 64,
    "PhaseResolution": 1,
    "PixelBandwidth": 2604,
    "ProcedureStepDescription": "head_NEURO",
    "PulseSequenceDetails": "%SiemensSeq%_ep2d_bold",
    "ReceiveCoilName": "HeadMatrix",
    "ReconMatrixPE": 64,
    "RepetitionTime": 2.1,
    "ScanOptions": "FS",
    "ScanningSequence": "EP",
    "SequenceName": "_epfid2d1_64",
    "SequenceVariant": "SK",
    "SliceThickness": 3,
    "SliceTiming": [
      1.055,
      0,
      1.1425,
      0.0875,
      1.23,
      0.175,
      1.3175,
      0.2625,
      1.405,
      0.35,
      1.4925,
      0.44,
      1.58,
      0.5275,
      1.6675,
      0.615,
      1.7575,
      0.7025,
      1.845,
      0.79,
      1.9325,
      0.8775,
      2.02,
      0.965
    ],
    "SoftwareVersions": "syngo_MR_B19",
    "SpacingBetweenSlices": 3.3,
    "TaskName": "arithm_run-01",
    "TotalReadoutTime": 0.0296097,
    "dataset": "ds002422",
    "modality": "bold",
    "run_id": 1,
    "subject_id": "25",
    "task_id": "arithm"
  },
  "dummy_trs": 0,
  "dvars_nstd": 52.392932125215296,
  "dvars_std": 1.0850068300956934,
  "dvars_vstd": 1.014213338947368,
  "efc": 0.6930839741679483,
  "fber": 176.248291015625,
  "fd_mean": 0.17594008168714093,
  "fd_num": 60,
  "fd_perc": 28.571428571428573,
  "fwhm_avg": 1.6942382496246553,
  "fwhm_x": 1.5489433333333331,
  "fwhm_y": 1.8103533333333335,
  "fwhm_z": 1.7234180822072993,
  "gcor": 0.0067694,
  "gsr_x": 0.0009327747975476086,
  "gsr_y": 0.025344548746943474,
  "provenance": {
    "md5sum": "7adc77ad74f555e6ce5169996334c36d",
    "settings": {
      "fd_thres": 0.2,
      "testing": false
    },
    "software": "mriqc",
    "version": "21.0.0rc2",
    "webapi_port": null,
    "webapi_url": "https://mriqc.nimh.nih.gov/api/v1"
  },
  "size_t": 210,
  "size_x": 64,
  "size_y": 64,
  "size_z": 24,
  "snr": 5.990059736729957,
  "spacing_tr": 2.0999999046325684,
  "spacing_x": 3.0,
  "spacing_y": 3.0,
  "spacing_z": 3.3000001907348633,
  "summary_bg_k": 25.15983124837438,
  "summary_bg_mad": 5.79626748830114,
  "summary_bg_mean": 52.64434051513672,
  "summary_bg_median": 40.338096618652344,
  "summary_bg_n": 41380.0,
  "summary_bg_p05": 35.10476303100586,
  "summary_bg_p95": 112.54548110961892,
  "summary_bg_stdv": 35.02962112426758,
  "summary_fg_k": 2.781162937317318,
  "summary_fg_mad": 79.96876206922654,
  "summary_fg_mean": 545.955810546875,
  "summary_fg_median": 539.7000122070312,
  "summary_fg_n": 33066.0,
  "summary_fg_p05": 429.2666931152344,
  "summary_fg_p95": 696.088134765625,
  "summary_fg_stdv": 90.09790802001953,
  "tsnr": 31.45936216460541
}