{
  "aor": 0.00037195238095238096,
  "aqi": 0.036697598571428576,
  "bids_meta": {
    "AcquisitionMatrixPE": 64,
    "BandwidthPerPixelPhaseEncode": 33.245,
    "BaseResolution": 64,
    "BodyPartExamined": "HEAD",
    "DerivedVendorReportedEchoSpacing": 0.000469996,
    "DwellTime": 3e-06,
    "EchoTime": 0.05,
    "EffectiveEchoSpacing": 0.000469995,
    "FlipAngle": 90,
    "ImageType": [
      "ORIGINAL",
      "PRIMARY",
      "FMRI",
      "NONE",
      "ND",
      "MOSAIC"
    ],
    "InPlanePhaseEncodingDirectionDICOM": "COL",
    "Instructions": "During the main condition, participants were visually presented with already solved sums (arithmetic operations of addition, subtraction, multiplication, and division with simple and double-digit numbers). The control condition stimuli were digit lines with non-mathematical characters instead of arithmetic signs. Participants responded with one of three buttons on the MR-compatible response box, depending on whether the stimulus sum had been solved correctly, incorrectly or just had not been an arithmetic exercise.",
    "MRAcquisitionType": "2D",
    "MagneticFieldStrength": 1.5,
    "Manufacturer": "Siemens",
    "ManufacturersModelName": "Avanto",
    "NumberOfVolumesDiscardedByUser": 3,
    "PartialFourier": 1,
    "PatientPosition": "HFS",
    "PercentPhaseFOV": 100,
    "PhaseEncodingDirection": "j-",
    "PhaseEncodingSteps": 64,
    "PhaseResolution": 1,
    "PixelBandwidth": 2604,
    "ProcedureStepDescription": "head_NEURO",
    "PulseSequenceDetails": "%SiemensSeq%_ep2d_bold",
    "ReceiveCoilName": "HeadMatrix",
    "ReconMatrixPE": 64,
    "RepetitionTime": 2.1,
    "ScanOptions": "FS",
    "ScanningSequence": "EP",
    "SequenceName": "_epfid2d1_64",
    "SequenceVariant": "SK",
    "SliceThickness": 3,
    "SliceTiming": [
      1.055,
      0,
      1.1425,
      0.0875,
      1.23,
      0.1775,
      1.3175,
      0.265,
      1.405,
      0.3525,
      1.495,
      0.44,
      1.5825,
      0.5275,
      1.67,
      0.615,
      1.7575,
      0.7025,
      1.845,
      0.7925,
      1.9325,
      0.88,
      2.02,
      0.9675
    ],
    "SoftwareVersions": "syngo_MR_B19",
    "SpacingBetweenSlices": 3.3,
    "TaskName": "arithm_run-02",
    "TotalReadoutTime": 0.0296097,
    "dataset": "ds002422",
    "modality": "bold",
    "run_id": 2,
    "subject_id": "23",
    "task_id": "arithm"
  },
  "dummy_trs": 0,
  "dvars_nstd": 41.4040046583732,
  "dvars_std": 0.9769478433971288,
  "dvars_vstd": 0.9773979009090913,
  "efc": 0.6304855963109682,
  "fber": 189.66119384765625,
  "fd_mean": 0.13277920235871166,
  "fd_num": 32,
  "fd_perc": 15.238095238095237,
  "fwhm_avg": 1.64470691805556,
  "fwhm_x": 1.5870734594625997,
  "fwhm_y": 1.8261200000000002,
  "fwhm_z": 1.5209272947040802,
  "gcor": 0.00231426,
  "gsr_x": -0.0013914006995037198,
  "gsr_y": 0.021909179165959358,
  "provenance": {
    "md5sum": "80cfc1a501d0fad61ca0489d73722a27",
    "settings": {
      "fd_thres": 0.2,
      "testing": false
    },
    "software": "mriqc",
    "version": "21.0.0rc2",
    "webapi_port": null,
    "webapi_url": "https://mriqc.nimh.nih.gov/api/v1"
  },
  "size_t": 210,
  "size_x": 64,
  "size_y": 64,
  "size_z": 24,
  "snr": 6.727358220525175,
  "spacing_tr": 2.0999999046325684,
  "spacing_x": 2.999999761581421,
  "spacing_y": 3.0,
  "spacing_z": 3.299999952316284,
  "summary_bg_k": 41.609675431882096,
  "summary_bg_mad": 4.779625320676884,
  "summary_bg_mean": 44.39427185058594,
  "summary_bg_median": 37.71428680419922,
  "summary_bg_n": 49303.0,
  "summary_bg_p05": 31.90952491760254,
  "summary_bg_p95": 76.6709564208984,
  "summary_bg_stdv": 22.913244247436523,
  "summary_fg_k": 1.796366909701156,
  "summary_fg_mad": 69.78112028676819,
  "summary_fg_mean": 531.1207275390625,
  "summary_fg_median": 520.3809814453125,
  "summary_fg_n": 24799.0,
  "summary_fg_p05": 434.0143127441406,
  "summary_fg_p95": 669.1409790039062,
  "summary_fg_stdv": 77.35138702392578,
  "tsnr": 29.836281291791238
}