{
  "aor": 0.0004181904761904761,
  "aqi": 0.04091802809523809,
  "bids_meta": {
    "AcquisitionMatrixPE": 64,
    "BandwidthPerPixelPhaseEncode": 33.245,
    "BaseResolution": 64,
    "BodyPartExamined": "HEAD",
    "DerivedVendorReportedEchoSpacing": 0.000469996,
    "DwellTime": 3e-06,
    "EchoTime": 0.05,
    "EffectiveEchoSpacing": 0.000469995,
    "FlipAngle": 90,
    "ImageType": [
      "ORIGINAL",
      "PRIMARY",
      "FMRI",
      "NONE",
      "ND",
      "MOSAIC"
    ],
    "InPlanePhaseEncodingDirectionDICOM": "COL",
    "Instructions": "During the main condition, participants were visually presented with already solved sums (arithmetic operations of addition, subtraction, multiplication, and division with simple and double-digit numbers). The control condition stimuli were digit lines with non-mathematical characters instead of arithmetic signs. Participants responded with one of three buttons on the MR-compatible response box, depending on whether the stimulus sum had been solved correctly, incorrectly or just had not been an arithmetic exercise.",
    "MRAcquisitionType": "2D",
    "MagneticFieldStrength": 1.5,
    "Manufacturer": "Siemens",
    "ManufacturersModelName": "Avanto",
    "NumberOfVolumesDiscardedByUser": 3,
    "PartialFourier": 1,
    "PatientPosition": "HFS",
    "PercentPhaseFOV": 100,
    "PhaseEncodingDirection": "j-",
    "PhaseEncodingSteps": 64,
    "PhaseResolution": 1,
    "PixelBandwidth": 2604,
    "ProcedureStepDescription": "head_NEURO",
    "PulseSequenceDetails": "%SiemensSeq%_ep2d_bold",
    "ReceiveCoilName": "HeadMatrix",
    "ReconMatrixPE": 64,
    "RepetitionTime": 2.1,
    "ScanOptions": "FS",
    "ScanningSequence": "EP",
    "SequenceName": "_epfid2d1_64",
    "SequenceVariant": "SK",
    "SliceThickness": 3,
    "SliceTiming": [
      1.0525,
      0,
      1.14,
      0.0875,
      1.23,
      0.175,
      1.3175,
      0.2625,
      1.405,
      0.35,
      1.4925,
      0.4375,
      1.58,
      0.525,
      1.6675,
      0.615,
      1.755,
      0.7025,
      1.8425,
      0.79,
      1.9325,
      0.8775,
      2.02,
      0.965
    ],
    "SoftwareVersions": "syngo_MR_B19",
    "SpacingBetweenSlices": 3.3,
    "TaskName": "arithm_run-01",
    "TotalReadoutTime": 0.0296097,
    "dataset": "ds002422",
    "modality": "bold",
    "run_id": 1,
    "subject_id": "23",
    "task_id": "arithm"
  },
  "dummy_trs": 0,
  "dvars_nstd": 42.71869851066984,
  "dvars_std": 0.9788829675598085,
  "dvars_vstd": 0.9719503477033492,
  "efc": 0.6308018520215022,
  "fber": 186.813232421875,
  "fd_mean": 0.13850329696943375,
  "fd_num": 34,
  "fd_perc": 16.19047619047619,
  "fwhm_avg": 1.6501648979139099,
  "fwhm_x": 1.5948867934168809,
  "fwhm_y": 1.8651200000000001,
  "fwhm_z": 1.490487900324849,
  "gcor": 0.00283142,
  "gsr_x": -0.0029056572820991278,
  "gsr_y": 0.022986873984336853,
  "provenance": {
    "md5sum": "f00b48fa82dd32d77e0329acad06f113",
    "settings": {
      "fd_thres": 0.2,
      "testing": false
    },
    "software": "mriqc",
    "version": "21.0.0rc2",
    "webapi_port": null,
    "webapi_url": "https://mriqc.nimh.nih.gov/api/v1"
  },
  "size_t": 210,
  "size_x": 64,
  "size_y": 64,
  "size_z": 24,
  "snr": 6.690822525637181,
  "spacing_tr": 2.0999999046325684,
  "spacing_x": 2.999999761581421,
  "spacing_y": 3.0,
  "spacing_z": 3.299999952316284,
  "summary_bg_k": 38.816807780919476,
  "summary_bg_mad": 4.899650132540311,
  "summary_bg_mean": 44.539581298828125,
  "summary_bg_median": 37.84762191772461,
  "summary_bg_n": 49290.0,
  "summary_bg_p05": 31.866668701171875,
  "summary_bg_p95": 77.90738067626951,
  "summary_bg_stdv": 22.744516372680664,
  "summary_fg_k": 2.005540055485284,
  "summary_fg_mad": 69.23043817002527,
  "summary_fg_mean": 531.0968017578125,
  "summary_fg_median": 519.990478515625,
  "summary_fg_n": 24703.0,
  "summary_fg_p05": 434.44049072265625,
  "summary_fg_p95": 670.5838500976562,
  "summary_fg_stdv": 77.71540069580078,
  "tsnr": 29.35544973477954
}