{
  "aor": 0.0018173333333333331,
  "aqi": 0.03530719904761905,
  "bids_meta": {
    "AcquisitionMatrixPE": 64,
    "BandwidthPerPixelPhaseEncode": 33.245,
    "BaseResolution": 64,
    "BodyPartExamined": "HEAD",
    "DerivedVendorReportedEchoSpacing": 0.000469996,
    "DwellTime": 3e-06,
    "EchoTime": 0.05,
    "EffectiveEchoSpacing": 0.000469995,
    "FlipAngle": 90,
    "ImageType": [
      "ORIGINAL",
      "PRIMARY",
      "FMRI",
      "NONE",
      "ND",
      "MOSAIC"
    ],
    "InPlanePhaseEncodingDirectionDICOM": "COL",
    "Instructions": "During the main condition, participants were visually presented with already solved sums (arithmetic operations of addition, subtraction, multiplication, and division with simple and double-digit numbers). The control condition stimuli were digit lines with non-mathematical characters instead of arithmetic signs. Participants responded with one of three buttons on the MR-compatible response box, depending on whether the stimulus sum had been solved correctly, incorrectly or just had not been an arithmetic exercise.",
    "MRAcquisitionType": "2D",
    "MagneticFieldStrength": 1.5,
    "Manufacturer": "Siemens",
    "ManufacturersModelName": "Avanto",
    "NumberOfVolumesDiscardedByUser": 3,
    "PartialFourier": 1,
    "PatientPosition": "HFS",
    "PercentPhaseFOV": 100,
    "PhaseEncodingDirection": "j-",
    "PhaseEncodingSteps": 64,
    "PhaseResolution": 1,
    "PixelBandwidth": 2604,
    "ProcedureStepDescription": "head_NEURO",
    "PulseSequenceDetails": "%SiemensSeq%_ep2d_bold",
    "ReceiveCoilName": "HeadMatrix",
    "ReconMatrixPE": 64,
    "RepetitionTime": 2.1,
    "ScanOptions": "FS",
    "ScanningSequence": "EP",
    "SequenceName": "_epfid2d1_64",
    "SequenceVariant": "SK",
    "SliceThickness": 3,
    "SliceTiming": [
      1.055,
      0,
      1.1425,
      0.0875,
      1.23,
      0.175,
      1.3175,
      0.265,
      1.405,
      0.3525,
      1.4925,
      0.44,
      1.5825,
      0.5275,
      1.67,
      0.615,
      1.7575,
      0.7025,
      1.845,
      0.79,
      1.9325,
      0.8775,
      2.02,
      0.9675
    ],
    "SoftwareVersions": "syngo_MR_B19",
    "SpacingBetweenSlices": 3.3,
    "TaskName": "arithm_run-02",
    "TotalReadoutTime": 0.0296097,
    "dataset": "ds002422",
    "modality": "bold",
    "run_id": 2,
    "subject_id": "10",
    "task_id": "arithm"
  },
  "dummy_trs": 0,
  "dvars_nstd": 48.63143327679423,
  "dvars_std": 1.0433502920095692,
  "dvars_vstd": 1.0175703039712918,
  "efc": 0.6491895239436277,
  "fber": 189.2451171875,
  "fd_mean": 0.3258199128129499,
  "fd_num": 155,
  "fd_perc": 73.80952380952381,
  "fwhm_avg": 1.6505441090008777,
  "fwhm_x": 1.5254098787713146,
  "fwhm_y": 1.7660466666666668,
  "fwhm_z": 1.6601757815646516,
  "gcor": 0.0295362,
  "gsr_x": 0.0051392181776463985,
  "gsr_y": 0.02091357111930847,
  "provenance": {
    "md5sum": "a48a47b54687654de3a6b3999db1e337",
    "settings": {
      "fd_thres": 0.2,
      "testing": false
    },
    "software": "mriqc",
    "version": "21.0.0rc2",
    "webapi_port": null,
    "webapi_url": "https://mriqc.nimh.nih.gov/api/v1"
  },
  "size_t": 210,
  "size_x": 64,
  "size_y": 64,
  "size_z": 24,
  "snr": 6.0170011446884315,
  "spacing_tr": 2.0999999046325684,
  "spacing_x": 3.000000238418579,
  "spacing_y": 3.0,
  "spacing_z": 3.299999952316284,
  "summary_bg_k": 28.954964908751982,
  "summary_bg_mad": 6.488149277694239,
  "summary_bg_mean": 48.49973678588867,
  "summary_bg_median": 40.647621154785156,
  "summary_bg_n": 46774.0,
  "summary_bg_p05": 33.0745246887207,
  "summary_bg_p95": 88.96833610534668,
  "summary_bg_stdv": 25.495277404785156,
  "summary_fg_k": 1.6059562348019876,
  "summary_fg_mad": 81.32784426647602,
  "summary_fg_mean": 571.3014526367188,
  "summary_fg_median": 556.0119018554688,
  "summary_fg_n": 27800.0,
  "summary_fg_p05": 457.62312469482424,
  "summary_fg_p95": 745.1590698242187,
  "summary_fg_stdv": 92.4051513671875,
  "tsnr": 29.072804638533853
}