{
  "aor": 0.0020493,
  "aqi": 0.015383960650000002,
  "bids_meta": {
    "AcquisitionMatrixPE": 64,
    "BandwidthPerPixelPhaseEncode": 34.722,
    "BaseResolution": 64,
    "BodyPartExamined": "HEAD",
    "DelayTime": 0.5,
    "DerivedVendorReportedEchoSpacing": 0.000450003,
    "DwellTime": 3e-06,
    "EchoTime": 0.05,
    "EffectiveEchoSpacing": 0.000450003,
    "FlipAngle": 90,
    "ImageType": [
      "ORIGINAL",
      "PRIMARY",
      "FMRI",
      "NONE",
      "ND",
      "MOSAIC"
    ],
    "InPlanePhaseEncodingDirectionDICOM": "COL",
    "Instructions": "Participants were asked to close their eyes, to not fall asleep, and to avoid consistent thinking about one topic during the period of scanning",
    "MRAcquisitionType": "2D",
    "MagneticFieldStrength": 1.5,
    "Manufacturer": "Siemens",
    "ManufacturersModelName": "Avanto",
    "NumberOfVolumesDiscardedByUser": 3,
    "PartialFourier": 1,
    "PatientPosition": "HFS",
    "PercentPhaseFOV": 100,
    "PhaseEncodingDirection": "j-",
    "PhaseEncodingSteps": 64,
    "PhaseResolution": 1,
    "PixelBandwidth": 2604,
    "ProcedureStepDescription": "head_NEURO",
    "PulseSequenceDetails": "%SiemensSeq%_ep2d_bold",
    "ReceiveCoilName": "HeadMatrix",
    "ReconMatrixPE": 64,
    "RepetitionTime": 3.56,
    "ScanOptions": "FS",
    "ScanningSequence": "EP",
    "SequenceName": "_epfid2d1_64",
    "SequenceVariant": "SK",
    "SliceThickness": 3.6,
    "SliceTiming": [
      1.5375,
      0,
      1.6225,
      0.085,
      1.7075,
      0.17,
      1.7925,
      0.2575,
      1.8775,
      0.3425,
      1.9625,
      0.4275,
      2.0475,
      0.5125,
      2.135,
      0.5975,
      2.22,
      0.6825,
      2.305,
      0.7675,
      2.39,
      0.855,
      2.475,
      0.94,
      2.56,
      1.025,
      2.645,
      1.11,
      2.7325,
      1.195,
      2.8175,
      1.28,
      2.9025,
      1.365,
      2.9875,
      1.4525
    ],
    "SoftwareVersions": "syngo_MR_B19",
    "SpacingBetweenSlices": 3.78,
    "TaskName": "rest",
    "TotalReadoutTime": 0.0283502,
    "dataset": "ds002422",
    "modality": "bold",
    "subject_id": "10",
    "task_id": "rest"
  },
  "dummy_trs": 0,
  "dvars_nstd": 28.412590927788937,
  "dvars_std": 1.0052638969849246,
  "dvars_vstd": 0.9680714460804019,
  "efc": 0.5021259326575885,
  "fber": 615.619873046875,
  "fd_mean": 0.21793230658939852,
  "fd_num": 82,
  "fd_perc": 41.0,
  "fwhm_avg": 1.613480600637084,
  "fwhm_x": 1.541231304347826,
  "fwhm_y": 1.6911443478260868,
  "fwhm_z": 1.6080661497373392,
  "gcor": 0.0228301,
  "gsr_x": -0.0075657665729522705,
  "gsr_y": 0.03085358813405037,
  "provenance": {
    "md5sum": "a6a608d0f78a354bd985cf4398e46da8",
    "settings": {
      "fd_thres": 0.2,
      "testing": false
    },
    "software": "mriqc",
    "version": "21.0.0rc2",
    "webapi_port": null,
    "webapi_url": "https://mriqc.nimh.nih.gov/api/v1"
  },
  "size_t": 200,
  "size_x": 64,
  "size_y": 64,
  "size_z": 36,
  "snr": 4.4516946577178675,
  "spacing_tr": 3.559999942779541,
  "spacing_x": 3.59375,
  "spacing_y": 3.59375,
  "spacing_z": 3.7799999713897705,
  "summary_bg_k": 236.6326426488376,
  "summary_bg_mad": 5.092737828771734,
  "summary_bg_mean": 36.080902099609375,
  "summary_bg_median": 24.344999313354492,
  "summary_bg_n": 94304.0,
  "summary_bg_p05": 18.430750179290776,
  "summary_bg_p95": 81.30924797058101,
  "summary_bg_stdv": 56.67066192626953,
  "summary_fg_k": 1.6866667463411495,
  "summary_fg_mad": 108.915701673311,
  "summary_fg_mean": 631.6298828125,
  "summary_fg_median": 602.6325073242188,
  "summary_fg_n": 22924.0,
  "summary_fg_p05": 471.356999206543,
  "summary_fg_p95": 909.2767242431639,
  "summary_fg_stdv": 135.3685302734375,
  "tsnr": 39.2739226128906
}