{
  "aor": 0.0013980952380952384,
  "aqi": 0.025122909047619046,
  "bids_meta": {
    "AcquisitionMatrixPE": 64,
    "BandwidthPerPixelPhaseEncode": 33.245,
    "BaseResolution": 64,
    "BodyPartExamined": "HEAD",
    "DerivedVendorReportedEchoSpacing": 0.000469996,
    "DwellTime": 3e-06,
    "EchoTime": 0.05,
    "EffectiveEchoSpacing": 0.000469995,
    "FlipAngle": 90,
    "ImageType": [
      "ORIGINAL",
      "PRIMARY",
      "FMRI",
      "NONE",
      "ND",
      "MOSAIC"
    ],
    "InPlanePhaseEncodingDirectionDICOM": "COL",
    "Instructions": "During the main condition, participants were visually presented with already solved sums (arithmetic operations of addition, subtraction, multiplication, and division with simple and double-digit numbers). The control condition stimuli were digit lines with non-mathematical characters instead of arithmetic signs. Participants responded with one of three buttons on the MR-compatible response box, depending on whether the stimulus sum had been solved correctly, incorrectly or just had not been an arithmetic exercise.",
    "MRAcquisitionType": "2D",
    "MagneticFieldStrength": 1.5,
    "Manufacturer": "Siemens",
    "ManufacturersModelName": "Avanto",
    "NumberOfVolumesDiscardedByUser": 3,
    "PartialFourier": 1,
    "PatientPosition": "HFS",
    "PercentPhaseFOV": 100,
    "PhaseEncodingDirection": "j-",
    "PhaseEncodingSteps": 64,
    "PhaseResolution": 1,
    "PixelBandwidth": 2604,
    "ProcedureStepDescription": "head_NEURO",
    "PulseSequenceDetails": "%SiemensSeq%_ep2d_bold",
    "ReceiveCoilName": "HeadMatrix",
    "ReconMatrixPE": 64,
    "RepetitionTime": 2.1,
    "ScanOptions": "FS",
    "ScanningSequence": "EP",
    "SequenceName": "_epfid2d1_64",
    "SequenceVariant": "SK",
    "SliceThickness": 3,
    "SliceTiming": [
      1.0525,
      0,
      1.14,
      0.0875,
      1.23,
      0.175,
      1.3175,
      0.2625,
      1.405,
      0.35,
      1.4925,
      0.4375,
      1.58,
      0.5275,
      1.6675,
      0.615,
      1.755,
      0.7025,
      1.845,
      0.79,
      1.9325,
      0.8775,
      2.02,
      0.965
    ],
    "SoftwareVersions": "syngo_MR_B19",
    "SpacingBetweenSlices": 3.3,
    "TaskName": "arithm_run-01",
    "TotalReadoutTime": 0.0296097,
    "dataset": "ds002422",
    "modality": "bold",
    "run_id": 1,
    "subject_id": "10",
    "task_id": "arithm"
  },
  "dummy_trs": 0,
  "dvars_nstd": 44.56903634717704,
  "dvars_std": 1.0235201880861244,
  "dvars_vstd": 1.0050209524401916,
  "efc": 0.6478911076413731,
  "fber": 194.81484985351562,
  "fd_mean": 0.19291958371792015,
  "fd_num": 68,
  "fd_perc": 32.38095238095238,
  "fwhm_avg": 1.6558388562307969,
  "fwhm_x": 1.5364198778963185,
  "fwhm_y": 1.7611966666666667,
  "fwhm_z": 1.6699000241294055,
  "gcor": 0.0256163,
  "gsr_x": 0.005927687045186758,
  "gsr_y": 0.02052656002342701,
  "provenance": {
    "md5sum": "f4d3aeeb88548b0b1fa1dd021d1872be",
    "settings": {
      "fd_thres": 0.2,
      "testing": false
    },
    "software": "mriqc",
    "version": "21.0.0rc2",
    "webapi_port": null,
    "webapi_url": "https://mriqc.nimh.nih.gov/api/v1"
  },
  "size_t": 210,
  "size_x": 64,
  "size_y": 64,
  "size_z": 24,
  "snr": 5.905711269439178,
  "spacing_tr": 2.0999999046325684,
  "spacing_x": 3.000000238418579,
  "spacing_y": 3.0,
  "spacing_z": 3.299999952316284,
  "summary_bg_k": 28.61673189126286,
  "summary_bg_mad": 5.309126920954403,
  "summary_bg_mean": 48.6840934753418,
  "summary_bg_median": 40.35238265991211,
  "summary_bg_n": 46982.0,
  "summary_bg_p05": 34.4428596496582,
  "summary_bg_p95": 89.45714569091797,
  "summary_bg_stdv": 24.956989288330078,
  "summary_fg_k": 1.6259306923804848,
  "summary_fg_mad": 81.32429250029705,
  "summary_fg_mean": 570.9615478515625,
  "summary_fg_median": 555.2095336914062,
  "summary_fg_n": 27636.0,
  "summary_fg_p05": 456.1869201660156,
  "summary_fg_p95": 748.0905151367188,
  "summary_fg_stdv": 94.01060485839844,
  "tsnr": 30.945343689993024
}