{
  "aor": 0.00042619047619047617,
  "aqi": 0.023497636190476193,
  "bids_meta": {
    "AcquisitionMatrixPE": 64,
    "BandwidthPerPixelPhaseEncode": 33.245,
    "BaseResolution": 64,
    "BodyPartExamined": "HEAD",
    "DerivedVendorReportedEchoSpacing": 0.000469996,
    "DwellTime": 3e-06,
    "EchoTime": 0.05,
    "EffectiveEchoSpacing": 0.000469995,
    "FlipAngle": 90,
    "ImageType": [
      "ORIGINAL",
      "PRIMARY",
      "FMRI",
      "NONE",
      "ND",
      "MOSAIC"
    ],
    "InPlanePhaseEncodingDirectionDICOM": "COL",
    "Instructions": "During the main condition, participants were visually presented with already solved sums (arithmetic operations of addition, subtraction, multiplication, and division with simple and double-digit numbers). The control condition stimuli were digit lines with non-mathematical characters instead of arithmetic signs. Participants responded with one of three buttons on the MR-compatible response box, depending on whether the stimulus sum had been solved correctly, incorrectly or just had not been an arithmetic exercise.",
    "MRAcquisitionType": "2D",
    "MagneticFieldStrength": 1.5,
    "Manufacturer": "Siemens",
    "ManufacturersModelName": "Avanto",
    "NumberOfVolumesDiscardedByUser": 3,
    "PartialFourier": 1,
    "PatientPosition": "HFS",
    "PercentPhaseFOV": 100,
    "PhaseEncodingDirection": "j-",
    "PhaseEncodingSteps": 64,
    "PhaseResolution": 1,
    "PixelBandwidth": 2604,
    "ProcedureStepDescription": "head_NEURO",
    "PulseSequenceDetails": "%SiemensSeq%_ep2d_bold",
    "ReceiveCoilName": "HeadMatrix",
    "ReconMatrixPE": 64,
    "RepetitionTime": 2.1,
    "ScanOptions": "FS",
    "ScanningSequence": "EP",
    "SequenceName": "_epfid2d1_64",
    "SequenceVariant": "SK",
    "SliceThickness": 3,
    "SliceTiming": [
      1.055,
      0,
      1.1425,
      0.0875,
      1.23,
      0.175,
      1.3175,
      0.2625,
      1.405,
      0.3525,
      1.4925,
      0.44,
      1.58,
      0.5275,
      1.67,
      0.615,
      1.7575,
      0.7025,
      1.845,
      0.79,
      1.9325,
      0.8775,
      2.02,
      0.9675
    ],
    "SoftwareVersions": "syngo_MR_B19",
    "SpacingBetweenSlices": 3.3,
    "TaskName": "arithm_run-01",
    "TotalReadoutTime": 0.0296097,
    "dataset": "ds002422",
    "modality": "bold",
    "run_id": 1,
    "subject_id": "26",
    "task_id": "arithm"
  },
  "dummy_trs": 0,
  "dvars_nstd": 42.40980975105262,
  "dvars_std": 1.0204946768421057,
  "dvars_vstd": 1.0072507133014361,
  "efc": 0.6658095100062958,
  "fber": 184.56585693359375,
  "fd_mean": 0.10319910696939871,
  "fd_num": 13,
  "fd_perc": 6.190476190476191,
  "fwhm_avg": 1.6167835819087506,
  "fwhm_x": 1.4571834491398692,
  "fwhm_y": 1.7419733333333334,
  "fwhm_z": 1.6511939632530497,
  "gcor": 0.00933142,
  "gsr_x": -0.018540924414992332,
  "gsr_y": 0.056219857186079025,
  "provenance": {
    "md5sum": "deb01c1ef0a5139c7642132cccaa4976",
    "settings": {
      "fd_thres": 0.2,
      "testing": false
    },
    "software": "mriqc",
    "version": "21.0.0rc2",
    "webapi_port": null,
    "webapi_url": "https://mriqc.nimh.nih.gov/api/v1"
  },
  "size_t": 210,
  "size_x": 64,
  "size_y": 64,
  "size_z": 24,
  "snr": 7.072190147314585,
  "spacing_tr": 2.0999999046325684,
  "spacing_x": 2.999999761581421,
  "spacing_y": 3.0,
  "spacing_z": 3.299999952316284,
  "summary_bg_k": 17.89481693036492,
  "summary_bg_mad": 5.87392843939447,
  "summary_bg_mean": 54.2851676940918,
  "summary_bg_median": 38.395240783691406,
  "summary_bg_n": 46932.0,
  "summary_bg_p05": 33.55023937225342,
  "summary_bg_p95": 126.41809997558587,
  "summary_bg_stdv": 37.81882858276367,
  "summary_fg_k": 1.4808067688505009,
  "summary_fg_mad": 76.02933305430815,
  "summary_fg_mean": 532.7188110351562,
  "summary_fg_median": 530.0142822265625,
  "summary_fg_n": 27133.0,
  "summary_fg_p05": 429.4552490234375,
  "summary_fg_p95": 657.2304809570312,
  "summary_fg_stdv": 74.94206237792969,
  "tsnr": 32.40072958203382
}