{
  "aor": 0.0003824761904761905,
  "aqi": 0.0211616319047619,
  "bids_meta": {
    "AcquisitionMatrixPE": 64,
    "BandwidthPerPixelPhaseEncode": 33.245,
    "BaseResolution": 64,
    "BodyPartExamined": "HEAD",
    "DerivedVendorReportedEchoSpacing": 0.000469996,
    "DwellTime": 3e-06,
    "EchoTime": 0.05,
    "EffectiveEchoSpacing": 0.000469995,
    "FlipAngle": 90,
    "ImageType": [
      "ORIGINAL",
      "PRIMARY",
      "FMRI",
      "NONE",
      "ND",
      "MOSAIC"
    ],
    "InPlanePhaseEncodingDirectionDICOM": "COL",
    "Instructions": "During the main condition, participants were visually presented with already solved sums (arithmetic operations of addition, subtraction, multiplication, and division with simple and double-digit numbers). The control condition stimuli were digit lines with non-mathematical characters instead of arithmetic signs. Participants responded with one of three buttons on the MR-compatible response box, depending on whether the stimulus sum had been solved correctly, incorrectly or just had not been an arithmetic exercise.",
    "MRAcquisitionType": "2D",
    "MagneticFieldStrength": 1.5,
    "Manufacturer": "Siemens",
    "ManufacturersModelName": "Avanto",
    "NumberOfVolumesDiscardedByUser": 3,
    "PartialFourier": 1,
    "PatientPosition": "HFS",
    "PercentPhaseFOV": 100,
    "PhaseEncodingDirection": "j-",
    "PhaseEncodingSteps": 64,
    "PhaseResolution": 1,
    "PixelBandwidth": 2604,
    "ProcedureStepDescription": "head_NEURO",
    "PulseSequenceDetails": "%SiemensSeq%_ep2d_bold",
    "ReceiveCoilName": "HeadMatrix",
    "ReconMatrixPE": 64,
    "RepetitionTime": 2.1,
    "ScanOptions": "FS",
    "ScanningSequence": "EP",
    "SequenceName": "_epfid2d1_64",
    "SequenceVariant": "SK",
    "SliceThickness": 3,
    "SliceTiming": [
      1.055,
      0,
      1.1425,
      0.0875,
      1.23,
      0.175,
      1.3175,
      0.2625,
      1.405,
      0.35,
      1.4925,
      0.44,
      1.58,
      0.5275,
      1.6675,
      0.615,
      1.7575,
      0.7025,
      1.845,
      0.79,
      1.9325,
      0.8775,
      2.02,
      0.965
    ],
    "SoftwareVersions": "syngo_MR_B19",
    "SpacingBetweenSlices": 3.3,
    "TaskName": "arithm_run-02",
    "TotalReadoutTime": 0.0296097,
    "dataset": "ds002422",
    "modality": "bold",
    "run_id": 2,
    "subject_id": "26",
    "task_id": "arithm"
  },
  "dummy_trs": 0,
  "dvars_nstd": 40.621680355693776,
  "dvars_std": 1.0199152188995215,
  "dvars_vstd": 1.0109271586124404,
  "efc": 0.6634464993578295,
  "fber": 194.7512664794922,
  "fd_mean": 0.07246336360629338,
  "fd_num": 3,
  "fd_perc": 1.4285714285714286,
  "fwhm_avg": 1.6181699453217833,
  "fwhm_x": 1.4436301147294137,
  "fwhm_y": 1.73151,
  "fwhm_z": 1.679369721235936,
  "gcor": 0.00846871,
  "gsr_x": -0.0179696436971426,
  "gsr_y": 0.057040803134441376,
  "provenance": {
    "md5sum": "e54641f26c7457aada42fa2fd984e791",
    "settings": {
      "fd_thres": 0.2,
      "testing": false
    },
    "software": "mriqc",
    "version": "21.0.0rc2",
    "webapi_port": null,
    "webapi_url": "https://mriqc.nimh.nih.gov/api/v1"
  },
  "size_t": 210,
  "size_x": 64,
  "size_y": 64,
  "size_z": 24,
  "snr": 7.086299846379201,
  "spacing_tr": 2.0999999046325684,
  "spacing_x": 2.999999761581421,
  "spacing_y": 3.0,
  "spacing_z": 3.299999952316284,
  "summary_bg_k": 18.97597139897637,
  "summary_bg_mad": 4.786683607605805,
  "summary_bg_mean": 54.03407669067383,
  "summary_bg_median": 37.5476188659668,
  "summary_bg_n": 47226.0,
  "summary_bg_p05": 33.900001525878906,
  "summary_bg_p95": 126.74643516540527,
  "summary_bg_stdv": 38.94966125488281,
  "summary_fg_k": 1.4921050205108548,
  "summary_fg_mad": 75.67623772614598,
  "summary_fg_mean": 533.4735717773438,
  "summary_fg_median": 530.4857177734375,
  "summary_fg_n": 26933.0,
  "summary_fg_p05": 429.4943054199219,
  "summary_fg_p95": 658.5800415039063,
  "summary_fg_stdv": 74.85935974121094,
  "tsnr": 33.86691363202408
}