{
  "aor": 0.0003884761904761904,
  "aqi": 0.026636164285714286,
  "bids_meta": {
    "AcquisitionMatrixPE": 64,
    "BandwidthPerPixelPhaseEncode": 33.245,
    "BaseResolution": 64,
    "BodyPartExamined": "HEAD",
    "DerivedVendorReportedEchoSpacing": 0.000469996,
    "DwellTime": 3e-06,
    "EchoTime": 0.05,
    "EffectiveEchoSpacing": 0.000469995,
    "FlipAngle": 90,
    "ImageType": [
      "ORIGINAL",
      "PRIMARY",
      "FMRI",
      "NONE",
      "ND",
      "MOSAIC"
    ],
    "InPlanePhaseEncodingDirectionDICOM": "COL",
    "Instructions": "During the main condition, participants were visually presented with already solved sums (arithmetic operations of addition, subtraction, multiplication, and division with simple and double-digit numbers). The control condition stimuli were digit lines with non-mathematical characters instead of arithmetic signs. Participants responded with one of three buttons on the MR-compatible response box, depending on whether the stimulus sum had been solved correctly, incorrectly or just had not been an arithmetic exercise.",
    "MRAcquisitionType": "2D",
    "MagneticFieldStrength": 1.5,
    "Manufacturer": "Siemens",
    "ManufacturersModelName": "Avanto",
    "NumberOfVolumesDiscardedByUser": 3,
    "PartialFourier": 1,
    "PatientPosition": "HFS",
    "PercentPhaseFOV": 100,
    "PhaseEncodingDirection": "j-",
    "PhaseEncodingSteps": 64,
    "PhaseResolution": 1,
    "PixelBandwidth": 2604,
    "ProcedureStepDescription": "head_NEURO",
    "PulseSequenceDetails": "%SiemensSeq%_ep2d_bold",
    "ReceiveCoilName": "HeadMatrix",
    "ReconMatrixPE": 64,
    "RepetitionTime": 2.1,
    "ScanOptions": "FS",
    "ScanningSequence": "EP",
    "SequenceName": "_epfid2d1_64",
    "SequenceVariant": "SK",
    "SliceThickness": 3,
    "SliceTiming": [
      1.055,
      0,
      1.1425,
      0.0875,
      1.23,
      0.175,
      1.3175,
      0.2625,
      1.405,
      0.3525,
      1.4925,
      0.44,
      1.58,
      0.5275,
      1.67,
      0.615,
      1.7575,
      0.7025,
      1.845,
      0.79,
      1.9325,
      0.8775,
      2.02,
      0.9675
    ],
    "SoftwareVersions": "syngo_MR_B19",
    "SpacingBetweenSlices": 3.3,
    "TaskName": "arithm_run-01",
    "TotalReadoutTime": 0.0296097,
    "dataset": "ds002422",
    "modality": "bold",
    "run_id": 1,
    "subject_id": "44",
    "task_id": "arithm"
  },
  "dummy_trs": 0,
  "dvars_nstd": 41.46798136574162,
  "dvars_std": 1.020880488947368,
  "dvars_vstd": 1.0051345105263156,
  "efc": 0.6234750017424804,
  "fber": 210.517333984375,
  "fd_mean": 0.06355318339165776,
  "fd_num": 3,
  "fd_perc": 1.4285714285714286,
  "fwhm_avg": 1.6486809632943544,
  "fwhm_x": 1.53209,
  "fwhm_y": 1.7421468051200553,
  "fwhm_z": 1.671806084763008,
  "gcor": 0.0171239,
  "gsr_x": -0.0014477878576144576,
  "gsr_y": 0.01699397712945938,
  "provenance": {
    "md5sum": "2d1704e8f40b78877447a68d26f00486",
    "settings": {
      "fd_thres": 0.2,
      "testing": false
    },
    "software": "mriqc",
    "version": "21.0.0rc2",
    "webapi_port": null,
    "webapi_url": "https://mriqc.nimh.nih.gov/api/v1"
  },
  "size_t": 210,
  "size_x": 64,
  "size_y": 64,
  "size_z": 24,
  "snr": 7.32125121502075,
  "spacing_tr": 2.0999999046325684,
  "spacing_x": 3.0,
  "spacing_y": 2.999999761581421,
  "spacing_z": 3.299999952316284,
  "summary_bg_k": 47.97879192176433,
  "summary_bg_mad": 2.8240047643610158,
  "summary_bg_mean": 42.71451187133789,
  "summary_bg_median": 36.580955505371094,
  "summary_bg_n": 50884.0,
  "summary_bg_p05": 33.75238037109375,
  "summary_bg_p95": 69.47952766418456,
  "summary_bg_stdv": 20.223379135131836,
  "summary_fg_k": 3.1974510628218615,
  "summary_fg_mad": 64.4190618695255,
  "summary_fg_mean": 534.9375,
  "summary_fg_median": 531.2261962890625,
  "summary_fg_n": 24332.0,
  "summary_fg_p05": 439.12216033935545,
  "summary_fg_p95": 653.5431457519531,
  "summary_fg_stdv": 72.55799102783203,
  "tsnr": 34.110417788499035
}