{
  "aor": 0.007484299999999999,
  "aqi": 0.02155708895,
  "bids_meta": {
    "AcquisitionMatrixPE": 64,
    "BandwidthPerPixelPhaseEncode": 34.722,
    "BaseResolution": 64,
    "BodyPartExamined": "HEAD",
    "DelayTime": 0.5,
    "DerivedVendorReportedEchoSpacing": 0.000450003,
    "DwellTime": 3e-06,
    "EchoTime": 0.05,
    "EffectiveEchoSpacing": 0.000450003,
    "FlipAngle": 90,
    "ImageType": [
      "ORIGINAL",
      "PRIMARY",
      "FMRI",
      "NONE",
      "ND",
      "MOSAIC"
    ],
    "InPlanePhaseEncodingDirectionDICOM": "COL",
    "Instructions": "Participants were asked to close their eyes, to not fall asleep, and to avoid consistent thinking about one topic during the period of scanning",
    "MRAcquisitionType": "2D",
    "MagneticFieldStrength": 1.5,
    "Manufacturer": "Siemens",
    "ManufacturersModelName": "Avanto",
    "NumberOfVolumesDiscardedByUser": 3,
    "PartialFourier": 1,
    "PatientPosition": "HFS",
    "PercentPhaseFOV": 100,
    "PhaseEncodingDirection": "j-",
    "PhaseEncodingSteps": 64,
    "PhaseResolution": 1,
    "PixelBandwidth": 2604,
    "ProcedureStepDescription": "head_NEURO",
    "PulseSequenceDetails": "%SiemensSeq%_ep2d_bold",
    "ReceiveCoilName": "HeadMatrix",
    "ReconMatrixPE": 64,
    "RepetitionTime": 3.56,
    "ScanOptions": "FS",
    "ScanningSequence": "EP",
    "SequenceName": "_epfid2d1_64",
    "SequenceVariant": "SK",
    "SliceThickness": 3.6,
    "SliceTiming": [
      1.5375,
      0,
      1.6225,
      0.0875,
      1.7075,
      0.1725,
      1.7925,
      0.2575,
      1.8775,
      0.3425,
      1.965,
      0.4275,
      2.05,
      0.5125,
      2.135,
      0.5975,
      2.22,
      0.685,
      2.305,
      0.77,
      2.39,
      0.855,
      2.475,
      0.94,
      2.5625,
      1.025,
      2.6475,
      1.11,
      2.7325,
      1.195,
      2.8175,
      1.2825,
      2.9025,
      1.3675,
      2.9875,
      1.4525
    ],
    "SoftwareVersions": "syngo_MR_B19",
    "SpacingBetweenSlices": 3.78,
    "TaskName": "rest",
    "TotalReadoutTime": 0.0283502,
    "dataset": "ds002422",
    "modality": "bold",
    "subject_id": "44",
    "task_id": "rest"
  },
  "dummy_trs": 0,
  "dvars_nstd": 27.436605788693466,
  "dvars_std": 1.0506281075376889,
  "dvars_vstd": 1.0273146489949752,
  "efc": 0.4783612788448794,
  "fber": 526.427001953125,
  "fd_mean": 0.14491631232343402,
  "fd_num": 39,
  "fd_perc": 19.5,
  "fwhm_avg": 1.6062647639132874,
  "fwhm_x": 1.544088941039446,
  "fwhm_y": 1.6741787826086958,
  "fwhm_z": 1.6005265680917202,
  "gcor": 0.005691,
  "gsr_x": -0.017164913937449455,
  "gsr_y": 0.018519792705774307,
  "provenance": {
    "md5sum": "f4982199e57c1f75279faff9325276f6",
    "settings": {
      "fd_thres": 0.2,
      "testing": false
    },
    "software": "mriqc",
    "version": "21.0.0rc2",
    "webapi_port": null,
    "webapi_url": "https://mriqc.nimh.nih.gov/api/v1"
  },
  "size_t": 200,
  "size_x": 64,
  "size_y": 64,
  "size_z": 36,
  "snr": 5.8256529619698325,
  "spacing_tr": 3.559999942779541,
  "spacing_x": 3.593750238418579,
  "spacing_y": 3.59375,
  "spacing_z": 3.7799997329711914,
  "summary_bg_k": 247.32993214179496,
  "summary_bg_mad": 2.846596372644328,
  "summary_bg_mean": 33.521514892578125,
  "summary_bg_median": 24.90999984741211,
  "summary_bg_n": 102028.0,
  "summary_bg_p05": 21.889999389648438,
  "summary_bg_p95": 68.11824607849118,
  "summary_bg_stdv": 38.78646469116211,
  "summary_fg_k": 2.3484514067283726,
  "summary_fg_mad": 87.79233018478676,
  "summary_fg_mean": 587.0614013671875,
  "summary_fg_median": 576.125,
  "summary_fg_n": 16919.0,
  "summary_fg_p05": 454.15997924804685,
  "summary_fg_p95": 757.9684631347656,
  "summary_fg_stdv": 98.89157104492188,
  "tsnr": 37.193868378410116
}