{
  "aor": 0.00036604761904761903,
  "aqi": 0.02501591761904762,
  "bids_meta": {
    "AcquisitionMatrixPE": 64,
    "BandwidthPerPixelPhaseEncode": 33.245,
    "BaseResolution": 64,
    "BodyPartExamined": "HEAD",
    "DerivedVendorReportedEchoSpacing": 0.000469996,
    "DwellTime": 3e-06,
    "EchoTime": 0.05,
    "EffectiveEchoSpacing": 0.000469995,
    "FlipAngle": 90,
    "ImageType": [
      "ORIGINAL",
      "PRIMARY",
      "FMRI",
      "NONE",
      "ND",
      "MOSAIC"
    ],
    "InPlanePhaseEncodingDirectionDICOM": "COL",
    "Instructions": "During the main condition, participants were visually presented with already solved sums (arithmetic operations of addition, subtraction, multiplication, and division with simple and double-digit numbers). The control condition stimuli were digit lines with non-mathematical characters instead of arithmetic signs. Participants responded with one of three buttons on the MR-compatible response box, depending on whether the stimulus sum had been solved correctly, incorrectly or just had not been an arithmetic exercise.",
    "MRAcquisitionType": "2D",
    "MagneticFieldStrength": 1.5,
    "Manufacturer": "Siemens",
    "ManufacturersModelName": "Avanto",
    "NumberOfVolumesDiscardedByUser": 3,
    "PartialFourier": 1,
    "PatientPosition": "HFS",
    "PercentPhaseFOV": 100,
    "PhaseEncodingDirection": "j-",
    "PhaseEncodingSteps": 64,
    "PhaseResolution": 1,
    "PixelBandwidth": 2604,
    "ProcedureStepDescription": "head_NEURO",
    "PulseSequenceDetails": "%SiemensSeq%_ep2d_bold",
    "ReceiveCoilName": "HeadMatrix",
    "ReconMatrixPE": 64,
    "RepetitionTime": 2.1,
    "ScanOptions": "FS",
    "ScanningSequence": "EP",
    "SequenceName": "_epfid2d1_64",
    "SequenceVariant": "SK",
    "SliceThickness": 3,
    "SliceTiming": [
      1.0525,
      0,
      1.1425,
      0.0875,
      1.23,
      0.175,
      1.3175,
      0.2625,
      1.405,
      0.35,
      1.4925,
      0.4375,
      1.58,
      0.5275,
      1.6675,
      0.615,
      1.755,
      0.7025,
      1.845,
      0.79,
      1.9325,
      0.8775,
      2.02,
      0.965
    ],
    "SoftwareVersions": "syngo_MR_B19",
    "SpacingBetweenSlices": 3.3,
    "TaskName": "arithm_run-02",
    "TotalReadoutTime": 0.0296097,
    "dataset": "ds002422",
    "modality": "bold",
    "run_id": 2,
    "subject_id": "44",
    "task_id": "arithm"
  },
  "dummy_trs": 0,
  "dvars_nstd": 41.54462126224879,
  "dvars_std": 1.0288421916746417,
  "dvars_vstd": 1.0099572585645937,
  "efc": 0.6245388510013468,
  "fber": 209.54954528808594,
  "fd_mean": 0.060572680373332306,
  "fd_num": 6,
  "fd_perc": 2.857142857142857,
  "fwhm_avg": 1.655263286776585,
  "fwhm_x": 1.5443966666666666,
  "fwhm_y": 1.752023472571649,
  "fwhm_z": 1.6693697210914398,
  "gcor": 0.0119515,
  "gsr_x": -0.0019025056390091777,
  "gsr_y": 0.016853032633662224,
  "provenance": {
    "md5sum": "c0692485027861e92e49a056efc748f8",
    "settings": {
      "fd_thres": 0.2,
      "testing": false
    },
    "software": "mriqc",
    "version": "21.0.0rc2",
    "webapi_port": null,
    "webapi_url": "https://mriqc.nimh.nih.gov/api/v1"
  },
  "size_t": 210,
  "size_x": 64,
  "size_y": 64,
  "size_z": 24,
  "snr": 7.270605112421549,
  "spacing_tr": 2.0999999046325684,
  "spacing_x": 3.0,
  "spacing_y": 2.999999761581421,
  "spacing_z": 3.299999952316284,
  "summary_bg_k": 45.69745319518705,
  "summary_bg_mad": 3.099345822732471,
  "summary_bg_mean": 42.7404899597168,
  "summary_bg_median": 36.66666793823242,
  "summary_bg_n": 50735.0,
  "summary_bg_p05": 33.17142868041992,
  "summary_bg_p95": 69.96904983520497,
  "summary_bg_stdv": 20.368005752563477,
  "summary_fg_k": 3.3141741707193955,
  "summary_fg_mad": 63.95665358482313,
  "summary_fg_mean": 534.610595703125,
  "summary_fg_median": 530.7000122070312,
  "summary_fg_n": 24456.0,
  "summary_fg_p05": 438.3643112182617,
  "summary_fg_p95": 652.490478515625,
  "summary_fg_stdv": 72.99105834960938,
  "tsnr": 34.77649581246078
}