{
  "aor": 0.0004699047619047619,
  "aqi": 0.03419852333333333,
  "bids_meta": {
    "AcquisitionMatrixPE": 64,
    "BandwidthPerPixelPhaseEncode": 33.245,
    "BaseResolution": 64,
    "BodyPartExamined": "HEAD",
    "DerivedVendorReportedEchoSpacing": 0.000469996,
    "DwellTime": 3e-06,
    "EchoTime": 0.05,
    "EffectiveEchoSpacing": 0.000469995,
    "FlipAngle": 90,
    "ImageType": [
      "ORIGINAL",
      "PRIMARY",
      "FMRI",
      "NONE",
      "ND",
      "MOSAIC"
    ],
    "InPlanePhaseEncodingDirectionDICOM": "COL",
    "Instructions": "During the main condition, participants were visually presented with already solved sums (arithmetic operations of addition, subtraction, multiplication, and division with simple and double-digit numbers). The control condition stimuli were digit lines with non-mathematical characters instead of arithmetic signs. Participants responded with one of three buttons on the MR-compatible response box, depending on whether the stimulus sum had been solved correctly, incorrectly or just had not been an arithmetic exercise.",
    "MRAcquisitionType": "2D",
    "MagneticFieldStrength": 1.5,
    "Manufacturer": "Siemens",
    "ManufacturersModelName": "Avanto",
    "NumberOfVolumesDiscardedByUser": 3,
    "PartialFourier": 1,
    "PatientPosition": "HFS",
    "PercentPhaseFOV": 100,
    "PhaseEncodingDirection": "j-",
    "PhaseEncodingSteps": 64,
    "PhaseResolution": 1,
    "PixelBandwidth": 2604,
    "ProcedureStepDescription": "head_NEURO",
    "PulseSequenceDetails": "%SiemensSeq%_ep2d_bold",
    "ReceiveCoilName": "HeadMatrix",
    "ReconMatrixPE": 64,
    "RepetitionTime": 2.1,
    "ScanOptions": "FS",
    "ScanningSequence": "EP",
    "SequenceName": "_epfid2d1_64",
    "SequenceVariant": "SK",
    "SliceThickness": 3,
    "SliceTiming": [
      1.0525,
      0,
      1.1425,
      0.0875,
      1.23,
      0.175,
      1.3175,
      0.2625,
      1.405,
      0.35,
      1.4925,
      0.4375,
      1.58,
      0.5275,
      1.6675,
      0.615,
      1.755,
      0.7025,
      1.845,
      0.79,
      1.9325,
      0.8775,
      2.02,
      0.965
    ],
    "SoftwareVersions": "syngo_MR_B19",
    "SpacingBetweenSlices": 3.3,
    "TaskName": "arithm_run-01",
    "TotalReadoutTime": 0.0296097,
    "dataset": "ds002422",
    "modality": "bold",
    "run_id": 1,
    "subject_id": "40",
    "task_id": "arithm"
  },
  "dummy_trs": 0,
  "dvars_nstd": 41.42567825282295,
  "dvars_std": 0.9829355842105262,
  "dvars_vstd": 0.9889637515311009,
  "efc": 0.6396183351097046,
  "fber": 190.9138946533203,
  "fd_mean": 0.079560712983893,
  "fd_num": 12,
  "fd_perc": 5.714285714285714,
  "fwhm_avg": 1.5675834414704497,
  "fwhm_x": 1.4541066666666669,
  "fwhm_y": 1.7689466666666667,
  "fwhm_z": 1.4796969910780153,
  "gcor": 0.00458011,
  "gsr_x": -0.009193642064929008,
  "gsr_y": 0.057721808552742004,
  "provenance": {
    "md5sum": "d0a82a6de6e433d7ec14cb0d32e56e0f",
    "settings": {
      "fd_thres": 0.2,
      "testing": false
    },
    "software": "mriqc",
    "version": "21.0.0rc2",
    "webapi_port": null,
    "webapi_url": "https://mriqc.nimh.nih.gov/api/v1"
  },
  "size_t": 210,
  "size_x": 64,
  "size_y": 64,
  "size_z": 24,
  "snr": 6.279721806386612,
  "spacing_tr": 2.0999999046325684,
  "spacing_x": 3.0,
  "spacing_y": 3.0,
  "spacing_z": 3.299999952316284,
  "summary_bg_k": 24.01216654788877,
  "summary_bg_mad": 4.084214387819326,
  "summary_bg_mean": 48.589637756347656,
  "summary_bg_median": 37.05476379394531,
  "summary_bg_n": 49956.0,
  "summary_bg_p05": 33.56547832489014,
  "summary_bg_p95": 102.66071510314941,
  "summary_bg_stdv": 27.610563278198242,
  "summary_fg_k": 0.7979872845304721,
  "summary_fg_mad": 87.31119029246534,
  "summary_fg_mean": 521.900390625,
  "summary_fg_median": 516.7904663085938,
  "summary_fg_n": 24615.0,
  "summary_fg_p05": 409.58905639648435,
  "summary_fg_p95": 662.6243164062499,
  "summary_fg_stdv": 82.29344940185547,
  "tsnr": 29.45852281531552
}