{
  "bids_meta": {
    "AcquisitionMatrixPE": 246,
    "BaseResolution": 256,
    "CoilString": "T:HE1-4;NE2",
    "DwellTime": 1.5e-05,
    "EchoTime": 0.00291,
    "FlipAngle": 15,
    "ImagingFrequency": 63.6572,
    "InversionTime": 1.1,
    "MagneticFieldStrength": 1.5,
    "Manufacturer": "Siemens",
    "ManufacturersModelName": "Avanto",
    "PartialFourier": 1,
    "PercentPhaseFOV": 100,
    "PhaseEncodingSteps": 307,
    "PhaseOversampling": 0.25,
    "PhaseResolution": 0.96,
    "PixelBandwidth": 130,
    "ProtocolName": "t1_mpr_ns_sag_p2_iso",
    "PulseSequenceDetails": "%SiemensSeq%_tfl",
    "ReceiveCoilName": "NeckMatrix",
    "ReconMatrixPE": 256,
    "RepetitionTime": 1.9,
    "ScanOptions": "IR",
    "ScanningSequence": "GR_IR",
    "SequenceName": "_tfl3d1_ns",
    "SequenceVariant": "SP_MP_OSP",
    "SeriesDescription": "t1_mpr_ns_sag_p2_iso",
    "SliceThickness": 1,
    "SoftwareVersions": "syngo_MR_B19",
    "dataset": "ds002422",
    "modality": "T1w",
    "subject_id": "21"
  },
  "cjv": 0.5044186194036715,
  "cnr": 2.683677669153845,
  "efc": 0.56999674576164,
  "fber": 1803.6793212890625,
  "fwhm_avg": 3.4148081095808234,
  "fwhm_x": 3.347190199508083,
  "fwhm_y": 3.4280962092343876,
  "fwhm_z": 3.46913792,
  "icvs_csf": 0.178422324780723,
  "icvs_gm": 0.4177456786214748,
  "icvs_wm": 0.40383199659780217,
  "inu_med": 1.3727037906646729,
  "inu_range": 0.21384880542755136,
  "provenance": {
    "md5sum": "200a76a39427e497501895ecee3dee99",
    "settings": {
      "testing": false
    },
    "software": "mriqc",
    "version": "21.0.0rc2",
    "warnings": {
      "large_rot_frame": true,
      "small_air_mask": false
    },
    "webapi_port": null,
    "webapi_url": "https://mriqc.nimh.nih.gov/api/v1"
  },
  "qi_1": 0.0,
  "qi_2": 0.004742468434867217,
  "rpve_csf": 25.72225192880605,
  "rpve_gm": 11.9339332462108,
  "rpve_wm": 14.676019544475222,
  "size_x": 176,
  "size_y": 256,
  "size_z": 256,
  "snr_csf": 2.3826558087032415,
  "snr_gm": 13.826929359149121,
  "snr_total": 12.911859548181404,
  "snr_wm": 22.525993476691852,
  "snrd_csf": 25.51279074172043,
  "snrd_gm": 61.37139071152288,
  "snrd_total": 54.461795809588274,
  "snrd_wm": 76.50120597552153,
  "spacing_x": 0.9999999403953552,
  "spacing_y": 0.9765624403953552,
  "spacing_z": 0.9765625,
  "summary_bg_k": 1.7873298574137264,
  "summary_bg_mad": 8.563989059826403,
  "summary_bg_mean": 15.223197937011719,
  "summary_bg_median": 13.447854995727539,
  "summary_bg_n": 2170111.0,
  "summary_bg_p05": 1.9382188320159912,
  "summary_bg_p95": 33.467050552368164,
  "summary_bg_stdv": 9.69766902923584,
  "summary_csf_k": 18.695346198981706,
  "summary_csf_mad": 96.94317296098731,
  "summary_csf_mean": 369.7619934082031,
  "summary_csf_median": 333.5050048828125,
  "summary_csf_n": 23593.0,
  "summary_csf_p05": 223.21691284179687,
  "summary_csf_p95": 610.8115722656249,
  "summary_csf_stdv": 139.968994140625,
  "summary_gm_k": 0.06979549839091037,
  "summary_gm_mad": 56.96263778784173,
  "summary_gm_mean": 802.5955200195312,
  "summary_gm_median": 802.2511596679688,
  "summary_gm_n": 24453.0,
  "summary_gm_p05": 706.6952758789063,
  "summary_gm_p95": 898.8209594726562,
  "summary_gm_stdv": 58.01973342895508,
  "summary_wm_k": 0.3770383005888016,
  "summary_wm_mad": 42.80027555582038,
  "summary_wm_mean": 1001.6630249023438,
  "summary_wm_median": 1000.0291748046875,
  "summary_wm_n": 256622.0,
  "summary_wm_p05": 931.7644409179687,
  "summary_wm_p95": 1077.5380065917968,
  "summary_wm_stdv": 44.39436721801758,
  "tpm_overlap_csf": 0.18294693529605865,
  "tpm_overlap_gm": 0.44878241419792175,
  "tpm_overlap_wm": 0.5112963914871216,
  "wm2max": 0.5772337285634751
}