{
  "bids_meta": {
    "AcquisitionMatrixPE": 246,
    "BaseResolution": 256,
    "CoilString": "T:HE1-4;NE2",
    "DwellTime": 1.5e-05,
    "EchoTime": 0.00291,
    "FlipAngle": 15,
    "ImagingFrequency": 63.6572,
    "InversionTime": 1.1,
    "MagneticFieldStrength": 1.5,
    "Manufacturer": "Siemens",
    "ManufacturersModelName": "Avanto",
    "PartialFourier": 1,
    "PercentPhaseFOV": 100,
    "PhaseEncodingSteps": 307,
    "PhaseOversampling": 0.25,
    "PhaseResolution": 0.96,
    "PixelBandwidth": 130,
    "ProtocolName": "t1_mpr_ns_sag_p2_iso",
    "PulseSequenceDetails": "%SiemensSeq%_tfl",
    "ReceiveCoilName": "NeckMatrix",
    "ReconMatrixPE": 256,
    "RepetitionTime": 1.9,
    "ScanOptions": "IR",
    "ScanningSequence": "GR_IR",
    "SequenceName": "_tfl3d1_ns",
    "SequenceVariant": "SP_MP_OSP",
    "SeriesDescription": "t1_mpr_ns_sag_p2_iso",
    "SliceThickness": 1,
    "SoftwareVersions": "syngo_MR_B19",
    "dataset": "ds002422",
    "modality": "T1w",
    "subject_id": "13"
  },
  "cjv": 0.6382173585885755,
  "cnr": 2.1909588585602218,
  "efc": 0.5878668895912997,
  "fber": 1766.9049072265625,
  "fwhm_avg": 3.4425866045977127,
  "fwhm_x": 3.31679,
  "fwhm_y": 3.502786773793138,
  "fwhm_z": 3.50818304,
  "icvs_csf": 0.1843519010197325,
  "icvs_gm": 0.4420353437139071,
  "icvs_wm": 0.37361275526636034,
  "inu_med": 1.4043177366256714,
  "inu_range": 0.2783757448196411,
  "provenance": {
    "md5sum": "8abe7294e566aac2fd2cfd9ece4fa12b",
    "settings": {
      "testing": false
    },
    "software": "mriqc",
    "version": "21.0.0rc2",
    "warnings": {
      "large_rot_frame": true,
      "small_air_mask": false
    },
    "webapi_port": null,
    "webapi_url": "https://mriqc.nimh.nih.gov/api/v1"
  },
  "qi_1": 0.0,
  "qi_2": 0.003041714649801338,
  "rpve_csf": 23.44292621959965,
  "rpve_gm": 10.750934101330099,
  "rpve_wm": 14.609588166327367,
  "size_x": 176,
  "size_y": 256,
  "size_z": 256,
  "snr_csf": 3.003833578342265,
  "snr_gm": 14.327331885893802,
  "snr_total": 11.495202417177529,
  "snr_wm": 17.154441787296523,
  "snrd_csf": 23.79481221057775,
  "snrd_gm": 52.486575280778936,
  "snrd_total": 46.78297217130921,
  "snrd_wm": 64.06752902257097,
  "spacing_x": 1.0,
  "spacing_y": 0.9765624403953552,
  "spacing_z": 0.9765625,
  "summary_bg_k": 2.4811689518958984,
  "summary_bg_mad": 10.226295518047865,
  "summary_bg_mean": 18.273042678833008,
  "summary_bg_median": 16.527301788330078,
  "summary_bg_n": 2519951.0,
  "summary_bg_p05": 4.124239683151245,
  "summary_bg_p95": 40.64312934875488,
  "summary_bg_stdv": 11.799138069152832,
  "summary_csf_k": 1.198159469716825,
  "summary_csf_mad": 112.90944782578177,
  "summary_csf_mean": 395.830810546875,
  "summary_csf_median": 371.423095703125,
  "summary_csf_n": 23948.0,
  "summary_csf_p05": 234.78600845336913,
  "summary_csf_p95": 634.3345855712889,
  "summary_csf_stdv": 123.64710998535156,
  "summary_gm_k": 0.030761651662406297,
  "summary_gm_mad": 56.91377272448766,
  "summary_gm_mean": 820.2555541992188,
  "summary_gm_median": 819.2847290039062,
  "summary_gm_n": 27741.0,
  "summary_gm_p05": 727.9276123046875,
  "summary_gm_p95": 915.7333984375,
  "summary_gm_stdv": 57.18231201171875,
  "summary_wm_k": 0.061714577671426074,
  "summary_wm_mad": 58.45799921733422,
  "summary_wm_mean": 1002.1128540039062,
  "summary_wm_median": 1000.056640625,
  "summary_wm_n": 245290.0,
  "summary_wm_p05": 910.0187347412109,
  "summary_wm_p95": 1101.2153381347655,
  "summary_wm_stdv": 58.297122955322266,
  "tpm_overlap_csf": 0.1817985624074936,
  "tpm_overlap_gm": 0.4558226764202118,
  "tpm_overlap_wm": 0.5092693567276001,
  "wm2max": 0.5103458242108634
}