{
  "bids_meta": {
    "AcquisitionMatrixPE": 246,
    "BaseResolution": 256,
    "CoilString": "T:HE1-4;NE2",
    "DwellTime": 1.5e-05,
    "EchoTime": 0.00291,
    "FlipAngle": 15,
    "ImagingFrequency": 63.6572,
    "InversionTime": 1.1,
    "MagneticFieldStrength": 1.5,
    "Manufacturer": "Siemens",
    "ManufacturersModelName": "Avanto",
    "PartialFourier": 1,
    "PercentPhaseFOV": 100,
    "PhaseEncodingSteps": 307,
    "PhaseOversampling": 0.25,
    "PhaseResolution": 0.96,
    "PixelBandwidth": 130,
    "ProtocolName": "t1_mpr_ns_sag_p2_iso",
    "PulseSequenceDetails": "%SiemensSeq%_tfl",
    "ReceiveCoilName": "NeckMatrix",
    "ReconMatrixPE": 256,
    "RepetitionTime": 1.9,
    "ScanOptions": "IR",
    "ScanningSequence": "GR_IR",
    "SequenceName": "_tfl3d1_ns",
    "SequenceVariant": "SP_MP_OSP",
    "SeriesDescription": "t1_mpr_ns_sag_p2_iso",
    "SliceThickness": 1,
    "SoftwareVersions": "syngo_MR_B19",
    "dataset": "ds002422",
    "modality": "T1w",
    "subject_id": "34"
  },
  "cjv": 0.5648493283387279,
  "cnr": 2.43927999483824,
  "efc": 0.5260595996298381,
  "fber": 2121.31494140625,
  "fwhm_avg": 3.4206962252822954,
  "fwhm_x": 3.40347,
  "fwhm_y": 3.344844595846887,
  "fwhm_z": 3.51377408,
  "icvs_csf": 0.2186575662439079,
  "icvs_gm": 0.43339513190169204,
  "icvs_wm": 0.34794730185440004,
  "inu_med": 1.5347113609313965,
  "inu_range": 0.2905870318412782,
  "provenance": {
    "md5sum": "0dc63fd32bd2522e0d1026e2468f5f37",
    "settings": {
      "testing": false
    },
    "software": "mriqc",
    "version": "21.0.0rc2",
    "warnings": {
      "large_rot_frame": true,
      "small_air_mask": false
    },
    "webapi_port": null,
    "webapi_url": "https://mriqc.nimh.nih.gov/api/v1"
  },
  "qi_1": 0.0,
  "qi_2": 0.004796109418170882,
  "rpve_csf": 24.719905389190544,
  "rpve_gm": 12.785854890767299,
  "rpve_wm": 18.214527604707648,
  "size_x": 176,
  "size_y": 256,
  "size_z": 256,
  "snr_csf": 3.1075954141926676,
  "snr_gm": 14.544718288848868,
  "snr_total": 11.899061327837432,
  "snr_wm": 18.04487028047076,
  "snrd_csf": 22.98711892422616,
  "snrd_gm": 52.190146754680974,
  "snrd_total": 46.614864832570284,
  "snrd_wm": 64.66732881880372,
  "spacing_x": 1.0,
  "spacing_y": 0.9765625596046448,
  "spacing_z": 0.9765625,
  "summary_bg_k": 2.1269938362704206,
  "summary_bg_mad": 10.131394291093946,
  "summary_bg_mean": 15.328283309936523,
  "summary_bg_median": 13.756673812866211,
  "summary_bg_n": 2288316.0,
  "summary_bg_p05": 2.3039610385894775,
  "summary_bg_p95": 34.6414680480957,
  "summary_bg_stdv": 10.337016105651855,
  "summary_csf_k": 0.14258733477553154,
  "summary_csf_mad": 102.67108591737905,
  "summary_csf_mean": 382.1243896484375,
  "summary_csf_median": 355.4856262207031,
  "summary_csf_n": 30412.0,
  "summary_csf_p05": 236.24521713256837,
  "summary_csf_p95": 607.9097930908202,
  "summary_csf_stdv": 114.390625,
  "summary_gm_k": 0.23527816819470448,
  "summary_gm_mad": 53.87798541818725,
  "summary_gm_mean": 808.005126953125,
  "summary_gm_median": 807.0975341796875,
  "summary_gm_n": 15380.0,
  "summary_gm_p05": 718.3473297119141,
  "summary_gm_p95": 900.3811614990234,
  "summary_gm_stdv": 55.48896026611328,
  "summary_wm_k": 0.18269562638976922,
  "summary_wm_mad": 55.112009249593555,
  "summary_wm_mean": 1000.9572143554688,
  "summary_wm_median": 1000.0516357421875,
  "summary_wm_n": 172854.0,
  "summary_wm_p05": 911.5761138916016,
  "summary_wm_p95": 1092.6718872070312,
  "summary_wm_stdv": 55.42011260986328,
  "tpm_overlap_csf": 0.18053863942623138,
  "tpm_overlap_gm": 0.465182900428772,
  "tpm_overlap_wm": 0.5004008412361145,
  "wm2max": 0.6015399224954134
}