{
  "aor": 0.0028065,
  "aqi": 0.012570214049999999,
  "bids_meta": {
    "AcquisitionMatrixPE": 64,
    "BandwidthPerPixelPhaseEncode": 34.722,
    "BaseResolution": 64,
    "BodyPartExamined": "HEAD",
    "DelayTime": 0.5,
    "DerivedVendorReportedEchoSpacing": 0.000450003,
    "DwellTime": 3e-06,
    "EchoTime": 0.05,
    "EffectiveEchoSpacing": 0.000450003,
    "FlipAngle": 90,
    "ImageType": [
      "ORIGINAL",
      "PRIMARY",
      "FMRI",
      "NONE",
      "ND",
      "MOSAIC"
    ],
    "InPlanePhaseEncodingDirectionDICOM": "COL",
    "Instructions": "Participants were asked to close their eyes, to not fall asleep, and to avoid consistent thinking about one topic during the period of scanning",
    "MRAcquisitionType": "2D",
    "MagneticFieldStrength": 1.5,
    "Manufacturer": "Siemens",
    "ManufacturersModelName": "Avanto",
    "NumberOfVolumesDiscardedByUser": 3,
    "PartialFourier": 1,
    "PatientPosition": "HFS",
    "PercentPhaseFOV": 100,
    "PhaseEncodingDirection": "j-",
    "PhaseEncodingSteps": 64,
    "PhaseResolution": 1,
    "PixelBandwidth": 2604,
    "ProcedureStepDescription": "head_NEURO",
    "PulseSequenceDetails": "%SiemensSeq%_ep2d_bold",
    "ReceiveCoilName": "HeadMatrix",
    "ReconMatrixPE": 64,
    "RepetitionTime": 3.56,
    "ScanOptions": "FS",
    "ScanningSequence": "EP",
    "SequenceName": "_epfid2d1_64",
    "SequenceVariant": "SK",
    "SliceThickness": 3.6,
    "SliceTiming": [
      1.535,
      0,
      1.6225,
      0.085,
      1.7075,
      0.17,
      1.7925,
      0.255,
      1.8775,
      0.3425,
      1.9625,
      0.4275,
      2.0475,
      0.5125,
      2.1325,
      0.5975,
      2.22,
      0.6825,
      2.305,
      0.7675,
      2.39,
      0.8525,
      2.475,
      0.94,
      2.56,
      1.025,
      2.645,
      1.11,
      2.73,
      1.195,
      2.8175,
      1.28,
      2.9025,
      1.365,
      2.9875,
      1.45
    ],
    "SoftwareVersions": "syngo_MR_B19",
    "SpacingBetweenSlices": 3.78,
    "TaskName": "rest",
    "TotalReadoutTime": 0.0283502,
    "dataset": "ds002422",
    "modality": "bold",
    "subject_id": "27",
    "task_id": "rest"
  },
  "dummy_trs": 0,
  "dvars_nstd": 28.210964394170862,
  "dvars_std": 1.0769508063316582,
  "dvars_vstd": 0.9860392963819088,
  "efc": 0.481464472428662,
  "fber": 805.4364013671875,
  "fd_mean": 0.07533897111685302,
  "fd_num": 10,
  "fd_perc": 5.0,
  "fwhm_avg": 1.799052019687961,
  "fwhm_x": 1.644544,
  "fwhm_y": 1.887479652173913,
  "fwhm_z": 1.8651324068899695,
  "gcor": 0.0107223,
  "gsr_x": -0.00030068273190408945,
  "gsr_y": 0.04229802265763283,
  "provenance": {
    "md5sum": "c5c3018e12539a8b2d86274b1c538191",
    "settings": {
      "fd_thres": 0.2,
      "testing": false
    },
    "software": "mriqc",
    "version": "21.0.0rc2",
    "webapi_port": null,
    "webapi_url": "https://mriqc.nimh.nih.gov/api/v1"
  },
  "size_t": 200,
  "size_x": 64,
  "size_y": 64,
  "size_z": 36,
  "snr": 4.892236785259123,
  "spacing_tr": 3.559999942779541,
  "spacing_x": 3.59375,
  "spacing_y": 3.59375,
  "spacing_z": 3.7799997329711914,
  "summary_bg_k": 118.0893755723097,
  "summary_bg_mad": 2.105295263391527,
  "summary_bg_mean": 32.16371536254883,
  "summary_bg_median": 22.760000228881836,
  "summary_bg_n": 99005.0,
  "summary_bg_p05": 20.55500030517578,
  "summary_bg_p95": 83.6019958496092,
  "summary_bg_stdv": 29.830480575561523,
  "summary_fg_k": 1.0718748426799642,
  "summary_fg_mad": 125.27988746372337,
  "summary_fg_mean": 662.6726684570312,
  "summary_fg_median": 647.260009765625,
  "summary_fg_n": 21185.0,
  "summary_fg_p05": 491.9639892578125,
  "summary_fg_p95": 912.4179687499999,
  "summary_fg_stdv": 132.3003692626953,
  "tsnr": 44.54247763857711
}