{
  "aor": 0.0003660952380952381,
  "aqi": 0.017192124285714285,
  "bids_meta": {
    "AcquisitionMatrixPE": 64,
    "BandwidthPerPixelPhaseEncode": 33.245,
    "BaseResolution": 64,
    "BodyPartExamined": "HEAD",
    "DerivedVendorReportedEchoSpacing": 0.000469996,
    "DwellTime": 3e-06,
    "EchoTime": 0.05,
    "EffectiveEchoSpacing": 0.000469995,
    "FlipAngle": 90,
    "ImageType": [
      "ORIGINAL",
      "PRIMARY",
      "FMRI",
      "NONE",
      "ND",
      "MOSAIC"
    ],
    "InPlanePhaseEncodingDirectionDICOM": "COL",
    "Instructions": "During the main condition, participants were visually presented with already solved sums (arithmetic operations of addition, subtraction, multiplication, and division with simple and double-digit numbers). The control condition stimuli were digit lines with non-mathematical characters instead of arithmetic signs. Participants responded with one of three buttons on the MR-compatible response box, depending on whether the stimulus sum had been solved correctly, incorrectly or just had not been an arithmetic exercise.",
    "MRAcquisitionType": "2D",
    "MagneticFieldStrength": 1.5,
    "Manufacturer": "Siemens",
    "ManufacturersModelName": "Avanto",
    "NumberOfVolumesDiscardedByUser": 3,
    "PartialFourier": 1,
    "PatientPosition": "HFS",
    "PercentPhaseFOV": 100,
    "PhaseEncodingDirection": "j-",
    "PhaseEncodingSteps": 64,
    "PhaseResolution": 1,
    "PixelBandwidth": 2604,
    "ProcedureStepDescription": "head_NEURO",
    "PulseSequenceDetails": "%SiemensSeq%_ep2d_bold",
    "ReceiveCoilName": "HeadMatrix",
    "ReconMatrixPE": 64,
    "RepetitionTime": 2.1,
    "ScanOptions": "FS",
    "ScanningSequence": "EP",
    "SequenceName": "_epfid2d1_64",
    "SequenceVariant": "SK",
    "SliceThickness": 3,
    "SliceTiming": [
      1.055,
      0,
      1.1425,
      0.0875,
      1.23,
      0.175,
      1.3175,
      0.2625,
      1.405,
      0.3525,
      1.4925,
      0.44,
      1.58,
      0.5275,
      1.67,
      0.615,
      1.7575,
      0.7025,
      1.845,
      0.79,
      1.9325,
      0.8775,
      2.02,
      0.965
    ],
    "SoftwareVersions": "syngo_MR_B19",
    "SpacingBetweenSlices": 3.3,
    "TaskName": "arithm_run-01",
    "TotalReadoutTime": 0.0296097,
    "dataset": "ds002422",
    "modality": "bold",
    "run_id": 1,
    "subject_id": "27",
    "task_id": "arithm"
  },
  "dummy_trs": 0,
  "dvars_nstd": 40.74029800234452,
  "dvars_std": 1.0145839994258379,
  "dvars_vstd": 1.0110680221531094,
  "efc": 0.6329840773858788,
  "fber": 203.39193725585938,
  "fd_mean": 0.049321913204610934,
  "fd_num": 0,
  "fd_perc": 0.0,
  "fwhm_avg": 1.8169440493137288,
  "fwhm_x": 1.6138733333333333,
  "fwhm_y": 1.9871466666666666,
  "fwhm_z": 1.8498121479411869,
  "gcor": 0.0041361,
  "gsr_x": -0.010640258900821209,
  "gsr_y": 0.0629405751824379,
  "provenance": {
    "md5sum": "387840ee38daa0b93a83fb3ff498504b",
    "settings": {
      "fd_thres": 0.2,
      "testing": false
    },
    "software": "mriqc",
    "version": "21.0.0rc2",
    "webapi_port": null,
    "webapi_url": "https://mriqc.nimh.nih.gov/api/v1"
  },
  "size_t": 210,
  "size_x": 64,
  "size_y": 64,
  "size_z": 24,
  "snr": 6.012698102492353,
  "spacing_tr": 2.0999999046325684,
  "spacing_x": 3.0,
  "spacing_y": 3.0,
  "spacing_z": 3.299999952316284,
  "summary_bg_k": 11.620581858751683,
  "summary_bg_mad": 4.850230812680607,
  "summary_bg_mean": 55.15883255004883,
  "summary_bg_median": 40.080955505371094,
  "summary_bg_n": 51268.0,
  "summary_bg_p05": 35.5,
  "summary_bg_p95": 126.16976623535153,
  "summary_bg_stdv": 33.17022705078125,
  "summary_fg_k": 0.9831027433662385,
  "summary_fg_mad": 92.64852208274229,
  "summary_fg_mean": 584.5487670898438,
  "summary_fg_median": 572.1428833007812,
  "summary_fg_n": 23592.0,
  "summary_fg_p05": 461.40264282226565,
  "summary_fg_p95": 758.8519409179688,
  "summary_fg_stdv": 95.15374755859375,
  "tsnr": 33.672510609030724
}