{
  "aor": 0.0004888095238095238,
  "aqi": 0.0172050680952381,
  "bids_meta": {
    "AcquisitionMatrixPE": 64,
    "BandwidthPerPixelPhaseEncode": 33.245,
    "BaseResolution": 64,
    "BodyPartExamined": "HEAD",
    "DerivedVendorReportedEchoSpacing": 0.000469996,
    "DwellTime": 3e-06,
    "EchoTime": 0.05,
    "EffectiveEchoSpacing": 0.000469995,
    "FlipAngle": 90,
    "ImageType": [
      "ORIGINAL",
      "PRIMARY",
      "FMRI",
      "NONE",
      "ND",
      "MOSAIC"
    ],
    "InPlanePhaseEncodingDirectionDICOM": "COL",
    "Instructions": "During the main condition, participants were visually presented with already solved sums (arithmetic operations of addition, subtraction, multiplication, and division with simple and double-digit numbers). The control condition stimuli were digit lines with non-mathematical characters instead of arithmetic signs. Participants responded with one of three buttons on the MR-compatible response box, depending on whether the stimulus sum had been solved correctly, incorrectly or just had not been an arithmetic exercise.",
    "MRAcquisitionType": "2D",
    "MagneticFieldStrength": 1.5,
    "Manufacturer": "Siemens",
    "ManufacturersModelName": "Avanto",
    "NumberOfVolumesDiscardedByUser": 3,
    "PartialFourier": 1,
    "PatientPosition": "HFS",
    "PercentPhaseFOV": 100,
    "PhaseEncodingDirection": "j-",
    "PhaseEncodingSteps": 64,
    "PhaseResolution": 1,
    "PixelBandwidth": 2604,
    "ProcedureStepDescription": "head_NEURO",
    "PulseSequenceDetails": "%SiemensSeq%_ep2d_bold",
    "ReceiveCoilName": "HeadMatrix",
    "ReconMatrixPE": 64,
    "RepetitionTime": 2.1,
    "ScanOptions": "FS",
    "ScanningSequence": "EP",
    "SequenceName": "_epfid2d1_64",
    "SequenceVariant": "SK",
    "SliceThickness": 3,
    "SliceTiming": [
      1.055,
      0,
      1.1425,
      0.0875,
      1.23,
      0.175,
      1.3175,
      0.2625,
      1.405,
      0.3525,
      1.4925,
      0.44,
      1.58,
      0.5275,
      1.67,
      0.615,
      1.7575,
      0.7025,
      1.845,
      0.79,
      1.9325,
      0.8775,
      2.02,
      0.965
    ],
    "SoftwareVersions": "syngo_MR_B19",
    "SpacingBetweenSlices": 3.3,
    "TaskName": "arithm_run-02",
    "TotalReadoutTime": 0.0296097,
    "dataset": "ds002422",
    "modality": "bold",
    "run_id": 2,
    "subject_id": "27",
    "task_id": "arithm"
  },
  "dummy_trs": 0,
  "dvars_nstd": 40.14195472339711,
  "dvars_std": 1.0156380073205737,
  "dvars_vstd": 1.0138336108133972,
  "efc": 0.6338775725834915,
  "fber": 210.09732055664062,
  "fd_mean": 0.04726844375493775,
  "fd_num": 1,
  "fd_perc": 0.47619047619047616,
  "fwhm_avg": 1.8370444536432275,
  "fwhm_x": 1.6113333333333333,
  "fwhm_y": 1.9899666666666667,
  "fwhm_z": 1.9098333609296823,
  "gcor": 0.00886003,
  "gsr_x": -0.010419015772640705,
  "gsr_y": 0.06431317329406738,
  "provenance": {
    "md5sum": "61850324edd5b63307076c851c75c0ea",
    "settings": {
      "fd_thres": 0.2,
      "testing": false
    },
    "software": "mriqc",
    "version": "21.0.0rc2",
    "webapi_port": null,
    "webapi_url": "https://mriqc.nimh.nih.gov/api/v1"
  },
  "size_t": 210,
  "size_x": 64,
  "size_y": 64,
  "size_z": 24,
  "snr": 5.991304956251127,
  "spacing_tr": 2.0999999046325684,
  "spacing_x": 3.0,
  "spacing_y": 3.0,
  "spacing_z": 3.299999952316284,
  "summary_bg_k": 11.320840484714802,
  "summary_bg_mad": 3.911246768310366,
  "summary_bg_mean": 55.01979064941406,
  "summary_bg_median": 39.642860412597656,
  "summary_bg_n": 51036.0,
  "summary_bg_p05": 36.333335876464844,
  "summary_bg_p95": 125.55357360839844,
  "summary_bg_stdv": 32.790531158447266,
  "summary_fg_k": 1.0098748679114093,
  "summary_fg_mad": 93.45689954053435,
  "summary_fg_mean": 585.3509521484375,
  "summary_fg_median": 573.5261840820312,
  "summary_fg_n": 23806.0,
  "summary_fg_p05": 462.2059631347656,
  "summary_fg_p95": 760.1440734863281,
  "summary_fg_stdv": 95.72441101074219,
  "tsnr": 33.61290512175765
}