{
  "bids_meta": {
    "AcquisitionMatrixPE": 246,
    "BaseResolution": 256,
    "CoilString": "T:HE1-4;NE2",
    "DwellTime": 1.5e-05,
    "EchoTime": 0.00291,
    "FlipAngle": 15,
    "ImagingFrequency": 63.6572,
    "InversionTime": 1.1,
    "MagneticFieldStrength": 1.5,
    "Manufacturer": "Siemens",
    "ManufacturersModelName": "Avanto",
    "PartialFourier": 1,
    "PercentPhaseFOV": 100,
    "PhaseEncodingSteps": 307,
    "PhaseOversampling": 0.25,
    "PhaseResolution": 0.96,
    "PixelBandwidth": 130,
    "ProtocolName": "t1_mpr_ns_sag_p2_iso",
    "PulseSequenceDetails": "%SiemensSeq%_tfl",
    "ReceiveCoilName": "NeckMatrix",
    "ReconMatrixPE": 256,
    "RepetitionTime": 1.9,
    "ScanOptions": "IR",
    "ScanningSequence": "GR_IR",
    "SequenceName": "_tfl3d1_ns",
    "SequenceVariant": "SP_MP_OSP",
    "SeriesDescription": "t1_mpr_ns_sag_p2_iso",
    "SliceThickness": 1,
    "SoftwareVersions": "syngo_MR_B19",
    "dataset": "ds002422",
    "modality": "T1w",
    "subject_id": "45"
  },
  "cjv": 0.45498888575275126,
  "cnr": 2.9674234859257624,
  "efc": 0.5016010544939086,
  "fber": 1748.307373046875,
  "fwhm_avg": 3.693593756875838,
  "fwhm_x": 3.57183,
  "fwhm_y": 3.73035008,
  "fwhm_z": 3.7786011906275143,
  "icvs_csf": 0.21863984715013307,
  "icvs_gm": 0.43411481743335467,
  "icvs_wm": 0.34724533541651226,
  "inu_med": 1.6278681755065918,
  "inu_range": 0.27108895778655984,
  "provenance": {
    "md5sum": "21082488d9a797a11e42f8ba3ee25ee2",
    "settings": {
      "testing": false
    },
    "software": "mriqc",
    "version": "21.0.0rc2",
    "warnings": {
      "large_rot_frame": true,
      "small_air_mask": false
    },
    "webapi_port": null,
    "webapi_url": "https://mriqc.nimh.nih.gov/api/v1"
  },
  "qi_1": 0.0,
  "qi_2": 0.002765913098122056,
  "rpve_csf": 30.38690420990994,
  "rpve_gm": 15.65298669848012,
  "rpve_wm": 22.328681542530195,
  "size_x": 176,
  "size_y": 256,
  "size_z": 256,
  "snr_csf": 3.739614059930188,
  "snr_gm": 13.718504417103375,
  "snr_total": 12.626691024159848,
  "snr_wm": 20.42195459544599,
  "snrd_csf": 23.967538221094728,
  "snrd_gm": 56.12182946409198,
  "snrd_total": 50.80945244723045,
  "snrd_wm": 72.33898965650464,
  "spacing_x": 1.0,
  "spacing_y": 0.9765625,
  "spacing_z": 0.9765624403953552,
  "summary_bg_k": 3.6752833239991443,
  "summary_bg_mad": 9.056822774673,
  "summary_bg_mean": 15.642929077148438,
  "summary_bg_median": 14.248274803161621,
  "summary_bg_n": 2491694.0,
  "summary_bg_p05": 2.0571253299713135,
  "summary_bg_p95": 35.15844097137451,
  "summary_bg_stdv": 10.572673797607422,
  "summary_csf_k": 1.4945762124865292,
  "summary_csf_mad": 69.04108604952826,
  "summary_csf_mean": 348.11663818359375,
  "summary_csf_median": 331.335205078125,
  "summary_csf_n": 34886.0,
  "summary_csf_p05": 233.72520065307617,
  "summary_csf_p95": 533.9804382324219,
  "summary_csf_stdv": 88.60017395019531,
  "summary_gm_k": 0.6774294448816618,
  "summary_gm_mad": 54.28447035260663,
  "summary_gm_mean": 776.8214111328125,
  "summary_gm_median": 775.8468017578125,
  "summary_gm_n": 14901.0,
  "summary_gm_p05": 687.2678833007812,
  "summary_gm_p95": 870.43798828125,
  "summary_gm_stdv": 56.5528678894043,
  "summary_wm_k": 0.22400629187457444,
  "summary_wm_mad": 47.720127772423275,
  "summary_wm_mean": 1001.6824951171875,
  "summary_wm_median": 1000.0382080078125,
  "summary_wm_n": 142808.0,
  "summary_wm_p05": 923.7364532470704,
  "summary_wm_p95": 1085.0182556152345,
  "summary_wm_stdv": 48.96860885620117,
  "tpm_overlap_csf": 0.17790980637073517,
  "tpm_overlap_gm": 0.45738375186920166,
  "tpm_overlap_wm": 0.5083624124526978,
  "wm2max": 0.5923473568093158
}