{
  "bids_meta": {
    "AcquisitionMatrixPE": 246,
    "BaseResolution": 256,
    "CoilString": "T:HE1-4;NE2",
    "DwellTime": 1.5e-05,
    "EchoTime": 0.00291,
    "FlipAngle": 15,
    "ImagingFrequency": 63.6572,
    "InversionTime": 1.1,
    "MagneticFieldStrength": 1.5,
    "Manufacturer": "Siemens",
    "ManufacturersModelName": "Avanto",
    "PartialFourier": 1,
    "PercentPhaseFOV": 100,
    "PhaseEncodingSteps": 307,
    "PhaseOversampling": 0.25,
    "PhaseResolution": 0.96,
    "PixelBandwidth": 130,
    "ProtocolName": "t1_mpr_ns_sag_p2_iso",
    "PulseSequenceDetails": "%SiemensSeq%_tfl",
    "ReceiveCoilName": "NeckMatrix",
    "ReconMatrixPE": 256,
    "RepetitionTime": 1.9,
    "ScanOptions": "IR",
    "ScanningSequence": "GR_IR",
    "SequenceName": "_tfl3d1_ns",
    "SequenceVariant": "SP_MP_OSP",
    "SeriesDescription": "t1_mpr_ns_sag_p2_iso",
    "SliceThickness": 1,
    "SoftwareVersions": "syngo_MR_B19",
    "dataset": "ds002422",
    "modality": "T1w",
    "subject_id": "03"
  },
  "cjv": 0.46835475227294143,
  "cnr": 2.9463725574848945,
  "efc": 0.5539195250529827,
  "fber": 1847.486572265625,
  "fwhm_avg": 3.5689088533333333,
  "fwhm_x": 3.48298,
  "fwhm_y": 3.6102656,
  "fwhm_z": 3.61348096,
  "icvs_csf": 0.1798397462128615,
  "icvs_gm": 0.43619514968026557,
  "icvs_wm": 0.3839651041068729,
  "inu_med": 1.4735558032989502,
  "inu_range": 0.24587054252624507,
  "provenance": {
    "md5sum": "6151867a3eca80b1f6fb73d36fc6b09e",
    "settings": {
      "testing": false
    },
    "software": "mriqc",
    "version": "21.0.0rc2",
    "warnings": {
      "large_rot_frame": true,
      "small_air_mask": false
    },
    "webapi_port": null,
    "webapi_url": "https://mriqc.nimh.nih.gov/api/v1"
  },
  "qi_1": 0.0,
  "qi_2": 0.0028535809950494782,
  "rpve_csf": 26.88208608797486,
  "rpve_gm": 12.157915907126414,
  "rpve_wm": 15.860469177484138,
  "size_x": 176,
  "size_y": 256,
  "size_z": 256,
  "snr_csf": 3.0386010835029804,
  "snr_gm": 15.556393538443384,
  "snr_total": 13.15579459423976,
  "snr_wm": 20.87238916077291,
  "snrd_csf": 28.738409419583295,
  "snrd_gm": 55.01795357187625,
  "snrd_total": 51.08985133199908,
  "snrd_wm": 69.51319100453769,
  "spacing_x": 1.0,
  "spacing_y": 0.9765625,
  "spacing_z": 0.9765625,
  "summary_bg_k": 3.329158276605905,
  "summary_bg_mad": 9.424969277586435,
  "summary_bg_mean": 16.463470458984375,
  "summary_bg_median": 14.816054344177246,
  "summary_bg_n": 2937923.0,
  "summary_bg_p05": 2.1347711086273193,
  "summary_bg_p95": 38.06245346069335,
  "summary_bg_stdv": 11.184611320495605,
  "summary_csf_k": -0.8733071443254734,
  "summary_csf_mad": 160.9865394105494,
  "summary_csf_mean": 434.75518798828125,
  "summary_csf_median": 413.43853759765625,
  "summary_csf_n": 19659.0,
  "summary_csf_p05": 240.65482025146486,
  "summary_csf_p95": 653.6908081054687,
  "summary_csf_stdv": 136.0586700439453,
  "summary_gm_k": 0.10648798641273505,
  "summary_gm_mad": 50.00036165932595,
  "summary_gm_mean": 792.3546752929688,
  "summary_gm_median": 791.503173828125,
  "summary_gm_n": 20001.0,
  "summary_gm_p05": 709.4022216796875,
  "summary_gm_p95": 876.5884399414062,
  "summary_gm_stdv": 50.878334045410156,
  "summary_wm_k": 0.15435520745210818,
  "summary_wm_mad": 47.666783411595084,
  "summary_wm_mean": 1000.5827026367188,
  "summary_wm_median": 1000.0355834960938,
  "summary_wm_n": 231601.0,
  "summary_wm_p05": 922.81005859375,
  "summary_wm_p95": 1079.6058349609375,
  "summary_wm_stdv": 47.91178512573242,
  "tpm_overlap_csf": 0.17907863855361938,
  "tpm_overlap_gm": 0.4722897708415985,
  "tpm_overlap_wm": 0.5358065366744995,
  "wm2max": 0.5323654050356006
}