{
  "aor": 0.0004012857142857142,
  "aqi": 0.022272044761904763,
  "bids_meta": {
    "AcquisitionMatrixPE": 64,
    "BandwidthPerPixelPhaseEncode": 33.245,
    "BaseResolution": 64,
    "BodyPartExamined": "HEAD",
    "DerivedVendorReportedEchoSpacing": 0.000469996,
    "DwellTime": 3e-06,
    "EchoTime": 0.05,
    "EffectiveEchoSpacing": 0.000469995,
    "FlipAngle": 90,
    "ImageType": [
      "ORIGINAL",
      "PRIMARY",
      "FMRI",
      "NONE",
      "ND",
      "MOSAIC"
    ],
    "InPlanePhaseEncodingDirectionDICOM": "COL",
    "Instructions": "During the main condition, participants were visually presented with already solved sums (arithmetic operations of addition, subtraction, multiplication, and division with simple and double-digit numbers). The control condition stimuli were digit lines with non-mathematical characters instead of arithmetic signs. Participants responded with one of three buttons on the MR-compatible response box, depending on whether the stimulus sum had been solved correctly, incorrectly or just had not been an arithmetic exercise.",
    "MRAcquisitionType": "2D",
    "MagneticFieldStrength": 1.5,
    "Manufacturer": "Siemens",
    "ManufacturersModelName": "Avanto",
    "NumberOfVolumesDiscardedByUser": 3,
    "PartialFourier": 1,
    "PatientPosition": "HFS",
    "PercentPhaseFOV": 100,
    "PhaseEncodingDirection": "j-",
    "PhaseEncodingSteps": 64,
    "PhaseResolution": 1,
    "PixelBandwidth": 2604,
    "ProcedureStepDescription": "head_NEURO",
    "PulseSequenceDetails": "%SiemensSeq%_ep2d_bold",
    "ReceiveCoilName": "HeadMatrix",
    "ReconMatrixPE": 64,
    "RepetitionTime": 2.1,
    "ScanOptions": "FS",
    "ScanningSequence": "EP",
    "SequenceName": "_epfid2d1_64",
    "SequenceVariant": "SK",
    "SliceThickness": 3,
    "SliceTiming": [
      1.0525,
      0,
      1.14,
      0.0875,
      1.23,
      0.175,
      1.3175,
      0.2625,
      1.405,
      0.35,
      1.4925,
      0.4375,
      1.58,
      0.5275,
      1.6675,
      0.615,
      1.755,
      0.7025,
      1.845,
      0.79,
      1.9325,
      0.8775,
      2.02,
      0.965
    ],
    "SoftwareVersions": "syngo_MR_B19",
    "SpacingBetweenSlices": 3.3,
    "TaskName": "arithm_run-01",
    "TotalReadoutTime": 0.0296097,
    "dataset": "ds002422",
    "modality": "bold",
    "run_id": 1,
    "subject_id": "38",
    "task_id": "arithm"
  },
  "dummy_trs": 0,
  "dvars_nstd": 41.62725824641146,
  "dvars_std": 1.0113532764114836,
  "dvars_vstd": 1.004364745263158,
  "efc": 0.6212293084833147,
  "fber": 215.77291870117188,
  "fd_mean": 0.11669765955004749,
  "fd_num": 30,
  "fd_perc": 14.285714285714286,
  "fwhm_avg": 1.623771180170117,
  "fwhm_x": 1.50547654702214,
  "fwhm_y": 1.7193399999999999,
  "fwhm_z": 1.6464969934882105,
  "gcor": 0.00644554,
  "gsr_x": -0.0036198743619024754,
  "gsr_y": 0.04165380820631981,
  "provenance": {
    "md5sum": "9818ab157f7fc94b1064982309b22a70",
    "settings": {
      "fd_thres": 0.2,
      "testing": false
    },
    "software": "mriqc",
    "version": "21.0.0rc2",
    "webapi_port": null,
    "webapi_url": "https://mriqc.nimh.nih.gov/api/v1"
  },
  "size_t": 210,
  "size_x": 64,
  "size_y": 64,
  "size_z": 24,
  "snr": 6.4773934025126305,
  "spacing_tr": 2.0999999046325684,
  "spacing_x": 3.000000238418579,
  "spacing_y": 3.0,
  "spacing_z": 3.299999952316284,
  "summary_bg_k": 117.42978781833374,
  "summary_bg_mad": 3.099340167053842,
  "summary_bg_mean": 46.0533561706543,
  "summary_bg_median": 36.9523811340332,
  "summary_bg_n": 50396.0,
  "summary_bg_p05": 33.9428596496582,
  "summary_bg_p95": 78.2059555053711,
  "summary_bg_stdv": 36.11717987060547,
  "summary_fg_k": 1.5655988460893324,
  "summary_fg_mad": 75.84572710329815,
  "summary_fg_mean": 553.6744384765625,
  "summary_fg_median": 541.0548095703125,
  "summary_fg_n": 23750.0,
  "summary_fg_p05": 449.0878662109375,
  "summary_fg_p95": 706.1900146484375,
  "summary_fg_stdv": 83.5279541015625,
  "tsnr": 33.76260746293701
}