{
  "aor": 0.0004589000000000001,
  "aqi": 0.007601543799999999,
  "bids_meta": {
    "AcquisitionMatrixPE": 64,
    "BandwidthPerPixelPhaseEncode": 34.722,
    "BaseResolution": 64,
    "BodyPartExamined": "HEAD",
    "DelayTime": 0.5,
    "DerivedVendorReportedEchoSpacing": 0.000450003,
    "DwellTime": 3e-06,
    "EchoTime": 0.05,
    "EffectiveEchoSpacing": 0.000450003,
    "FlipAngle": 90,
    "ImageType": [
      "ORIGINAL",
      "PRIMARY",
      "FMRI",
      "NONE",
      "ND",
      "MOSAIC"
    ],
    "InPlanePhaseEncodingDirectionDICOM": "COL",
    "Instructions": "Participants were asked to close their eyes, to not fall asleep, and to avoid consistent thinking about one topic during the period of scanning",
    "MRAcquisitionType": "2D",
    "MagneticFieldStrength": 1.5,
    "Manufacturer": "Siemens",
    "ManufacturersModelName": "Avanto",
    "NumberOfVolumesDiscardedByUser": 3,
    "PartialFourier": 1,
    "PatientPosition": "HFS",
    "PercentPhaseFOV": 100,
    "PhaseEncodingDirection": "j-",
    "PhaseEncodingSteps": 64,
    "PhaseResolution": 1,
    "PixelBandwidth": 2604,
    "ProcedureStepDescription": "head_NEURO",
    "PulseSequenceDetails": "%SiemensSeq%_ep2d_bold",
    "ReceiveCoilName": "HeadMatrix",
    "ReconMatrixPE": 64,
    "RepetitionTime": 3.56,
    "ScanOptions": "FS",
    "ScanningSequence": "EP",
    "SequenceName": "_epfid2d1_64",
    "SequenceVariant": "SK",
    "SliceThickness": 3.6,
    "SliceTiming": [
      1.535,
      0,
      1.62,
      0.085,
      1.7075,
      0.17,
      1.7925,
      0.255,
      1.8775,
      0.34,
      1.9625,
      0.425,
      2.0475,
      0.5125,
      2.1325,
      0.5975,
      2.2175,
      0.6825,
      2.3025,
      0.7675,
      2.39,
      0.8525,
      2.475,
      0.9375,
      2.56,
      1.0225,
      2.645,
      1.11,
      2.73,
      1.195,
      2.815,
      1.28,
      2.9,
      1.365,
      2.9875,
      1.45
    ],
    "SoftwareVersions": "syngo_MR_B19",
    "SpacingBetweenSlices": 3.78,
    "TaskName": "rest",
    "TotalReadoutTime": 0.0283502,
    "dataset": "ds002422",
    "modality": "bold",
    "subject_id": "38",
    "task_id": "rest"
  },
  "dummy_trs": 0,
  "dvars_nstd": 32.91062177713568,
  "dvars_std": 1.2057028888944725,
  "dvars_vstd": 0.9950864089447238,
  "efc": 0.4817083943743583,
  "fber": 728.9133911132812,
  "fd_mean": 0.10494931107255018,
  "fd_num": 13,
  "fd_perc": 6.5,
  "fwhm_avg": 1.6109072948932315,
  "fwhm_x": 1.5578714077010052,
  "fwhm_y": 1.6739562849675909,
  "fwhm_z": 1.600894192011098,
  "gcor": 0.0234741,
  "gsr_x": -0.016496997326612473,
  "gsr_y": 0.02903851494193077,
  "provenance": {
    "md5sum": "c6d3713eb70d781632c5923cb0c6116a",
    "settings": {
      "fd_thres": 0.2,
      "testing": false
    },
    "software": "mriqc",
    "version": "21.0.0rc2",
    "webapi_port": null,
    "webapi_url": "https://mriqc.nimh.nih.gov/api/v1"
  },
  "size_t": 200,
  "size_x": 64,
  "size_y": 64,
  "size_z": 36,
  "snr": 4.9216498638271915,
  "spacing_tr": 3.559999942779541,
  "spacing_x": 3.593749761581421,
  "spacing_y": 3.593749761581421,
  "spacing_z": 3.7799999713897705,
  "summary_bg_k": 200.73911208147985,
  "summary_bg_mad": 2.461119456492154,
  "summary_bg_mean": 32.10752868652344,
  "summary_bg_median": 21.814998626708984,
  "summary_bg_n": 97802.0,
  "summary_bg_p05": 19.764999389648438,
  "summary_bg_p95": 66.07975158691404,
  "summary_bg_stdv": 47.84261703491211,
  "summary_fg_k": 2.0758699001253307,
  "summary_fg_mad": 99.53442392705281,
  "summary_fg_mean": 612.8411254882812,
  "summary_fg_median": 591.2699584960938,
  "summary_fg_n": 19991.0,
  "summary_fg_p05": 464.7224884033203,
  "summary_fg_p95": 844.4549865722656,
  "summary_fg_stdv": 120.13352966308594,
  "tsnr": 58.59188454633113
}