{
  "aor": 0.0005808095238095238,
  "aqi": 0.02546109666666667,
  "bids_meta": {
    "AcquisitionMatrixPE": 64,
    "BandwidthPerPixelPhaseEncode": 33.245,
    "BaseResolution": 64,
    "BodyPartExamined": "HEAD",
    "DerivedVendorReportedEchoSpacing": 0.000469996,
    "DwellTime": 3e-06,
    "EchoTime": 0.05,
    "EffectiveEchoSpacing": 0.000469995,
    "FlipAngle": 90,
    "ImageType": [
      "ORIGINAL",
      "PRIMARY",
      "FMRI",
      "NONE",
      "ND",
      "MOSAIC"
    ],
    "InPlanePhaseEncodingDirectionDICOM": "COL",
    "Instructions": "During the main condition, participants were visually presented with already solved sums (arithmetic operations of addition, subtraction, multiplication, and division with simple and double-digit numbers). The control condition stimuli were digit lines with non-mathematical characters instead of arithmetic signs. Participants responded with one of three buttons on the MR-compatible response box, depending on whether the stimulus sum had been solved correctly, incorrectly or just had not been an arithmetic exercise.",
    "MRAcquisitionType": "2D",
    "MagneticFieldStrength": 1.5,
    "Manufacturer": "Siemens",
    "ManufacturersModelName": "Avanto",
    "NumberOfVolumesDiscardedByUser": 3,
    "PartialFourier": 1,
    "PatientPosition": "HFS",
    "PercentPhaseFOV": 100,
    "PhaseEncodingDirection": "j-",
    "PhaseEncodingSteps": 64,
    "PhaseResolution": 1,
    "PixelBandwidth": 2604,
    "ProcedureStepDescription": "head_NEURO",
    "PulseSequenceDetails": "%SiemensSeq%_ep2d_bold",
    "ReceiveCoilName": "HeadMatrix",
    "ReconMatrixPE": 64,
    "RepetitionTime": 2.1,
    "ScanOptions": "FS",
    "ScanningSequence": "EP",
    "SequenceName": "_epfid2d1_64",
    "SequenceVariant": "SK",
    "SliceThickness": 3,
    "SliceTiming": [
      1.055,
      0,
      1.1425,
      0.0875,
      1.23,
      0.175,
      1.3175,
      0.2625,
      1.405,
      0.35,
      1.4925,
      0.44,
      1.58,
      0.5275,
      1.6675,
      0.615,
      1.7575,
      0.7025,
      1.845,
      0.79,
      1.9325,
      0.8775,
      2.02,
      0.965
    ],
    "SoftwareVersions": "syngo_MR_B19",
    "SpacingBetweenSlices": 3.3,
    "TaskName": "arithm_run-02",
    "TotalReadoutTime": 0.0296097,
    "dataset": "ds002422",
    "modality": "bold",
    "run_id": 2,
    "subject_id": "38",
    "task_id": "arithm"
  },
  "dummy_trs": 0,
  "dvars_nstd": 42.53110378210524,
  "dvars_std": 1.0070619676076558,
  "dvars_vstd": 0.9994510626794253,
  "efc": 0.6216470992784686,
  "fber": 212.00851440429688,
  "fd_mean": 0.13709920469166603,
  "fd_num": 32,
  "fd_perc": 15.238095238095237,
  "fwhm_avg": 1.617249866736507,
  "fwhm_x": 1.5107798799340024,
  "fwhm_y": 1.7280666666666666,
  "fwhm_z": 1.6129030536088518,
  "gcor": 0.00739544,
  "gsr_x": -0.0037068102974444628,
  "gsr_y": 0.039319004863500595,
  "provenance": {
    "md5sum": "f811737813d990d3e50e93f8203239af",
    "settings": {
      "fd_thres": 0.2,
      "testing": false
    },
    "software": "mriqc",
    "version": "21.0.0rc2",
    "webapi_port": null,
    "webapi_url": "https://mriqc.nimh.nih.gov/api/v1"
  },
  "size_t": 210,
  "size_x": 64,
  "size_y": 64,
  "size_z": 24,
  "snr": 6.481087431300891,
  "spacing_tr": 2.0999999046325684,
  "spacing_x": 3.000000238418579,
  "spacing_y": 3.0,
  "spacing_z": 3.299999952316284,
  "summary_bg_k": 117.08102466691055,
  "summary_bg_mad": 3.7629831530526285,
  "summary_bg_mean": 45.645362854003906,
  "summary_bg_median": 37.10952377319336,
  "summary_bg_n": 50298.0,
  "summary_bg_p05": 32.89047622680664,
  "summary_bg_p95": 77.10476684570312,
  "summary_bg_stdv": 34.44748306274414,
  "summary_fg_k": 1.5176276939646245,
  "summary_fg_mad": 76.9682209521417,
  "summary_fg_mean": 555.090576171875,
  "summary_fg_median": 542.1690673828125,
  "summary_fg_n": 23866.0,
  "summary_fg_p05": 450.2571716308594,
  "summary_fg_p95": 708.8595581054688,
  "summary_fg_stdv": 83.65227508544922,
  "tsnr": 33.043721951311454
}