{
  "bids_meta": {
    "AcquisitionMatrixPE": 246,
    "BaseResolution": 256,
    "CoilString": "T:HE1-4;NE2",
    "DwellTime": 1.5e-05,
    "EchoTime": 0.00291,
    "FlipAngle": 15,
    "ImagingFrequency": 63.6572,
    "InversionTime": 1.1,
    "MagneticFieldStrength": 1.5,
    "Manufacturer": "Siemens",
    "ManufacturersModelName": "Avanto",
    "PartialFourier": 1,
    "PercentPhaseFOV": 100,
    "PhaseEncodingSteps": 307,
    "PhaseOversampling": 0.25,
    "PhaseResolution": 0.96,
    "PixelBandwidth": 130,
    "ProtocolName": "t1_mpr_ns_sag_p2_iso",
    "PulseSequenceDetails": "%SiemensSeq%_tfl",
    "ReceiveCoilName": "NeckMatrix",
    "ReconMatrixPE": 256,
    "RepetitionTime": 1.9,
    "ScanOptions": "IR",
    "ScanningSequence": "GR_IR",
    "SequenceName": "_tfl3d1_ns",
    "SequenceVariant": "SP_MP_OSP",
    "SeriesDescription": "t1_mpr_ns_sag_p2_iso",
    "SliceThickness": 1,
    "SoftwareVersions": "syngo_MR_B19",
    "dataset": "ds002422",
    "modality": "T1w",
    "subject_id": "18"
  },
  "cjv": 0.7578425332927414,
  "cnr": 1.8213023364377778,
  "efc": 0.6057150459812177,
  "fber": 1353.2047119140625,
  "fwhm_avg": 3.4309355908037547,
  "fwhm_x": 3.38906,
  "fwhm_y": 3.42360064,
  "fwhm_z": 3.480146132411263,
  "icvs_csf": 0.19204160647926702,
  "icvs_gm": 0.4015396319918919,
  "icvs_wm": 0.40641876152884104,
  "inu_med": 1.4947561025619507,
  "inu_range": 0.29408843517303485,
  "provenance": {
    "md5sum": "8680f5e7504a955b909bd886874190c8",
    "settings": {
      "testing": false
    },
    "software": "mriqc",
    "version": "21.0.0rc2",
    "warnings": {
      "large_rot_frame": true,
      "small_air_mask": false
    },
    "webapi_port": null,
    "webapi_url": "https://mriqc.nimh.nih.gov/api/v1"
  },
  "qi_1": 0.0,
  "qi_2": 0.0038560005644991827,
  "rpve_csf": 24.844113525029396,
  "rpve_gm": 12.291503310398546,
  "rpve_wm": 14.486194280216232,
  "size_x": 176,
  "size_y": 256,
  "size_z": 256,
  "snr_csf": 2.6816633478131964,
  "snr_gm": 12.389377693817544,
  "snr_total": 10.688145864313706,
  "snr_wm": 16.99339655131038,
  "snrd_csf": 23.269923275465132,
  "snrd_gm": 50.49766033514387,
  "snrd_total": 44.74407221194494,
  "snrd_wm": 60.464633025225815,
  "spacing_x": 1.0,
  "spacing_y": 0.9765625,
  "spacing_z": 0.9765624403953552,
  "summary_bg_k": 2.961705430535816,
  "summary_bg_mad": 10.835881527711214,
  "summary_bg_mean": 20.369489669799805,
  "summary_bg_median": 16.89463996887207,
  "summary_bg_n": 1864931.0,
  "summary_bg_p05": 4.726737976074219,
  "summary_bg_p95": 45.77603530883789,
  "summary_bg_stdv": 13.597125053405762,
  "summary_csf_k": 1.680085370696208,
  "summary_csf_mad": 149.4106321291162,
  "summary_csf_mean": 414.94952392578125,
  "summary_csf_median": 384.88189697265625,
  "summary_csf_n": 30210.0,
  "summary_csf_p05": 224.19101181030274,
  "summary_csf_p95": 665.2744750976562,
  "summary_csf_stdv": 143.5211944580078,
  "summary_gm_k": 0.11279032405512313,
  "summary_gm_mad": 66.98802946179296,
  "summary_gm_mean": 836.290283203125,
  "summary_gm_median": 835.2255859375,
  "summary_gm_n": 13625.0,
  "summary_gm_p05": 727.6971313476563,
  "summary_gm_p95": 948.1394531249999,
  "summary_gm_stdv": 67.41217803955078,
  "summary_wm_k": 0.248497999403813,
  "summary_wm_mad": 57.94428261611009,
  "summary_wm_mean": 1003.956298828125,
  "summary_wm_median": 1000.0781860351562,
  "summary_wm_n": 252536.0,
  "summary_wm_p05": 913.9929656982422,
  "summary_wm_p95": 1106.9948120117188,
  "summary_wm_stdv": 58.85087203979492,
  "tpm_overlap_csf": 0.193918377161026,
  "tpm_overlap_gm": 0.4588390588760376,
  "tpm_overlap_wm": 0.5334535241127014,
  "wm2max": 0.5067667400771376
}