{
  "aor": 0.00034647619047619045,
  "aqi": 0.018957569047619048,
  "bids_meta": {
    "AcquisitionMatrixPE": 64,
    "BandwidthPerPixelPhaseEncode": 33.245,
    "BaseResolution": 64,
    "BodyPartExamined": "HEAD",
    "DerivedVendorReportedEchoSpacing": 0.000469996,
    "DwellTime": 3e-06,
    "EchoTime": 0.05,
    "EffectiveEchoSpacing": 0.000469995,
    "FlipAngle": 90,
    "ImageType": [
      "ORIGINAL",
      "PRIMARY",
      "FMRI",
      "NONE",
      "ND",
      "MOSAIC"
    ],
    "InPlanePhaseEncodingDirectionDICOM": "COL",
    "Instructions": "During the main condition, participants were visually presented with already solved sums (arithmetic operations of addition, subtraction, multiplication, and division with simple and double-digit numbers). The control condition stimuli were digit lines with non-mathematical characters instead of arithmetic signs. Participants responded with one of three buttons on the MR-compatible response box, depending on whether the stimulus sum had been solved correctly, incorrectly or just had not been an arithmetic exercise.",
    "MRAcquisitionType": "2D",
    "MagneticFieldStrength": 1.5,
    "Manufacturer": "Siemens",
    "ManufacturersModelName": "Avanto",
    "NumberOfVolumesDiscardedByUser": 3,
    "PartialFourier": 1,
    "PatientPosition": "HFS",
    "PercentPhaseFOV": 100,
    "PhaseEncodingDirection": "j-",
    "PhaseEncodingSteps": 64,
    "PhaseResolution": 1,
    "PixelBandwidth": 2604,
    "ProcedureStepDescription": "head_NEURO",
    "PulseSequenceDetails": "%SiemensSeq%_ep2d_bold",
    "ReceiveCoilName": "HeadMatrix",
    "ReconMatrixPE": 64,
    "RepetitionTime": 2.1,
    "ScanOptions": "FS",
    "ScanningSequence": "EP",
    "SequenceName": "_epfid2d1_64",
    "SequenceVariant": "SK",
    "SliceThickness": 3,
    "SliceTiming": [
      1.055,
      0,
      1.1425,
      0.09,
      1.23,
      0.1775,
      1.3175,
      0.265,
      1.4075,
      0.3525,
      1.495,
      0.44,
      1.5825,
      0.5275,
      1.67,
      0.615,
      1.7575,
      0.705,
      1.845,
      0.7925,
      1.9325,
      0.88,
      2.0225,
      0.9675
    ],
    "SoftwareVersions": "syngo_MR_B19",
    "SpacingBetweenSlices": 3.3,
    "TaskName": "arithm_run-02",
    "TotalReadoutTime": 0.0296097,
    "dataset": "ds002422",
    "modality": "bold",
    "run_id": 2,
    "subject_id": "39",
    "task_id": "arithm"
  },
  "dummy_trs": 0,
  "dvars_nstd": 43.42919162555024,
  "dvars_std": 1.0311872355980858,
  "dvars_vstd": 1.0112034013875595,
  "efc": 0.6818208951781635,
  "fber": 200.3092498779297,
  "fd_mean": 0.09153737036513376,
  "fd_num": 6,
  "fd_perc": 2.857142857142857,
  "fwhm_avg": 1.7698697502984977,
  "fwhm_x": 1.6768567999312718,
  "fwhm_y": 1.7834433333333333,
  "fwhm_z": 1.849309117630888,
  "gcor": 0.01787,
  "gsr_x": -0.005585243459790945,
  "gsr_y": 0.02930823154747486,
  "provenance": {
    "md5sum": "b943bef2b76a5da03f29102b24d1c3c4",
    "settings": {
      "fd_thres": 0.2,
      "testing": false
    },
    "software": "mriqc",
    "version": "21.0.0rc2",
    "webapi_port": null,
    "webapi_url": "https://mriqc.nimh.nih.gov/api/v1"
  },
  "size_t": 210,
  "size_x": 64,
  "size_y": 64,
  "size_z": 24,
  "snr": 5.957445961948204,
  "spacing_tr": 2.0999999046325684,
  "spacing_x": 2.999999761581421,
  "spacing_y": 3.0,
  "spacing_z": 3.299999952316284,
  "summary_bg_k": 32.23560984807481,
  "summary_bg_mad": 4.977308255794325,
  "summary_bg_mean": 47.34689712524414,
  "summary_bg_median": 38.17142868041992,
  "summary_bg_n": 41624.0,
  "summary_bg_p05": 33.78571701049805,
  "summary_bg_p95": 91.40667304992672,
  "summary_bg_stdv": 27.44053840637207,
  "summary_fg_k": 1.489584685159155,
  "summary_fg_mad": 81.69139128874447,
  "summary_fg_mean": 554.263427734375,
  "summary_fg_median": 542.3024291992188,
  "summary_fg_n": 32446.0,
  "summary_fg_p05": 436.34168243408203,
  "summary_fg_p95": 718.5928955078125,
  "summary_fg_stdv": 91.02794647216797,
  "tsnr": 33.23000551969744
}