{
  "aor": 0.00030900000000000003,
  "aqi": 0.020149620476190476,
  "bids_meta": {
    "AcquisitionMatrixPE": 64,
    "BandwidthPerPixelPhaseEncode": 33.245,
    "BaseResolution": 64,
    "BodyPartExamined": "HEAD",
    "DerivedVendorReportedEchoSpacing": 0.000469996,
    "DwellTime": 3e-06,
    "EchoTime": 0.05,
    "EffectiveEchoSpacing": 0.000469995,
    "FlipAngle": 90,
    "ImageType": [
      "ORIGINAL",
      "PRIMARY",
      "FMRI",
      "NONE",
      "ND",
      "MOSAIC"
    ],
    "InPlanePhaseEncodingDirectionDICOM": "COL",
    "Instructions": "During the main condition, participants were visually presented with already solved sums (arithmetic operations of addition, subtraction, multiplication, and division with simple and double-digit numbers). The control condition stimuli were digit lines with non-mathematical characters instead of arithmetic signs. Participants responded with one of three buttons on the MR-compatible response box, depending on whether the stimulus sum had been solved correctly, incorrectly or just had not been an arithmetic exercise.",
    "MRAcquisitionType": "2D",
    "MagneticFieldStrength": 1.5,
    "Manufacturer": "Siemens",
    "ManufacturersModelName": "Avanto",
    "NumberOfVolumesDiscardedByUser": 3,
    "PartialFourier": 1,
    "PatientPosition": "HFS",
    "PercentPhaseFOV": 100,
    "PhaseEncodingDirection": "j-",
    "PhaseEncodingSteps": 64,
    "PhaseResolution": 1,
    "PixelBandwidth": 2604,
    "ProcedureStepDescription": "head_NEURO",
    "PulseSequenceDetails": "%SiemensSeq%_ep2d_bold",
    "ReceiveCoilName": "HeadMatrix",
    "ReconMatrixPE": 64,
    "RepetitionTime": 2.1,
    "ScanOptions": "FS",
    "ScanningSequence": "EP",
    "SequenceName": "_epfid2d1_64",
    "SequenceVariant": "SK",
    "SliceThickness": 3,
    "SliceTiming": [
      1.055,
      0,
      1.1425,
      0.09,
      1.23,
      0.1775,
      1.3175,
      0.265,
      1.405,
      0.3525,
      1.495,
      0.44,
      1.5825,
      0.5275,
      1.67,
      0.615,
      1.7575,
      0.7025,
      1.845,
      0.7925,
      1.9325,
      0.88,
      2.02,
      0.9675
    ],
    "SoftwareVersions": "syngo_MR_B19",
    "SpacingBetweenSlices": 3.3,
    "TaskName": "arithm_run-01",
    "TotalReadoutTime": 0.0296097,
    "dataset": "ds002422",
    "modality": "bold",
    "run_id": 1,
    "subject_id": "39",
    "task_id": "arithm"
  },
  "dummy_trs": 0,
  "dvars_nstd": 43.36290660669857,
  "dvars_std": 1.023243791578947,
  "dvars_vstd": 1.0055033119138752,
  "efc": 0.6819829178081908,
  "fber": 200.12425231933594,
  "fd_mean": 0.09503338666100795,
  "fd_num": 6,
  "fd_perc": 2.857142857142857,
  "fwhm_avg": 1.750958032848095,
  "fwhm_x": 1.6700667993916511,
  "fwhm_y": 1.7540133333333332,
  "fwhm_z": 1.8287939658193006,
  "gcor": 0.0157301,
  "gsr_x": -0.005620614159852266,
  "gsr_y": 0.030049044638872147,
  "provenance": {
    "md5sum": "e44670bbc485e3494a16c94952a5559d",
    "settings": {
      "fd_thres": 0.2,
      "testing": false
    },
    "software": "mriqc",
    "version": "21.0.0rc2",
    "webapi_port": null,
    "webapi_url": "https://mriqc.nimh.nih.gov/api/v1"
  },
  "size_t": 210,
  "size_x": 64,
  "size_y": 64,
  "size_z": 24,
  "snr": 5.969145247854361,
  "spacing_tr": 2.0999999046325684,
  "spacing_x": 2.999999761581421,
  "spacing_y": 3.0,
  "spacing_z": 3.299999952316284,
  "summary_bg_k": 36.18869263854744,
  "summary_bg_mad": 4.977308255794325,
  "summary_bg_mean": 47.377647399902344,
  "summary_bg_median": 38.090476989746094,
  "summary_bg_n": 41588.0,
  "summary_bg_p05": 33.79047775268555,
  "summary_bg_p95": 91.16976623535157,
  "summary_bg_stdv": 27.826658248901367,
  "summary_fg_k": 1.4313679757934334,
  "summary_fg_mad": 81.97376801133034,
  "summary_fg_mean": 553.9133911132812,
  "summary_fg_median": 542.3333740234375,
  "summary_fg_n": 32485.0,
  "summary_fg_p05": 435.7876403808594,
  "summary_fg_p95": 718.8381225585937,
  "summary_fg_stdv": 90.85472106933594,
  "tsnr": 32.67819298629183
}