{
  "aor": 0.0005055999999999999,
  "aqi": 0.0070562844000000005,
  "bids_meta": {
    "AcquisitionMatrixPE": 64,
    "BandwidthPerPixelPhaseEncode": 34.722,
    "BaseResolution": 64,
    "BodyPartExamined": "HEAD",
    "DelayTime": 0.5,
    "DerivedVendorReportedEchoSpacing": 0.000450003,
    "DwellTime": 3e-06,
    "EchoTime": 0.05,
    "EffectiveEchoSpacing": 0.000450003,
    "FlipAngle": 90,
    "ImageType": [
      "ORIGINAL",
      "PRIMARY",
      "FMRI",
      "NONE",
      "ND",
      "MOSAIC"
    ],
    "InPlanePhaseEncodingDirectionDICOM": "COL",
    "Instructions": "Participants were asked to close their eyes, to not fall asleep, and to avoid consistent thinking about one topic during the period of scanning",
    "MRAcquisitionType": "2D",
    "MagneticFieldStrength": 1.5,
    "Manufacturer": "Siemens",
    "ManufacturersModelName": "Avanto",
    "NumberOfVolumesDiscardedByUser": 3,
    "PartialFourier": 1,
    "PatientPosition": "HFS",
    "PercentPhaseFOV": 100,
    "PhaseEncodingDirection": "j-",
    "PhaseEncodingSteps": 64,
    "PhaseResolution": 1,
    "PixelBandwidth": 2604,
    "ProcedureStepDescription": "head_NEURO",
    "PulseSequenceDetails": "%SiemensSeq%_ep2d_bold",
    "ReceiveCoilName": "HeadMatrix",
    "ReconMatrixPE": 64,
    "RepetitionTime": 3.56,
    "ScanOptions": "FS",
    "ScanningSequence": "EP",
    "SequenceName": "_epfid2d1_64",
    "SequenceVariant": "SK",
    "SliceThickness": 3.6,
    "SliceTiming": [
      1.5375,
      0,
      1.6225,
      0.085,
      1.7075,
      0.1725,
      1.7925,
      0.2575,
      1.8775,
      0.3425,
      1.9625,
      0.4275,
      2.05,
      0.5125,
      2.135,
      0.5975,
      2.22,
      0.6825,
      2.305,
      0.7675,
      2.39,
      0.855,
      2.475,
      0.94,
      2.56,
      1.025,
      2.645,
      1.11,
      2.7325,
      1.195,
      2.8175,
      1.28,
      2.9025,
      1.365,
      2.9875,
      1.4525
    ],
    "SoftwareVersions": "syngo_MR_B19",
    "SpacingBetweenSlices": 3.78,
    "TaskName": "rest",
    "TotalReadoutTime": 0.0283502,
    "dataset": "ds002422",
    "modality": "bold",
    "subject_id": "39",
    "task_id": "rest"
  },
  "dummy_trs": 0,
  "dvars_nstd": 31.893031700402023,
  "dvars_std": 1.1505588443216077,
  "dvars_vstd": 0.9942603150251262,
  "efc": 0.5065017833837984,
  "fber": 562.3012084960938,
  "fd_mean": 0.062376545192532405,
  "fd_num": 7,
  "fd_perc": 3.5,
  "fwhm_avg": 1.6531449437760448,
  "fwhm_x": 1.6033029565217392,
  "fwhm_y": 1.647671652173913,
  "fwhm_z": 1.7084602226324817,
  "gcor": 0.00732586,
  "gsr_x": -0.012790900655090809,
  "gsr_y": 0.02943139523267746,
  "provenance": {
    "md5sum": "e758574f532b8ff2eecb1ecb3d6cf562",
    "settings": {
      "fd_thres": 0.2,
      "testing": false
    },
    "software": "mriqc",
    "version": "21.0.0rc2",
    "webapi_port": null,
    "webapi_url": "https://mriqc.nimh.nih.gov/api/v1"
  },
  "size_t": 200,
  "size_x": 64,
  "size_y": 64,
  "size_z": 36,
  "snr": 4.5116081808548385,
  "spacing_tr": 3.559999942779541,
  "spacing_x": 3.59375,
  "spacing_y": 3.59375,
  "spacing_z": 3.7800002098083496,
  "summary_bg_k": 218.479547131057,
  "summary_bg_mad": 2.7131619467516788,
  "summary_bg_mean": 34.733734130859375,
  "summary_bg_median": 24.559999465942383,
  "summary_bg_n": 94084.0,
  "summary_bg_p05": 22.16499900817871,
  "summary_bg_p95": 71.91999816894531,
  "summary_bg_stdv": 46.75861358642578,
  "summary_fg_k": 1.1702247667669914,
  "summary_fg_mad": 112.07736176317717,
  "summary_fg_mean": 608.744873046875,
  "summary_fg_median": 584.3300170898438,
  "summary_fg_n": 23067.0,
  "summary_fg_p05": 446.1514953613281,
  "summary_fg_p95": 857.5085083007813,
  "summary_fg_stdv": 129.5142059326172,
  "tsnr": 53.18765991833061
}