{
  "bids_meta": {
    "AcquisitionMatrixPE": 246,
    "BaseResolution": 256,
    "CoilString": "T:HE1-4;NE2",
    "DwellTime": 1.5e-05,
    "EchoTime": 0.00291,
    "FlipAngle": 15,
    "ImagingFrequency": 63.6572,
    "InversionTime": 1.1,
    "MagneticFieldStrength": 1.5,
    "Manufacturer": "Siemens",
    "ManufacturersModelName": "Avanto",
    "PartialFourier": 1,
    "PercentPhaseFOV": 100,
    "PhaseEncodingSteps": 307,
    "PhaseOversampling": 0.25,
    "PhaseResolution": 0.96,
    "PixelBandwidth": 130,
    "ProtocolName": "t1_mpr_ns_sag_p2_iso",
    "PulseSequenceDetails": "%SiemensSeq%_tfl",
    "ReceiveCoilName": "NeckMatrix",
    "ReconMatrixPE": 256,
    "RepetitionTime": 1.9,
    "ScanOptions": "IR",
    "ScanningSequence": "GR_IR",
    "SequenceName": "_tfl3d1_ns",
    "SequenceVariant": "SP_MP_OSP",
    "SeriesDescription": "t1_mpr_ns_sag_p2_iso",
    "SliceThickness": 1,
    "SoftwareVersions": "syngo_MR_B19",
    "dataset": "ds002422",
    "modality": "T1w",
    "subject_id": "04"
  },
  "cjv": 0.4807328170571447,
  "cnr": 2.7786913558355586,
  "efc": 0.5263821880858262,
  "fber": 2045.9853515625,
  "fwhm_avg": 3.5704334364303256,
  "fwhm_x": 3.471180206898463,
  "fwhm_y": 3.5652810623925135,
  "fwhm_z": 3.6748390399999997,
  "icvs_csf": 0.19575491376825066,
  "icvs_gm": 0.44168899450627913,
  "icvs_wm": 0.3625560917254702,
  "inu_med": 1.4935667514801025,
  "inu_range": 0.24199976921081534,
  "provenance": {
    "md5sum": "e827fa35bd07cec43e6b8055abfb1ad1",
    "settings": {
      "testing": false
    },
    "software": "mriqc",
    "version": "21.0.0rc2",
    "warnings": {
      "large_rot_frame": true,
      "small_air_mask": false
    },
    "webapi_port": null,
    "webapi_url": "https://mriqc.nimh.nih.gov/api/v1"
  },
  "qi_1": 0.0,
  "qi_2": 0.0034162720132165096,
  "rpve_csf": 27.079729138845885,
  "rpve_gm": 12.878246863497036,
  "rpve_wm": 17.903567447917073,
  "size_x": 176,
  "size_y": 256,
  "size_z": 256,
  "snr_csf": 3.2800933240123076,
  "snr_gm": 14.642406928049603,
  "snr_total": 12.785818141613804,
  "snr_wm": 20.434954172779506,
  "snrd_csf": 24.895266372164023,
  "snrd_gm": 57.49651848449634,
  "snrd_total": 51.58102890079036,
  "snrd_wm": 72.35130184571072,
  "spacing_x": 0.9999999403953552,
  "spacing_y": 0.9765625596046448,
  "spacing_z": 0.9765625,
  "summary_bg_k": 3.0279400811148944,
  "summary_bg_mad": 9.055321898956844,
  "summary_bg_mean": 16.30042839050293,
  "summary_bg_median": 14.198837280273438,
  "summary_bg_n": 2652466.0,
  "summary_bg_p05": 2.044584572315216,
  "summary_bg_p95": 36.79332447052002,
  "summary_bg_stdv": 10.93116283416748,
  "summary_csf_k": 0.6330812693119223,
  "summary_csf_mad": 86.68105720234304,
  "summary_csf_mean": 368.9056091308594,
  "summary_csf_median": 344.1033935546875,
  "summary_csf_n": 23299.0,
  "summary_csf_p05": 236.85741729736327,
  "summary_csf_p95": 582.4418579101563,
  "summary_csf_stdv": 104.90433502197266,
  "summary_gm_k": 0.595535785219965,
  "summary_gm_mad": 51.28714166098303,
  "summary_gm_mean": 796.4468383789062,
  "summary_gm_median": 794.71923828125,
  "summary_gm_n": 21224.0,
  "summary_gm_p05": 711.032177734375,
  "summary_gm_p95": 887.7720184326171,
  "summary_gm_stdv": 54.27389907836914,
  "summary_wm_k": 0.36108571831547653,
  "summary_wm_mad": 47.41856698792804,
  "summary_wm_mean": 1001.0536499023438,
  "summary_wm_median": 1000.0426635742188,
  "summary_wm_n": 194375.0,
  "summary_wm_p05": 922.4837036132812,
  "summary_wm_p95": 1083.2100952148437,
  "summary_wm_stdv": 48.937721252441406,
  "tpm_overlap_csf": 0.18189077079296112,
  "tpm_overlap_gm": 0.4656674861907959,
  "tpm_overlap_wm": 0.5213886499404907,
  "wm2max": 0.5394562031079968
}