{
  "aor": 0.00038395238095238093,
  "aqi": 0.017437212380952378,
  "bids_meta": {
    "AcquisitionMatrixPE": 64,
    "BandwidthPerPixelPhaseEncode": 33.245,
    "BaseResolution": 64,
    "BodyPartExamined": "HEAD",
    "DerivedVendorReportedEchoSpacing": 0.000469996,
    "DwellTime": 3e-06,
    "EchoTime": 0.05,
    "EffectiveEchoSpacing": 0.000469995,
    "FlipAngle": 90,
    "ImageType": [
      "ORIGINAL",
      "PRIMARY",
      "FMRI",
      "NONE",
      "ND",
      "MOSAIC"
    ],
    "InPlanePhaseEncodingDirectionDICOM": "COL",
    "Instructions": "During the main condition, participants were visually presented with already solved sums (arithmetic operations of addition, subtraction, multiplication, and division with simple and double-digit numbers). The control condition stimuli were digit lines with non-mathematical characters instead of arithmetic signs. Participants responded with one of three buttons on the MR-compatible response box, depending on whether the stimulus sum had been solved correctly, incorrectly or just had not been an arithmetic exercise.",
    "MRAcquisitionType": "2D",
    "MagneticFieldStrength": 1.5,
    "Manufacturer": "Siemens",
    "ManufacturersModelName": "Avanto",
    "NumberOfVolumesDiscardedByUser": 3,
    "PartialFourier": 1,
    "PatientPosition": "HFS",
    "PercentPhaseFOV": 100,
    "PhaseEncodingDirection": "j-",
    "PhaseEncodingSteps": 64,
    "PhaseResolution": 1,
    "PixelBandwidth": 2604,
    "ProcedureStepDescription": "head_NEURO",
    "PulseSequenceDetails": "%SiemensSeq%_ep2d_bold",
    "ReceiveCoilName": "HeadMatrix",
    "ReconMatrixPE": 64,
    "RepetitionTime": 2.1,
    "ScanOptions": "FS",
    "ScanningSequence": "EP",
    "SequenceName": "_epfid2d1_64",
    "SequenceVariant": "SK",
    "SliceThickness": 3,
    "SliceTiming": [
      1.055,
      0,
      1.1425,
      0.0875,
      1.23,
      0.175,
      1.3175,
      0.2625,
      1.405,
      0.35,
      1.4925,
      0.44,
      1.58,
      0.5275,
      1.6675,
      0.615,
      1.7575,
      0.7025,
      1.845,
      0.79,
      1.9325,
      0.8775,
      2.02,
      0.965
    ],
    "SoftwareVersions": "syngo_MR_B19",
    "SpacingBetweenSlices": 3.3,
    "TaskName": "arithm_run-02",
    "TotalReadoutTime": 0.0296097,
    "dataset": "ds002422",
    "modality": "bold",
    "run_id": 2,
    "subject_id": "43",
    "task_id": "arithm"
  },
  "dummy_trs": 0,
  "dvars_nstd": 41.713785034880395,
  "dvars_std": 1.0254342410047845,
  "dvars_vstd": 1.0138508243062199,
  "efc": 0.6623901687076308,
  "fber": 200.79885864257812,
  "fd_mean": 0.06935625731086284,
  "fd_num": 1,
  "fd_perc": 0.47619047619047616,
  "fwhm_avg": 1.6892643593131529,
  "fwhm_x": 1.5432466666666667,
  "fwhm_y": 1.8310434788515948,
  "fwhm_z": 1.693502932421197,
  "gcor": 0.00891799,
  "gsr_x": -0.006540691014379263,
  "gsr_y": 0.043311815708875656,
  "provenance": {
    "md5sum": "30fede1c2ca9ff22e7d5c57cc7445299",
    "settings": {
      "fd_thres": 0.2,
      "testing": false
    },
    "software": "mriqc",
    "version": "21.0.0rc2",
    "webapi_port": null,
    "webapi_url": "https://mriqc.nimh.nih.gov/api/v1"
  },
  "size_t": 210,
  "size_x": 64,
  "size_y": 64,
  "size_z": 24,
  "snr": 6.488309712893291,
  "spacing_tr": 2.0999999046325684,
  "spacing_x": 3.0,
  "spacing_y": 2.999999761581421,
  "spacing_z": 3.3000001907348633,
  "summary_bg_k": 28.675783849075877,
  "summary_bg_mad": 3.1417011999846243,
  "summary_bg_mean": 51.42390060424805,
  "summary_bg_median": 38.70000076293945,
  "summary_bg_n": 45829.0,
  "summary_bg_p05": 35.91428756713867,
  "summary_bg_p95": 118.83905334472655,
  "summary_bg_stdv": 34.698944091796875,
  "summary_fg_k": 0.9677097941461197,
  "summary_fg_mad": 87.30413200553642,
  "summary_fg_mean": 552.0508422851562,
  "summary_fg_median": 546.7857055664062,
  "summary_fg_n": 28243.0,
  "summary_fg_p05": 436.25383911132815,
  "summary_fg_p95": 697.1885864257812,
  "summary_fg_stdv": 84.27095031738281,
  "tsnr": 34.02886794274673
}