{
  "aor": 0.00059625,
  "aqi": 0.0098395224,
  "bids_meta": {
    "AcquisitionMatrixPE": 64,
    "BandwidthPerPixelPhaseEncode": 34.722,
    "BaseResolution": 64,
    "BodyPartExamined": "HEAD",
    "DelayTime": 0.5,
    "DerivedVendorReportedEchoSpacing": 0.000450003,
    "DwellTime": 3e-06,
    "EchoTime": 0.05,
    "EffectiveEchoSpacing": 0.000450003,
    "FlipAngle": 90,
    "ImageType": [
      "ORIGINAL",
      "PRIMARY",
      "FMRI",
      "NONE",
      "ND",
      "MOSAIC"
    ],
    "InPlanePhaseEncodingDirectionDICOM": "COL",
    "Instructions": "Participants were asked to close their eyes, to not fall asleep, and to avoid consistent thinking about one topic during the period of scanning",
    "MRAcquisitionType": "2D",
    "MagneticFieldStrength": 1.5,
    "Manufacturer": "Siemens",
    "ManufacturersModelName": "Avanto",
    "NumberOfVolumesDiscardedByUser": 3,
    "PartialFourier": 1,
    "PatientPosition": "HFS",
    "PercentPhaseFOV": 100,
    "PhaseEncodingDirection": "j-",
    "PhaseEncodingSteps": 64,
    "PhaseResolution": 1,
    "PixelBandwidth": 2604,
    "ProcedureStepDescription": "head_NEURO",
    "PulseSequenceDetails": "%SiemensSeq%_ep2d_bold",
    "ReceiveCoilName": "HeadMatrix",
    "ReconMatrixPE": 64,
    "RepetitionTime": 3.56,
    "ScanOptions": "FS",
    "ScanningSequence": "EP",
    "SequenceName": "_epfid2d1_64",
    "SequenceVariant": "SK",
    "SliceThickness": 3.6,
    "SliceTiming": [
      1.535,
      0,
      1.6225,
      0.085,
      1.7075,
      0.17,
      1.7925,
      0.255,
      1.8775,
      0.3425,
      1.9625,
      0.4275,
      2.0475,
      0.5125,
      2.1325,
      0.5975,
      2.22,
      0.6825,
      2.305,
      0.7675,
      2.39,
      0.8525,
      2.475,
      0.9375,
      2.56,
      1.025,
      2.645,
      1.11,
      2.73,
      1.195,
      2.815,
      1.28,
      2.9025,
      1.365,
      2.9875,
      1.45
    ],
    "SoftwareVersions": "syngo_MR_B19",
    "SpacingBetweenSlices": 3.78,
    "TaskName": "rest",
    "TotalReadoutTime": 0.0283502,
    "dataset": "ds002422",
    "modality": "bold",
    "subject_id": "43",
    "task_id": "rest"
  },
  "dummy_trs": 0,
  "dvars_nstd": 29.20807510688441,
  "dvars_std": 1.115157671457286,
  "dvars_vstd": 0.9835891026130646,
  "efc": 0.5221588905450527,
  "fber": 647.7923583984375,
  "fd_mean": 0.06375198553440259,
  "fd_num": 4,
  "fd_perc": 2.0,
  "fwhm_avg": 1.605864106613293,
  "fwhm_x": 1.5198413913043478,
  "fwhm_y": 1.727023304347826,
  "fwhm_z": 1.5707276241877055,
  "gcor": 0.0094883,
  "gsr_x": -0.020739799365401268,
  "gsr_y": 0.046216316521167755,
  "provenance": {
    "md5sum": "871b1be7f28e0f78d4bfcb2ae61ee069",
    "settings": {
      "fd_thres": 0.2,
      "testing": false
    },
    "software": "mriqc",
    "version": "21.0.0rc2",
    "webapi_port": null,
    "webapi_url": "https://mriqc.nimh.nih.gov/api/v1"
  },
  "size_t": 200,
  "size_x": 64,
  "size_y": 64,
  "size_z": 36,
  "snr": 5.372957895662483,
  "spacing_tr": 3.559999942779541,
  "spacing_x": 3.59375,
  "spacing_y": 3.59375,
  "spacing_z": 3.7799997329711914,
  "summary_bg_k": 158.1326377979398,
  "summary_bg_mad": 3.224661521953273,
  "summary_bg_mean": 38.56814193725586,
  "summary_bg_median": 23.30500030517578,
  "summary_bg_n": 92611.0,
  "summary_bg_p05": 20.439998626708984,
  "summary_bg_p95": 110.97749710083008,
  "summary_bg_stdv": 61.66716384887695,
  "summary_fg_k": 1.0104187507194577,
  "summary_fg_mad": 114.15295057457017,
  "summary_fg_mean": 603.8699951171875,
  "summary_fg_median": 596.7849731445312,
  "summary_fg_n": 23933.0,
  "summary_fg_p05": 451.2569885253906,
  "summary_fg_p95": 794.3239868164061,
  "summary_fg_stdv": 111.06964111328125,
  "tsnr": 50.879160108743235
}