{
  "aor": 0.0003546666666666667,
  "aqi": 0.01750010857142857,
  "bids_meta": {
    "AcquisitionMatrixPE": 64,
    "BandwidthPerPixelPhaseEncode": 33.245,
    "BaseResolution": 64,
    "BodyPartExamined": "HEAD",
    "DerivedVendorReportedEchoSpacing": 0.000469996,
    "DwellTime": 3e-06,
    "EchoTime": 0.05,
    "EffectiveEchoSpacing": 0.000469995,
    "FlipAngle": 90,
    "ImageType": [
      "ORIGINAL",
      "PRIMARY",
      "FMRI",
      "NONE",
      "ND",
      "MOSAIC"
    ],
    "InPlanePhaseEncodingDirectionDICOM": "COL",
    "Instructions": "During the main condition, participants were visually presented with already solved sums (arithmetic operations of addition, subtraction, multiplication, and division with simple and double-digit numbers). The control condition stimuli were digit lines with non-mathematical characters instead of arithmetic signs. Participants responded with one of three buttons on the MR-compatible response box, depending on whether the stimulus sum had been solved correctly, incorrectly or just had not been an arithmetic exercise.",
    "MRAcquisitionType": "2D",
    "MagneticFieldStrength": 1.5,
    "Manufacturer": "Siemens",
    "ManufacturersModelName": "Avanto",
    "NumberOfVolumesDiscardedByUser": 3,
    "PartialFourier": 1,
    "PatientPosition": "HFS",
    "PercentPhaseFOV": 100,
    "PhaseEncodingDirection": "j-",
    "PhaseEncodingSteps": 64,
    "PhaseResolution": 1,
    "PixelBandwidth": 2604,
    "ProcedureStepDescription": "head_NEURO",
    "PulseSequenceDetails": "%SiemensSeq%_ep2d_bold",
    "ReceiveCoilName": "HeadMatrix",
    "ReconMatrixPE": 64,
    "RepetitionTime": 2.1,
    "ScanOptions": "FS",
    "ScanningSequence": "EP",
    "SequenceName": "_epfid2d1_64",
    "SequenceVariant": "SK",
    "SliceThickness": 3,
    "SliceTiming": [
      1.055,
      0,
      1.1425,
      0.0875,
      1.23,
      0.1775,
      1.3175,
      0.265,
      1.405,
      0.3525,
      1.495,
      0.44,
      1.5825,
      0.5275,
      1.67,
      0.615,
      1.7575,
      0.7025,
      1.845,
      0.79,
      1.9325,
      0.88,
      2.02,
      0.9675
    ],
    "SoftwareVersions": "syngo_MR_B19",
    "SpacingBetweenSlices": 3.3,
    "TaskName": "arithm_run-01",
    "TotalReadoutTime": 0.0296097,
    "dataset": "ds002422",
    "modality": "bold",
    "run_id": 1,
    "subject_id": "43",
    "task_id": "arithm"
  },
  "dummy_trs": 0,
  "dvars_nstd": 40.8492419411483,
  "dvars_std": 1.0142275331578954,
  "dvars_vstd": 1.0116815352153108,
  "efc": 0.6625156820577314,
  "fber": 199.39039611816406,
  "fd_mean": 0.06764304848987221,
  "fd_num": 0,
  "fd_perc": 0.0,
  "fwhm_avg": 1.6896896116217188,
  "fwhm_x": 1.5415166666666666,
  "fwhm_y": 1.8275734785758238,
  "fwhm_z": 1.6999786896226659,
  "gcor": 0.00664435,
  "gsr_x": -0.006791486870497465,
  "gsr_y": 0.0432039313018322,
  "provenance": {
    "md5sum": "4544c0deac4484aa05f1a41daaa9842d",
    "settings": {
      "fd_thres": 0.2,
      "testing": false
    },
    "software": "mriqc",
    "version": "21.0.0rc2",
    "webapi_port": null,
    "webapi_url": "https://mriqc.nimh.nih.gov/api/v1"
  },
  "size_t": 210,
  "size_x": 64,
  "size_y": 64,
  "size_z": 24,
  "snr": 6.504910989894865,
  "spacing_tr": 2.0999999046325684,
  "spacing_x": 3.0,
  "spacing_y": 2.999999761581421,
  "spacing_z": 3.3000001907348633,
  "summary_bg_k": 27.97747630551651,
  "summary_bg_mad": 3.1346429130557034,
  "summary_bg_mean": 51.58486557006836,
  "summary_bg_median": 38.757144927978516,
  "summary_bg_n": 45867.0,
  "summary_bg_p05": 35.96190643310547,
  "summary_bg_p95": 119.60667419433577,
  "summary_bg_stdv": 34.94322967529297,
  "summary_fg_k": 0.9672874373211275,
  "summary_fg_mad": 87.15586273460005,
  "summary_fg_mean": 551.1543579101562,
  "summary_fg_median": 546.1190795898438,
  "summary_fg_n": 28187.0,
  "summary_fg_p05": 435.923828125,
  "summary_fg_p95": 695.4495361328125,
  "summary_fg_stdv": 83.95339965820312,
  "tsnr": 34.03446679265471
}