{
  "bids_meta": {
    "AcquisitionMatrixPE": 246,
    "BaseResolution": 256,
    "CoilString": "T:HE1-4;NE2",
    "DwellTime": 1.5e-05,
    "EchoTime": 0.00291,
    "FlipAngle": 15,
    "ImagingFrequency": 63.6572,
    "InversionTime": 1.1,
    "MagneticFieldStrength": 1.5,
    "Manufacturer": "Siemens",
    "ManufacturersModelName": "Avanto",
    "PartialFourier": 1,
    "PercentPhaseFOV": 100,
    "PhaseEncodingSteps": 307,
    "PhaseOversampling": 0.25,
    "PhaseResolution": 0.96,
    "PixelBandwidth": 130,
    "ProtocolName": "t1_mpr_ns_sag_p2_iso",
    "PulseSequenceDetails": "%SiemensSeq%_tfl",
    "ReceiveCoilName": "NeckMatrix",
    "ReconMatrixPE": 256,
    "RepetitionTime": 1.9,
    "ScanOptions": "IR",
    "ScanningSequence": "GR_IR",
    "SequenceName": "_tfl3d1_ns",
    "SequenceVariant": "SP_MP_OSP",
    "SeriesDescription": "t1_mpr_ns_sag_p2_iso",
    "SliceThickness": 1,
    "SoftwareVersions": "syngo_MR_B19",
    "dataset": "ds002422",
    "modality": "T1w",
    "subject_id": "22"
  },
  "cjv": 0.5007844163889346,
  "cnr": 2.713548009134396,
  "efc": 0.548134534727526,
  "fber": 1851.563720703125,
  "fwhm_avg": 3.5864376799999995,
  "fwhm_x": 3.53145,
  "fwhm_y": 3.6084736,
  "fwhm_z": 3.61938944,
  "icvs_csf": 0.19574858835283385,
  "icvs_gm": 0.43908346639425866,
  "icvs_wm": 0.36516794525290747,
  "inu_med": 1.4492558240890503,
  "inu_range": 0.22663068771362305,
  "provenance": {
    "md5sum": "7d4359d79e71f4b10941b66d7ac1269c",
    "settings": {
      "testing": false
    },
    "software": "mriqc",
    "version": "21.0.0rc2",
    "warnings": {
      "large_rot_frame": true,
      "small_air_mask": false
    },
    "webapi_port": null,
    "webapi_url": "https://mriqc.nimh.nih.gov/api/v1"
  },
  "qi_1": 0.0,
  "qi_2": 0.0043051175895021405,
  "rpve_csf": 25.089421612560397,
  "rpve_gm": 12.061288237485552,
  "rpve_wm": 16.589466697005577,
  "size_x": 176,
  "size_y": 256,
  "size_z": 256,
  "snr_csf": 2.8229612551904886,
  "snr_gm": 14.402552399317713,
  "snr_total": 12.26431158282383,
  "snr_wm": 19.567421093963286,
  "snrd_csf": 24.606346303923132,
  "snrd_gm": 56.35180155277434,
  "snrd_total": 50.643455244720165,
  "snrd_wm": 70.97221787746302,
  "spacing_x": 1.0,
  "spacing_y": 0.9765625,
  "spacing_z": 0.9765625,
  "summary_bg_k": 2.3007009399099543,
  "summary_bg_mad": 9.231373984198063,
  "summary_bg_mean": 16.188575744628906,
  "summary_bg_median": 14.506797790527344,
  "summary_bg_n": 2371298.0,
  "summary_bg_p05": 2.0892956256866455,
  "summary_bg_p95": 36.113608932495055,
  "summary_bg_stdv": 10.604304313659668,
  "summary_csf_k": 2.1334275649666283,
  "summary_csf_mad": 101.18574635041703,
  "summary_csf_mean": 380.651611328125,
  "summary_csf_median": 346.7222900390625,
  "summary_csf_n": 28811.0,
  "summary_csf_p05": 229.4905548095703,
  "summary_csf_p95": 623.716796875,
  "summary_csf_stdv": 122.82006072998047,
  "summary_gm_k": 0.39189497596091716,
  "summary_gm_mad": 53.1792150122241,
  "summary_gm_mean": 795.485107421875,
  "summary_gm_median": 794.0401000976562,
  "summary_gm_n": 22499.0,
  "summary_gm_p05": 707.6458801269531,
  "summary_gm_p95": 887.3281188964844,
  "summary_gm_stdv": 55.13067626953125,
  "summary_wm_k": 0.18302099829429785,
  "summary_wm_mad": 49.9888240749229,
  "summary_wm_mean": 1000.745849609375,
  "summary_wm_median": 1000.052978515625,
  "summary_wm_n": 203532.0,
  "summary_wm_p05": 917.7917388916015,
  "summary_wm_p95": 1085.978936767578,
  "summary_wm_stdv": 51.10793685913086,
  "tpm_overlap_csf": 0.18662306666374207,
  "tpm_overlap_gm": 0.46659502387046814,
  "tpm_overlap_wm": 0.524400532245636,
  "wm2max": 0.6305228589358162
}