{
  "bids_meta": {
    "AcquisitionMatrixPE": 246,
    "BaseResolution": 256,
    "CoilString": "T:HE1-4;NE2",
    "DwellTime": 1.5e-05,
    "EchoTime": 0.00291,
    "FlipAngle": 15,
    "ImagingFrequency": 63.6572,
    "InversionTime": 1.1,
    "MagneticFieldStrength": 1.5,
    "Manufacturer": "Siemens",
    "ManufacturersModelName": "Avanto",
    "PartialFourier": 1,
    "PercentPhaseFOV": 100,
    "PhaseEncodingSteps": 307,
    "PhaseOversampling": 0.25,
    "PhaseResolution": 0.96,
    "PixelBandwidth": 130,
    "ProtocolName": "t1_mpr_ns_sag_p2_iso",
    "PulseSequenceDetails": "%SiemensSeq%_tfl",
    "ReceiveCoilName": "NeckMatrix",
    "ReconMatrixPE": 256,
    "RepetitionTime": 1.9,
    "ScanOptions": "IR",
    "ScanningSequence": "GR_IR",
    "SequenceName": "_tfl3d1_ns",
    "SequenceVariant": "SP_MP_OSP",
    "SeriesDescription": "t1_mpr_ns_sag_p2_iso",
    "SliceThickness": 1,
    "SoftwareVersions": "syngo_MR_B19",
    "dataset": "ds002422",
    "modality": "T1w",
    "subject_id": "32"
  },
  "cjv": 0.394424323100619,
  "cnr": 3.3739799812994846,
  "efc": 0.5530461354840832,
  "fber": 2144.580078125,
  "fwhm_avg": 3.6566607969087594,
  "fwhm_x": 3.57916,
  "fwhm_y": 3.619440860913138,
  "fwhm_z": 3.7713815298131395,
  "icvs_csf": 0.21778349654448442,
  "icvs_gm": 0.43097996500594,
  "icvs_wm": 0.3512365384495756,
  "inu_med": 1.4105701446533203,
  "inu_range": 0.2138254404067994,
  "provenance": {
    "md5sum": "c76c6e22473ed46d3990869d73a23d42",
    "settings": {
      "testing": false
    },
    "software": "mriqc",
    "version": "21.0.0rc2",
    "warnings": {
      "large_rot_frame": true,
      "small_air_mask": false
    },
    "webapi_port": null,
    "webapi_url": "https://mriqc.nimh.nih.gov/api/v1"
  },
  "qi_1": 0.0,
  "qi_2": 0.00511511882492991,
  "rpve_csf": 22.18694857324537,
  "rpve_gm": 11.606838061036889,
  "rpve_wm": 16.44998361532226,
  "size_x": 176,
  "size_y": 256,
  "size_z": 256,
  "snr_csf": 3.2158970947282275,
  "snr_gm": 15.485661138749416,
  "snr_total": 13.453623456066545,
  "snr_wm": 21.65931213472199,
  "snrd_csf": 32.29375393031871,
  "snrd_gm": 70.82337427390462,
  "snrd_total": 65.07226680331274,
  "snrd_wm": 92.09967220571491,
  "spacing_x": 1.0,
  "spacing_y": 0.9765624403953552,
  "spacing_z": 0.9765625596046448,
  "summary_bg_k": 3.342435106751722,
  "summary_bg_mad": 7.1135485648041135,
  "summary_bg_mean": 13.70508861541748,
  "summary_bg_median": 11.131579399108887,
  "summary_bg_n": 2437249.0,
  "summary_bg_p05": 2.1399667263031006,
  "summary_bg_p95": 31.995628356933594,
  "summary_bg_stdv": 9.52053451538086,
  "summary_csf_k": 53.1227854956449,
  "summary_csf_mad": 83.56000488503268,
  "summary_csf_mean": 371.22393798828125,
  "summary_csf_median": 350.6494140625,
  "summary_csf_n": 39792.0,
  "summary_csf_p05": 242.08292465209962,
  "summary_csf_p95": 563.832339477539,
  "summary_csf_stdv": 109.03489685058594,
  "summary_gm_k": 0.3979578976722733,
  "summary_gm_mad": 47.65954414295004,
  "summary_gm_mean": 770.2015991210938,
  "summary_gm_median": 769.0086059570312,
  "summary_gm_n": 19655.0,
  "summary_gm_p05": 690.8875549316406,
  "summary_gm_p95": 854.6017028808594,
  "summary_gm_stdv": 49.65813446044922,
  "summary_wm_k": 0.6235081546486376,
  "summary_wm_mad": 43.46058734710672,
  "summary_wm_mean": 999.7301025390625,
  "summary_wm_median": 1000.0291748046875,
  "summary_wm_n": 214499.0,
  "summary_wm_p05": 923.4672546386719,
  "summary_wm_p95": 1074.2098022460937,
  "summary_wm_stdv": 46.17075729370117,
  "tpm_overlap_csf": 0.18608875572681427,
  "tpm_overlap_gm": 0.4688921272754669,
  "tpm_overlap_wm": 0.5277962684631348,
  "wm2max": 0.5912534127439815
}