{
  "bids_meta": {
    "AcquisitionMatrixPE": 246,
    "BaseResolution": 256,
    "CoilString": "T:HE1-4;NE2",
    "DwellTime": 1.5e-05,
    "EchoTime": 0.00291,
    "FlipAngle": 15,
    "ImagingFrequency": 63.6572,
    "InversionTime": 1.1,
    "MagneticFieldStrength": 1.5,
    "Manufacturer": "Siemens",
    "ManufacturersModelName": "Avanto",
    "PartialFourier": 1,
    "PercentPhaseFOV": 100,
    "PhaseEncodingSteps": 307,
    "PhaseOversampling": 0.25,
    "PhaseResolution": 0.96,
    "PixelBandwidth": 130,
    "ProtocolName": "t1_mpr_ns_sag_p2_iso",
    "PulseSequenceDetails": "%SiemensSeq%_tfl",
    "ReceiveCoilName": "NeckMatrix",
    "ReconMatrixPE": 256,
    "RepetitionTime": 1.9,
    "ScanOptions": "IR",
    "ScanningSequence": "GR_IR",
    "SequenceName": "_tfl3d1_ns",
    "SequenceVariant": "SP_MP_OSP",
    "SeriesDescription": "t1_mpr_ns_sag_p2_iso",
    "SliceThickness": 1,
    "SoftwareVersions": "syngo_MR_B19",
    "dataset": "ds002422",
    "modality": "T1w",
    "subject_id": "40"
  },
  "cjv": 0.41419065923095927,
  "cnr": 3.278030606060242,
  "efc": 0.5130421352180536,
  "fber": 2285.2890625,
  "fwhm_avg": 3.3836808145902126,
  "fwhm_x": 3.33452,
  "fwhm_y": 3.338578123770638,
  "fwhm_z": 3.47794432,
  "icvs_csf": 0.1819475278619881,
  "icvs_gm": 0.46167288462835226,
  "icvs_wm": 0.35637958750965965,
  "inu_med": 1.4699777364730835,
  "inu_range": 0.19680675864219666,
  "provenance": {
    "md5sum": "8a779ab5a56a971a95e36390cb7883f5",
    "settings": {
      "testing": false
    },
    "software": "mriqc",
    "version": "21.0.0rc2",
    "warnings": {
      "large_rot_frame": true,
      "small_air_mask": false
    },
    "webapi_port": null,
    "webapi_url": "https://mriqc.nimh.nih.gov/api/v1"
  },
  "qi_1": 0.0,
  "qi_2": 0.002828816678073311,
  "rpve_csf": 29.664445335852278,
  "rpve_gm": 12.965529021898808,
  "rpve_wm": 18.784510139262157,
  "size_x": 176,
  "size_y": 256,
  "size_z": 256,
  "snr_csf": 3.179787052988337,
  "snr_gm": 14.795437845516089,
  "snr_total": 13.393823514051226,
  "snr_wm": 22.206245643649247,
  "snrd_csf": 29.32160010453352,
  "snrd_gm": 59.80490393827854,
  "snrd_total": 55.55144026031021,
  "snrd_wm": 77.52781673811857,
  "spacing_x": 1.0,
  "spacing_y": 0.9765624403953552,
  "spacing_z": 0.9765625,
  "summary_bg_k": 4.2543485693809995,
  "summary_bg_mad": 8.450527309531951,
  "summary_bg_mean": 15.563383102416992,
  "summary_bg_median": 13.228540420532227,
  "summary_bg_n": 2760398.0,
  "summary_bg_p05": 1.9045924067497253,
  "summary_bg_p95": 36.03791427612305,
  "summary_bg_stdv": 10.823955535888672,
  "summary_csf_k": 2.7442179566859135,
  "summary_csf_mad": 116.56039198519503,
  "summary_csf_mean": 405.28515625,
  "summary_csf_median": 378.21588134765625,
  "summary_csf_n": 17850.0,
  "summary_csf_p05": 246.59842529296876,
  "summary_csf_p95": 617.6005126953125,
  "summary_csf_stdv": 118.94044494628906,
  "summary_gm_k": 0.34884003123761476,
  "summary_gm_mad": 50.36671389819435,
  "summary_gm_mean": 772.618408203125,
  "summary_gm_median": 771.4164428710938,
  "summary_gm_n": 24166.0,
  "summary_gm_p05": 689.3829193115234,
  "summary_gm_p95": 861.4874267578125,
  "summary_gm_stdv": 52.137725830078125,
  "summary_wm_k": 0.19559458360783788,
  "summary_wm_mad": 44.31966230812863,
  "summary_wm_mean": 1000.0814208984375,
  "summary_wm_median": 1000.022216796875,
  "summary_wm_n": 176710.0,
  "summary_wm_p05": 926.4368560791015,
  "summary_wm_p95": 1074.3315795898438,
  "summary_wm_stdv": 45.03324890136719,
  "tpm_overlap_csf": 0.17116668820381165,
  "tpm_overlap_gm": 0.46767520904541016,
  "tpm_overlap_wm": 0.5144104957580566,
  "wm2max": 0.5335442689862961
}