{
  "aor": 0.0027853333333333332,
  "aqi": 0.034961865714285716,
  "bids_meta": {
    "AcquisitionMatrixPE": 64,
    "BandwidthPerPixelPhaseEncode": 33.245,
    "BaseResolution": 64,
    "BodyPartExamined": "HEAD",
    "DerivedVendorReportedEchoSpacing": 0.000469996,
    "DwellTime": 3e-06,
    "EchoTime": 0.05,
    "EffectiveEchoSpacing": 0.000469995,
    "FlipAngle": 90,
    "ImageType": [
      "ORIGINAL",
      "PRIMARY",
      "FMRI",
      "NONE",
      "ND",
      "MOSAIC"
    ],
    "InPlanePhaseEncodingDirectionDICOM": "COL",
    "Instructions": "During the main condition, participants were visually presented with already solved sums (arithmetic operations of addition, subtraction, multiplication, and division with simple and double-digit numbers). The control condition stimuli were digit lines with non-mathematical characters instead of arithmetic signs. Participants responded with one of three buttons on the MR-compatible response box, depending on whether the stimulus sum had been solved correctly, incorrectly or just had not been an arithmetic exercise.",
    "MRAcquisitionType": "2D",
    "MagneticFieldStrength": 1.5,
    "Manufacturer": "Siemens",
    "ManufacturersModelName": "Avanto",
    "NumberOfVolumesDiscardedByUser": 3,
    "PartialFourier": 1,
    "PatientPosition": "HFS",
    "PercentPhaseFOV": 100,
    "PhaseEncodingDirection": "j-",
    "PhaseEncodingSteps": 64,
    "PhaseResolution": 1,
    "PixelBandwidth": 2604,
    "ProcedureStepDescription": "head_NEURO",
    "PulseSequenceDetails": "%SiemensSeq%_ep2d_bold",
    "ReceiveCoilName": "HeadMatrix",
    "ReconMatrixPE": 64,
    "RepetitionTime": 2.1,
    "ScanOptions": "FS",
    "ScanningSequence": "EP",
    "SequenceName": "_epfid2d1_64",
    "SequenceVariant": "SK",
    "SliceThickness": 3,
    "SliceTiming": [
      1.055,
      0,
      1.1425,
      0.0875,
      1.23,
      0.1775,
      1.3175,
      0.265,
      1.405,
      0.3525,
      1.495,
      0.44,
      1.5825,
      0.5275,
      1.67,
      0.615,
      1.7575,
      0.7025,
      1.845,
      0.79,
      1.9325,
      0.88,
      2.02,
      0.9675
    ],
    "SoftwareVersions": "syngo_MR_B19",
    "SpacingBetweenSlices": 3.3,
    "TaskName": "arithm_run-01",
    "TotalReadoutTime": 0.0296097,
    "dataset": "ds002422",
    "modality": "bold",
    "run_id": 1,
    "subject_id": "11",
    "task_id": "arithm"
  },
  "dummy_trs": 0,
  "dvars_nstd": 52.381640256411465,
  "dvars_std": 1.0836083521052633,
  "dvars_vstd": 1.0355071838277516,
  "efc": 0.6079996730480525,
  "fber": 361.19537353515625,
  "fd_mean": 0.42797114410793463,
  "fd_num": 165,
  "fd_perc": 78.57142857142857,
  "fwhm_avg": 1.6622196640674387,
  "fwhm_x": 1.5255133333333333,
  "fwhm_y": 1.75337,
  "fwhm_z": 1.7077756588689827,
  "gcor": 0.0151975,
  "gsr_x": 0.01184666808694601,
  "gsr_y": 0.016363777220249176,
  "provenance": {
    "md5sum": "1f9aca3704fda7e8474b7e331e3e94ad",
    "settings": {
      "fd_thres": 0.2,
      "testing": false
    },
    "software": "mriqc",
    "version": "21.0.0rc2",
    "webapi_port": null,
    "webapi_url": "https://mriqc.nimh.nih.gov/api/v1"
  },
  "size_t": 210,
  "size_x": 64,
  "size_y": 64,
  "size_z": 24,
  "snr": 6.564760513835901,
  "spacing_tr": 2.0999999046325684,
  "spacing_x": 3.0,
  "spacing_y": 3.0,
  "spacing_z": 3.3000001907348633,
  "summary_bg_k": 31.020437501134722,
  "summary_bg_mad": 3.9183050552392866,
  "summary_bg_mean": 35.776851654052734,
  "summary_bg_median": 26.85714340209961,
  "summary_bg_n": 49941.0,
  "summary_bg_p05": 23.204763412475586,
  "summary_bg_p95": 72.37142944335938,
  "summary_bg_stdv": 27.98371696472168,
  "summary_fg_k": 1.2404852503827772,
  "summary_fg_mad": 72.25568329136134,
  "summary_fg_mean": 516.259033203125,
  "summary_fg_median": 507.9476318359375,
  "summary_fg_n": 24644.0,
  "summary_fg_p05": 407.88312377929685,
  "summary_fg_p95": 652.9364440917968,
  "summary_fg_stdv": 77.37332153320312,
  "tsnr": 28.554880764568225
}