{
  "aor": 0.0010569000000000002,
  "aqi": 0.012224120350000001,
  "bids_meta": {
    "AcquisitionMatrixPE": 64,
    "BandwidthPerPixelPhaseEncode": 34.722,
    "BaseResolution": 64,
    "BodyPartExamined": "HEAD",
    "DelayTime": 0.5,
    "DerivedVendorReportedEchoSpacing": 0.000450003,
    "DwellTime": 3e-06,
    "EchoTime": 0.05,
    "EffectiveEchoSpacing": 0.000450003,
    "FlipAngle": 90,
    "ImageType": [
      "ORIGINAL",
      "PRIMARY",
      "FMRI",
      "NONE",
      "ND",
      "MOSAIC"
    ],
    "InPlanePhaseEncodingDirectionDICOM": "COL",
    "Instructions": "Participants were asked to close their eyes, to not fall asleep, and to avoid consistent thinking about one topic during the period of scanning",
    "MRAcquisitionType": "2D",
    "MagneticFieldStrength": 1.5,
    "Manufacturer": "Siemens",
    "ManufacturersModelName": "Avanto",
    "NumberOfVolumesDiscardedByUser": 3,
    "PartialFourier": 1,
    "PatientPosition": "HFS",
    "PercentPhaseFOV": 100,
    "PhaseEncodingDirection": "j-",
    "PhaseEncodingSteps": 64,
    "PhaseResolution": 1,
    "PixelBandwidth": 2604,
    "ProcedureStepDescription": "head_NEURO",
    "PulseSequenceDetails": "%SiemensSeq%_ep2d_bold",
    "ReceiveCoilName": "HeadMatrix",
    "ReconMatrixPE": 64,
    "RepetitionTime": 3.56,
    "ScanOptions": "FS",
    "ScanningSequence": "EP",
    "SequenceName": "_epfid2d1_64",
    "SequenceVariant": "SK",
    "SliceThickness": 3.6,
    "SliceTiming": [
      1.535,
      0,
      1.62,
      0.085,
      1.705,
      0.17,
      1.79,
      0.255,
      1.8775,
      0.34,
      1.9625,
      0.425,
      2.0475,
      0.51,
      2.1325,
      0.595,
      2.2175,
      0.6825,
      2.3025,
      0.7675,
      2.3875,
      0.8525,
      2.4725,
      0.9375,
      2.56,
      1.0225,
      2.645,
      1.1075,
      2.73,
      1.1925,
      2.815,
      1.28,
      2.9,
      1.365,
      2.985,
      1.45
    ],
    "SoftwareVersions": "syngo_MR_B19",
    "SpacingBetweenSlices": 3.78,
    "TaskName": "rest",
    "TotalReadoutTime": 0.0283502,
    "dataset": "ds002422",
    "modality": "bold",
    "subject_id": "11",
    "task_id": "rest"
  },
  "dummy_trs": 0,
  "dvars_nstd": 30.62858333286432,
  "dvars_std": 1.0331168273869342,
  "dvars_vstd": 0.9803277278894472,
  "efc": 0.4898607081284179,
  "fber": 516.484375,
  "fd_mean": 0.21704252115002398,
  "fd_num": 74,
  "fd_perc": 37.0,
  "fwhm_avg": 1.569681098982194,
  "fwhm_x": 1.5010059130434783,
  "fwhm_y": 1.6371590651350645,
  "fwhm_z": 1.5708783187680395,
  "gcor": 0.00623199,
  "gsr_x": -0.008902136236429214,
  "gsr_y": 0.018200283870100975,
  "provenance": {
    "md5sum": "f403c56cbf85d4509c5ab86f9d1f6f12",
    "settings": {
      "fd_thres": 0.2,
      "testing": false
    },
    "software": "mriqc",
    "version": "21.0.0rc2",
    "webapi_port": null,
    "webapi_url": "https://mriqc.nimh.nih.gov/api/v1"
  },
  "size_t": 200,
  "size_x": 64,
  "size_y": 64,
  "size_z": 36,
  "snr": 5.193856602453794,
  "spacing_tr": 3.559999942779541,
  "spacing_x": 3.59375,
  "spacing_y": 3.593749761581421,
  "spacing_z": 3.7799999713897705,
  "summary_bg_k": 163.86739419587735,
  "summary_bg_mad": 2.9726162038544337,
  "summary_bg_mean": 33.56332778930664,
  "summary_bg_median": 24.529998779296875,
  "summary_bg_n": 98921.0,
  "summary_bg_p05": 21.314998626708984,
  "summary_bg_p95": 71.7249984741211,
  "summary_bg_stdv": 37.222007751464844,
  "summary_fg_k": 2.19227550111676,
  "summary_fg_mad": 90.31268156355983,
  "summary_fg_mean": 578.3115234375,
  "summary_fg_median": 559.7749633789062,
  "summary_fg_n": 19185.0,
  "summary_fg_p05": 437.72999267578126,
  "summary_fg_p95": 776.4399658203124,
  "summary_fg_stdv": 107.77355194091797,
  "tsnr": 46.78417159430683
}