{
  "aor": 0.0013993809523809523,
  "aqi": 0.043217700000000005,
  "bids_meta": {
    "AcquisitionMatrixPE": 64,
    "BandwidthPerPixelPhaseEncode": 33.245,
    "BaseResolution": 64,
    "BodyPartExamined": "HEAD",
    "DerivedVendorReportedEchoSpacing": 0.000469996,
    "DwellTime": 3e-06,
    "EchoTime": 0.05,
    "EffectiveEchoSpacing": 0.000469995,
    "FlipAngle": 90,
    "ImageType": [
      "ORIGINAL",
      "PRIMARY",
      "FMRI",
      "NONE",
      "ND",
      "MOSAIC"
    ],
    "InPlanePhaseEncodingDirectionDICOM": "COL",
    "Instructions": "During the main condition, participants were visually presented with already solved sums (arithmetic operations of addition, subtraction, multiplication, and division with simple and double-digit numbers). The control condition stimuli were digit lines with non-mathematical characters instead of arithmetic signs. Participants responded with one of three buttons on the MR-compatible response box, depending on whether the stimulus sum had been solved correctly, incorrectly or just had not been an arithmetic exercise.",
    "MRAcquisitionType": "2D",
    "MagneticFieldStrength": 1.5,
    "Manufacturer": "Siemens",
    "ManufacturersModelName": "Avanto",
    "NumberOfVolumesDiscardedByUser": 3,
    "PartialFourier": 1,
    "PatientPosition": "HFS",
    "PercentPhaseFOV": 100,
    "PhaseEncodingDirection": "j-",
    "PhaseEncodingSteps": 64,
    "PhaseResolution": 1,
    "PixelBandwidth": 2604,
    "ProcedureStepDescription": "head_NEURO",
    "PulseSequenceDetails": "%SiemensSeq%_ep2d_bold",
    "ReceiveCoilName": "HeadMatrix",
    "ReconMatrixPE": 64,
    "RepetitionTime": 2.1,
    "ScanOptions": "FS",
    "ScanningSequence": "EP",
    "SequenceName": "_epfid2d1_64",
    "SequenceVariant": "SK",
    "SliceThickness": 3,
    "SliceTiming": [
      1.055,
      0,
      1.1425,
      0.09,
      1.23,
      0.1775,
      1.3175,
      0.265,
      1.4075,
      0.3525,
      1.495,
      0.44,
      1.5825,
      0.5275,
      1.67,
      0.615,
      1.7575,
      0.705,
      1.845,
      0.7925,
      1.9325,
      0.88,
      2.0225,
      0.9675
    ],
    "SoftwareVersions": "syngo_MR_B19",
    "SpacingBetweenSlices": 3.3,
    "TaskName": "arithm_run-02",
    "TotalReadoutTime": 0.0296097,
    "dataset": "ds002422",
    "modality": "bold",
    "run_id": 2,
    "subject_id": "11",
    "task_id": "arithm"
  },
  "dummy_trs": 0,
  "dvars_nstd": 57.35350244650717,
  "dvars_std": 1.0552915188516745,
  "dvars_vstd": 1.0055047243540676,
  "efc": 0.6102207784248186,
  "fber": 350.7197570800781,
  "fd_mean": 0.5857883655660581,
  "fd_num": 188,
  "fd_perc": 89.52380952380952,
  "fwhm_avg": 1.6633230990505676,
  "fwhm_x": 1.5467733333333333,
  "fwhm_y": 1.7686233333333332,
  "fwhm_z": 1.674572630485036,
  "gcor": 0.0117045,
  "gsr_x": 0.010753009468317032,
  "gsr_y": 0.016045687720179558,
  "provenance": {
    "md5sum": "2238b6666c8fb0a1cc30b366956fa5bf",
    "settings": {
      "fd_thres": 0.2,
      "testing": false
    },
    "software": "mriqc",
    "version": "21.0.0rc2",
    "webapi_port": null,
    "webapi_url": "https://mriqc.nimh.nih.gov/api/v1"
  },
  "size_t": 210,
  "size_x": 64,
  "size_y": 64,
  "size_z": 24,
  "snr": 6.571767577581176,
  "spacing_tr": 2.0999999046325684,
  "spacing_x": 3.0,
  "spacing_y": 3.0,
  "spacing_z": 3.3000001907348633,
  "summary_bg_k": 30.50158169635519,
  "summary_bg_mad": 4.447806655516806,
  "summary_bg_mean": 35.83012008666992,
  "summary_bg_median": 27.095239639282227,
  "summary_bg_n": 49678.0,
  "summary_bg_p05": 22.71428680419922,
  "summary_bg_p95": 71.82191009521473,
  "summary_bg_stdv": 27.92608070373535,
  "summary_fg_k": 1.2228676306776256,
  "summary_fg_mad": 72.89459399471575,
  "summary_fg_mean": 515.4033203125,
  "summary_fg_median": 507.0381164550781,
  "summary_fg_n": 24871.0,
  "summary_fg_p05": 407.39764404296875,
  "summary_fg_p95": 649.7452392578125,
  "summary_fg_stdv": 77.1524429321289,
  "tsnr": 27.073968657350633
}