{
  "aor": 0.0004339047619047619,
  "aqi": 0.022825691428571427,
  "bids_meta": {
    "AcquisitionMatrixPE": 64,
    "BandwidthPerPixelPhaseEncode": 33.245,
    "BaseResolution": 64,
    "BodyPartExamined": "HEAD",
    "DerivedVendorReportedEchoSpacing": 0.000469996,
    "DwellTime": 3e-06,
    "EchoTime": 0.05,
    "EffectiveEchoSpacing": 0.000469995,
    "FlipAngle": 90,
    "ImageType": [
      "ORIGINAL",
      "PRIMARY",
      "FMRI",
      "NONE",
      "ND",
      "MOSAIC"
    ],
    "InPlanePhaseEncodingDirectionDICOM": "COL",
    "Instructions": "During the main condition, participants were visually presented with already solved sums (arithmetic operations of addition, subtraction, multiplication, and division with simple and double-digit numbers). The control condition stimuli were digit lines with non-mathematical characters instead of arithmetic signs. Participants responded with one of three buttons on the MR-compatible response box, depending on whether the stimulus sum had been solved correctly, incorrectly or just had not been an arithmetic exercise.",
    "MRAcquisitionType": "2D",
    "MagneticFieldStrength": 1.5,
    "Manufacturer": "Siemens",
    "ManufacturersModelName": "Avanto",
    "NumberOfVolumesDiscardedByUser": 3,
    "PartialFourier": 1,
    "PatientPosition": "HFS",
    "PercentPhaseFOV": 100,
    "PhaseEncodingDirection": "j-",
    "PhaseEncodingSteps": 64,
    "PhaseResolution": 1,
    "PixelBandwidth": 2604,
    "ProcedureStepDescription": "head_NEURO",
    "PulseSequenceDetails": "%SiemensSeq%_ep2d_bold",
    "ReceiveCoilName": "HeadMatrix",
    "ReconMatrixPE": 64,
    "RepetitionTime": 2.1,
    "ScanOptions": "FS",
    "ScanningSequence": "EP",
    "SequenceName": "_epfid2d1_64",
    "SequenceVariant": "SK",
    "SliceThickness": 3,
    "SliceTiming": [
      1.0525,
      0,
      1.14,
      0.0875,
      1.23,
      0.175,
      1.3175,
      0.2625,
      1.405,
      0.35,
      1.4925,
      0.4375,
      1.58,
      0.5275,
      1.6675,
      0.615,
      1.755,
      0.7025,
      1.845,
      0.79,
      1.9325,
      0.8775,
      2.02,
      0.965
    ],
    "SoftwareVersions": "syngo_MR_B19",
    "SpacingBetweenSlices": 3.3,
    "TaskName": "arithm_run-01",
    "TotalReadoutTime": 0.0296097,
    "dataset": "ds002422",
    "modality": "bold",
    "run_id": 1,
    "subject_id": "07",
    "task_id": "arithm"
  },
  "dummy_trs": 0,
  "dvars_nstd": 41.27697739282298,
  "dvars_std": 1.012924280526316,
  "dvars_vstd": 1.012612730334928,
  "efc": 0.6655779233122895,
  "fber": 177.05831909179688,
  "fd_mean": 0.0754727741991961,
  "fd_num": 5,
  "fd_perc": 2.380952380952381,
  "fwhm_avg": 1.5720026799762143,
  "fwhm_x": 1.3668433333333334,
  "fwhm_y": 1.7339434711347796,
  "fwhm_z": 1.6152212354605304,
  "gcor": 0.0071835,
  "gsr_x": -0.006108603440225124,
  "gsr_y": 0.06014782562851906,
  "provenance": {
    "md5sum": "732d4d2b1ee05cb229531d61eea2ed6a",
    "settings": {
      "fd_thres": 0.2,
      "testing": false
    },
    "software": "mriqc",
    "version": "21.0.0rc2",
    "webapi_port": null,
    "webapi_url": "https://mriqc.nimh.nih.gov/api/v1"
  },
  "size_t": 210,
  "size_x": 64,
  "size_y": 64,
  "size_z": 24,
  "snr": 7.109909736957419,
  "spacing_tr": 2.0999999046325684,
  "spacing_x": 3.0,
  "spacing_y": 2.999999761581421,
  "spacing_z": 3.299999952316284,
  "summary_bg_k": 8.396378602987664,
  "summary_bg_mad": 8.168434431317282,
  "summary_bg_mean": 56.39411544799805,
  "summary_bg_median": 40.92381286621094,
  "summary_bg_n": 47526.0,
  "summary_bg_p05": 33.85238265991211,
  "summary_bg_p95": 130.40119552612305,
  "summary_bg_stdv": 34.005279541015625,
  "summary_fg_k": 1.0276807316960417,
  "summary_fg_mad": 78.6485004500861,
  "summary_fg_mean": 547.611572265625,
  "summary_fg_median": 543.3857421875,
  "summary_fg_n": 27167.0,
  "summary_fg_p05": 441.74907836914065,
  "summary_fg_p95": 677.5524291992188,
  "summary_fg_stdv": 76.42512512207031,
  "tsnr": 32.68680114089511
}