{
  "bids_meta": {
    "AcquisitionMatrixPE": 246,
    "BaseResolution": 256,
    "CoilString": "T:HE1-4;NE2",
    "DwellTime": 1.5e-05,
    "EchoTime": 0.00291,
    "FlipAngle": 15,
    "ImagingFrequency": 63.6572,
    "InversionTime": 1.1,
    "MagneticFieldStrength": 1.5,
    "Manufacturer": "Siemens",
    "ManufacturersModelName": "Avanto",
    "PartialFourier": 1,
    "PercentPhaseFOV": 100,
    "PhaseEncodingSteps": 307,
    "PhaseOversampling": 0.25,
    "PhaseResolution": 0.96,
    "PixelBandwidth": 130,
    "ProtocolName": "t1_mpr_ns_sag_p2_iso",
    "PulseSequenceDetails": "%SiemensSeq%_tfl",
    "ReceiveCoilName": "NeckMatrix",
    "ReconMatrixPE": 256,
    "RepetitionTime": 1.9,
    "ScanOptions": "IR",
    "ScanningSequence": "GR_IR",
    "SequenceName": "_tfl3d1_ns",
    "SequenceVariant": "SP_MP_OSP",
    "SeriesDescription": "t1_mpr_ns_sag_p2_iso",
    "SliceThickness": 1,
    "SoftwareVersions": "syngo_MR_B19",
    "dataset": "ds002422",
    "modality": "T1w",
    "subject_id": "01"
  },
  "cjv": 0.5392216874607586,
  "cnr": 2.5866077360579998,
  "efc": 0.5630178232592864,
  "fber": 1340.09130859375,
  "fwhm_avg": 3.5516961814529213,
  "fwhm_x": 3.45516,
  "fwhm_y": 3.6758939843587637,
  "fwhm_z": 3.52403456,
  "icvs_csf": 0.1798163282084463,
  "icvs_gm": 0.4241326075224467,
  "icvs_wm": 0.396051064269107,
  "inu_med": 1.3141716718673706,
  "inu_range": 0.17613039016723642,
  "provenance": {
    "md5sum": "58dd3b57312052d9a3f6400ca8862cdb",
    "settings": {
      "testing": false
    },
    "software": "mriqc",
    "version": "21.0.0rc2",
    "warnings": {
      "large_rot_frame": true,
      "small_air_mask": false
    },
    "webapi_port": null,
    "webapi_url": "https://mriqc.nimh.nih.gov/api/v1"
  },
  "qi_1": 0.0,
  "qi_2": 0.002671850452588655,
  "rpve_csf": 30.02530338915554,
  "rpve_gm": 13.634576505990166,
  "rpve_wm": 17.036693657581413,
  "size_x": 176,
  "size_y": 256,
  "size_z": 256,
  "snr_csf": 2.905478473088173,
  "snr_gm": 14.623152633906313,
  "snr_total": 12.256158793411883,
  "snr_wm": 19.239845273241162,
  "snrd_csf": 25.393499550345382,
  "snrd_gm": 56.45452914460029,
  "snrd_total": 50.7451289790392,
  "snrd_wm": 70.38735824217191,
  "spacing_x": 1.0,
  "spacing_y": 0.9765624403953552,
  "spacing_z": 0.9765625,
  "summary_bg_k": 3.720579899393937,
  "summary_bg_mad": 9.307997118262982,
  "summary_bg_mean": 17.643386840820312,
  "summary_bg_median": 14.48341178894043,
  "summary_bg_n": 2202397.0,
  "summary_bg_p05": 4.072391414642334,
  "summary_bg_p95": 40.906612396240234,
  "summary_bg_stdv": 12.112933158874512,
  "summary_csf_k": 1.1206434095598121,
  "summary_csf_mad": 117.44351489174721,
  "summary_csf_mean": 385.841552734375,
  "summary_csf_median": 360.7838439941406,
  "summary_csf_n": 21325.0,
  "summary_csf_p05": 222.30619201660156,
  "summary_csf_p95": 619.1203857421875,
  "summary_csf_stdv": 124.17073059082031,
  "summary_gm_k": 0.058108724845924,
  "summary_gm_mad": 54.749683853908955,
  "summary_gm_mean": 802.9177856445312,
  "summary_gm_median": 802.0903930664062,
  "summary_gm_n": 25851.0,
  "summary_gm_p05": 715.286865234375,
  "summary_gm_p95": 895.2379455566406,
  "summary_gm_stdv": 54.84965515136719,
  "summary_wm_k": 0.07627676737026912,
  "summary_wm_mad": 51.99129627300094,
  "summary_wm_mean": 1001.0377807617188,
  "summary_wm_median": 1000.044189453125,
  "summary_wm_n": 202278.0,
  "summary_wm_p05": 917.4110748291016,
  "summary_wm_p95": 1087.6497192382812,
  "summary_wm_stdv": 51.977638244628906,
  "tpm_overlap_csf": 0.18774819374084473,
  "tpm_overlap_gm": 0.457515150308609,
  "tpm_overlap_wm": 0.5280125141143799,
  "wm2max": 0.4603404274664513
}