{
  "bids_meta": {
    "AcquisitionMatrixPE": 246,
    "BaseResolution": 256,
    "CoilString": "T:HE1-4;NE2",
    "DwellTime": 1.5e-05,
    "EchoTime": 0.00291,
    "FlipAngle": 15,
    "ImagingFrequency": 63.6572,
    "InversionTime": 1.1,
    "MagneticFieldStrength": 1.5,
    "Manufacturer": "Siemens",
    "ManufacturersModelName": "Avanto",
    "PartialFourier": 1,
    "PercentPhaseFOV": 100,
    "PhaseEncodingSteps": 307,
    "PhaseOversampling": 0.25,
    "PhaseResolution": 0.96,
    "PixelBandwidth": 130,
    "ProtocolName": "t1_mpr_ns_sag_p2_iso",
    "PulseSequenceDetails": "%SiemensSeq%_tfl",
    "ReceiveCoilName": "NeckMatrix",
    "ReconMatrixPE": 256,
    "RepetitionTime": 1.9,
    "ScanOptions": "IR",
    "ScanningSequence": "GR_IR",
    "SequenceName": "_tfl3d1_ns",
    "SequenceVariant": "SP_MP_OSP",
    "SeriesDescription": "t1_mpr_ns_sag_p2_iso",
    "SliceThickness": 1,
    "SoftwareVersions": "syngo_MR_B19",
    "dataset": "ds002422",
    "modality": "T1w",
    "subject_id": "20"
  },
  "cjv": 0.440128487791132,
  "cnr": 3.111820874215851,
  "efc": 0.508219886184504,
  "fber": 2517.924560546875,
  "fwhm_avg": 3.44882304,
  "fwhm_x": 3.38288,
  "fwhm_y": 3.45990144,
  "fwhm_z": 3.50368768,
  "icvs_csf": 0.18024561002586686,
  "icvs_gm": 0.4537485867428256,
  "icvs_wm": 0.36600580323130755,
  "inu_med": 1.511598825454712,
  "inu_range": 0.1749988555908204,
  "provenance": {
    "md5sum": "3a0a43eac92ab721b45d2b2672804051",
    "settings": {
      "testing": false
    },
    "software": "mriqc",
    "version": "21.0.0rc2",
    "warnings": {
      "large_rot_frame": true,
      "small_air_mask": false
    },
    "webapi_port": null,
    "webapi_url": "https://mriqc.nimh.nih.gov/api/v1"
  },
  "qi_1": 0.0,
  "qi_2": 0.004819884694140137,
  "rpve_csf": 30.490588673423243,
  "rpve_gm": 13.48177107074314,
  "rpve_wm": 18.9686202963142,
  "size_x": 176,
  "size_y": 256,
  "size_z": 256,
  "snr_csf": 2.8468174388624434,
  "snr_gm": 14.683580509423122,
  "snr_total": 13.344341891866017,
  "snr_wm": 22.502627727312486,
  "snrd_csf": 24.187518671371542,
  "snrd_gm": 57.25550915308871,
  "snrd_total": 51.547301793545614,
  "snrd_wm": 73.1988775561766,
  "spacing_x": 1.0,
  "spacing_y": 0.9765625,
  "spacing_z": 0.9765625,
  "summary_bg_k": 2.9818777780432715,
  "summary_bg_mad": 8.95028004022123,
  "summary_bg_mean": 13.998262405395508,
  "summary_bg_median": 12.149602890014648,
  "summary_bg_n": 2736826.0,
  "summary_bg_p05": 2.0277348160743713,
  "summary_bg_p95": 32.03718090057373,
  "summary_bg_stdv": 9.315600395202637,
  "summary_csf_k": 4.697269635500688,
  "summary_csf_mad": 91.54177364320171,
  "summary_csf_mean": 361.8143310546875,
  "summary_csf_median": 330.4427490234375,
  "summary_csf_n": 20761.0,
  "summary_csf_p05": 223.93606567382812,
  "summary_csf_p95": 592.2325439453125,
  "summary_csf_stdv": 116.07164764404297,
  "summary_gm_k": 0.1114708173394976,
  "summary_gm_mad": 52.63667707270687,
  "summary_gm_mean": 783.3502197265625,
  "summary_gm_median": 782.2078857421875,
  "summary_gm_n": 24344.0,
  "summary_gm_p05": 697.1640777587891,
  "summary_gm_p95": 871.7646179199219,
  "summary_gm_stdv": 53.26982879638672,
  "summary_wm_k": 0.18237543454813787,
  "summary_wm_mad": 43.22929271389747,
  "summary_wm_mean": 1000.007568359375,
  "summary_wm_median": 1000.021484375,
  "summary_wm_n": 180853.0,
  "summary_wm_p05": 926.63916015625,
  "summary_wm_p95": 1073.16513671875,
  "summary_wm_stdv": 44.440086364746094,
  "tpm_overlap_csf": 0.1763557642698288,
  "tpm_overlap_gm": 0.4634610712528229,
  "tpm_overlap_wm": 0.5204014182090759,
  "wm2max": 0.6150298004327818
}