{
  "bids_meta": {
    "AcquisitionMatrixPE": 246,
    "BaseResolution": 256,
    "CoilString": "T:HE1-4;NE2",
    "DwellTime": 1.5e-05,
    "EchoTime": 0.00291,
    "FlipAngle": 15,
    "ImagingFrequency": 63.6572,
    "InversionTime": 1.1,
    "MagneticFieldStrength": 1.5,
    "Manufacturer": "Siemens",
    "ManufacturersModelName": "Avanto",
    "PartialFourier": 1,
    "PercentPhaseFOV": 100,
    "PhaseEncodingSteps": 307,
    "PhaseOversampling": 0.25,
    "PhaseResolution": 0.96,
    "PixelBandwidth": 130,
    "ProtocolName": "t1_mpr_ns_sag_p2_iso",
    "PulseSequenceDetails": "%SiemensSeq%_tfl",
    "ReceiveCoilName": "NeckMatrix",
    "ReconMatrixPE": 256,
    "RepetitionTime": 1.9,
    "ScanOptions": "IR",
    "ScanningSequence": "GR_IR",
    "SequenceName": "_tfl3d1_ns",
    "SequenceVariant": "SP_MP_OSP",
    "SeriesDescription": "t1_mpr_ns_sag_p2_iso",
    "SliceThickness": 1,
    "SoftwareVersions": "syngo_MR_B19",
    "dataset": "ds002422",
    "modality": "T1w",
    "subject_id": "08"
  },
  "cjv": 0.8487497339472774,
  "cnr": 1.648122435231823,
  "efc": 0.6043736726741054,
  "fber": 1322.7431640625,
  "fwhm_avg": 3.5042739418955016,
  "fwhm_x": 3.401490202744615,
  "fwhm_y": 3.556280102941888,
  "fwhm_z": 3.55505152,
  "icvs_csf": 0.19912942215351068,
  "icvs_gm": 0.4412011341264718,
  "icvs_wm": 0.3596694437200176,
  "inu_med": 1.5455126762390137,
  "inu_range": 0.41141393184661856,
  "provenance": {
    "md5sum": "1113a6e2dca77105cd232f30b65f5277",
    "settings": {
      "testing": false
    },
    "software": "mriqc",
    "version": "21.0.0rc2",
    "warnings": {
      "large_rot_frame": true,
      "small_air_mask": false
    },
    "webapi_port": null,
    "webapi_url": "https://mriqc.nimh.nih.gov/api/v1"
  },
  "qi_1": 0.0,
  "qi_2": 0.003964086765334525,
  "rpve_csf": 24.018713273627082,
  "rpve_gm": 11.501784415831677,
  "rpve_wm": 15.958996921351481,
  "size_x": 176,
  "size_y": 256,
  "size_z": 256,
  "snr_csf": 3.2021183422487236,
  "snr_gm": 12.032341365405939,
  "snr_total": 10.046927824057283,
  "snr_wm": 14.906323764517184,
  "snrd_csf": 20.797429344443106,
  "snrd_gm": 47.12059347122053,
  "snrd_total": 41.3588804177502,
  "snrd_wm": 56.15861843758696,
  "spacing_x": 0.9999999403953552,
  "spacing_y": 0.9765625596046448,
  "spacing_z": 0.9765625,
  "summary_bg_k": 2.422995992070181,
  "summary_bg_mad": 11.666386121179189,
  "summary_bg_mean": 20.093008041381836,
  "summary_bg_median": 18.360950469970703,
  "summary_bg_n": 2027620.0,
  "summary_bg_p05": 2.645017611980438,
  "summary_bg_p95": 44.90800342559814,
  "summary_bg_stdv": 13.125545501708984,
  "summary_csf_k": 5.806559303588674,
  "summary_csf_mad": 89.39668785281626,
  "summary_csf_mean": 392.9338073730469,
  "summary_csf_median": 370.3516540527344,
  "summary_csf_n": 32617.0,
  "summary_csf_p05": 242.58330993652345,
  "summary_csf_p95": 621.9271728515622,
  "summary_csf_stdv": 115.65655517578125,
  "summary_gm_k": -0.0019256208095037586,
  "summary_gm_mad": 69.81387797738702,
  "summary_gm_mean": 838.1058349609375,
  "summary_gm_median": 839.1032104492188,
  "summary_gm_n": 21693.0,
  "summary_gm_p05": 722.7270141601563,
  "summary_gm_p95": 952.6806396484375,
  "summary_gm_stdv": 69.73571014404297,
  "summary_wm_k": 0.29018488321386116,
  "summary_wm_mad": 66.78836138347677,
  "summary_wm_mean": 1005.1103515625,
  "summary_wm_median": 1000.0484619140625,
  "summary_wm_n": 211772.0,
  "summary_wm_p05": 904.5701416015625,
  "summary_wm_p95": 1122.6186401367188,
  "summary_wm_stdv": 67.08871459960938,
  "tpm_overlap_csf": 0.1861386001110077,
  "tpm_overlap_gm": 0.47617343068122864,
  "tpm_overlap_wm": 0.5274701714515686,
  "wm2max": 0.5273489931688118
}