{
  "bids_meta": {
    "AcquisitionMatrixPE": 246,
    "BaseResolution": 256,
    "CoilString": "T:HE1-4;NE2",
    "DwellTime": 1.5e-05,
    "EchoTime": 0.00291,
    "FlipAngle": 15,
    "ImagingFrequency": 63.6572,
    "InversionTime": 1.1,
    "MagneticFieldStrength": 1.5,
    "Manufacturer": "Siemens",
    "ManufacturersModelName": "Avanto",
    "PartialFourier": 1,
    "PercentPhaseFOV": 100,
    "PhaseEncodingSteps": 307,
    "PhaseOversampling": 0.25,
    "PhaseResolution": 0.96,
    "PixelBandwidth": 130,
    "ProtocolName": "t1_mpr_ns_sag_p2_iso",
    "PulseSequenceDetails": "%SiemensSeq%_tfl",
    "ReceiveCoilName": "NeckMatrix",
    "ReconMatrixPE": 256,
    "RepetitionTime": 1.9,
    "ScanOptions": "IR",
    "ScanningSequence": "GR_IR",
    "SequenceName": "_tfl3d1_ns",
    "SequenceVariant": "SP_MP_OSP",
    "SeriesDescription": "t1_mpr_ns_sag_p2_iso",
    "SliceThickness": 1,
    "SoftwareVersions": "syngo_MR_B19",
    "dataset": "ds002422",
    "modality": "T1w",
    "subject_id": "27"
  },
  "cjv": 0.6707612838031641,
  "cnr": 2.1037834413550307,
  "efc": 0.5873890799699798,
  "fber": 1517.3092041015625,
  "fwhm_avg": 3.396097000278724,
  "fwhm_x": 3.3180701977723954,
  "fwhm_y": 3.410011951869388,
  "fwhm_z": 3.4602088511943876,
  "icvs_csf": 0.19537434966528103,
  "icvs_gm": 0.4509138481370494,
  "icvs_wm": 0.3537118021976696,
  "inu_med": 1.4289941787719727,
  "inu_range": 0.3100554585456847,
  "provenance": {
    "md5sum": "4407564a9b403ae4d1f1c3de7c73c1e0",
    "settings": {
      "testing": false
    },
    "software": "mriqc",
    "version": "21.0.0rc2",
    "warnings": {
      "large_rot_frame": true,
      "small_air_mask": false
    },
    "webapi_port": null,
    "webapi_url": "https://mriqc.nimh.nih.gov/api/v1"
  },
  "qi_1": 0.0,
  "qi_2": 0.0048524393895070655,
  "rpve_csf": 22.42231995515783,
  "rpve_gm": 10.530391113395883,
  "rpve_wm": 15.169544974134352,
  "size_x": 176,
  "size_y": 256,
  "size_z": 256,
  "snr_csf": 3.006260998330081,
  "snr_gm": 13.619296397312672,
  "snr_total": 11.024928614621738,
  "snr_wm": 16.449228448222463,
  "snrd_csf": 21.419074936710885,
  "snrd_gm": 50.78469836003735,
  "snrd_total": 44.750517373194384,
  "snrd_wm": 62.04777882283492,
  "spacing_x": 0.9999999403953552,
  "spacing_y": 0.9765625596046448,
  "spacing_z": 0.9765624403953552,
  "summary_bg_k": 2.3045029489674826,
  "summary_bg_mad": 10.559260872049961,
  "summary_bg_mean": 17.977516174316406,
  "summary_bg_median": 16.673276901245117,
  "summary_bg_n": 2210685.0,
  "summary_bg_p05": 2.4113749504089355,
  "summary_bg_p95": 40.534352874755854,
  "summary_bg_stdv": 11.731782913208008,
  "summary_csf_k": 2.036434375821689,
  "summary_csf_mad": 90.30582688106156,
  "summary_csf_mean": 370.8443298339844,
  "summary_csf_median": 345.2252197265625,
  "summary_csf_n": 33734.0,
  "summary_csf_p05": 230.8036201477051,
  "summary_csf_p95": 607.0089660644531,
  "summary_csf_stdv": 114.83370971679688,
  "summary_gm_k": 0.11393000185703661,
  "summary_gm_mad": 59.41104893445465,
  "summary_gm_mean": 819.7744140625,
  "summary_gm_median": 818.5301513671875,
  "summary_gm_n": 29143.0,
  "summary_gm_p05": 722.1785522460938,
  "summary_gm_p95": 919.9916625976563,
  "summary_gm_stdv": 60.099735260009766,
  "summary_wm_k": -0.1542955550920957,
  "summary_wm_mad": 62.355214246966185,
  "summary_wm_mean": 1001.8052978515625,
  "summary_wm_median": 1000.0645751953125,
  "summary_wm_n": 227376.0,
  "summary_wm_p05": 904.8233337402344,
  "summary_wm_p95": 1103.9387817382812,
  "summary_wm_stdv": 60.79691696166992,
  "tpm_overlap_csf": 0.1842590719461441,
  "tpm_overlap_gm": 0.4625992476940155,
  "tpm_overlap_wm": 0.5127279758453369,
  "wm2max": 0.5335681860424625
}