{
  "bids_meta": {
    "AcquisitionMatrixPE": 246,
    "BaseResolution": 256,
    "CoilString": "T:HE1-4;NE2",
    "DwellTime": 1.5e-05,
    "EchoTime": 0.00291,
    "FlipAngle": 15,
    "ImagingFrequency": 63.6572,
    "InversionTime": 1.1,
    "MagneticFieldStrength": 1.5,
    "Manufacturer": "Siemens",
    "ManufacturersModelName": "Avanto",
    "PartialFourier": 1,
    "PercentPhaseFOV": 100,
    "PhaseEncodingSteps": 307,
    "PhaseOversampling": 0.25,
    "PhaseResolution": 0.96,
    "PixelBandwidth": 130,
    "ProtocolName": "t1_mpr_ns_sag_p2_iso",
    "PulseSequenceDetails": "%SiemensSeq%_tfl",
    "ReceiveCoilName": "NeckMatrix",
    "ReconMatrixPE": 256,
    "RepetitionTime": 1.9,
    "ScanOptions": "IR",
    "ScanningSequence": "GR_IR",
    "SequenceName": "_tfl3d1_ns",
    "SequenceVariant": "SP_MP_OSP",
    "SeriesDescription": "t1_mpr_ns_sag_p2_iso",
    "SliceThickness": 1,
    "SoftwareVersions": "syngo_MR_B19",
    "dataset": "ds002422",
    "modality": "T1w",
    "subject_id": "07"
  },
  "cjv": 0.5285755590502117,
  "cnr": 2.6168148909625986,
  "efc": 0.5704927444219784,
  "fber": 1827.793701171875,
  "fwhm_avg": 3.414671449814796,
  "fwhm_x": 3.32158,
  "fwhm_y": 3.4497431494443878,
  "fwhm_z": 3.4726912000000003,
  "icvs_csf": 0.1749744553060114,
  "icvs_gm": 0.45166588880953346,
  "icvs_wm": 0.37335965588445513,
  "inu_med": 1.4210022687911987,
  "inu_range": 0.2517127990722656,
  "provenance": {
    "md5sum": "c0e43c39cdb9b45b5f0874dd64311e57",
    "settings": {
      "testing": false
    },
    "software": "mriqc",
    "version": "21.0.0rc2",
    "warnings": {
      "large_rot_frame": true,
      "small_air_mask": false
    },
    "webapi_port": null,
    "webapi_url": "https://mriqc.nimh.nih.gov/api/v1"
  },
  "qi_1": 0.0,
  "qi_2": 0.0035283772868621587,
  "rpve_csf": 27.023486528570754,
  "rpve_gm": 11.655895963062498,
  "rpve_wm": 15.975405202842177,
  "size_x": 176,
  "size_y": 256,
  "size_z": 256,
  "snr_csf": 3.3066654062240493,
  "snr_gm": 14.233383666440453,
  "snr_total": 12.453899804284452,
  "snr_wm": 19.821650340188857,
  "snrd_csf": 24.891245534251393,
  "snrd_gm": 54.58373065560707,
  "snrd_total": 49.23057769521315,
  "snrd_wm": 68.21675689578099,
  "spacing_x": 1.0,
  "spacing_y": 0.9765625596046448,
  "spacing_z": 0.9765625,
  "summary_bg_k": 2.60242022041656,
  "summary_bg_mad": 9.604340539223017,
  "summary_bg_mean": 17.027687072753906,
  "summary_bg_median": 15.075368881225586,
  "summary_bg_n": 2075317.0,
  "summary_bg_p05": 2.1704790592193604,
  "summary_bg_p95": 38.661231994628906,
  "summary_bg_stdv": 11.277562141418457,
  "summary_csf_k": 0.9515366208651246,
  "summary_csf_mad": 91.89093261903813,
  "summary_csf_mean": 387.3785095214844,
  "summary_csf_median": 364.9072265625,
  "summary_csf_n": 23938.0,
  "summary_csf_p05": 244.37721481323243,
  "summary_csf_p95": 610.4334564208983,
  "summary_csf_stdv": 110.35274505615234,
  "summary_gm_k": 0.04160747797238207,
  "summary_gm_mad": 55.76137164705426,
  "summary_gm_mean": 799.4376220703125,
  "summary_gm_median": 800.200927734375,
  "summary_gm_n": 25812.0,
  "summary_gm_p05": 705.3344757080079,
  "summary_gm_p95": 890.5461181640625,
  "summary_gm_stdv": 56.21891784667969,
  "summary_wm_k": 0.18782579853536552,
  "summary_wm_mad": 49.88028029067623,
  "summary_wm_mean": 1002.0699462890625,
  "summary_wm_median": 1000.0619506835938,
  "summary_wm_n": 218815.0,
  "summary_wm_p05": 922.9035339355469,
  "summary_wm_p95": 1087.8808715820312,
  "summary_wm_stdv": 50.45289611816406,
  "tpm_overlap_csf": 0.1838091015815735,
  "tpm_overlap_gm": 0.46954262256622314,
  "tpm_overlap_wm": 0.5167569518089294,
  "wm2max": 0.5659275548752498
}