{
  "bids_meta": {
    "AcquisitionMatrixPE": 246,
    "BaseResolution": 256,
    "CoilString": "T:HE1-4;NE2",
    "DwellTime": 1.5e-05,
    "EchoTime": 0.00291,
    "FlipAngle": 15,
    "ImagingFrequency": 63.6572,
    "InversionTime": 1.1,
    "MagneticFieldStrength": 1.5,
    "Manufacturer": "Siemens",
    "ManufacturersModelName": "Avanto",
    "PartialFourier": 1,
    "PercentPhaseFOV": 100,
    "PhaseEncodingSteps": 307,
    "PhaseOversampling": 0.25,
    "PhaseResolution": 0.96,
    "PixelBandwidth": 130,
    "ProtocolName": "t1_mpr_ns_sag_p2_iso",
    "PulseSequenceDetails": "%SiemensSeq%_tfl",
    "ReceiveCoilName": "NeckMatrix",
    "ReconMatrixPE": 256,
    "RepetitionTime": 1.9,
    "ScanOptions": "IR",
    "ScanningSequence": "GR_IR",
    "SequenceName": "_tfl3d1_ns",
    "SequenceVariant": "SP_MP_OSP",
    "SeriesDescription": "t1_mpr_ns_sag_p2_iso",
    "SliceThickness": 1,
    "SoftwareVersions": "syngo_MR_B19",
    "dataset": "ds002422",
    "modality": "T1w",
    "subject_id": "02"
  },
  "cjv": 0.5346531408227613,
  "cnr": 2.6067130047424163,
  "efc": 0.6022654365073875,
  "fber": 1159.983642578125,
  "fwhm_avg": 3.898645786666666,
  "fwhm_x": 3.77669,
  "fwhm_y": 4.0478003199999995,
  "fwhm_z": 3.87144704,
  "icvs_csf": 0.26366558478583213,
  "icvs_gm": 0.3620806636072147,
  "icvs_wm": 0.3742537516069532,
  "inu_med": 1.4891879558563232,
  "inu_range": 0.21972039341926575,
  "provenance": {
    "md5sum": "9114cbc6494c8d609df7c732fd6f011b",
    "settings": {
      "testing": false
    },
    "software": "mriqc",
    "version": "21.0.0rc2",
    "warnings": {
      "large_rot_frame": true,
      "small_air_mask": false
    },
    "webapi_port": null,
    "webapi_url": "https://mriqc.nimh.nih.gov/api/v1"
  },
  "qi_1": 0.0,
  "qi_2": 0.003345647411140963,
  "rpve_csf": 20.06185059330514,
  "rpve_gm": 12.737738775354352,
  "rpve_wm": 14.965827696241531,
  "size_x": 176,
  "size_y": 256,
  "size_z": 256,
  "snr_csf": 5.2078546352958925,
  "snr_gm": 11.677445611445616,
  "snr_total": 11.216068638521895,
  "snr_wm": 16.762905668824178,
  "snrd_csf": 19.134437621400537,
  "snrd_gm": 47.970132723871274,
  "snrd_total": 43.23541789179287,
  "snrd_wm": 62.60168333010681,
  "spacing_x": 1.0,
  "spacing_y": 0.9765625,
  "spacing_z": 0.9765625,
  "summary_bg_k": 8.73815582380733,
  "summary_bg_mad": 10.465346914496708,
  "summary_bg_mean": 18.81037139892578,
  "summary_bg_median": 16.434165954589844,
  "summary_bg_n": 2112505.0,
  "summary_bg_p05": 2.3626866817474363,
  "summary_bg_p95": 42.421289062499994,
  "summary_bg_stdv": 13.235697746276855,
  "summary_csf_k": 3.3331663153594624,
  "summary_csf_mad": 49.80304634331939,
  "summary_csf_mean": 309.68157958984375,
  "summary_csf_median": 305.6593017578125,
  "summary_csf_n": 127179.0,
  "summary_csf_p05": 224.87408752441405,
  "summary_csf_p95": 407.1513824462889,
  "summary_csf_stdv": 58.691749572753906,
  "summary_gm_k": -0.13304682531801326,
  "summary_gm_mad": 66.27903358886869,
  "summary_gm_mean": 767.0279541015625,
  "summary_gm_median": 766.2894287109375,
  "summary_gm_n": 7598.0,
  "summary_gm_p05": 658.9831756591797,
  "summary_gm_p95": 876.2652374267578,
  "summary_gm_stdv": 65.61700439453125,
  "summary_wm_k": 0.19887491691661818,
  "summary_wm_mad": 58.684814553069344,
  "summary_wm_mean": 1002.1383666992188,
  "summary_wm_median": 1000.0182495117188,
  "summary_wm_n": 184836.0,
  "summary_wm_p05": 907.2800903320312,
  "summary_wm_p95": 1103.0156860351562,
  "summary_wm_stdv": 59.656455993652344,
  "tpm_overlap_csf": 0.13085581362247467,
  "tpm_overlap_gm": 0.3788553774356842,
  "tpm_overlap_wm": 0.3672192096710205,
  "wm2max": 0.49601039620270687
}