{
  "aor": 0.0005007499999999999,
  "aqi": 0.00934631935,
  "bids_meta": {
    "AcquisitionMatrixPE": 64,
    "BandwidthPerPixelPhaseEncode": 34.722,
    "BaseResolution": 64,
    "BodyPartExamined": "HEAD",
    "DelayTime": 0.5,
    "DerivedVendorReportedEchoSpacing": 0.000450003,
    "DwellTime": 3e-06,
    "EchoTime": 0.05,
    "EffectiveEchoSpacing": 0.000450003,
    "FlipAngle": 90,
    "ImageType": [
      "ORIGINAL",
      "PRIMARY",
      "FMRI",
      "NONE",
      "ND",
      "MOSAIC"
    ],
    "InPlanePhaseEncodingDirectionDICOM": "COL",
    "Instructions": "Participants were asked to close their eyes, to not fall asleep, and to avoid consistent thinking about one topic during the period of scanning",
    "MRAcquisitionType": "2D",
    "MagneticFieldStrength": 1.5,
    "Manufacturer": "Siemens",
    "ManufacturersModelName": "Avanto",
    "NumberOfVolumesDiscardedByUser": 3,
    "PartialFourier": 1,
    "PatientPosition": "HFS",
    "PercentPhaseFOV": 100,
    "PhaseEncodingDirection": "j-",
    "PhaseEncodingSteps": 64,
    "PhaseResolution": 1,
    "PixelBandwidth": 2604,
    "ProcedureStepDescription": "head_NEURO",
    "PulseSequenceDetails": "%SiemensSeq%_ep2d_bold",
    "ReceiveCoilName": "HeadMatrix",
    "ReconMatrixPE": 64,
    "RepetitionTime": 3.56,
    "ScanOptions": "FS",
    "ScanningSequence": "EP",
    "SequenceName": "_epfid2d1_64",
    "SequenceVariant": "SK",
    "SliceThickness": 3.6,
    "SliceTiming": [
      1.5375,
      0,
      1.6225,
      0.085,
      1.7075,
      0.17,
      1.7925,
      0.2575,
      1.8775,
      0.3425,
      1.9625,
      0.4275,
      2.0475,
      0.5125,
      2.135,
      0.5975,
      2.22,
      0.6825,
      2.305,
      0.7675,
      2.39,
      0.855,
      2.475,
      0.94,
      2.56,
      1.025,
      2.645,
      1.11,
      2.7325,
      1.195,
      2.8175,
      1.28,
      2.9025,
      1.365,
      2.9875,
      1.45
    ],
    "SoftwareVersions": "syngo_MR_B19",
    "SpacingBetweenSlices": 3.78,
    "TaskName": "rest",
    "TotalReadoutTime": 0.0283502,
    "dataset": "ds002422",
    "modality": "bold",
    "subject_id": "07",
    "task_id": "rest"
  },
  "dummy_trs": 0,
  "dvars_nstd": 27.934786235728637,
  "dvars_std": 1.088120158643216,
  "dvars_vstd": 0.9951848171356781,
  "efc": 0.4902866900808888,
  "fber": 731.1207885742188,
  "fd_mean": 0.07442436935599005,
  "fd_num": 4,
  "fd_perc": 2.0,
  "fwhm_avg": 1.544823971781468,
  "fwhm_x": 1.4492379724310887,
  "fwhm_y": 1.6676758260869566,
  "fwhm_z": 1.5175581168263588,
  "gcor": 0.0203791,
  "gsr_x": -0.006672233808785677,
  "gsr_y": 0.0470806360244751,
  "provenance": {
    "md5sum": "84c1fc94d851f3cb63bbda78688c835e",
    "settings": {
      "fd_thres": 0.2,
      "testing": false
    },
    "software": "mriqc",
    "version": "21.0.0rc2",
    "webapi_port": null,
    "webapi_url": "https://mriqc.nimh.nih.gov/api/v1"
  },
  "size_t": 200,
  "size_x": 64,
  "size_y": 64,
  "size_z": 36,
  "snr": 5.841450498033423,
  "spacing_tr": 3.559999942779541,
  "spacing_x": 3.5937507152557373,
  "spacing_y": 3.59375,
  "spacing_z": 3.7800002098083496,
  "summary_bg_k": 342.17900590406293,
  "summary_bg_mad": 2.4092257772322885,
  "summary_bg_mean": 33.084075927734375,
  "summary_bg_median": 22.26999855041504,
  "summary_bg_n": 98459.0,
  "summary_bg_p05": 20.0049991607666,
  "summary_bg_p95": 82.22000122070312,
  "summary_bg_stdv": 43.053466796875,
  "summary_fg_k": 1.0365084655812211,
  "summary_fg_mad": 107.46649058143069,
  "summary_fg_mean": 612.4627075195312,
  "summary_fg_median": 606.4549560546875,
  "summary_fg_n": 20461.0,
  "summary_fg_p05": 470.864990234375,
  "summary_fg_p95": 787.1599731445312,
  "summary_fg_stdv": 103.81670379638672,
  "tsnr": 53.476508360821754
}