{
  "aor": 0.0005559523809523809,
  "aqi": 0.022391995714285712,
  "bids_meta": {
    "AcquisitionMatrixPE": 64,
    "BandwidthPerPixelPhaseEncode": 33.245,
    "BaseResolution": 64,
    "BodyPartExamined": "HEAD",
    "DerivedVendorReportedEchoSpacing": 0.000469996,
    "DwellTime": 3e-06,
    "EchoTime": 0.05,
    "EffectiveEchoSpacing": 0.000469995,
    "FlipAngle": 90,
    "ImageType": [
      "ORIGINAL",
      "PRIMARY",
      "FMRI",
      "NONE",
      "ND",
      "MOSAIC"
    ],
    "InPlanePhaseEncodingDirectionDICOM": "COL",
    "Instructions": "During the main condition, participants were visually presented with already solved sums (arithmetic operations of addition, subtraction, multiplication, and division with simple and double-digit numbers). The control condition stimuli were digit lines with non-mathematical characters instead of arithmetic signs. Participants responded with one of three buttons on the MR-compatible response box, depending on whether the stimulus sum had been solved correctly, incorrectly or just had not been an arithmetic exercise.",
    "MRAcquisitionType": "2D",
    "MagneticFieldStrength": 1.5,
    "Manufacturer": "Siemens",
    "ManufacturersModelName": "Avanto",
    "NumberOfVolumesDiscardedByUser": 3,
    "PartialFourier": 1,
    "PatientPosition": "HFS",
    "PercentPhaseFOV": 100,
    "PhaseEncodingDirection": "j-",
    "PhaseEncodingSteps": 64,
    "PhaseResolution": 1,
    "PixelBandwidth": 2604,
    "ProcedureStepDescription": "head_NEURO",
    "PulseSequenceDetails": "%SiemensSeq%_ep2d_bold",
    "ReceiveCoilName": "HeadMatrix",
    "ReconMatrixPE": 64,
    "RepetitionTime": 2.1,
    "ScanOptions": "FS",
    "ScanningSequence": "EP",
    "SequenceName": "_epfid2d1_64",
    "SequenceVariant": "SK",
    "SliceThickness": 3,
    "SliceTiming": [
      1.055,
      0,
      1.1425,
      0.0875,
      1.23,
      0.175,
      1.3175,
      0.2625,
      1.405,
      0.35,
      1.4925,
      0.44,
      1.58,
      0.5275,
      1.6675,
      0.615,
      1.7575,
      0.7025,
      1.845,
      0.79,
      1.9325,
      0.8775,
      2.02,
      0.965
    ],
    "SoftwareVersions": "syngo_MR_B19",
    "SpacingBetweenSlices": 3.3,
    "TaskName": "arithm_run-02",
    "TotalReadoutTime": 0.0296097,
    "dataset": "ds002422",
    "modality": "bold",
    "run_id": 2,
    "subject_id": "07",
    "task_id": "arithm"
  },
  "dummy_trs": 0,
  "dvars_nstd": 40.979296998947376,
  "dvars_std": 1.0094159258373208,
  "dvars_vstd": 1.0118656118181824,
  "efc": 0.6664133016969578,
  "fber": 184.9584197998047,
  "fd_mean": 0.09055283428919754,
  "fd_num": 14,
  "fd_perc": 6.666666666666667,
  "fwhm_avg": 1.5796662152189962,
  "fwhm_x": 1.3869833333333332,
  "fwhm_y": 1.7282001373450069,
  "fwhm_z": 1.623815174978649,
  "gcor": 0.010064,
  "gsr_x": -0.0070491875521838665,
  "gsr_y": 0.061717674136161804,
  "provenance": {
    "md5sum": "adf98e91bc8dabfdaf16faec689ffe39",
    "settings": {
      "fd_thres": 0.2,
      "testing": false
    },
    "software": "mriqc",
    "version": "21.0.0rc2",
    "webapi_port": null,
    "webapi_url": "https://mriqc.nimh.nih.gov/api/v1"
  },
  "size_t": 210,
  "size_x": 64,
  "size_y": 64,
  "size_z": 24,
  "snr": 7.131749228713242,
  "spacing_tr": 2.0999999046325684,
  "spacing_x": 3.0,
  "spacing_y": 2.999999761581421,
  "spacing_z": 3.299999952316284,
  "summary_bg_k": 8.111397056918824,
  "summary_bg_mad": 5.859809037697314,
  "summary_bg_mean": 56.49502182006836,
  "summary_bg_median": 39.81904983520508,
  "summary_bg_n": 47455.0,
  "summary_bg_p05": 35.41428756713867,
  "summary_bg_p95": 131.7409545898437,
  "summary_bg_stdv": 34.16232681274414,
  "summary_fg_k": 0.9818969550364911,
  "summary_fg_mad": 78.64854569551514,
  "summary_fg_mean": 546.8764038085938,
  "summary_fg_median": 543.0524291992188,
  "summary_fg_n": 27211.0,
  "summary_fg_p05": 441.20001220703125,
  "summary_fg_p95": 675.4880981445312,
  "summary_fg_stdv": 76.14435577392578,
  "tsnr": 32.94617696874775
}