{
  "aor": 0.0003771428571428572,
  "aqi": 0.01835232380952381,
  "bids_meta": {
    "AcquisitionMatrixPE": 64,
    "BandwidthPerPixelPhaseEncode": 33.245,
    "BaseResolution": 64,
    "BodyPartExamined": "HEAD",
    "DerivedVendorReportedEchoSpacing": 0.000469996,
    "DwellTime": 3e-06,
    "EchoTime": 0.05,
    "EffectiveEchoSpacing": 0.000469995,
    "FlipAngle": 90,
    "ImageType": [
      "ORIGINAL",
      "PRIMARY",
      "FMRI",
      "NONE",
      "ND",
      "MOSAIC"
    ],
    "InPlanePhaseEncodingDirectionDICOM": "COL",
    "Instructions": "During the main condition, participants were visually presented with already solved sums (arithmetic operations of addition, subtraction, multiplication, and division with simple and double-digit numbers). The control condition stimuli were digit lines with non-mathematical characters instead of arithmetic signs. Participants responded with one of three buttons on the MR-compatible response box, depending on whether the stimulus sum had been solved correctly, incorrectly or just had not been an arithmetic exercise.",
    "MRAcquisitionType": "2D",
    "MagneticFieldStrength": 1.5,
    "Manufacturer": "Siemens",
    "ManufacturersModelName": "Avanto",
    "NumberOfVolumesDiscardedByUser": 3,
    "PartialFourier": 1,
    "PatientPosition": "HFS",
    "PercentPhaseFOV": 100,
    "PhaseEncodingDirection": "j-",
    "PhaseEncodingSteps": 64,
    "PhaseResolution": 1,
    "PixelBandwidth": 2604,
    "ProcedureStepDescription": "head_NEURO",
    "PulseSequenceDetails": "%SiemensSeq%_ep2d_bold",
    "ReceiveCoilName": "HeadMatrix",
    "ReconMatrixPE": 64,
    "RepetitionTime": 2.1,
    "ScanOptions": "FS",
    "ScanningSequence": "EP",
    "SequenceName": "_epfid2d1_64",
    "SequenceVariant": "SK",
    "SliceThickness": 3,
    "SliceTiming": [
      1.055,
      0,
      1.1425,
      0.0875,
      1.23,
      0.1775,
      1.3175,
      0.265,
      1.405,
      0.3525,
      1.495,
      0.44,
      1.5825,
      0.5275,
      1.67,
      0.615,
      1.7575,
      0.7025,
      1.845,
      0.7925,
      1.9325,
      0.88,
      2.02,
      0.9675
    ],
    "SoftwareVersions": "syngo_MR_B19",
    "SpacingBetweenSlices": 3.3,
    "TaskName": "arithm_run-02",
    "TotalReadoutTime": 0.0296097,
    "dataset": "ds002422",
    "modality": "bold",
    "run_id": 2,
    "subject_id": "46",
    "task_id": "arithm"
  },
  "dummy_trs": 0,
  "dvars_nstd": 43.527755043684216,
  "dvars_std": 1.0172077189473687,
  "dvars_vstd": 1.0135730404306222,
  "efc": 0.6956485648109636,
  "fber": 148.5016326904297,
  "fd_mean": 0.06534648416316884,
  "fd_num": 2,
  "fd_perc": 0.9523809523809523,
  "fwhm_avg": 1.6868476546373008,
  "fwhm_x": 1.5398666666666667,
  "fwhm_y": 1.7485431943716054,
  "fwhm_z": 1.7721331028736298,
  "gcor": 0.00791065,
  "gsr_x": -0.007017596159130335,
  "gsr_y": 0.05607699975371361,
  "provenance": {
    "md5sum": "766c67439d041062b53f74d3a97cd8b2",
    "settings": {
      "fd_thres": 0.2,
      "testing": false
    },
    "software": "mriqc",
    "version": "21.0.0rc2",
    "webapi_port": null,
    "webapi_url": "https://mriqc.nimh.nih.gov/api/v1"
  },
  "size_t": 210,
  "size_x": 64,
  "size_y": 64,
  "size_z": 24,
  "snr": 6.1199002824788735,
  "spacing_tr": 2.0999999046325684,
  "spacing_x": 3.0,
  "spacing_y": 3.000000238418579,
  "spacing_z": 3.3000004291534424,
  "summary_bg_k": 8.584559454621019,
  "summary_bg_mad": 11.013619712143688,
  "summary_bg_mean": 59.386756896972656,
  "summary_bg_median": 44.395240783691406,
  "summary_bg_n": 42682.0,
  "summary_bg_p05": 35.833335876464844,
  "summary_bg_p95": 132.34262695312498,
  "summary_bg_stdv": 34.3831901550293,
  "summary_fg_k": 0.5532354145978071,
  "summary_fg_mad": 93.00148167461735,
  "summary_fg_mean": 544.1214599609375,
  "summary_fg_median": 538.7238159179688,
  "summary_fg_n": 31449.0,
  "summary_fg_p05": 423.7571716308594,
  "summary_fg_p95": 697.1647827148438,
  "summary_fg_stdv": 88.02680206298828,
  "tsnr": 31.517578637227416
}