{
  "bids_meta": {
    "AcquisitionMatrixPE": 246,
    "BaseResolution": 256,
    "CoilString": "T:HE1-4;NE2",
    "DwellTime": 1.5e-05,
    "EchoTime": 0.00291,
    "FlipAngle": 15,
    "ImagingFrequency": 63.6572,
    "InversionTime": 1.1,
    "MagneticFieldStrength": 1.5,
    "Manufacturer": "Siemens",
    "ManufacturersModelName": "Avanto",
    "PartialFourier": 1,
    "PercentPhaseFOV": 100,
    "PhaseEncodingSteps": 307,
    "PhaseOversampling": 0.25,
    "PhaseResolution": 0.96,
    "PixelBandwidth": 130,
    "ProtocolName": "t1_mpr_ns_sag_p2_iso",
    "PulseSequenceDetails": "%SiemensSeq%_tfl",
    "ReceiveCoilName": "NeckMatrix",
    "ReconMatrixPE": 256,
    "RepetitionTime": 1.9,
    "ScanOptions": "IR",
    "ScanningSequence": "GR_IR",
    "SequenceName": "_tfl3d1_ns",
    "SequenceVariant": "SP_MP_OSP",
    "SeriesDescription": "t1_mpr_ns_sag_p2_iso",
    "SliceThickness": 1,
    "SoftwareVersions": "syngo_MR_B19",
    "dataset": "ds002422",
    "modality": "T1w",
    "subject_id": "09"
  },
  "cjv": 0.8266266297764293,
  "cnr": 1.7016570024756525,
  "efc": 0.5579181797514683,
  "fber": 2326.242431640625,
  "fwhm_avg": 3.333164744793596,
  "fwhm_x": 3.295100196403277,
  "fwhm_y": 3.309936437977512,
  "fwhm_z": 3.3944576,
  "icvs_csf": 0.17364278340974448,
  "icvs_gm": 0.4539350055807455,
  "icvs_wm": 0.37242221100950995,
  "inu_med": 1.464290976524353,
  "inu_range": 0.36089822053909293,
  "provenance": {
    "md5sum": "2dd2839f86965df6e6e098521ebce29e",
    "settings": {
      "testing": false
    },
    "software": "mriqc",
    "version": "21.0.0rc2",
    "warnings": {
      "large_rot_frame": true,
      "small_air_mask": false
    },
    "webapi_port": null,
    "webapi_url": "https://mriqc.nimh.nih.gov/api/v1"
  },
  "qi_1": 0.0,
  "qi_2": 0.004356111464594514,
  "rpve_csf": 26.942358956019266,
  "rpve_gm": 11.662730674263617,
  "rpve_wm": 16.205586135036725,
  "size_x": 176,
  "size_y": 256,
  "size_z": 256,
  "snr_csf": 2.7421789323201855,
  "snr_gm": 12.743477615231962,
  "snr_total": 10.597118936331212,
  "snr_wm": 16.305700261441483,
  "snrd_csf": 28.952750483372046,
  "snrd_gm": 53.874923485949495,
  "snrd_total": 48.857308837850894,
  "snrd_wm": 63.74425254423114,
  "spacing_x": 0.9999999403953552,
  "spacing_y": 0.9765625596046448,
  "spacing_z": 0.9765625,
  "summary_bg_k": 2.4484540423142853,
  "summary_bg_mad": 10.278333417112767,
  "summary_bg_mean": 16.65325355529785,
  "summary_bg_median": 14.02680778503418,
  "summary_bg_n": 2187815.0,
  "summary_bg_p05": 2.3323143482208253,
  "summary_bg_p95": 37.25845832824706,
  "summary_bg_stdv": 10.902862548828125,
  "summary_csf_k": 15.878630575583344,
  "summary_csf_mad": 160.83444690085986,
  "summary_csf_mean": 480.0859680175781,
  "summary_csf_median": 454.2352294921875,
  "summary_csf_n": 14630.0,
  "summary_csf_p05": 264.13059844970707,
  "summary_csf_p95": 736.6225402832031,
  "summary_csf_stdv": 165.6418914794922,
  "summary_gm_k": 0.03019683698960307,
  "summary_gm_mad": 65.2376647942787,
  "summary_gm_mean": 848.1829223632812,
  "summary_gm_median": 845.2353515625,
  "summary_gm_n": 29713.0,
  "summary_gm_p05": 744.3324829101563,
  "summary_gm_p95": 963.3925903320312,
  "summary_gm_stdv": 66.3257827758789,
  "summary_wm_k": 0.19443013250166175,
  "summary_wm_mad": 62.7558625210405,
  "summary_wm_mean": 1003.1929931640625,
  "summary_wm_median": 1000.07373046875,
  "summary_wm_n": 216553.0,
  "summary_wm_p05": 909.2554931640625,
  "summary_wm_p95": 1107.3331054687499,
  "summary_wm_stdv": 61.33262634277344,
  "tpm_overlap_csf": 0.17575712502002716,
  "tpm_overlap_gm": 0.4808434247970581,
  "tpm_overlap_wm": 0.5335370898246765,
  "wm2max": 0.5888359289473744
}