{
  "aor": 0.00105545,
  "aqi": 0.007586163699999999,
  "bids_meta": {
    "AcquisitionMatrixPE": 64,
    "BandwidthPerPixelPhaseEncode": 34.722,
    "BaseResolution": 64,
    "BodyPartExamined": "HEAD",
    "DelayTime": 0.5,
    "DerivedVendorReportedEchoSpacing": 0.000450003,
    "DwellTime": 3e-06,
    "EchoTime": 0.05,
    "EffectiveEchoSpacing": 0.000450003,
    "FlipAngle": 90,
    "ImageType": [
      "ORIGINAL",
      "PRIMARY",
      "FMRI",
      "NONE",
      "ND",
      "MOSAIC"
    ],
    "InPlanePhaseEncodingDirectionDICOM": "COL",
    "Instructions": "Participants were asked to close their eyes, to not fall asleep, and to avoid consistent thinking about one topic during the period of scanning",
    "MRAcquisitionType": "2D",
    "MagneticFieldStrength": 1.5,
    "Manufacturer": "Siemens",
    "ManufacturersModelName": "Avanto",
    "NumberOfVolumesDiscardedByUser": 3,
    "PartialFourier": 1,
    "PatientPosition": "HFS",
    "PercentPhaseFOV": 100,
    "PhaseEncodingDirection": "j-",
    "PhaseEncodingSteps": 64,
    "PhaseResolution": 1,
    "PixelBandwidth": 2604,
    "ProcedureStepDescription": "head_NEURO",
    "PulseSequenceDetails": "%SiemensSeq%_ep2d_bold",
    "ReceiveCoilName": "HeadMatrix",
    "ReconMatrixPE": 64,
    "RepetitionTime": 3.56,
    "ScanOptions": "FS",
    "ScanningSequence": "EP",
    "SequenceName": "_epfid2d1_64",
    "SequenceVariant": "SK",
    "SliceThickness": 3.6,
    "SliceTiming": [
      1.535,
      0,
      1.6225,
      0.085,
      1.7075,
      0.17,
      1.7925,
      0.255,
      1.8775,
      0.3425,
      1.9625,
      0.4275,
      2.0475,
      0.5125,
      2.1325,
      0.5975,
      2.22,
      0.6825,
      2.305,
      0.7675,
      2.39,
      0.8525,
      2.475,
      0.94,
      2.56,
      1.025,
      2.645,
      1.11,
      2.73,
      1.195,
      2.8175,
      1.28,
      2.9025,
      1.365,
      2.9875,
      1.45
    ],
    "SoftwareVersions": "syngo_MR_B19",
    "SpacingBetweenSlices": 3.78,
    "TaskName": "rest",
    "TotalReadoutTime": 0.0283502,
    "dataset": "ds002422",
    "modality": "bold",
    "subject_id": "12",
    "task_id": "rest"
  },
  "dummy_trs": 0,
  "dvars_nstd": 25.170316293567847,
  "dvars_std": 1.0243219844221108,
  "dvars_vstd": 0.9895029391457283,
  "efc": 0.4944418571545206,
  "fber": 541.5293579101562,
  "fd_mean": 0.1329022158407612,
  "fd_num": 39,
  "fd_perc": 19.5,
  "fwhm_avg": 1.8086028210870795,
  "fwhm_x": 1.7272042885001995,
  "fwhm_y": 1.8845300869565216,
  "fwhm_z": 1.8140740878045174,
  "gcor": 0.00607019,
  "gsr_x": -0.010091103613376617,
  "gsr_y": 0.014117037877440453,
  "provenance": {
    "md5sum": "c85c4d8698d36875818ef366b6ffe67f",
    "settings": {
      "fd_thres": 0.2,
      "testing": false
    },
    "software": "mriqc",
    "version": "21.0.0rc2",
    "webapi_port": null,
    "webapi_url": "https://mriqc.nimh.nih.gov/api/v1"
  },
  "size_t": 200,
  "size_x": 64,
  "size_y": 64,
  "size_z": 36,
  "snr": 4.8777706551099005,
  "spacing_tr": 3.559999942779541,
  "spacing_x": 3.593749761581421,
  "spacing_y": 3.59375,
  "spacing_z": 3.7799999713897705,
  "summary_bg_k": 96.49545252334629,
  "summary_bg_mad": 3.5730711203713557,
  "summary_bg_mean": 35.515865325927734,
  "summary_bg_median": 26.584999084472656,
  "summary_bg_n": 97472.0,
  "summary_bg_p05": 22.719999313354492,
  "summary_bg_p95": 76.06999969482422,
  "summary_bg_stdv": 31.503515243530273,
  "summary_fg_k": 1.8048051635849642,
  "summary_fg_mad": 120.58377389368145,
  "summary_fg_mean": 639.3363037109375,
  "summary_fg_median": 625.8499755859375,
  "summary_fg_n": 20238.0,
  "summary_fg_p05": 470.42950134277345,
  "summary_fg_p95": 868.3895050048827,
  "summary_fg_stdv": 128.3033905029297,
  "tsnr": 51.18337611760944
}