{
  "aor": 0.000374952380952381,
  "aqi": 0.01553285761904762,
  "bids_meta": {
    "AcquisitionMatrixPE": 64,
    "BandwidthPerPixelPhaseEncode": 33.245,
    "BaseResolution": 64,
    "BodyPartExamined": "HEAD",
    "DerivedVendorReportedEchoSpacing": 0.000469996,
    "DwellTime": 3e-06,
    "EchoTime": 0.05,
    "EffectiveEchoSpacing": 0.000469995,
    "FlipAngle": 90,
    "ImageType": [
      "ORIGINAL",
      "PRIMARY",
      "FMRI",
      "NONE",
      "ND",
      "MOSAIC"
    ],
    "InPlanePhaseEncodingDirectionDICOM": "COL",
    "Instructions": "During the main condition, participants were visually presented with already solved sums (arithmetic operations of addition, subtraction, multiplication, and division with simple and double-digit numbers). The control condition stimuli were digit lines with non-mathematical characters instead of arithmetic signs. Participants responded with one of three buttons on the MR-compatible response box, depending on whether the stimulus sum had been solved correctly, incorrectly or just had not been an arithmetic exercise.",
    "MRAcquisitionType": "2D",
    "MagneticFieldStrength": 1.5,
    "Manufacturer": "Siemens",
    "ManufacturersModelName": "Avanto",
    "NumberOfVolumesDiscardedByUser": 3,
    "PartialFourier": 1,
    "PatientPosition": "HFS",
    "PercentPhaseFOV": 100,
    "PhaseEncodingDirection": "j-",
    "PhaseEncodingSteps": 64,
    "PhaseResolution": 1,
    "PixelBandwidth": 2604,
    "ProcedureStepDescription": "head_NEURO",
    "PulseSequenceDetails": "%SiemensSeq%_ep2d_bold",
    "ReceiveCoilName": "HeadMatrix",
    "ReconMatrixPE": 64,
    "RepetitionTime": 2.1,
    "ScanOptions": "FS",
    "ScanningSequence": "EP",
    "SequenceName": "_epfid2d1_64",
    "SequenceVariant": "SK",
    "SliceThickness": 3,
    "SliceTiming": [
      1.0525,
      0,
      1.1425,
      0.0875,
      1.23,
      0.175,
      1.3175,
      0.2625,
      1.405,
      0.35,
      1.4925,
      0.44,
      1.58,
      0.5275,
      1.6675,
      0.615,
      1.7575,
      0.7025,
      1.845,
      0.79,
      1.9325,
      0.8775,
      2.02,
      0.965
    ],
    "SoftwareVersions": "syngo_MR_B19",
    "SpacingBetweenSlices": 3.3,
    "TaskName": "arithm_run-01",
    "TotalReadoutTime": 0.0296097,
    "dataset": "ds002422",
    "modality": "bold",
    "run_id": 1,
    "subject_id": "12",
    "task_id": "arithm"
  },
  "dummy_trs": 0,
  "dvars_nstd": 41.10439065090909,
  "dvars_std": 1.0282013412440192,
  "dvars_vstd": 1.0109075416746407,
  "efc": 0.6324764019627791,
  "fber": 215.45816040039062,
  "fd_mean": 0.05620951101052401,
  "fd_num": 0,
  "fd_perc": 0.0,
  "fwhm_avg": 2.016172587048545,
  "fwhm_x": 1.8827333333333334,
  "fwhm_y": 2.1303966666666665,
  "fwhm_z": 2.0353877611456346,
  "gcor": 0.00491347,
  "gsr_x": 0.002065459731966257,
  "gsr_y": 0.020763332024216652,
  "provenance": {
    "md5sum": "31d866ad8cad887e08af6f0077035bc2",
    "settings": {
      "fd_thres": 0.2,
      "testing": false
    },
    "software": "mriqc",
    "version": "21.0.0rc2",
    "webapi_port": null,
    "webapi_url": "https://mriqc.nimh.nih.gov/api/v1"
  },
  "size_t": 210,
  "size_x": 64,
  "size_y": 64,
  "size_z": 24,
  "snr": 5.672380962568994,
  "spacing_tr": 2.0999999046325684,
  "spacing_x": 3.0,
  "spacing_y": 3.0,
  "spacing_z": 3.3000001907348633,
  "summary_bg_k": 28.295582965803934,
  "summary_bg_mad": 3.43116448789255,
  "summary_bg_mean": 46.9627571105957,
  "summary_bg_median": 38.4476203918457,
  "summary_bg_n": 48659.0,
  "summary_bg_p05": 35.28571701049805,
  "summary_bg_p95": 84.69762420654294,
  "summary_bg_stdv": 25.651355743408203,
  "summary_fg_k": 1.1793984198997425,
  "summary_fg_mad": 94.30061367840004,
  "summary_fg_mean": 580.0973510742188,
  "summary_fg_median": 566.423828125,
  "summary_fg_n": 25901.0,
  "summary_fg_p05": 451.0000305175781,
  "summary_fg_p95": 763.781005859375,
  "summary_fg_stdv": 99.85452270507812,
  "tsnr": 34.89812016184442
}