{
  "bids_meta": {
    "AcquisitionMatrixPE": 246,
    "BaseResolution": 256,
    "CoilString": "T:HE1-4;NE2",
    "DwellTime": 1.5e-05,
    "EchoTime": 0.00291,
    "FlipAngle": 15,
    "ImagingFrequency": 63.6572,
    "InversionTime": 1.1,
    "MagneticFieldStrength": 1.5,
    "Manufacturer": "Siemens",
    "ManufacturersModelName": "Avanto",
    "PartialFourier": 1,
    "PercentPhaseFOV": 100,
    "PhaseEncodingSteps": 307,
    "PhaseOversampling": 0.25,
    "PhaseResolution": 0.96,
    "PixelBandwidth": 130,
    "ProtocolName": "t1_mpr_ns_sag_p2_iso",
    "PulseSequenceDetails": "%SiemensSeq%_tfl",
    "ReceiveCoilName": "NeckMatrix",
    "ReconMatrixPE": 256,
    "RepetitionTime": 1.9,
    "ScanOptions": "IR",
    "ScanningSequence": "GR_IR",
    "SequenceName": "_tfl3d1_ns",
    "SequenceVariant": "SP_MP_OSP",
    "SeriesDescription": "t1_mpr_ns_sag_p2_iso",
    "SliceThickness": 1,
    "SoftwareVersions": "syngo_MR_B19",
    "dataset": "ds002422",
    "modality": "T1w",
    "subject_id": "25"
  },
  "cjv": 0.5967845707451724,
  "cnr": 2.3115670824898444,
  "efc": 0.5856848912024337,
  "fber": 1536.1527099609375,
  "fwhm_avg": 3.5011181302956893,
  "fwhm_x": 3.4563402060139303,
  "fwhm_y": 3.524638504873138,
  "fwhm_z": 3.52237568,
  "icvs_csf": 0.20964811164805697,
  "icvs_gm": 0.4121301033442772,
  "icvs_wm": 0.37822178500766584,
  "inu_med": 1.5110907554626465,
  "inu_range": 0.27898485660552974,
  "provenance": {
    "md5sum": "1cca9685b286b987aeef6686debc4767",
    "settings": {
      "testing": false
    },
    "software": "mriqc",
    "version": "21.0.0rc2",
    "warnings": {
      "large_rot_frame": true,
      "small_air_mask": false
    },
    "webapi_port": null,
    "webapi_url": "https://mriqc.nimh.nih.gov/api/v1"
  },
  "qi_1": 0.0,
  "qi_2": 0.0033929046603779997,
  "rpve_csf": 22.701387966200176,
  "rpve_gm": 11.737549954762828,
  "rpve_wm": 14.931965000052223,
  "size_x": 176,
  "size_y": 256,
  "size_z": 256,
  "snr_csf": 3.2828909804958,
  "snr_gm": 14.159686330203222,
  "snr_total": 11.485772695209386,
  "snr_wm": 17.014740774929138,
  "snrd_csf": 22.965687964708938,
  "snrd_gm": 50.20065584284658,
  "snrd_total": 45.08835561650097,
  "snrd_wm": 62.0987230419474,
  "spacing_x": 0.9999999403953552,
  "spacing_y": 0.9765625596046448,
  "spacing_z": 0.9765625,
  "summary_bg_k": 3.5937708769025605,
  "summary_bg_mad": 10.550553247840874,
  "summary_bg_mean": 18.7326717376709,
  "summary_bg_median": 16.5817813873291,
  "summary_bg_n": 2428588.0,
  "summary_bg_p05": 2.3851576685905456,
  "summary_bg_p95": 42.59887542724609,
  "summary_bg_stdv": 12.523519515991211,
  "summary_csf_k": 0.6779175553921251,
  "summary_csf_mad": 97.88699261058531,
  "summary_csf_mean": 390.6719055175781,
  "summary_csf_median": 369.8477478027344,
  "summary_csf_n": 36242.0,
  "summary_csf_p05": 240.05632171630862,
  "summary_csf_p95": 609.9555572509765,
  "summary_csf_stdv": 112.65760803222656,
  "summary_gm_k": 0.2009744791286585,
  "summary_gm_mad": 56.008140216992295,
  "summary_gm_mean": 808.0291137695312,
  "summary_gm_median": 808.4495239257812,
  "summary_gm_n": 16128.0,
  "summary_gm_p05": 713.6588806152344,
  "summary_gm_p95": 900.9984252929687,
  "summary_gm_stdv": 57.093387603759766,
  "summary_wm_k": 0.16182538275810465,
  "summary_wm_mad": 58.342216164442505,
  "summary_wm_mean": 1001.90576171875,
  "summary_wm_median": 1000.060302734375,
  "summary_wm_n": 226580.0,
  "summary_wm_p05": 908.7337615966796,
  "summary_wm_p95": 1101.4349975585938,
  "summary_wm_stdv": 58.77598190307617,
  "tpm_overlap_csf": 0.16915515065193176,
  "tpm_overlap_gm": 0.4376225471496582,
  "tpm_overlap_wm": 0.4980854094028473,
  "wm2max": 0.5209594694323325
}