{
  "aor": 0.0018268571428571429,
  "aqi": 0.03065772095238095,
  "bids_meta": {
    "AcquisitionMatrixPE": 64,
    "BandwidthPerPixelPhaseEncode": 33.245,
    "BaseResolution": 64,
    "BodyPartExamined": "HEAD",
    "DerivedVendorReportedEchoSpacing": 0.000469996,
    "DwellTime": 3e-06,
    "EchoTime": 0.05,
    "EffectiveEchoSpacing": 0.000469995,
    "FlipAngle": 90,
    "ImageType": [
      "ORIGINAL",
      "PRIMARY",
      "FMRI",
      "NONE",
      "ND",
      "MOSAIC"
    ],
    "InPlanePhaseEncodingDirectionDICOM": "COL",
    "Instructions": "During the main condition, participants were visually presented with already solved sums (arithmetic operations of addition, subtraction, multiplication, and division with simple and double-digit numbers). The control condition stimuli were digit lines with non-mathematical characters instead of arithmetic signs. Participants responded with one of three buttons on the MR-compatible response box, depending on whether the stimulus sum had been solved correctly, incorrectly or just had not been an arithmetic exercise.",
    "MRAcquisitionType": "2D",
    "MagneticFieldStrength": 1.5,
    "Manufacturer": "Siemens",
    "ManufacturersModelName": "Avanto",
    "NumberOfVolumesDiscardedByUser": 3,
    "PartialFourier": 1,
    "PatientPosition": "HFS",
    "PercentPhaseFOV": 100,
    "PhaseEncodingDirection": "j-",
    "PhaseEncodingSteps": 64,
    "PhaseResolution": 1,
    "PixelBandwidth": 2604,
    "ProcedureStepDescription": "head_NEURO",
    "PulseSequenceDetails": "%SiemensSeq%_ep2d_bold",
    "ReceiveCoilName": "HeadMatrix",
    "ReconMatrixPE": 64,
    "RepetitionTime": 2.1,
    "ScanOptions": "FS",
    "ScanningSequence": "EP",
    "SequenceName": "_epfid2d1_64",
    "SequenceVariant": "SK",
    "SliceThickness": 3,
    "SliceTiming": [
      1.0525,
      0,
      1.14,
      0.0875,
      1.23,
      0.175,
      1.3175,
      0.2625,
      1.405,
      0.35,
      1.4925,
      0.4375,
      1.58,
      0.525,
      1.6675,
      0.615,
      1.755,
      0.7025,
      1.8425,
      0.79,
      1.9325,
      0.8775,
      2.02,
      0.965
    ],
    "SoftwareVersions": "syngo_MR_B19",
    "SpacingBetweenSlices": 3.3,
    "TaskName": "arithm_run-02",
    "TotalReadoutTime": 0.0296097,
    "dataset": "ds002422",
    "modality": "bold",
    "run_id": 2,
    "subject_id": "30",
    "task_id": "arithm"
  },
  "dummy_trs": 0,
  "dvars_nstd": 43.274061412727306,
  "dvars_std": 1.02979969291866,
  "dvars_vstd": 1.012255008038278,
  "efc": 0.6375297198100011,
  "fber": 227.23912048339844,
  "fd_mean": 0.2519529398711173,
  "fd_num": 68,
  "fd_perc": 32.38095238095238,
  "fwhm_avg": 1.7167637142796268,
  "fwhm_x": 1.5985565396248071,
  "fwhm_y": 1.8448498533845066,
  "fwhm_z": 1.7068847498295667,
  "gcor": 0.0127408,
  "gsr_x": -0.005553243216127157,
  "gsr_y": 0.031189652159810066,
  "provenance": {
    "md5sum": "eaf8e8dfa6edb28ebd29de740c21133c",
    "settings": {
      "fd_thres": 0.2,
      "testing": false
    },
    "software": "mriqc",
    "version": "21.0.0rc2",
    "webapi_port": null,
    "webapi_url": "https://mriqc.nimh.nih.gov/api/v1"
  },
  "size_t": 210,
  "size_x": 64,
  "size_y": 64,
  "size_z": 24,
  "snr": 7.225464420467987,
  "spacing_tr": 2.0999999046325684,
  "spacing_x": 3.000000238418579,
  "spacing_y": 3.000000238418579,
  "spacing_z": 3.3000001907348633,
  "summary_bg_k": 30.728923841387456,
  "summary_bg_mad": 3.4099839714271587,
  "summary_bg_mean": 45.305580139160156,
  "summary_bg_median": 37.24761962890625,
  "summary_bg_n": 48179.0,
  "summary_bg_p05": 33.70000076293945,
  "summary_bg_p95": 84.9952392578125,
  "summary_bg_stdv": 24.0554141998291,
  "summary_fg_k": 0.9511430267433241,
  "summary_fg_mad": 78.56375576151002,
  "summary_fg_mean": 568.8202514648438,
  "summary_fg_median": 561.0142822265625,
  "summary_fg_n": 26335.0,
  "summary_fg_p05": 467.64478759765626,
  "summary_fg_p95": 708.6766845703124,
  "summary_fg_stdv": 77.64257049560547,
  "tsnr": 32.0430989661254
}