{
  "aor": 0.00043771428571428574,
  "aqi": 0.020292529523809527,
  "bids_meta": {
    "AcquisitionMatrixPE": 64,
    "BandwidthPerPixelPhaseEncode": 33.245,
    "BaseResolution": 64,
    "BodyPartExamined": "HEAD",
    "DerivedVendorReportedEchoSpacing": 0.000469996,
    "DwellTime": 3e-06,
    "EchoTime": 0.05,
    "EffectiveEchoSpacing": 0.000469995,
    "FlipAngle": 90,
    "ImageType": [
      "ORIGINAL",
      "PRIMARY",
      "FMRI",
      "NONE",
      "ND",
      "MOSAIC"
    ],
    "InPlanePhaseEncodingDirectionDICOM": "COL",
    "Instructions": "During the main condition, participants were visually presented with already solved sums (arithmetic operations of addition, subtraction, multiplication, and division with simple and double-digit numbers). The control condition stimuli were digit lines with non-mathematical characters instead of arithmetic signs. Participants responded with one of three buttons on the MR-compatible response box, depending on whether the stimulus sum had been solved correctly, incorrectly or just had not been an arithmetic exercise.",
    "MRAcquisitionType": "2D",
    "MagneticFieldStrength": 1.5,
    "Manufacturer": "Siemens",
    "ManufacturersModelName": "Avanto",
    "NumberOfVolumesDiscardedByUser": 3,
    "PartialFourier": 1,
    "PatientPosition": "HFS",
    "PercentPhaseFOV": 100,
    "PhaseEncodingDirection": "j-",
    "PhaseEncodingSteps": 64,
    "PhaseResolution": 1,
    "PixelBandwidth": 2604,
    "ProcedureStepDescription": "head_NEURO",
    "PulseSequenceDetails": "%SiemensSeq%_ep2d_bold",
    "ReceiveCoilName": "HeadMatrix",
    "ReconMatrixPE": 64,
    "RepetitionTime": 2.1,
    "ScanOptions": "FS",
    "ScanningSequence": "EP",
    "SequenceName": "_epfid2d1_64",
    "SequenceVariant": "SK",
    "SliceThickness": 3,
    "SliceTiming": [
      1.055,
      0,
      1.1425,
      0.0875,
      1.23,
      0.175,
      1.3175,
      0.2625,
      1.405,
      0.3525,
      1.4925,
      0.44,
      1.58,
      0.5275,
      1.67,
      0.615,
      1.7575,
      0.7025,
      1.845,
      0.79,
      1.9325,
      0.8775,
      2.02,
      0.965
    ],
    "SoftwareVersions": "syngo_MR_B19",
    "SpacingBetweenSlices": 3.3,
    "TaskName": "arithm_run-01",
    "TotalReadoutTime": 0.0296097,
    "dataset": "ds002422",
    "modality": "bold",
    "run_id": 1,
    "subject_id": "30",
    "task_id": "arithm"
  },
  "dummy_trs": 0,
  "dvars_nstd": 40.89299002153111,
  "dvars_std": 1.0396180396650718,
  "dvars_vstd": 1.014979667894737,
  "efc": 0.6375551882501725,
  "fber": 229.30947875976562,
  "fd_mean": 0.10280895621615388,
  "fd_num": 13,
  "fd_perc": 6.190476190476191,
  "fwhm_avg": 1.68053725257957,
  "fwhm_x": 1.5434532106706926,
  "fwhm_y": 1.7819465250502804,
  "fwhm_z": 1.7162120220177377,
  "gcor": 0.0102495,
  "gsr_x": -0.006267629098147154,
  "gsr_y": 0.030917301774024963,
  "provenance": {
    "md5sum": "1d01ecf44e2f2969befd0e3c2427c5d9",
    "settings": {
      "fd_thres": 0.2,
      "testing": false
    },
    "software": "mriqc",
    "version": "21.0.0rc2",
    "webapi_port": null,
    "webapi_url": "https://mriqc.nimh.nih.gov/api/v1"
  },
  "size_t": 210,
  "size_x": 64,
  "size_y": 64,
  "size_z": 24,
  "snr": 7.273156132025396,
  "spacing_tr": 2.0999999046325684,
  "spacing_x": 3.000000238418579,
  "spacing_y": 3.000000238418579,
  "spacing_z": 3.3000001907348633,
  "summary_bg_k": 32.43852675347751,
  "summary_bg_mad": 2.9016628876150308,
  "summary_bg_mean": 45.273414611816406,
  "summary_bg_median": 36.9523811340332,
  "summary_bg_n": 48324.0,
  "summary_bg_p05": 34.090476989746094,
  "summary_bg_p95": 85.01857223510733,
  "summary_bg_stdv": 24.695125579833984,
  "summary_fg_k": 1.0159906020974683,
  "summary_fg_mad": 78.33078704742661,
  "summary_fg_mean": 568.6676635742188,
  "summary_fg_median": 560.86669921875,
  "summary_fg_n": 26189.0,
  "summary_fg_p05": 469.00096435546874,
  "summary_fg_p95": 707.8962158203124,
  "summary_fg_stdv": 77.11315155029297,
  "tsnr": 36.02776377950795
}