{
  "aor": 0.0027795454545454547,
  "aqi": 0.010776711767676765,
  "bids_meta": {
    "AcquisitionMatrixPE": 64,
    "BandwidthPerPixelPhaseEncode": 34.722,
    "BaseResolution": 64,
    "BodyPartExamined": "HEAD",
    "DelayTime": 0.5,
    "DerivedVendorReportedEchoSpacing": 0.000450003,
    "DwellTime": 3e-06,
    "EchoTime": 0.05,
    "EffectiveEchoSpacing": 0.000450003,
    "FlipAngle": 90,
    "ImageType": [
      "ORIGINAL",
      "PRIMARY",
      "FMRI",
      "NONE",
      "ND",
      "MOSAIC"
    ],
    "InPlanePhaseEncodingDirectionDICOM": "COL",
    "Instructions": "Participants were asked to close their eyes, to not fall asleep, and to avoid consistent thinking about one topic during the period of scanning",
    "MRAcquisitionType": "2D",
    "MagneticFieldStrength": 1.5,
    "Manufacturer": "Siemens",
    "ManufacturersModelName": "Avanto",
    "NumberOfVolumesDiscardedByUser": 3,
    "PartialFourier": 1,
    "PatientPosition": "HFS",
    "PercentPhaseFOV": 100,
    "PhaseEncodingDirection": "j-",
    "PhaseEncodingSteps": 64,
    "PhaseResolution": 1,
    "PixelBandwidth": 2604,
    "ProcedureStepDescription": "head_NEURO",
    "PulseSequenceDetails": "%SiemensSeq%_ep2d_bold",
    "ReceiveCoilName": "HeadMatrix",
    "ReconMatrixPE": 64,
    "RepetitionTime": 3.56,
    "ScanOptions": "FS",
    "ScanningSequence": "EP",
    "SequenceName": "_epfid2d1_64",
    "SequenceVariant": "SK",
    "SliceThickness": 3.6,
    "SliceTiming": [
      1.5375,
      0,
      1.6225,
      0.085,
      1.7075,
      0.1725,
      1.7925,
      0.2575,
      1.8775,
      0.3425,
      1.9625,
      0.4275,
      2.05,
      0.5125,
      2.135,
      0.5975,
      2.22,
      0.6825,
      2.305,
      0.77,
      2.39,
      0.855,
      2.475,
      0.94,
      2.56,
      1.025,
      2.6475,
      1.11,
      2.7325,
      1.195,
      2.8175,
      1.28,
      2.9025,
      1.3675,
      2.9875,
      1.4525
    ],
    "SoftwareVersions": "syngo_MR_B19",
    "SpacingBetweenSlices": 3.78,
    "TaskName": "rest",
    "TotalReadoutTime": 0.0283502,
    "dataset": "ds002422",
    "modality": "bold",
    "subject_id": "30",
    "task_id": "rest"
  },
  "dummy_trs": 2,
  "dvars_nstd": 34.52028985182741,
  "dvars_std": 1.2125950229441622,
  "dvars_vstd": 1.011131909441625,
  "efc": 0.48087144187255726,
  "fber": 947.8739624023438,
  "fd_mean": 0.1247659998771956,
  "fd_num": 19,
  "fd_perc": 9.595959595959595,
  "fwhm_avg": 1.7557497318806414,
  "fwhm_x": 1.7046316521739129,
  "fwhm_y": 1.8163450434782609,
  "fwhm_z": 1.7462724999897505,
  "gcor": 0.0127515,
  "gsr_x": -0.017650999128818512,
  "gsr_y": 0.0223990585654974,
  "provenance": {
    "md5sum": "96d297440a5c699bc2463ca5c05d51cf",
    "settings": {
      "fd_thres": 0.2,
      "testing": false
    },
    "software": "mriqc",
    "version": "21.0.0rc2",
    "webapi_port": null,
    "webapi_url": "https://mriqc.nimh.nih.gov/api/v1"
  },
  "size_t": 198,
  "size_x": 64,
  "size_y": 64,
  "size_z": 36,
  "snr": 5.180971796836487,
  "spacing_tr": 3.559999942779541,
  "spacing_x": 3.59375,
  "spacing_y": 3.59375,
  "spacing_z": 3.7799999713897705,
  "summary_bg_k": 326.21784533646974,
  "summary_bg_mad": 2.5608573491135616,
  "summary_bg_mean": 27.952224731445312,
  "summary_bg_median": 18.55555534362793,
  "summary_bg_n": 97042.0,
  "summary_bg_p05": 16.38888931274414,
  "summary_bg_p95": 69.3121231079101,
  "summary_bg_stdv": 39.261474609375,
  "summary_fg_k": 0.4932311404028633,
  "summary_fg_mad": 113.46773117460198,
  "summary_fg_mean": 591.9285888671875,
  "summary_fg_median": 577.8687133789062,
  "summary_fg_n": 20896.0,
  "summary_fg_p05": 443.3800582885742,
  "summary_fg_p95": 790.4595947265625,
  "summary_fg_stdv": 111.53407287597656,
  "tsnr": 49.407141759758815
}