{
  "aor": 0.0004172857142857142,
  "aqi": 0.0166484,
  "bids_meta": {
    "AcquisitionMatrixPE": 64,
    "BandwidthPerPixelPhaseEncode": 33.245,
    "BaseResolution": 64,
    "BodyPartExamined": "HEAD",
    "DerivedVendorReportedEchoSpacing": 0.000469996,
    "DwellTime": 3e-06,
    "EchoTime": 0.05,
    "EffectiveEchoSpacing": 0.000469995,
    "FlipAngle": 90,
    "ImageType": [
      "ORIGINAL",
      "PRIMARY",
      "FMRI",
      "NONE",
      "ND",
      "MOSAIC"
    ],
    "InPlanePhaseEncodingDirectionDICOM": "COL",
    "Instructions": "During the main condition, participants were visually presented with already solved sums (arithmetic operations of addition, subtraction, multiplication, and division with simple and double-digit numbers). The control condition stimuli were digit lines with non-mathematical characters instead of arithmetic signs. Participants responded with one of three buttons on the MR-compatible response box, depending on whether the stimulus sum had been solved correctly, incorrectly or just had not been an arithmetic exercise.",
    "MRAcquisitionType": "2D",
    "MagneticFieldStrength": 1.5,
    "Manufacturer": "Siemens",
    "ManufacturersModelName": "Avanto",
    "NumberOfVolumesDiscardedByUser": 3,
    "PartialFourier": 1,
    "PatientPosition": "HFS",
    "PercentPhaseFOV": 100,
    "PhaseEncodingDirection": "j-",
    "PhaseEncodingSteps": 64,
    "PhaseResolution": 1,
    "PixelBandwidth": 2604,
    "ProcedureStepDescription": "head_NEURO",
    "PulseSequenceDetails": "%SiemensSeq%_ep2d_bold",
    "ReceiveCoilName": "HeadMatrix",
    "ReconMatrixPE": 64,
    "RepetitionTime": 2.1,
    "ScanOptions": "FS",
    "ScanningSequence": "EP",
    "SequenceName": "_epfid2d1_64",
    "SequenceVariant": "SK",
    "SliceThickness": 3,
    "SliceTiming": [
      1.0525,
      0,
      1.1425,
      0.0875,
      1.23,
      0.175,
      1.3175,
      0.2625,
      1.405,
      0.35,
      1.4925,
      0.44,
      1.58,
      0.5275,
      1.6675,
      0.615,
      1.7575,
      0.7025,
      1.845,
      0.79,
      1.9325,
      0.8775,
      2.02,
      0.965
    ],
    "SoftwareVersions": "syngo_MR_B19",
    "SpacingBetweenSlices": 3.3,
    "TaskName": "arithm_run-01",
    "TotalReadoutTime": 0.0296097,
    "dataset": "ds002422",
    "modality": "bold",
    "run_id": 1,
    "subject_id": "29",
    "task_id": "arithm"
  },
  "dummy_trs": 0,
  "dvars_nstd": 41.039346539712916,
  "dvars_std": 1.0152847783253582,
  "dvars_vstd": 1.0161665700000004,
  "efc": 0.6470024216438991,
  "fber": 189.22537231445312,
  "fd_mean": 0.07580917640978581,
  "fd_num": 2,
  "fd_perc": 0.9523809523809523,
  "fwhm_avg": 1.7524109177289156,
  "fwhm_x": 1.5729566666666666,
  "fwhm_y": 1.8908699999999998,
  "fwhm_z": 1.7934060865200807,
  "gcor": 0.00846993,
  "gsr_x": -0.0008950550691224635,
  "gsr_y": 0.051994688808918,
  "provenance": {
    "md5sum": "9be0e01244d8ef553384d658c0757594",
    "settings": {
      "fd_thres": 0.2,
      "testing": false
    },
    "software": "mriqc",
    "version": "21.0.0rc2",
    "webapi_port": null,
    "webapi_url": "https://mriqc.nimh.nih.gov/api/v1"
  },
  "size_t": 210,
  "size_x": 64,
  "size_y": 64,
  "size_z": 24,
  "snr": 6.098121619207823,
  "spacing_tr": 2.0999999046325684,
  "spacing_x": 3.0,
  "spacing_y": 3.0,
  "spacing_z": 3.299999952316284,
  "summary_bg_k": 12.14062612252901,
  "summary_bg_mad": 3.720624947961161,
  "summary_bg_mean": 51.914939880371094,
  "summary_bg_median": 38.621429443359375,
  "summary_bg_n": 48790.0,
  "summary_bg_p05": 35.68095397949219,
  "summary_bg_p95": 115.35976562499998,
  "summary_bg_stdv": 29.738874435424805,
  "summary_fg_k": 1.7118084753856282,
  "summary_fg_mad": 84.34598585545413,
  "summary_fg_mean": 538.9496459960938,
  "summary_fg_median": 529.7333374023438,
  "summary_fg_n": 25619.0,
  "summary_fg_p05": 427.460009765625,
  "summary_fg_p95": 693.8324218749999,
  "summary_fg_stdv": 86.86658477783203,
  "tsnr": 33.93621309672017
}