{
  "aor": 0.0004420952380952381,
  "aqi": 0.017884036666666665,
  "bids_meta": {
    "AcquisitionMatrixPE": 64,
    "BandwidthPerPixelPhaseEncode": 33.245,
    "BaseResolution": 64,
    "BodyPartExamined": "HEAD",
    "DerivedVendorReportedEchoSpacing": 0.000469996,
    "DwellTime": 3e-06,
    "EchoTime": 0.05,
    "EffectiveEchoSpacing": 0.000469995,
    "FlipAngle": 90,
    "ImageType": [
      "ORIGINAL",
      "PRIMARY",
      "FMRI",
      "NONE",
      "ND",
      "MOSAIC"
    ],
    "InPlanePhaseEncodingDirectionDICOM": "COL",
    "Instructions": "During the main condition, participants were visually presented with already solved sums (arithmetic operations of addition, subtraction, multiplication, and division with simple and double-digit numbers). The control condition stimuli were digit lines with non-mathematical characters instead of arithmetic signs. Participants responded with one of three buttons on the MR-compatible response box, depending on whether the stimulus sum had been solved correctly, incorrectly or just had not been an arithmetic exercise.",
    "MRAcquisitionType": "2D",
    "MagneticFieldStrength": 1.5,
    "Manufacturer": "Siemens",
    "ManufacturersModelName": "Avanto",
    "NumberOfVolumesDiscardedByUser": 3,
    "PartialFourier": 1,
    "PatientPosition": "HFS",
    "PercentPhaseFOV": 100,
    "PhaseEncodingDirection": "j-",
    "PhaseEncodingSteps": 64,
    "PhaseResolution": 1,
    "PixelBandwidth": 2604,
    "ProcedureStepDescription": "head_NEURO",
    "PulseSequenceDetails": "%SiemensSeq%_ep2d_bold",
    "ReceiveCoilName": "HeadMatrix",
    "ReconMatrixPE": 64,
    "RepetitionTime": 2.1,
    "ScanOptions": "FS",
    "ScanningSequence": "EP",
    "SequenceName": "_epfid2d1_64",
    "SequenceVariant": "SK",
    "SliceThickness": 3,
    "SliceTiming": [
      1.055,
      0,
      1.1425,
      0.0875,
      1.23,
      0.1775,
      1.3175,
      0.265,
      1.405,
      0.3525,
      1.495,
      0.44,
      1.5825,
      0.5275,
      1.67,
      0.615,
      1.7575,
      0.7025,
      1.845,
      0.79,
      1.9325,
      0.88,
      2.02,
      0.9675
    ],
    "SoftwareVersions": "syngo_MR_B19",
    "SpacingBetweenSlices": 3.3,
    "TaskName": "arithm_run-02",
    "TotalReadoutTime": 0.0296097,
    "dataset": "ds002422",
    "modality": "bold",
    "run_id": 2,
    "subject_id": "29",
    "task_id": "arithm"
  },
  "dummy_trs": 0,
  "dvars_nstd": 41.04319938411483,
  "dvars_std": 1.0135995515789475,
  "dvars_vstd": 1.015651413588516,
  "efc": 0.6491638522978165,
  "fber": 187.31605529785156,
  "fd_mean": 0.06177447473430857,
  "fd_num": 2,
  "fd_perc": 0.9523809523809523,
  "fwhm_avg": 1.7587181904525686,
  "fwhm_x": 1.5862966666666667,
  "fwhm_y": 1.8972033333333334,
  "fwhm_z": 1.7926545713577062,
  "gcor": 0.0128013,
  "gsr_x": -0.000609221460763365,
  "gsr_y": 0.05286106467247009,
  "provenance": {
    "md5sum": "59b9a2a5bb310f4c124037a42422f613",
    "settings": {
      "fd_thres": 0.2,
      "testing": false
    },
    "software": "mriqc",
    "version": "21.0.0rc2",
    "webapi_port": null,
    "webapi_url": "https://mriqc.nimh.nih.gov/api/v1"
  },
  "size_t": 210,
  "size_x": 64,
  "size_y": 64,
  "size_z": 24,
  "snr": 6.012143729267422,
  "spacing_tr": 2.0999999046325684,
  "spacing_x": 3.0,
  "spacing_y": 3.0,
  "spacing_z": 3.299999952316284,
  "summary_bg_k": 11.505088935328736,
  "summary_bg_mad": 3.9465438586335986,
  "summary_bg_mean": 52.360137939453125,
  "summary_bg_median": 38.9523811340332,
  "summary_bg_n": 48474.0,
  "summary_bg_p05": 35.761905670166016,
  "summary_bg_p95": 115.81429290771484,
  "summary_bg_stdv": 29.841691970825195,
  "summary_fg_k": 1.6815263671109761,
  "summary_fg_mad": 85.31319739186142,
  "summary_fg_mean": 539.5439453125,
  "summary_fg_median": 530.26904296875,
  "summary_fg_n": 25914.0,
  "summary_fg_p05": 426.2040588378906,
  "summary_fg_p95": 696.1728759765624,
  "summary_fg_stdv": 88.19795989990234,
  "tsnr": 33.03622038010508
}