{
  "aor": 0.00121795,
  "aqi": 0.00845021675,
  "bids_meta": {
    "AcquisitionMatrixPE": 64,
    "BandwidthPerPixelPhaseEncode": 34.722,
    "BaseResolution": 64,
    "BodyPartExamined": "HEAD",
    "DelayTime": 0.5,
    "DerivedVendorReportedEchoSpacing": 0.000450003,
    "DwellTime": 3e-06,
    "EchoTime": 0.05,
    "EffectiveEchoSpacing": 0.000450003,
    "FlipAngle": 90,
    "ImageType": [
      "ORIGINAL",
      "PRIMARY",
      "FMRI",
      "NONE",
      "ND",
      "MOSAIC"
    ],
    "InPlanePhaseEncodingDirectionDICOM": "COL",
    "Instructions": "Participants were asked to close their eyes, to not fall asleep, and to avoid consistent thinking about one topic during the period of scanning",
    "MRAcquisitionType": "2D",
    "MagneticFieldStrength": 1.5,
    "Manufacturer": "Siemens",
    "ManufacturersModelName": "Avanto",
    "NumberOfVolumesDiscardedByUser": 3,
    "PartialFourier": 1,
    "PatientPosition": "HFS",
    "PercentPhaseFOV": 100,
    "PhaseEncodingDirection": "j-",
    "PhaseEncodingSteps": 64,
    "PhaseResolution": 1,
    "PixelBandwidth": 2604,
    "ProcedureStepDescription": "head_NEURO",
    "PulseSequenceDetails": "%SiemensSeq%_ep2d_bold",
    "ReceiveCoilName": "HeadMatrix",
    "ReconMatrixPE": 64,
    "RepetitionTime": 3.56,
    "ScanOptions": "FS",
    "ScanningSequence": "EP",
    "SequenceName": "_epfid2d1_64",
    "SequenceVariant": "SK",
    "SliceThickness": 3.6,
    "SliceTiming": [
      1.535,
      0,
      1.6225,
      0.085,
      1.7075,
      0.17,
      1.7925,
      0.255,
      1.8775,
      0.3425,
      1.9625,
      0.4275,
      2.0475,
      0.5125,
      2.1325,
      0.5975,
      2.22,
      0.6825,
      2.305,
      0.7675,
      2.39,
      0.8525,
      2.475,
      0.9375,
      2.56,
      1.025,
      2.645,
      1.11,
      2.73,
      1.195,
      2.815,
      1.28,
      2.9025,
      1.365,
      2.9875,
      1.45
    ],
    "SoftwareVersions": "syngo_MR_B19",
    "SpacingBetweenSlices": 3.78,
    "TaskName": "rest",
    "TotalReadoutTime": 0.0283502,
    "dataset": "ds002422",
    "modality": "bold",
    "subject_id": "32",
    "task_id": "rest"
  },
  "dummy_trs": 0,
  "dvars_nstd": 31.58582424798995,
  "dvars_std": 1.1675026313567838,
  "dvars_vstd": 0.9908774926130648,
  "efc": 0.4818848451379665,
  "fber": 827.0451049804688,
  "fd_mean": 0.08317369420710655,
  "fd_num": 11,
  "fd_perc": 5.5,
  "fwhm_avg": 1.6587493293354008,
  "fwhm_x": 1.557376,
  "fwhm_y": 1.7308244626534148,
  "fwhm_z": 1.688047525352787,
  "gcor": 0.0106382,
  "gsr_x": -0.00425377581268549,
  "gsr_y": 0.0419476255774498,
  "provenance": {
    "md5sum": "62bf175c1b73388caa572eff738f9251",
    "settings": {
      "fd_thres": 0.2,
      "testing": false
    },
    "software": "mriqc",
    "version": "21.0.0rc2",
    "webapi_port": null,
    "webapi_url": "https://mriqc.nimh.nih.gov/api/v1"
  },
  "size_t": 200,
  "size_x": 64,
  "size_y": 64,
  "size_z": 36,
  "snr": 4.849440609001191,
  "spacing_tr": 3.559999942779541,
  "spacing_x": 3.59375,
  "spacing_y": 3.593749761581421,
  "spacing_z": 3.7800002098083496,
  "summary_bg_k": 308.49732087877777,
  "summary_bg_mad": 2.4907721795437014,
  "summary_bg_mean": 29.505977630615234,
  "summary_bg_median": 21.05500030517578,
  "summary_bg_n": 97827.0,
  "summary_bg_p05": 18.10999870300293,
  "summary_bg_p95": 68.19999694824219,
  "summary_bg_stdv": 34.899803161621094,
  "summary_fg_k": 0.820390723656574,
  "summary_fg_mad": 125.07230143532665,
  "summary_fg_mean": 626.1827392578125,
  "summary_fg_median": 610.4199829101562,
  "summary_fg_n": 21519.0,
  "summary_fg_p05": 460.2939880371094,
  "summary_fg_p95": 854.1330017089844,
  "summary_fg_stdv": 125.87138366699219,
  "tsnr": 51.325588379986584
}