{
  "aor": 0.0011223333333333333,
  "aqi": 0.02150733857142857,
  "bids_meta": {
    "AcquisitionMatrixPE": 64,
    "BandwidthPerPixelPhaseEncode": 33.245,
    "BaseResolution": 64,
    "BodyPartExamined": "HEAD",
    "DerivedVendorReportedEchoSpacing": 0.000469996,
    "DwellTime": 3e-06,
    "EchoTime": 0.05,
    "EffectiveEchoSpacing": 0.000469995,
    "FlipAngle": 90,
    "ImageType": [
      "ORIGINAL",
      "PRIMARY",
      "FMRI",
      "NONE",
      "ND",
      "MOSAIC"
    ],
    "InPlanePhaseEncodingDirectionDICOM": "COL",
    "Instructions": "During the main condition, participants were visually presented with already solved sums (arithmetic operations of addition, subtraction, multiplication, and division with simple and double-digit numbers). The control condition stimuli were digit lines with non-mathematical characters instead of arithmetic signs. Participants responded with one of three buttons on the MR-compatible response box, depending on whether the stimulus sum had been solved correctly, incorrectly or just had not been an arithmetic exercise.",
    "MRAcquisitionType": "2D",
    "MagneticFieldStrength": 1.5,
    "Manufacturer": "Siemens",
    "ManufacturersModelName": "Avanto",
    "NumberOfVolumesDiscardedByUser": 3,
    "PartialFourier": 1,
    "PatientPosition": "HFS",
    "PercentPhaseFOV": 100,
    "PhaseEncodingDirection": "j-",
    "PhaseEncodingSteps": 64,
    "PhaseResolution": 1,
    "PixelBandwidth": 2604,
    "ProcedureStepDescription": "head_NEURO",
    "PulseSequenceDetails": "%SiemensSeq%_ep2d_bold",
    "ReceiveCoilName": "HeadMatrix",
    "ReconMatrixPE": 64,
    "RepetitionTime": 2.1,
    "ScanOptions": "FS",
    "ScanningSequence": "EP",
    "SequenceName": "_epfid2d1_64",
    "SequenceVariant": "SK",
    "SliceThickness": 3,
    "SliceTiming": [
      1.0525,
      0,
      1.14,
      0.0875,
      1.23,
      0.175,
      1.3175,
      0.2625,
      1.405,
      0.35,
      1.4925,
      0.4375,
      1.58,
      0.525,
      1.6675,
      0.615,
      1.755,
      0.7025,
      1.8425,
      0.79,
      1.9325,
      0.8775,
      2.02,
      0.965
    ],
    "SoftwareVersions": "syngo_MR_B19",
    "SpacingBetweenSlices": 3.3,
    "TaskName": "arithm_run-02",
    "TotalReadoutTime": 0.0296097,
    "dataset": "ds002422",
    "modality": "bold",
    "run_id": 2,
    "subject_id": "32",
    "task_id": "arithm"
  },
  "dummy_trs": 0,
  "dvars_nstd": 42.611323561866065,
  "dvars_std": 1.0184625593301433,
  "dvars_vstd": 1.0086230728708134,
  "efc": 0.6508326447459695,
  "fber": 214.26040649414062,
  "fd_mean": 0.1473928187588809,
  "fd_num": 42,
  "fd_perc": 20.0,
  "fwhm_avg": 1.7343847071395502,
  "fwhm_x": 1.5164166666666665,
  "fwhm_y": 1.8555465192010783,
  "fwhm_z": 1.8311909355509055,
  "gcor": 0.0196559,
  "gsr_x": -0.011482639238238335,
  "gsr_y": 0.06954649835824966,
  "provenance": {
    "md5sum": "e592f0963395d39874f49ccc5a78755f",
    "settings": {
      "fd_thres": 0.2,
      "testing": false
    },
    "software": "mriqc",
    "version": "21.0.0rc2",
    "webapi_port": null,
    "webapi_url": "https://mriqc.nimh.nih.gov/api/v1"
  },
  "size_t": 210,
  "size_x": 64,
  "size_y": 64,
  "size_z": 24,
  "snr": 5.918427882196129,
  "spacing_tr": 2.0999999046325684,
  "spacing_x": 3.0,
  "spacing_y": 3.000000238418579,
  "spacing_z": 3.299999952316284,
  "summary_bg_k": 12.201196378320773,
  "summary_bg_mad": 5.690370561652814,
  "summary_bg_mean": 52.05181884765625,
  "summary_bg_median": 37.60476303100586,
  "summary_bg_n": 47920.0,
  "summary_bg_p05": 32.05214519500733,
  "summary_bg_p95": 123.78143615722652,
  "summary_bg_stdv": 34.27867889404297,
  "summary_fg_k": 1.1094923787613915,
  "summary_fg_mad": 93.06505150240666,
  "summary_fg_mean": 558.6714477539062,
  "summary_fg_median": 548.433349609375,
  "summary_fg_n": 26605.0,
  "summary_fg_p05": 435.34381713867185,
  "summary_fg_p95": 723.1800170898438,
  "summary_fg_stdv": 92.66363525390625,
  "tsnr": 31.005174291552976
}