{
  "bids_meta": {
    "AcquisitionMatrixPE": 246,
    "BaseResolution": 256,
    "CoilString": "T:HE1-4;NE2",
    "DwellTime": 1.5e-05,
    "EchoTime": 0.00291,
    "FlipAngle": 15,
    "ImagingFrequency": 63.6572,
    "InversionTime": 1.1,
    "MagneticFieldStrength": 1.5,
    "Manufacturer": "Siemens",
    "ManufacturersModelName": "Avanto",
    "PartialFourier": 1,
    "PercentPhaseFOV": 100,
    "PhaseEncodingSteps": 307,
    "PhaseOversampling": 0.25,
    "PhaseResolution": 0.96,
    "PixelBandwidth": 130,
    "ProtocolName": "t1_mpr_ns_sag_p2_iso",
    "PulseSequenceDetails": "%SiemensSeq%_tfl",
    "ReceiveCoilName": "NeckMatrix",
    "ReconMatrixPE": 256,
    "RepetitionTime": 1.9,
    "ScanOptions": "IR",
    "ScanningSequence": "GR_IR",
    "SequenceName": "_tfl3d1_ns",
    "SequenceVariant": "SP_MP_OSP",
    "SeriesDescription": "t1_mpr_ns_sag_p2_iso",
    "SliceThickness": 1,
    "SoftwareVersions": "syngo_MR_B19",
    "dataset": "ds002422",
    "modality": "T1w",
    "subject_id": "33"
  },
  "cjv": 0.6025615920609305,
  "cnr": 2.251571120918507,
  "efc": 0.5411274602766555,
  "fber": 2131.1533203125,
  "fwhm_avg": 3.5509260053037544,
  "fwhm_x": 3.48016,
  "fwhm_y": 3.6714698559112637,
  "fwhm_z": 3.50114816,
  "icvs_csf": 0.1812284814055609,
  "icvs_gm": 0.4181729182086598,
  "icvs_wm": 0.40059860038577927,
  "inu_med": 1.4650506973266602,
  "inu_range": 0.24267647266387948,
  "provenance": {
    "md5sum": "4effb07f53017951606643f61d41e714",
    "settings": {
      "testing": false
    },
    "software": "mriqc",
    "version": "21.0.0rc2",
    "warnings": {
      "large_rot_frame": true,
      "small_air_mask": false
    },
    "webapi_port": null,
    "webapi_url": "https://mriqc.nimh.nih.gov/api/v1"
  },
  "qi_1": 0.0,
  "qi_2": 0.0038671225959437338,
  "rpve_csf": 26.43231463226569,
  "rpve_gm": 12.233798335727995,
  "rpve_wm": 15.147580827717126,
  "size_x": 176,
  "size_y": 256,
  "size_z": 256,
  "snr_csf": 2.8996202362192043,
  "snr_gm": 12.76307035688352,
  "snr_total": 11.740417563120142,
  "snr_wm": 19.558562096257702,
  "snrd_csf": 28.397185683164366,
  "snrd_gm": 59.89235521536558,
  "snrd_total": 53.94795443271547,
  "snrd_wm": 73.55432239961647,
  "spacing_x": 1.0,
  "spacing_y": 0.9765625596046448,
  "spacing_z": 0.9765625,
  "summary_bg_k": 3.3947864355238764,
  "summary_bg_mad": 8.907193313026372,
  "summary_bg_mean": 16.254911422729492,
  "summary_bg_median": 13.94881820678711,
  "summary_bg_n": 2551351.0,
  "summary_bg_p05": 2.0065191984176636,
  "summary_bg_p95": 37.51156806945801,
  "summary_bg_stdv": 11.00184440612793,
  "summary_csf_k": 0.8212848274049636,
  "summary_csf_mad": 125.71030723010043,
  "summary_csf_mean": 413.2521057128906,
  "summary_csf_median": 386.08636474609375,
  "summary_csf_n": 21385.0,
  "summary_csf_p05": 238.2682098388672,
  "summary_csf_p95": 660.267541503906,
  "summary_csf_stdv": 133.14755249023438,
  "summary_gm_k": 0.10597659994469222,
  "summary_gm_mad": 62.47597429705137,
  "summary_gm_mean": 818.2578125,
  "summary_gm_median": 814.292724609375,
  "summary_gm_n": 22560.0,
  "summary_gm_p05": 719.3287841796875,
  "summary_gm_p95": 929.4594879150391,
  "summary_gm_stdv": 63.799278259277344,
  "summary_wm_k": 0.5230640346619921,
  "summary_wm_mad": 49.448186443424994,
  "summary_wm_mean": 1002.6925659179688,
  "summary_wm_median": 1000.0399780273438,
  "summary_wm_n": 238445.0,
  "summary_wm_p05": 923.76474609375,
  "summary_wm_p95": 1090.5182373046873,
  "summary_wm_stdv": 51.13043975830078,
  "tpm_overlap_csf": 0.17655205726623535,
  "tpm_overlap_gm": 0.449370414018631,
  "tpm_overlap_wm": 0.5156357288360596,
  "wm2max": 0.5246411493449509
}