{
  "aor": 0.0010249999999999999,
  "aqi": 0.00982888495,
  "bids_meta": {
    "AcquisitionMatrixPE": 64,
    "BandwidthPerPixelPhaseEncode": 34.722,
    "BaseResolution": 64,
    "BodyPartExamined": "HEAD",
    "DelayTime": 0.5,
    "DerivedVendorReportedEchoSpacing": 0.000450003,
    "DwellTime": 3e-06,
    "EchoTime": 0.05,
    "EffectiveEchoSpacing": 0.000450003,
    "FlipAngle": 90,
    "ImageType": [
      "ORIGINAL",
      "PRIMARY",
      "FMRI",
      "NONE",
      "ND",
      "MOSAIC"
    ],
    "InPlanePhaseEncodingDirectionDICOM": "COL",
    "Instructions": "Participants were asked to close their eyes, to not fall asleep, and to avoid consistent thinking about one topic during the period of scanning",
    "MRAcquisitionType": "2D",
    "MagneticFieldStrength": 1.5,
    "Manufacturer": "Siemens",
    "ManufacturersModelName": "Avanto",
    "NumberOfVolumesDiscardedByUser": 3,
    "PartialFourier": 1,
    "PatientPosition": "HFS",
    "PercentPhaseFOV": 100,
    "PhaseEncodingDirection": "j-",
    "PhaseEncodingSteps": 64,
    "PhaseResolution": 1,
    "PixelBandwidth": 2604,
    "ProcedureStepDescription": "head_NEURO",
    "PulseSequenceDetails": "%SiemensSeq%_ep2d_bold",
    "ReceiveCoilName": "HeadMatrix",
    "ReconMatrixPE": 64,
    "RepetitionTime": 3.56,
    "ScanOptions": "FS",
    "ScanningSequence": "EP",
    "SequenceName": "_epfid2d1_64",
    "SequenceVariant": "SK",
    "SliceThickness": 3.6,
    "SliceTiming": [
      1.5375,
      0,
      1.6225,
      0.085,
      1.7075,
      0.17,
      1.7925,
      0.2575,
      1.8775,
      0.3425,
      1.9625,
      0.4275,
      2.0475,
      0.5125,
      2.135,
      0.5975,
      2.22,
      0.6825,
      2.305,
      0.7675,
      2.39,
      0.855,
      2.475,
      0.94,
      2.56,
      1.025,
      2.645,
      1.11,
      2.7325,
      1.195,
      2.8175,
      1.28,
      2.9025,
      1.365,
      2.9875,
      1.45
    ],
    "SoftwareVersions": "syngo_MR_B19",
    "SpacingBetweenSlices": 3.78,
    "TaskName": "rest",
    "TotalReadoutTime": 0.0283502,
    "dataset": "ds002422",
    "modality": "bold",
    "subject_id": "34",
    "task_id": "rest"
  },
  "dummy_trs": 0,
  "dvars_nstd": 30.94321036206029,
  "dvars_std": 1.1164615191959801,
  "dvars_vstd": 1.0034899026633166,
  "efc": 0.48985766311069895,
  "fber": 743.0588989257812,
  "fd_mean": 0.0838770451744871,
  "fd_num": 11,
  "fd_perc": 5.5,
  "fwhm_avg": 1.525064351823784,
  "fwhm_x": 1.4491685995106176,
  "fwhm_y": 1.558672592245842,
  "fwhm_z": 1.5673518637148933,
  "gcor": 0.0248198,
  "gsr_x": -0.016645444557070732,
  "gsr_y": 0.027028435841202736,
  "provenance": {
    "md5sum": "fef300d47b01dcdce7898dcbc5026777",
    "settings": {
      "fd_thres": 0.2,
      "testing": false
    },
    "software": "mriqc",
    "version": "21.0.0rc2",
    "webapi_port": null,
    "webapi_url": "https://mriqc.nimh.nih.gov/api/v1"
  },
  "size_t": 200,
  "size_x": 64,
  "size_y": 64,
  "size_z": 36,
  "snr": 5.242578195739256,
  "spacing_tr": 3.559999942779541,
  "spacing_x": 3.593750238418579,
  "spacing_y": 3.593750238418579,
  "spacing_z": 3.7799999713897705,
  "summary_bg_k": 223.1952332175283,
  "summary_bg_mad": 2.475945818017928,
  "summary_bg_mean": 31.478668212890625,
  "summary_bg_median": 21.729999542236328,
  "summary_bg_n": 96920.0,
  "summary_bg_p05": 19.744998931884766,
  "summary_bg_p95": 70.53524627685549,
  "summary_bg_stdv": 38.82870864868164,
  "summary_fg_k": 1.1446257655357712,
  "summary_fg_mad": 109.28264210275682,
  "summary_fg_mean": 604.8336791992188,
  "summary_fg_median": 593.6624755859375,
  "summary_fg_n": 21126.0,
  "summary_fg_p05": 455.5087356567383,
  "summary_fg_p95": 806.9199676513672,
  "summary_fg_stdv": 113.23596954345703,
  "tsnr": 50.872846934362315
}