{
  "aor": 0.0003973333333333334,
  "aqi": 0.018899012857142856,
  "bids_meta": {
    "AcquisitionMatrixPE": 64,
    "BandwidthPerPixelPhaseEncode": 33.245,
    "BaseResolution": 64,
    "BodyPartExamined": "HEAD",
    "DerivedVendorReportedEchoSpacing": 0.000469996,
    "DwellTime": 3e-06,
    "EchoTime": 0.05,
    "EffectiveEchoSpacing": 0.000469995,
    "FlipAngle": 90,
    "ImageType": [
      "ORIGINAL",
      "PRIMARY",
      "FMRI",
      "NONE",
      "ND",
      "MOSAIC"
    ],
    "InPlanePhaseEncodingDirectionDICOM": "COL",
    "Instructions": "During the main condition, participants were visually presented with already solved sums (arithmetic operations of addition, subtraction, multiplication, and division with simple and double-digit numbers). The control condition stimuli were digit lines with non-mathematical characters instead of arithmetic signs. Participants responded with one of three buttons on the MR-compatible response box, depending on whether the stimulus sum had been solved correctly, incorrectly or just had not been an arithmetic exercise.",
    "MRAcquisitionType": "2D",
    "MagneticFieldStrength": 1.5,
    "Manufacturer": "Siemens",
    "ManufacturersModelName": "Avanto",
    "NumberOfVolumesDiscardedByUser": 3,
    "PartialFourier": 1,
    "PatientPosition": "HFS",
    "PercentPhaseFOV": 100,
    "PhaseEncodingDirection": "j-",
    "PhaseEncodingSteps": 64,
    "PhaseResolution": 1,
    "PixelBandwidth": 2604,
    "ProcedureStepDescription": "head_NEURO",
    "PulseSequenceDetails": "%SiemensSeq%_ep2d_bold",
    "ReceiveCoilName": "HeadMatrix",
    "ReconMatrixPE": 64,
    "RepetitionTime": 2.1,
    "ScanOptions": "FS",
    "ScanningSequence": "EP",
    "SequenceName": "_epfid2d1_64",
    "SequenceVariant": "SK",
    "SliceThickness": 3,
    "SliceTiming": [
      1.0525,
      0,
      1.1425,
      0.0875,
      1.23,
      0.175,
      1.3175,
      0.2625,
      1.405,
      0.35,
      1.4925,
      0.4375,
      1.58,
      0.5275,
      1.6675,
      0.615,
      1.755,
      0.7025,
      1.845,
      0.79,
      1.9325,
      0.8775,
      2.02,
      0.965
    ],
    "SoftwareVersions": "syngo_MR_B19",
    "SpacingBetweenSlices": 3.3,
    "TaskName": "arithm_run-01",
    "TotalReadoutTime": 0.0296097,
    "dataset": "ds002422",
    "modality": "bold",
    "run_id": 1,
    "subject_id": "34",
    "task_id": "arithm"
  },
  "dummy_trs": 0,
  "dvars_nstd": 42.54553459937797,
  "dvars_std": 1.0404268677033497,
  "dvars_vstd": 1.014805512248804,
  "efc": 0.6735828030756646,
  "fber": 196.645751953125,
  "fd_mean": 0.06135974426727803,
  "fd_num": 2,
  "fd_perc": 0.9523809523809523,
  "fwhm_avg": 1.567986353672623,
  "fwhm_x": 1.4179266666666666,
  "fwhm_y": 1.6266534626081357,
  "fwhm_z": 1.659378931743067,
  "gcor": 0.0190834,
  "gsr_x": -0.02896498143672943,
  "gsr_y": 0.06652235239744186,
  "provenance": {
    "md5sum": "773dbece495b507c09d533f37524c541",
    "settings": {
      "fd_thres": 0.2,
      "testing": false
    },
    "software": "mriqc",
    "version": "21.0.0rc2",
    "webapi_port": null,
    "webapi_url": "https://mriqc.nimh.nih.gov/api/v1"
  },
  "size_t": 210,
  "size_x": 64,
  "size_y": 64,
  "size_z": 24,
  "snr": 6.501384790110551,
  "spacing_tr": 2.0999999046325684,
  "spacing_x": 3.0,
  "spacing_y": 2.999999761581421,
  "spacing_z": 3.299999713897705,
  "summary_bg_k": 11.857945292239755,
  "summary_bg_mad": 5.591526266254779,
  "summary_bg_mean": 54.41514205932617,
  "summary_bg_median": 38.252384185791016,
  "summary_bg_n": 45467.0,
  "summary_bg_p05": 34.20476150512695,
  "summary_bg_p95": 126.62286300659174,
  "summary_bg_stdv": 33.44514846801758,
  "summary_fg_k": 1.2880760191682992,
  "summary_fg_mad": 82.76452237451461,
  "summary_fg_mean": 544.924560546875,
  "summary_fg_median": 540.9833374023438,
  "summary_fg_n": 29038.0,
  "summary_fg_p05": 432.4795288085937,
  "summary_fg_p95": 691.5750427246094,
  "summary_fg_stdv": 83.20904541015625,
  "tsnr": 34.451825718570035
}