{
  "aor": 0.0003924761904761905,
  "aqi": 0.01857624142857143,
  "bids_meta": {
    "AcquisitionMatrixPE": 64,
    "BandwidthPerPixelPhaseEncode": 33.245,
    "BaseResolution": 64,
    "BodyPartExamined": "HEAD",
    "DerivedVendorReportedEchoSpacing": 0.000469996,
    "DwellTime": 3e-06,
    "EchoTime": 0.05,
    "EffectiveEchoSpacing": 0.000469995,
    "FlipAngle": 90,
    "ImageType": [
      "ORIGINAL",
      "PRIMARY",
      "FMRI",
      "NONE",
      "ND",
      "MOSAIC"
    ],
    "InPlanePhaseEncodingDirectionDICOM": "COL",
    "Instructions": "During the main condition, participants were visually presented with already solved sums (arithmetic operations of addition, subtraction, multiplication, and division with simple and double-digit numbers). The control condition stimuli were digit lines with non-mathematical characters instead of arithmetic signs. Participants responded with one of three buttons on the MR-compatible response box, depending on whether the stimulus sum had been solved correctly, incorrectly or just had not been an arithmetic exercise.",
    "MRAcquisitionType": "2D",
    "MagneticFieldStrength": 1.5,
    "Manufacturer": "Siemens",
    "ManufacturersModelName": "Avanto",
    "NumberOfVolumesDiscardedByUser": 3,
    "PartialFourier": 1,
    "PatientPosition": "HFS",
    "PercentPhaseFOV": 100,
    "PhaseEncodingDirection": "j-",
    "PhaseEncodingSteps": 64,
    "PhaseResolution": 1,
    "PixelBandwidth": 2604,
    "ProcedureStepDescription": "head_NEURO",
    "PulseSequenceDetails": "%SiemensSeq%_ep2d_bold",
    "ReceiveCoilName": "HeadMatrix",
    "ReconMatrixPE": 64,
    "RepetitionTime": 2.1,
    "ScanOptions": "FS",
    "ScanningSequence": "EP",
    "SequenceName": "_epfid2d1_64",
    "SequenceVariant": "SK",
    "SliceThickness": 3,
    "SliceTiming": [
      1.055,
      0,
      1.1425,
      0.0875,
      1.23,
      0.1775,
      1.3175,
      0.265,
      1.405,
      0.3525,
      1.495,
      0.44,
      1.5825,
      0.5275,
      1.67,
      0.615,
      1.7575,
      0.7025,
      1.845,
      0.79,
      1.9325,
      0.88,
      2.02,
      0.9675
    ],
    "SoftwareVersions": "syngo_MR_B19",
    "SpacingBetweenSlices": 3.3,
    "TaskName": "arithm_run-02",
    "TotalReadoutTime": 0.0296097,
    "dataset": "ds002422",
    "modality": "bold",
    "run_id": 2,
    "subject_id": "34",
    "task_id": "arithm"
  },
  "dummy_trs": 0,
  "dvars_nstd": 42.639463032200965,
  "dvars_std": 1.040920716172249,
  "dvars_vstd": 1.0139694710047853,
  "efc": 0.6737135997723965,
  "fber": 196.70811462402344,
  "fd_mean": 0.060666084238172,
  "fd_num": 3,
  "fd_perc": 1.4285714285714286,
  "fwhm_avg": 1.5632030201229872,
  "fwhm_x": 1.4117600000000001,
  "fwhm_y": 1.6182701286085548,
  "fwhm_z": 1.6595789317604064,
  "gcor": 0.0172375,
  "gsr_x": -0.029502486810088158,
  "gsr_y": 0.06761349737644196,
  "provenance": {
    "md5sum": "0740013193483d4492b65c668b6a84e2",
    "settings": {
      "fd_thres": 0.2,
      "testing": false
    },
    "software": "mriqc",
    "version": "21.0.0rc2",
    "webapi_port": null,
    "webapi_url": "https://mriqc.nimh.nih.gov/api/v1"
  },
  "size_t": 210,
  "size_x": 64,
  "size_y": 64,
  "size_z": 24,
  "snr": 6.481704647303397,
  "spacing_tr": 2.0999999046325684,
  "spacing_x": 3.0,
  "spacing_y": 2.999999761581421,
  "spacing_z": 3.299999713897705,
  "summary_bg_k": 11.45060947235167,
  "summary_bg_mad": 5.6762483321163435,
  "summary_bg_mean": 54.7314567565918,
  "summary_bg_median": 38.27143096923828,
  "summary_bg_n": 45460.0,
  "summary_bg_p05": 34.18095397949219,
  "summary_bg_p95": 128.17381362915017,
  "summary_bg_stdv": 33.966827392578125,
  "summary_fg_k": 1.2612445259634013,
  "summary_fg_mad": 83.02925337977817,
  "summary_fg_mean": 546.3151245117188,
  "summary_fg_median": 542.1904907226562,
  "summary_fg_n": 29032.0,
  "summary_fg_p05": 433.09833984375,
  "summary_fg_p95": 693.5510009765624,
  "summary_fg_stdv": 83.6479263305664,
  "tsnr": 34.658543273457326
}