{
  "aor": 0.00035533333333333337,
  "aqi": 0.01960859714285714,
  "bids_meta": {
    "AcquisitionMatrixPE": 64,
    "BandwidthPerPixelPhaseEncode": 33.245,
    "BaseResolution": 64,
    "BodyPartExamined": "HEAD",
    "DerivedVendorReportedEchoSpacing": 0.000469996,
    "DwellTime": 3e-06,
    "EchoTime": 0.05,
    "EffectiveEchoSpacing": 0.000469995,
    "FlipAngle": 90,
    "ImageType": [
      "ORIGINAL",
      "PRIMARY",
      "FMRI",
      "NONE",
      "ND",
      "MOSAIC"
    ],
    "InPlanePhaseEncodingDirectionDICOM": "COL",
    "Instructions": "During the main condition, participants were visually presented with already solved sums (arithmetic operations of addition, subtraction, multiplication, and division with simple and double-digit numbers). The control condition stimuli were digit lines with non-mathematical characters instead of arithmetic signs. Participants responded with one of three buttons on the MR-compatible response box, depending on whether the stimulus sum had been solved correctly, incorrectly or just had not been an arithmetic exercise.",
    "MRAcquisitionType": "2D",
    "MagneticFieldStrength": 1.5,
    "Manufacturer": "Siemens",
    "ManufacturersModelName": "Avanto",
    "NumberOfVolumesDiscardedByUser": 3,
    "PartialFourier": 1,
    "PatientPosition": "HFS",
    "PercentPhaseFOV": 100,
    "PhaseEncodingDirection": "j-",
    "PhaseEncodingSteps": 64,
    "PhaseResolution": 1,
    "PixelBandwidth": 2604,
    "ProcedureStepDescription": "head_NEURO",
    "PulseSequenceDetails": "%SiemensSeq%_ep2d_bold",
    "ReceiveCoilName": "HeadMatrix",
    "ReconMatrixPE": 64,
    "RepetitionTime": 2.1,
    "ScanOptions": "FS",
    "ScanningSequence": "EP",
    "SequenceName": "_epfid2d1_64",
    "SequenceVariant": "SK",
    "SliceThickness": 3,
    "SliceTiming": [
      1.055,
      0,
      1.1425,
      0.09,
      1.23,
      0.1775,
      1.3175,
      0.265,
      1.4075,
      0.3525,
      1.495,
      0.44,
      1.5825,
      0.5275,
      1.67,
      0.615,
      1.7575,
      0.7025,
      1.845,
      0.7925,
      1.9325,
      0.88,
      2.02,
      0.9675
    ],
    "SoftwareVersions": "syngo_MR_B19",
    "SpacingBetweenSlices": 3.3,
    "TaskName": "arithm_run-01",
    "TotalReadoutTime": 0.0296097,
    "dataset": "ds002422",
    "modality": "bold",
    "run_id": 1,
    "subject_id": "37",
    "task_id": "arithm"
  },
  "dummy_trs": 0,
  "dvars_nstd": 39.72304091377995,
  "dvars_std": 1.0220652888995214,
  "dvars_vstd": 1.013594743827751,
  "efc": 0.6535161784234028,
  "fber": 219.46786499023438,
  "fd_mean": 0.05340147020120034,
  "fd_num": 0,
  "fd_perc": 0.0,
  "fwhm_avg": 1.6329613420714228,
  "fwhm_x": 1.5143032129873266,
  "fwhm_y": 1.7259900000000001,
  "fwhm_z": 1.6585908132269418,
  "gcor": 0.0163066,
  "gsr_x": -0.004171838518232107,
  "gsr_y": 0.030023636296391487,
  "provenance": {
    "md5sum": "7c36b1ea83cb132ec7c73bd9ca5ade5c",
    "settings": {
      "fd_thres": 0.2,
      "testing": false
    },
    "software": "mriqc",
    "version": "21.0.0rc2",
    "webapi_port": null,
    "webapi_url": "https://mriqc.nimh.nih.gov/api/v1"
  },
  "size_t": 210,
  "size_x": 64,
  "size_y": 64,
  "size_z": 24,
  "snr": 7.202098729054401,
  "spacing_tr": 2.0999999046325684,
  "spacing_x": 3.000000238418579,
  "spacing_y": 3.0,
  "spacing_z": 3.3000001907348633,
  "summary_bg_k": 31.192354178103514,
  "summary_bg_mad": 3.304081389100203,
  "summary_bg_mean": 48.63320541381836,
  "summary_bg_median": 38.090476989746094,
  "summary_bg_n": 46502.0,
  "summary_bg_p05": 35.009525299072266,
  "summary_bg_p95": 102.7409542083739,
  "summary_bg_stdv": 28.922054290771484,
  "summary_fg_k": 1.7498840896642305,
  "summary_fg_mad": 75.10085160515186,
  "summary_fg_mean": 569.2066650390625,
  "summary_fg_median": 563.2857055664062,
  "summary_fg_n": 28136.0,
  "summary_fg_p05": 464.751220703125,
  "summary_fg_p95": 703.8333740234375,
  "summary_fg_stdv": 78.2099380493164,
  "tsnr": 35.959562133124564
}