{
  "aor": 0.00032409523809523807,
  "aqi": 0.02097099714285714,
  "bids_meta": {
    "AcquisitionMatrixPE": 64,
    "BandwidthPerPixelPhaseEncode": 33.245,
    "BaseResolution": 64,
    "BodyPartExamined": "HEAD",
    "DerivedVendorReportedEchoSpacing": 0.000469996,
    "DwellTime": 3e-06,
    "EchoTime": 0.05,
    "EffectiveEchoSpacing": 0.000469995,
    "FlipAngle": 90,
    "ImageType": [
      "ORIGINAL",
      "PRIMARY",
      "FMRI",
      "NONE",
      "ND",
      "MOSAIC"
    ],
    "InPlanePhaseEncodingDirectionDICOM": "COL",
    "Instructions": "During the main condition, participants were visually presented with already solved sums (arithmetic operations of addition, subtraction, multiplication, and division with simple and double-digit numbers). The control condition stimuli were digit lines with non-mathematical characters instead of arithmetic signs. Participants responded with one of three buttons on the MR-compatible response box, depending on whether the stimulus sum had been solved correctly, incorrectly or just had not been an arithmetic exercise.",
    "MRAcquisitionType": "2D",
    "MagneticFieldStrength": 1.5,
    "Manufacturer": "Siemens",
    "ManufacturersModelName": "Avanto",
    "NumberOfVolumesDiscardedByUser": 3,
    "PartialFourier": 1,
    "PatientPosition": "HFS",
    "PercentPhaseFOV": 100,
    "PhaseEncodingDirection": "j-",
    "PhaseEncodingSteps": 64,
    "PhaseResolution": 1,
    "PixelBandwidth": 2604,
    "ProcedureStepDescription": "head_NEURO",
    "PulseSequenceDetails": "%SiemensSeq%_ep2d_bold",
    "ReceiveCoilName": "HeadMatrix",
    "ReconMatrixPE": 64,
    "RepetitionTime": 2.1,
    "ScanOptions": "FS",
    "ScanningSequence": "EP",
    "SequenceName": "_epfid2d1_64",
    "SequenceVariant": "SK",
    "SliceThickness": 3,
    "SliceTiming": [
      1.0525,
      0,
      1.14,
      0.0875,
      1.2275,
      0.175,
      1.3175,
      0.2625,
      1.405,
      0.35,
      1.4925,
      0.4375,
      1.58,
      0.525,
      1.6675,
      0.6125,
      1.755,
      0.7025,
      1.8425,
      0.79,
      1.93,
      0.8775,
      2.02,
      0.965
    ],
    "SoftwareVersions": "syngo_MR_B19",
    "SpacingBetweenSlices": 3.3,
    "TaskName": "arithm_run-02",
    "TotalReadoutTime": 0.0296097,
    "dataset": "ds002422",
    "modality": "bold",
    "run_id": 2,
    "subject_id": "37",
    "task_id": "arithm"
  },
  "dummy_trs": 0,
  "dvars_nstd": 39.83667976009569,
  "dvars_std": 1.0190941906220095,
  "dvars_vstd": 1.0090226108133964,
  "efc": 0.6525545416012887,
  "fber": 220.77137756347656,
  "fd_mean": 0.05273487311962351,
  "fd_num": 0,
  "fd_perc": 0.0,
  "fwhm_avg": 1.6482275031982294,
  "fwhm_x": 1.5290798784796495,
  "fwhm_y": 1.75193,
  "fwhm_z": 1.663672631115039,
  "gcor": 0.0143074,
  "gsr_x": -0.003679730463773012,
  "gsr_y": 0.03095168061554432,
  "provenance": {
    "md5sum": "6cf1f03c46e82f05059d55727a1cb927",
    "settings": {
      "fd_thres": 0.2,
      "testing": false
    },
    "software": "mriqc",
    "version": "21.0.0rc2",
    "webapi_port": null,
    "webapi_url": "https://mriqc.nimh.nih.gov/api/v1"
  },
  "size_t": 210,
  "size_x": 64,
  "size_y": 64,
  "size_z": 24,
  "snr": 7.211982775785421,
  "spacing_tr": 2.0999999046325684,
  "spacing_x": 3.000000238418579,
  "spacing_y": 3.0,
  "spacing_z": 3.3000001907348633,
  "summary_bg_k": 31.248737906423656,
  "summary_bg_mad": 3.2546620692405006,
  "summary_bg_mean": 48.331050872802734,
  "summary_bg_median": 37.96666717529297,
  "summary_bg_n": 46644.0,
  "summary_bg_p05": 34.93809509277344,
  "summary_bg_p95": 101.17476501464843,
  "summary_bg_stdv": 28.544679641723633,
  "summary_fg_k": 1.681411892773152,
  "summary_fg_mad": 75.22088772837253,
  "summary_fg_mean": 567.593017578125,
  "summary_fg_median": 561.9476318359375,
  "summary_fg_n": 28012.0,
  "summary_fg_p05": 463.69358520507814,
  "summary_fg_p95": 702.9328735351562,
  "summary_fg_stdv": 77.9172134399414,
  "tsnr": 35.21239915955812
}