{
  "aor": 0.0003735000000000001,
  "aqi": 0.0064925486,
  "bids_meta": {
    "AcquisitionMatrixPE": 64,
    "BandwidthPerPixelPhaseEncode": 34.722,
    "BaseResolution": 64,
    "BodyPartExamined": "HEAD",
    "DelayTime": 0.5,
    "DerivedVendorReportedEchoSpacing": 0.000450003,
    "DwellTime": 3e-06,
    "EchoTime": 0.05,
    "EffectiveEchoSpacing": 0.000450003,
    "FlipAngle": 90,
    "ImageType": [
      "ORIGINAL",
      "PRIMARY",
      "FMRI",
      "NONE",
      "ND",
      "MOSAIC"
    ],
    "InPlanePhaseEncodingDirectionDICOM": "COL",
    "Instructions": "Participants were asked to close their eyes, to not fall asleep, and to avoid consistent thinking about one topic during the period of scanning",
    "MRAcquisitionType": "2D",
    "MagneticFieldStrength": 1.5,
    "Manufacturer": "Siemens",
    "ManufacturersModelName": "Avanto",
    "NumberOfVolumesDiscardedByUser": 3,
    "PartialFourier": 1,
    "PatientPosition": "HFS",
    "PercentPhaseFOV": 100,
    "PhaseEncodingDirection": "j-",
    "PhaseEncodingSteps": 64,
    "PhaseResolution": 1,
    "PixelBandwidth": 2604,
    "ProcedureStepDescription": "head_NEURO",
    "PulseSequenceDetails": "%SiemensSeq%_ep2d_bold",
    "ReceiveCoilName": "HeadMatrix",
    "ReconMatrixPE": 64,
    "RepetitionTime": 3.56,
    "ScanOptions": "FS",
    "ScanningSequence": "EP",
    "SequenceName": "_epfid2d1_64",
    "SequenceVariant": "SK",
    "SliceThickness": 3.6,
    "SliceTiming": [
      1.5375,
      0,
      1.6225,
      0.085,
      1.7075,
      0.17,
      1.7925,
      0.2575,
      1.8775,
      0.3425,
      1.9625,
      0.4275,
      2.0475,
      0.5125,
      2.135,
      0.5975,
      2.22,
      0.6825,
      2.305,
      0.7675,
      2.39,
      0.855,
      2.475,
      0.94,
      2.56,
      1.025,
      2.645,
      1.11,
      2.7325,
      1.195,
      2.8175,
      1.28,
      2.9025,
      1.365,
      2.9875,
      1.45
    ],
    "SoftwareVersions": "syngo_MR_B19",
    "SpacingBetweenSlices": 3.78,
    "TaskName": "rest",
    "TotalReadoutTime": 0.0283502,
    "dataset": "ds002422",
    "modality": "bold",
    "subject_id": "37",
    "task_id": "rest"
  },
  "dummy_trs": 0,
  "dvars_nstd": 28.03590728527638,
  "dvars_std": 1.1376242974874375,
  "dvars_vstd": 0.9949025547236179,
  "efc": 0.5119566922311469,
  "fber": 568.2144775390625,
  "fd_mean": 0.037278064119090126,
  "fd_num": 0,
  "fd_perc": 0.0,
  "fwhm_avg": 1.563863524074273,
  "fwhm_x": 1.4987019130434782,
  "fwhm_y": 1.6157802811080455,
  "fwhm_z": 1.577108378071295,
  "gcor": 0.0156422,
  "gsr_x": -0.014721847139298916,
  "gsr_y": 0.02422116883099079,
  "provenance": {
    "md5sum": "14d4eeb54289fb8475c2548c28f1515d",
    "settings": {
      "fd_thres": 0.2,
      "testing": false
    },
    "software": "mriqc",
    "version": "21.0.0rc2",
    "webapi_port": null,
    "webapi_url": "https://mriqc.nimh.nih.gov/api/v1"
  },
  "size_t": 200,
  "size_x": 64,
  "size_y": 64,
  "size_z": 36,
  "snr": 5.734018890327009,
  "spacing_tr": 3.559999942779541,
  "spacing_x": 3.59375,
  "spacing_y": 3.593749761581421,
  "spacing_z": 3.7800002098083496,
  "summary_bg_k": 235.32441989676025,
  "summary_bg_mad": 2.5871421155415737,
  "summary_bg_mean": 36.906864166259766,
  "summary_bg_median": 25.959999084472656,
  "summary_bg_n": 94722.0,
  "summary_bg_p05": 23.71500015258789,
  "summary_bg_p95": 86.3947467803955,
  "summary_bg_stdv": 46.55144119262695,
  "summary_fg_k": 1.4910540639268897,
  "summary_fg_mad": 103.39675473090145,
  "summary_fg_mean": 630.074951171875,
  "summary_fg_median": 619.8349609375,
  "summary_fg_n": 22569.0,
  "summary_fg_p05": 488.50999755859374,
  "summary_fg_p95": 819.0289916992186,
  "summary_fg_stdv": 108.09542846679688,
  "tsnr": 59.5517833661288
}