{
  "aor": 0.0010113499999999998,
  "aqi": 0.009909517349999999,
  "bids_meta": {
    "AcquisitionMatrixPE": 64,
    "BandwidthPerPixelPhaseEncode": 34.722,
    "BaseResolution": 64,
    "BodyPartExamined": "HEAD",
    "DelayTime": 0.5,
    "DerivedVendorReportedEchoSpacing": 0.000450003,
    "DwellTime": 3e-06,
    "EchoTime": 0.05,
    "EffectiveEchoSpacing": 0.000450003,
    "FlipAngle": 90,
    "ImageType": [
      "ORIGINAL",
      "PRIMARY",
      "FMRI",
      "NONE",
      "ND",
      "MOSAIC"
    ],
    "InPlanePhaseEncodingDirectionDICOM": "COL",
    "Instructions": "Participants were asked to close their eyes, to not fall asleep, and to avoid consistent thinking about one topic during the period of scanning",
    "MRAcquisitionType": "2D",
    "MagneticFieldStrength": 1.5,
    "Manufacturer": "Siemens",
    "ManufacturersModelName": "Avanto",
    "NumberOfVolumesDiscardedByUser": 3,
    "PartialFourier": 1,
    "PatientPosition": "HFS",
    "PercentPhaseFOV": 100,
    "PhaseEncodingDirection": "j-",
    "PhaseEncodingSteps": 64,
    "PhaseResolution": 1,
    "PixelBandwidth": 2604,
    "ProcedureStepDescription": "head_NEURO",
    "PulseSequenceDetails": "%SiemensSeq%_ep2d_bold",
    "ReceiveCoilName": "HeadMatrix",
    "ReconMatrixPE": 64,
    "RepetitionTime": 3.56,
    "ScanOptions": "FS",
    "ScanningSequence": "EP",
    "SequenceName": "_epfid2d1_64",
    "SequenceVariant": "SK",
    "SliceThickness": 3.6,
    "SliceTiming": [
      1.535,
      0,
      1.62,
      0.085,
      1.7075,
      0.17,
      1.7925,
      0.255,
      1.8775,
      0.34,
      1.9625,
      0.4275,
      2.0475,
      0.5125,
      2.1325,
      0.5975,
      2.2175,
      0.6825,
      2.305,
      0.7675,
      2.39,
      0.8525,
      2.475,
      0.9375,
      2.56,
      1.025,
      2.645,
      1.11,
      2.73,
      1.195,
      2.815,
      1.28,
      2.9025,
      1.365,
      2.9875,
      1.45
    ],
    "SoftwareVersions": "syngo_MR_B19",
    "SpacingBetweenSlices": 3.78,
    "TaskName": "rest",
    "TotalReadoutTime": 0.0283502,
    "dataset": "ds002422",
    "modality": "bold",
    "subject_id": "05",
    "task_id": "rest"
  },
  "dummy_trs": 0,
  "dvars_nstd": 30.95787723100502,
  "dvars_std": 1.1372151901507537,
  "dvars_vstd": 0.9868391539698484,
  "efc": 0.5141846836168695,
  "fber": 597.298095703125,
  "fd_mean": 0.06518577265617237,
  "fd_num": 3,
  "fd_perc": 1.5,
  "fwhm_avg": 1.658831691302843,
  "fwhm_x": 1.6008070627233797,
  "fwhm_y": 1.7763255652173915,
  "fwhm_z": 1.5993624459677582,
  "gcor": 0.0225712,
  "gsr_x": -0.00805759709328413,
  "gsr_y": 0.026875793933868408,
  "provenance": {
    "md5sum": "80be625a1039d81db3aab8b9a5cd0d16",
    "settings": {
      "fd_thres": 0.2,
      "testing": false
    },
    "software": "mriqc",
    "version": "21.0.0rc2",
    "webapi_port": null,
    "webapi_url": "https://mriqc.nimh.nih.gov/api/v1"
  },
  "size_t": 200,
  "size_x": 64,
  "size_y": 64,
  "size_z": 36,
  "snr": 5.505454595829098,
  "spacing_tr": 3.559999942779541,
  "spacing_x": 3.593749761581421,
  "spacing_y": 3.59375,
  "spacing_z": 3.7799999713897705,
  "summary_bg_k": 169.8626636313728,
  "summary_bg_mad": 4.284719506572609,
  "summary_bg_mean": 39.13979721069336,
  "summary_bg_median": 24.5,
  "summary_bg_n": 95366.0,
  "summary_bg_p05": 20.649999618530273,
  "summary_bg_p95": 111.30125045776367,
  "summary_bg_stdv": 48.68093490600586,
  "summary_fg_k": 1.3448715033314524,
  "summary_fg_mad": 110.66887155742523,
  "summary_fg_mean": 609.5535278320312,
  "summary_fg_median": 602.8150024414062,
  "summary_fg_n": 21383.0,
  "summary_fg_p05": 457.6665008544922,
  "summary_fg_p95": 793.1699890136717,
  "summary_fg_stdv": 109.4915771484375,
  "tsnr": 48.36020017322153
}