{
  "aor": 0.0007350952380952381,
  "aqi": 0.03339921285714286,
  "bids_meta": {
    "AcquisitionMatrixPE": 64,
    "BandwidthPerPixelPhaseEncode": 33.245,
    "BaseResolution": 64,
    "BodyPartExamined": "HEAD",
    "DerivedVendorReportedEchoSpacing": 0.000469996,
    "DwellTime": 3e-06,
    "EchoTime": 0.05,
    "EffectiveEchoSpacing": 0.000469995,
    "FlipAngle": 90,
    "ImageType": [
      "ORIGINAL",
      "PRIMARY",
      "FMRI",
      "NONE",
      "ND",
      "MOSAIC"
    ],
    "InPlanePhaseEncodingDirectionDICOM": "COL",
    "Instructions": "During the main condition, participants were visually presented with already solved sums (arithmetic operations of addition, subtraction, multiplication, and division with simple and double-digit numbers). The control condition stimuli were digit lines with non-mathematical characters instead of arithmetic signs. Participants responded with one of three buttons on the MR-compatible response box, depending on whether the stimulus sum had been solved correctly, incorrectly or just had not been an arithmetic exercise.",
    "MRAcquisitionType": "2D",
    "MagneticFieldStrength": 1.5,
    "Manufacturer": "Siemens",
    "ManufacturersModelName": "Avanto",
    "NumberOfVolumesDiscardedByUser": 3,
    "PartialFourier": 1,
    "PatientPosition": "HFS",
    "PercentPhaseFOV": 100,
    "PhaseEncodingDirection": "j-",
    "PhaseEncodingSteps": 64,
    "PhaseResolution": 1,
    "PixelBandwidth": 2604,
    "ProcedureStepDescription": "head_NEURO",
    "PulseSequenceDetails": "%SiemensSeq%_ep2d_bold",
    "ReceiveCoilName": "HeadMatrix",
    "ReconMatrixPE": 64,
    "RepetitionTime": 2.1,
    "ScanOptions": "FS",
    "ScanningSequence": "EP",
    "SequenceName": "_epfid2d1_64",
    "SequenceVariant": "SK",
    "SliceThickness": 3,
    "SliceTiming": [
      1.055,
      0,
      1.1425,
      0.0875,
      1.23,
      0.1775,
      1.3175,
      0.265,
      1.405,
      0.3525,
      1.495,
      0.44,
      1.5825,
      0.5275,
      1.67,
      0.615,
      1.7575,
      0.7025,
      1.845,
      0.79,
      1.9325,
      0.88,
      2.02,
      0.9675
    ],
    "SoftwareVersions": "syngo_MR_B19",
    "SpacingBetweenSlices": 3.3,
    "TaskName": "arithm_run-02",
    "TotalReadoutTime": 0.0296097,
    "dataset": "ds002422",
    "modality": "bold",
    "run_id": 2,
    "subject_id": "05",
    "task_id": "arithm"
  },
  "dummy_trs": 0,
  "dvars_nstd": 42.530140543875596,
  "dvars_std": 0.9776716300956936,
  "dvars_vstd": 0.9889684728229664,
  "efc": 0.657629941128021,
  "fber": 175.80950927734375,
  "fd_mean": 0.11348057554394694,
  "fd_num": 15,
  "fd_perc": 7.142857142857143,
  "fwhm_avg": 1.6794900078488684,
  "fwhm_x": 1.5594933333333334,
  "fwhm_y": 1.84941,
  "fwhm_z": 1.6295666902132713,
  "gcor": 0.00715343,
  "gsr_x": 0.005781316664069891,
  "gsr_y": 0.0421389564871788,
  "provenance": {
    "md5sum": "4f93bd9f09bb1cff1a6e975ca998569d",
    "settings": {
      "fd_thres": 0.2,
      "testing": false
    },
    "software": "mriqc",
    "version": "21.0.0rc2",
    "webapi_port": null,
    "webapi_url": "https://mriqc.nimh.nih.gov/api/v1"
  },
  "size_t": 210,
  "size_x": 64,
  "size_y": 64,
  "size_z": 24,
  "snr": 6.885119491391805,
  "spacing_tr": 2.0999999046325684,
  "spacing_x": 3.0,
  "spacing_y": 3.0,
  "spacing_z": 3.299999952316284,
  "summary_bg_k": 73.46125726094974,
  "summary_bg_mad": 6.452852187371006,
  "summary_bg_mean": 59.80740737915039,
  "summary_bg_median": 41.614288330078125,
  "summary_bg_n": 48090.0,
  "summary_bg_p05": 35.85238265991211,
  "summary_bg_p95": 156.01690902709916,
  "summary_bg_stdv": 49.30582809448242,
  "summary_fg_k": 1.0729723350011318,
  "summary_fg_mad": 83.39639741365463,
  "summary_fg_mean": 553.84521484375,
  "summary_fg_median": 550.319091796875,
  "summary_fg_n": 25432.0,
  "summary_fg_p05": 441.3650192260742,
  "summary_fg_p95": 688.1224121093749,
  "summary_fg_stdv": 79.92719268798828,
  "tsnr": 29.15379888721509
}