{
  "aor": 0.004330285714285714,
  "aqi": 0.024951901428571427,
  "bids_meta": {
    "AcquisitionMatrixPE": 64,
    "BandwidthPerPixelPhaseEncode": 33.245,
    "BaseResolution": 64,
    "BodyPartExamined": "HEAD",
    "DerivedVendorReportedEchoSpacing": 0.000469996,
    "DwellTime": 3e-06,
    "EchoTime": 0.05,
    "EffectiveEchoSpacing": 0.000469995,
    "FlipAngle": 90,
    "ImageType": [
      "ORIGINAL",
      "PRIMARY",
      "FMRI",
      "NONE",
      "ND",
      "MOSAIC"
    ],
    "InPlanePhaseEncodingDirectionDICOM": "COL",
    "Instructions": "During the main condition, participants were visually presented with already solved sums (arithmetic operations of addition, subtraction, multiplication, and division with simple and double-digit numbers). The control condition stimuli were digit lines with non-mathematical characters instead of arithmetic signs. Participants responded with one of three buttons on the MR-compatible response box, depending on whether the stimulus sum had been solved correctly, incorrectly or just had not been an arithmetic exercise.",
    "MRAcquisitionType": "2D",
    "MagneticFieldStrength": 1.5,
    "Manufacturer": "Siemens",
    "ManufacturersModelName": "Avanto",
    "NumberOfVolumesDiscardedByUser": 3,
    "PartialFourier": 1,
    "PatientPosition": "HFS",
    "PercentPhaseFOV": 100,
    "PhaseEncodingDirection": "j-",
    "PhaseEncodingSteps": 64,
    "PhaseResolution": 1,
    "PixelBandwidth": 2604,
    "ProcedureStepDescription": "head_NEURO",
    "PulseSequenceDetails": "%SiemensSeq%_ep2d_bold",
    "ReceiveCoilName": "HeadMatrix",
    "ReconMatrixPE": 64,
    "RepetitionTime": 2.1,
    "ScanOptions": "FS",
    "ScanningSequence": "EP",
    "SequenceName": "_epfid2d1_64",
    "SequenceVariant": "SK",
    "SliceThickness": 3,
    "SliceTiming": [
      1.0525,
      0,
      1.1425,
      0.0875,
      1.23,
      0.175,
      1.3175,
      0.2625,
      1.405,
      0.35,
      1.4925,
      0.44,
      1.58,
      0.5275,
      1.6675,
      0.615,
      1.7575,
      0.7025,
      1.845,
      0.79,
      1.9325,
      0.8775,
      2.02,
      0.965
    ],
    "SoftwareVersions": "syngo_MR_B19",
    "SpacingBetweenSlices": 3.3,
    "TaskName": "arithm_run-01",
    "TotalReadoutTime": 0.0296097,
    "dataset": "ds002422",
    "modality": "bold",
    "run_id": 1,
    "subject_id": "05",
    "task_id": "arithm"
  },
  "dummy_trs": 0,
  "dvars_nstd": 42.72198730923443,
  "dvars_std": 1.0530254004784692,
  "dvars_vstd": 1.0605121807655502,
  "efc": 0.6556662972967121,
  "fber": 176.8727569580078,
  "fd_mean": 0.11107818855302092,
  "fd_num": 14,
  "fd_perc": 6.666666666666667,
  "fwhm_avg": 1.6599074824533355,
  "fwhm_x": 1.5636999999999999,
  "fwhm_y": 1.8161466666666666,
  "fwhm_z": 1.59987578069334,
  "gcor": 0.0113146,
  "gsr_x": 0.007961779832839966,
  "gsr_y": 0.04260942339897156,
  "provenance": {
    "md5sum": "8ac8cf4828ec60299e138602bdac23ee",
    "settings": {
      "fd_thres": 0.2,
      "testing": false
    },
    "software": "mriqc",
    "version": "21.0.0rc2",
    "webapi_port": null,
    "webapi_url": "https://mriqc.nimh.nih.gov/api/v1"
  },
  "size_t": 210,
  "size_x": 64,
  "size_y": 64,
  "size_z": 24,
  "snr": 6.807545702419009,
  "spacing_tr": 2.0999999046325684,
  "spacing_x": 3.0,
  "spacing_y": 3.0,
  "spacing_z": 3.299999952316284,
  "summary_bg_k": 64.59911500651344,
  "summary_bg_mad": 6.897631721786961,
  "summary_bg_mean": 59.16096496582031,
  "summary_bg_median": 41.38571548461914,
  "summary_bg_n": 48150.0,
  "summary_bg_p05": 34.233333587646484,
  "summary_bg_p95": 154.26715393066402,
  "summary_bg_stdv": 49.41679000854492,
  "summary_fg_k": 1.092224676112318,
  "summary_fg_mad": 84.0282272073656,
  "summary_fg_mean": 553.2733764648438,
  "summary_fg_median": 550.1714477539062,
  "summary_fg_n": 25359.0,
  "summary_fg_p05": 438.80430297851564,
  "summary_fg_p95": 687.7361999511718,
  "summary_fg_stdv": 80.81629180908203,
  "tsnr": 30.278988885809667
}