{
  "bids_meta": {
    "AcquisitionMatrixPE": 246,
    "BaseResolution": 256,
    "CoilString": "T:HE1-4;NE2",
    "DwellTime": 1.5e-05,
    "EchoTime": 0.00291,
    "FlipAngle": 15,
    "ImagingFrequency": 63.6572,
    "InversionTime": 1.1,
    "MagneticFieldStrength": 1.5,
    "Manufacturer": "Siemens",
    "ManufacturersModelName": "Avanto",
    "PartialFourier": 1,
    "PercentPhaseFOV": 100,
    "PhaseEncodingSteps": 307,
    "PhaseOversampling": 0.25,
    "PhaseResolution": 0.96,
    "PixelBandwidth": 130,
    "ProtocolName": "t1_mpr_ns_sag_p2_iso",
    "PulseSequenceDetails": "%SiemensSeq%_tfl",
    "ReceiveCoilName": "NeckMatrix",
    "ReconMatrixPE": 256,
    "RepetitionTime": 1.9,
    "ScanOptions": "IR",
    "ScanningSequence": "GR_IR",
    "SequenceName": "_tfl3d1_ns",
    "SequenceVariant": "SP_MP_OSP",
    "SeriesDescription": "t1_mpr_ns_sag_p2_iso",
    "SliceThickness": 1,
    "SoftwareVersions": "syngo_MR_B19",
    "dataset": "ds002422",
    "modality": "T1w",
    "subject_id": "39"
  },
  "cjv": 0.4950393631076334,
  "cnr": 2.7176043188899275,
  "efc": 0.5660506722588633,
  "fber": 1722.114013671875,
  "fwhm_avg": 3.5319659032962587,
  "fwhm_x": 3.5526,
  "fwhm_y": 3.4431592501537627,
  "fwhm_z": 3.6001384597350135,
  "icvs_csf": 0.22085296418450823,
  "icvs_gm": 0.4084836410913179,
  "icvs_wm": 0.3706633947241738,
  "inu_med": 1.4044227600097656,
  "inu_range": 0.17638915181159986,
  "provenance": {
    "md5sum": "27349d664f2741a0a955486b0e99e88e",
    "settings": {
      "testing": false
    },
    "software": "mriqc",
    "version": "21.0.0rc2",
    "warnings": {
      "large_rot_frame": true,
      "small_air_mask": false
    },
    "webapi_port": null,
    "webapi_url": "https://mriqc.nimh.nih.gov/api/v1"
  },
  "qi_1": 0.0,
  "qi_2": 0.004321781579501989,
  "rpve_csf": 23.65564817951239,
  "rpve_gm": 12.833389954661554,
  "rpve_wm": 16.680564883027433,
  "size_x": 176,
  "size_y": 256,
  "size_z": 256,
  "snr_csf": 3.04581235918766,
  "snr_gm": 14.541307555031757,
  "snr_total": 12.927874364829654,
  "snr_wm": 21.196503180269538,
  "snrd_csf": 30.306432993121632,
  "snrd_gm": 70.23048771891773,
  "snrd_total": 62.74774807383602,
  "snrd_wm": 87.7063235094687,
  "spacing_x": 1.0,
  "spacing_y": 0.9765624403953552,
  "spacing_z": 0.9765624403953552,
  "summary_bg_k": 4.003123194900998,
  "summary_bg_mad": 7.469987812955638,
  "summary_bg_mean": 15.375842094421387,
  "summary_bg_median": 12.272326469421387,
  "summary_bg_n": 2598219.0,
  "summary_bg_p05": 2.43652081489563,
  "summary_bg_p95": 36.33353958129884,
  "summary_bg_stdv": 10.858980178833008,
  "summary_csf_k": 5.222012175520973,
  "summary_csf_mad": 95.9006277852425,
  "summary_csf_mean": 372.3755187988281,
  "summary_csf_median": 345.55963134765625,
  "summary_csf_n": 35536.0,
  "summary_csf_p05": 230.0477752685547,
  "summary_csf_p95": 588.5957489013672,
  "summary_csf_stdv": 113.4524154663086,
  "summary_gm_k": 0.2977265529639008,
  "summary_gm_mad": 52.67192326192244,
  "summary_gm_mean": 801.6220703125,
  "summary_gm_median": 800.7811889648438,
  "summary_gm_n": 14245.0,
  "summary_gm_p05": 712.705419921875,
  "summary_gm_p95": 895.1121215820312,
  "summary_gm_stdv": 55.067474365234375,
  "summary_wm_k": 0.23651564817397386,
  "summary_wm_mad": 45.970984731492855,
  "summary_wm_mean": 1001.2811279296875,
  "summary_wm_median": 1000.0439453125,
  "summary_wm_n": 210163.0,
  "summary_wm_p05": 925.8241821289063,
  "summary_wm_p95": 1081.1670288085938,
  "summary_wm_stdv": 47.1795539855957,
  "tpm_overlap_csf": 0.1721709966659546,
  "tpm_overlap_gm": 0.4348960220813751,
  "tpm_overlap_wm": 0.5072818398475647,
  "wm2max": 0.5408087575255006
}