{
  "aor": 0.00054245,
  "aqi": 0.006967347299999999,
  "bids_meta": {
    "AcquisitionMatrixPE": 64,
    "BandwidthPerPixelPhaseEncode": 34.722,
    "BaseResolution": 64,
    "BodyPartExamined": "HEAD",
    "DelayTime": 0.5,
    "DerivedVendorReportedEchoSpacing": 0.000450003,
    "DwellTime": 3e-06,
    "EchoTime": 0.05,
    "EffectiveEchoSpacing": 0.000450003,
    "FlipAngle": 90,
    "ImageType": [
      "ORIGINAL",
      "PRIMARY",
      "FMRI",
      "NONE",
      "ND",
      "MOSAIC"
    ],
    "InPlanePhaseEncodingDirectionDICOM": "COL",
    "Instructions": "Participants were asked to close their eyes, to not fall asleep, and to avoid consistent thinking about one topic during the period of scanning",
    "MRAcquisitionType": "2D",
    "MagneticFieldStrength": 1.5,
    "Manufacturer": "Siemens",
    "ManufacturersModelName": "Avanto",
    "NumberOfVolumesDiscardedByUser": 3,
    "PartialFourier": 1,
    "PatientPosition": "HFS",
    "PercentPhaseFOV": 100,
    "PhaseEncodingDirection": "j-",
    "PhaseEncodingSteps": 64,
    "PhaseResolution": 1,
    "PixelBandwidth": 2604,
    "ProcedureStepDescription": "head_NEURO",
    "PulseSequenceDetails": "%SiemensSeq%_ep2d_bold",
    "ReceiveCoilName": "HeadMatrix",
    "ReconMatrixPE": 64,
    "RepetitionTime": 3.56,
    "ScanOptions": "FS",
    "ScanningSequence": "EP",
    "SequenceName": "_epfid2d1_64",
    "SequenceVariant": "SK",
    "SliceThickness": 3.6,
    "SliceTiming": [
      1.5375,
      0,
      1.6225,
      0.0875,
      1.7075,
      0.1725,
      1.7925,
      0.2575,
      1.8775,
      0.3425,
      1.965,
      0.4275,
      2.05,
      0.5125,
      2.135,
      0.5975,
      2.22,
      0.685,
      2.305,
      0.77,
      2.39,
      0.855,
      2.475,
      0.94,
      2.5625,
      1.025,
      2.6475,
      1.11,
      2.7325,
      1.195,
      2.8175,
      1.28,
      2.9025,
      1.3675,
      2.9875,
      1.4525
    ],
    "SoftwareVersions": "syngo_MR_B19",
    "SpacingBetweenSlices": 3.78,
    "TaskName": "rest",
    "TotalReadoutTime": 0.0283502,
    "dataset": "ds002422",
    "modality": "bold",
    "subject_id": "03",
    "task_id": "rest"
  },
  "dummy_trs": 0,
  "dvars_nstd": 31.357284459447254,
  "dvars_std": 1.1553852342211062,
  "dvars_vstd": 0.9999659856281403,
  "efc": 0.5160260645950134,
  "fber": 530.9708862304688,
  "fd_mean": 0.05851600825061339,
  "fd_num": 0,
  "fd_perc": 0.0,
  "fwhm_avg": 1.5868326778315334,
  "fwhm_x": 1.51456,
  "fwhm_y": 1.6693481739130436,
  "fwhm_z": 1.5765898595815564,
  "gcor": 0.015508,
  "gsr_x": -0.017393948510289192,
  "gsr_y": 0.03556947410106659,
  "provenance": {
    "md5sum": "1b16892b1104a29dd1a5a00589a2e8ab",
    "settings": {
      "fd_thres": 0.2,
      "testing": false
    },
    "software": "mriqc",
    "version": "21.0.0rc2",
    "webapi_port": null,
    "webapi_url": "https://mriqc.nimh.nih.gov/api/v1"
  },
  "size_t": 200,
  "size_x": 64,
  "size_y": 64,
  "size_z": 36,
  "snr": 5.523122318921839,
  "spacing_tr": 3.559999942779541,
  "spacing_x": 3.59375,
  "spacing_y": 3.59375,
  "spacing_z": 3.7800002098083496,
  "summary_bg_k": 192.05933496251333,
  "summary_bg_mad": 2.9207253524338825,
  "summary_bg_mean": 38.6147575378418,
  "summary_bg_median": 25.724998474121094,
  "summary_bg_n": 94857.0,
  "summary_bg_p05": 23.350000381469727,
  "summary_bg_p95": 86.22499999999992,
  "summary_bg_stdv": 51.972984313964844,
  "summary_fg_k": 1.6373077141944172,
  "summary_fg_mad": 107.7110873707752,
  "summary_fg_mean": 604.045166015625,
  "summary_fg_median": 594.60498046875,
  "summary_fg_n": 22503.0,
  "summary_fg_p05": 460.4209838867188,
  "summary_fg_p95": 788.2989929199217,
  "summary_fg_stdv": 107.6550064086914,
  "tsnr": 56.21163497143425
}