{
  "aor": 0.0005623809523809524,
  "aqi": 0.019487962857142854,
  "bids_meta": {
    "AcquisitionMatrixPE": 64,
    "BandwidthPerPixelPhaseEncode": 33.245,
    "BaseResolution": 64,
    "BodyPartExamined": "HEAD",
    "DerivedVendorReportedEchoSpacing": 0.000469996,
    "DwellTime": 3e-06,
    "EchoTime": 0.05,
    "EffectiveEchoSpacing": 0.000469995,
    "FlipAngle": 90,
    "ImageType": [
      "ORIGINAL",
      "PRIMARY",
      "FMRI",
      "NONE",
      "ND",
      "MOSAIC"
    ],
    "InPlanePhaseEncodingDirectionDICOM": "COL",
    "Instructions": "During the main condition, participants were visually presented with already solved sums (arithmetic operations of addition, subtraction, multiplication, and division with simple and double-digit numbers). The control condition stimuli were digit lines with non-mathematical characters instead of arithmetic signs. Participants responded with one of three buttons on the MR-compatible response box, depending on whether the stimulus sum had been solved correctly, incorrectly or just had not been an arithmetic exercise.",
    "MRAcquisitionType": "2D",
    "MagneticFieldStrength": 1.5,
    "Manufacturer": "Siemens",
    "ManufacturersModelName": "Avanto",
    "NumberOfVolumesDiscardedByUser": 3,
    "PartialFourier": 1,
    "PatientPosition": "HFS",
    "PercentPhaseFOV": 100,
    "PhaseEncodingDirection": "j-",
    "PhaseEncodingSteps": 64,
    "PhaseResolution": 1,
    "PixelBandwidth": 2604,
    "ProcedureStepDescription": "head_NEURO",
    "PulseSequenceDetails": "%SiemensSeq%_ep2d_bold",
    "ReceiveCoilName": "HeadMatrix",
    "ReconMatrixPE": 64,
    "RepetitionTime": 2.1,
    "ScanOptions": "FS",
    "ScanningSequence": "EP",
    "SequenceName": "_epfid2d1_64",
    "SequenceVariant": "SK",
    "SliceThickness": 3,
    "SliceTiming": [
      1.055,
      0,
      1.1425,
      0.0875,
      1.23,
      0.175,
      1.3175,
      0.265,
      1.405,
      0.3525,
      1.4925,
      0.44,
      1.5825,
      0.5275,
      1.67,
      0.615,
      1.7575,
      0.7025,
      1.845,
      0.79,
      1.9325,
      0.88,
      2.02,
      0.9675
    ],
    "SoftwareVersions": "syngo_MR_B19",
    "SpacingBetweenSlices": 3.3,
    "TaskName": "arithm_run-01",
    "TotalReadoutTime": 0.0296097,
    "dataset": "ds002422",
    "modality": "bold",
    "run_id": 1,
    "subject_id": "03",
    "task_id": "arithm"
  },
  "dummy_trs": 0,
  "dvars_nstd": 42.58623977397129,
  "dvars_std": 1.023182958947368,
  "dvars_vstd": 1.015546433349282,
  "efc": 0.673843041764864,
  "fber": 175.0465850830078,
  "fd_mean": 0.08057124915149996,
  "fd_num": 0,
  "fd_perc": 0.0,
  "fwhm_avg": 1.6889154105411566,
  "fwhm_x": 1.5118533333333335,
  "fwhm_y": 1.8401201462396102,
  "fwhm_z": 1.7147727520505263,
  "gcor": 0.00777386,
  "gsr_x": -0.013983686454594135,
  "gsr_y": 0.055965032428503036,
  "provenance": {
    "md5sum": "4150626e26c0ed5d33367b7aa656ba23",
    "settings": {
      "fd_thres": 0.2,
      "testing": false
    },
    "software": "mriqc",
    "version": "21.0.0rc2",
    "webapi_port": null,
    "webapi_url": "https://mriqc.nimh.nih.gov/api/v1"
  },
  "size_t": 210,
  "size_x": 64,
  "size_y": 64,
  "size_z": 24,
  "snr": 6.4259963505700535,
  "spacing_tr": 2.0999999046325684,
  "spacing_x": 3.0,
  "spacing_y": 2.999999761581421,
  "spacing_z": 3.299999952316284,
  "summary_bg_k": 16.460457720209373,
  "summary_bg_mad": 7.088250714296851,
  "summary_bg_mean": 54.651023864746094,
  "summary_bg_median": 40.28571701049805,
  "summary_bg_n": 45153.0,
  "summary_bg_p05": 34.78571701049805,
  "summary_bg_p95": 119.80667114257817,
  "summary_bg_stdv": 32.41427993774414,
  "summary_fg_k": 1.2311312003287123,
  "summary_fg_mad": 84.91069405519683,
  "summary_fg_mean": 542.72509765625,
  "summary_fg_median": 536.009521484375,
  "summary_fg_n": 29131.0,
  "summary_fg_p05": 431.7166748046875,
  "summary_fg_p95": 686.9643249511719,
  "summary_fg_stdv": 83.41123962402344,
  "tsnr": 32.741073900833726
}