{
  "aor": 0.00036976190476190475,
  "aqi": 0.01860685857142857,
  "bids_meta": {
    "AcquisitionMatrixPE": 64,
    "BandwidthPerPixelPhaseEncode": 33.245,
    "BaseResolution": 64,
    "BodyPartExamined": "HEAD",
    "DerivedVendorReportedEchoSpacing": 0.000469996,
    "DwellTime": 3e-06,
    "EchoTime": 0.05,
    "EffectiveEchoSpacing": 0.000469995,
    "FlipAngle": 90,
    "ImageType": [
      "ORIGINAL",
      "PRIMARY",
      "FMRI",
      "NONE",
      "ND",
      "MOSAIC"
    ],
    "InPlanePhaseEncodingDirectionDICOM": "COL",
    "Instructions": "During the main condition, participants were visually presented with already solved sums (arithmetic operations of addition, subtraction, multiplication, and division with simple and double-digit numbers). The control condition stimuli were digit lines with non-mathematical characters instead of arithmetic signs. Participants responded with one of three buttons on the MR-compatible response box, depending on whether the stimulus sum had been solved correctly, incorrectly or just had not been an arithmetic exercise.",
    "MRAcquisitionType": "2D",
    "MagneticFieldStrength": 1.5,
    "Manufacturer": "Siemens",
    "ManufacturersModelName": "Avanto",
    "NumberOfVolumesDiscardedByUser": 3,
    "PartialFourier": 1,
    "PatientPosition": "HFS",
    "PercentPhaseFOV": 100,
    "PhaseEncodingDirection": "j-",
    "PhaseEncodingSteps": 64,
    "PhaseResolution": 1,
    "PixelBandwidth": 2604,
    "ProcedureStepDescription": "head_NEURO",
    "PulseSequenceDetails": "%SiemensSeq%_ep2d_bold",
    "ReceiveCoilName": "HeadMatrix",
    "ReconMatrixPE": 64,
    "RepetitionTime": 2.1,
    "ScanOptions": "FS",
    "ScanningSequence": "EP",
    "SequenceName": "_epfid2d1_64",
    "SequenceVariant": "SK",
    "SliceThickness": 3,
    "SliceTiming": [
      1.055,
      0,
      1.1425,
      0.0875,
      1.23,
      0.1775,
      1.3175,
      0.265,
      1.405,
      0.3525,
      1.495,
      0.44,
      1.5825,
      0.5275,
      1.67,
      0.615,
      1.7575,
      0.7025,
      1.845,
      0.7925,
      1.9325,
      0.88,
      2.02,
      0.9675
    ],
    "SoftwareVersions": "syngo_MR_B19",
    "SpacingBetweenSlices": 3.3,
    "TaskName": "arithm_run-02",
    "TotalReadoutTime": 0.0296097,
    "dataset": "ds002422",
    "modality": "bold",
    "run_id": 2,
    "subject_id": "03",
    "task_id": "arithm"
  },
  "dummy_trs": 0,
  "dvars_nstd": 43.47066324401914,
  "dvars_std": 1.0312878101913872,
  "dvars_vstd": 1.0136864592344497,
  "efc": 0.67301931383687,
  "fber": 179.38473510742188,
  "fd_mean": 0.07402164642759887,
  "fd_num": 3,
  "fd_perc": 1.4285714285714286,
  "fwhm_avg": 1.680506318797983,
  "fwhm_x": 1.5103066666666667,
  "fwhm_y": 1.8069001435995216,
  "fwhm_z": 1.7243121461277606,
  "gcor": 0.00538753,
  "gsr_x": -0.013032408431172371,
  "gsr_y": 0.05595588684082031,
  "provenance": {
    "md5sum": "f17f1069be752b14a9c56dcc35c08dae",
    "settings": {
      "fd_thres": 0.2,
      "testing": false
    },
    "software": "mriqc",
    "version": "21.0.0rc2",
    "webapi_port": null,
    "webapi_url": "https://mriqc.nimh.nih.gov/api/v1"
  },
  "size_t": 210,
  "size_x": 64,
  "size_y": 64,
  "size_z": 24,
  "snr": 6.423599420812159,
  "spacing_tr": 2.0999999046325684,
  "spacing_x": 3.0,
  "spacing_y": 2.999999761581421,
  "spacing_z": 3.299999952316284,
  "summary_bg_k": 16.689485486901994,
  "summary_bg_mad": 6.311646859042189,
  "summary_bg_mean": 54.3099479675293,
  "summary_bg_median": 39.9476203918457,
  "summary_bg_n": 45256.0,
  "summary_bg_p05": 35.13809585571289,
  "summary_bg_p95": 118.40119361877441,
  "summary_bg_stdv": 31.7075138092041,
  "summary_fg_k": 1.2360562599306446,
  "summary_fg_mad": 85.51085204858572,
  "summary_fg_mean": 543.7257080078125,
  "summary_fg_median": 537.183349609375,
  "summary_fg_n": 29006.0,
  "summary_fg_p05": 432.1976318359375,
  "summary_fg_p95": 688.4131164550781,
  "summary_fg_stdv": 83.62509155273438,
  "tsnr": 33.31376864085905
}