{
  "aor": 0.0034897,
  "aqi": 0.01835644335,
  "bids_meta": {
    "AcquisitionMatrixPE": 64,
    "BandwidthPerPixelPhaseEncode": 34.722,
    "BaseResolution": 64,
    "BodyPartExamined": "HEAD",
    "DelayTime": 0.5,
    "DerivedVendorReportedEchoSpacing": 0.000450003,
    "DwellTime": 3e-06,
    "EchoTime": 0.05,
    "EffectiveEchoSpacing": 0.000450003,
    "FlipAngle": 90,
    "ImageType": [
      "ORIGINAL",
      "PRIMARY",
      "FMRI",
      "NONE",
      "ND",
      "MOSAIC"
    ],
    "InPlanePhaseEncodingDirectionDICOM": "COL",
    "Instructions": "Participants were asked to close their eyes, to not fall asleep, and to avoid consistent thinking about one topic during the period of scanning",
    "MRAcquisitionType": "2D",
    "MagneticFieldStrength": 1.5,
    "Manufacturer": "Siemens",
    "ManufacturersModelName": "Avanto",
    "NumberOfVolumesDiscardedByUser": 3,
    "PartialFourier": 1,
    "PatientPosition": "HFS",
    "PercentPhaseFOV": 100,
    "PhaseEncodingDirection": "j-",
    "PhaseEncodingSteps": 64,
    "PhaseResolution": 1,
    "PixelBandwidth": 2604,
    "ProcedureStepDescription": "head_NEURO",
    "PulseSequenceDetails": "%SiemensSeq%_ep2d_bold",
    "ReceiveCoilName": "HeadMatrix",
    "ReconMatrixPE": 64,
    "RepetitionTime": 3.56,
    "ScanOptions": "FS",
    "ScanningSequence": "EP",
    "SequenceName": "_epfid2d1_64",
    "SequenceVariant": "SK",
    "SliceThickness": 3.6,
    "SliceTiming": [
      1.535,
      0,
      1.62,
      0.085,
      1.705,
      0.17,
      1.79,
      0.255,
      1.8775,
      0.34,
      1.9625,
      0.425,
      2.0475,
      0.51,
      2.1325,
      0.5975,
      2.2175,
      0.6825,
      2.3025,
      0.7675,
      2.3875,
      0.8525,
      2.475,
      0.9375,
      2.56,
      1.0225,
      2.645,
      1.1075,
      2.73,
      1.1925,
      2.815,
      1.28,
      2.9,
      1.365,
      2.985,
      1.45
    ],
    "SoftwareVersions": "syngo_MR_B19",
    "SpacingBetweenSlices": 3.78,
    "TaskName": "rest",
    "TotalReadoutTime": 0.0283502,
    "dataset": "ds002422",
    "modality": "bold",
    "subject_id": "24",
    "task_id": "rest"
  },
  "dummy_trs": 0,
  "dvars_nstd": 33.56479741608039,
  "dvars_std": 1.0844585479396989,
  "dvars_vstd": 0.9815772760804019,
  "efc": 0.47642801312153227,
  "fber": 726.9482421875,
  "fd_mean": 0.2740815579180054,
  "fd_num": 79,
  "fd_perc": 39.5,
  "fwhm_avg": 1.6069411554819644,
  "fwhm_x": 1.509056,
  "fwhm_y": 1.7118441739130434,
  "fwhm_z": 1.59992329253285,
  "gcor": 0.0286848,
  "gsr_x": -0.01661057397723198,
  "gsr_y": 0.033891741186380386,
  "provenance": {
    "md5sum": "2a9a854ab27de511300b90fd0ee0342c",
    "settings": {
      "fd_thres": 0.2,
      "testing": false
    },
    "software": "mriqc",
    "version": "21.0.0rc2",
    "webapi_port": null,
    "webapi_url": "https://mriqc.nimh.nih.gov/api/v1"
  },
  "size_t": 200,
  "size_x": 64,
  "size_y": 64,
  "size_z": 36,
  "snr": 5.84185246257031,
  "spacing_tr": 3.559999942779541,
  "spacing_x": 3.59375,
  "spacing_y": 3.59375,
  "spacing_z": 3.7799999713897705,
  "summary_bg_k": 215.29939388527706,
  "summary_bg_mad": 2.624206605436351,
  "summary_bg_mean": 31.41565704345703,
  "summary_bg_median": 21.53499984741211,
  "summary_bg_n": 100408.0,
  "summary_bg_p05": 19.094999313354492,
  "summary_bg_p95": 70.13999938964844,
  "summary_bg_stdv": 42.979766845703125,
  "summary_fg_k": 0.9951758609276289,
  "summary_fg_mad": 102.47745810383856,
  "summary_fg_mean": 592.4578247070312,
  "summary_fg_median": 585.2899780273438,
  "summary_fg_n": 18211.0,
  "summary_fg_p05": 454.9199981689453,
  "summary_fg_p95": 763.7799682617188,
  "summary_fg_stdv": 100.18635559082031,
  "tsnr": 39.011204019596335
}