{
  "aor": 0.003877238095238095,
  "aqi": 0.0583721157142857,
  "bids_meta": {
    "AcquisitionMatrixPE": 64,
    "BandwidthPerPixelPhaseEncode": 33.245,
    "BaseResolution": 64,
    "BodyPartExamined": "HEAD",
    "DerivedVendorReportedEchoSpacing": 0.000469996,
    "DwellTime": 3e-06,
    "EchoTime": 0.05,
    "EffectiveEchoSpacing": 0.000469995,
    "FlipAngle": 90,
    "ImageType": [
      "ORIGINAL",
      "PRIMARY",
      "FMRI",
      "NONE",
      "ND",
      "MOSAIC"
    ],
    "InPlanePhaseEncodingDirectionDICOM": "COL",
    "Instructions": "During the main condition, participants were visually presented with already solved sums (arithmetic operations of addition, subtraction, multiplication, and division with simple and double-digit numbers). The control condition stimuli were digit lines with non-mathematical characters instead of arithmetic signs. Participants responded with one of three buttons on the MR-compatible response box, depending on whether the stimulus sum had been solved correctly, incorrectly or just had not been an arithmetic exercise.",
    "MRAcquisitionType": "2D",
    "MagneticFieldStrength": 1.5,
    "Manufacturer": "Siemens",
    "ManufacturersModelName": "Avanto",
    "NumberOfVolumesDiscardedByUser": 3,
    "PartialFourier": 1,
    "PatientPosition": "HFS",
    "PercentPhaseFOV": 100,
    "PhaseEncodingDirection": "j-",
    "PhaseEncodingSteps": 64,
    "PhaseResolution": 1,
    "PixelBandwidth": 2604,
    "ProcedureStepDescription": "head_NEURO",
    "PulseSequenceDetails": "%SiemensSeq%_ep2d_bold",
    "ReceiveCoilName": "HeadMatrix",
    "ReconMatrixPE": 64,
    "RepetitionTime": 2.1,
    "ScanOptions": "FS",
    "ScanningSequence": "EP",
    "SequenceName": "_epfid2d1_64",
    "SequenceVariant": "SK",
    "SliceThickness": 3,
    "SliceTiming": [
      1.0525,
      0,
      1.14,
      0.0875,
      1.2275,
      0.175,
      1.3175,
      0.2625,
      1.405,
      0.35,
      1.4925,
      0.4375,
      1.58,
      0.525,
      1.6675,
      0.615,
      1.755,
      0.7025,
      1.8425,
      0.79,
      1.9325,
      0.8775,
      2.02,
      0.965
    ],
    "SoftwareVersions": "syngo_MR_B19",
    "SpacingBetweenSlices": 3.3,
    "TaskName": "arithm_run-02",
    "TotalReadoutTime": 0.0296097,
    "dataset": "ds002422",
    "modality": "bold",
    "run_id": 2,
    "subject_id": "24",
    "task_id": "arithm"
  },
  "dummy_trs": 0,
  "dvars_nstd": 48.1976902607177,
  "dvars_std": 0.9546225761244017,
  "dvars_vstd": 0.9777462575598086,
  "efc": 0.6245693318472967,
  "fber": 193.68841552734375,
  "fd_mean": 0.34773090471217083,
  "fd_num": 79,
  "fd_perc": 37.61904761904762,
  "fwhm_avg": 1.7006042624205087,
  "fwhm_x": 1.6384966666666667,
  "fwhm_y": 1.97777984282018,
  "fwhm_z": 1.485536277774679,
  "gcor": 0.0285201,
  "gsr_x": -0.012799661606550217,
  "gsr_y": 0.056871168315410614,
  "provenance": {
    "md5sum": "fb408941efa9dbb4ecd3594a1097f39f",
    "settings": {
      "fd_thres": 0.2,
      "testing": false
    },
    "software": "mriqc",
    "version": "21.0.0rc2",
    "webapi_port": null,
    "webapi_url": "https://mriqc.nimh.nih.gov/api/v1"
  },
  "size_t": 210,
  "size_x": 64,
  "size_y": 64,
  "size_z": 24,
  "snr": 6.778329491686773,
  "spacing_tr": 2.0999999046325684,
  "spacing_x": 3.0,
  "spacing_y": 3.000000238418579,
  "spacing_z": 3.3000001907348633,
  "summary_bg_k": 13.77343773371349,
  "summary_bg_mad": 5.595061065397869,
  "summary_bg_mean": 49.05519485473633,
  "summary_bg_median": 37.41666793823242,
  "summary_bg_n": 52496.0,
  "summary_bg_p05": 32.18095397949219,
  "summary_bg_p95": 106.53452491760254,
  "summary_bg_stdv": 27.631942749023438,
  "summary_fg_k": 1.044441982862308,
  "summary_fg_mad": 76.47757951972365,
  "summary_fg_mean": 528.59423828125,
  "summary_fg_median": 521.2047729492188,
  "summary_fg_n": 22314.0,
  "summary_fg_p05": 426.8776489257813,
  "summary_fg_p95": 666.7676361083984,
  "summary_fg_stdv": 76.89108276367188,
  "tsnr": 24.985233263170812
}