{
  "aor": 0.004590673076923077,
  "aqi": 0.03161366201923077,
  "bids_meta": {
    "AcquisitionMatrixPE": 64,
    "BandwidthPerPixelPhaseEncode": 33.245,
    "BaseResolution": 64,
    "BodyPartExamined": "HEAD",
    "DerivedVendorReportedEchoSpacing": 0.000469996,
    "DwellTime": 3e-06,
    "EchoTime": 0.05,
    "EffectiveEchoSpacing": 0.000469995,
    "FlipAngle": 90,
    "ImageType": [
      "ORIGINAL",
      "PRIMARY",
      "FMRI",
      "NONE",
      "ND",
      "MOSAIC"
    ],
    "InPlanePhaseEncodingDirectionDICOM": "COL",
    "Instructions": "During the main condition, participants were visually presented with already solved sums (arithmetic operations of addition, subtraction, multiplication, and division with simple and double-digit numbers). The control condition stimuli were digit lines with non-mathematical characters instead of arithmetic signs. Participants responded with one of three buttons on the MR-compatible response box, depending on whether the stimulus sum had been solved correctly, incorrectly or just had not been an arithmetic exercise.",
    "MRAcquisitionType": "2D",
    "MagneticFieldStrength": 1.5,
    "Manufacturer": "Siemens",
    "ManufacturersModelName": "Avanto",
    "NumberOfVolumesDiscardedByUser": 3,
    "PartialFourier": 1,
    "PatientPosition": "HFS",
    "PercentPhaseFOV": 100,
    "PhaseEncodingDirection": "j-",
    "PhaseEncodingSteps": 64,
    "PhaseResolution": 1,
    "PixelBandwidth": 2604,
    "ProcedureStepDescription": "head_NEURO",
    "PulseSequenceDetails": "%SiemensSeq%_ep2d_bold",
    "ReceiveCoilName": "HeadMatrix",
    "ReconMatrixPE": 64,
    "RepetitionTime": 2.1,
    "ScanOptions": "FS",
    "ScanningSequence": "EP",
    "SequenceName": "_epfid2d1_64",
    "SequenceVariant": "SK",
    "SliceThickness": 3,
    "SliceTiming": [
      1.055,
      0,
      1.1425,
      0.0875,
      1.23,
      0.175,
      1.3175,
      0.2625,
      1.405,
      0.35,
      1.4925,
      0.44,
      1.58,
      0.5275,
      1.6675,
      0.615,
      1.7575,
      0.7025,
      1.845,
      0.79,
      1.9325,
      0.8775,
      2.02,
      0.965
    ],
    "SoftwareVersions": "syngo_MR_B19",
    "SpacingBetweenSlices": 3.3,
    "TaskName": "arithm_run-01",
    "TotalReadoutTime": 0.0296097,
    "dataset": "ds002422",
    "modality": "bold",
    "run_id": 1,
    "subject_id": "24",
    "task_id": "arithm"
  },
  "dummy_trs": 2,
  "dvars_nstd": 44.59388093439613,
  "dvars_std": 1.0315983931884063,
  "dvars_vstd": 1.028530752705314,
  "efc": 0.6223589286342197,
  "fber": 194.4739532470703,
  "fd_mean": 0.16777519878569008,
  "fd_num": 29,
  "fd_perc": 13.942307692307692,
  "fwhm_avg": 1.659769819126197,
  "fwhm_x": 1.5148366666666666,
  "fwhm_y": 1.815503189050103,
  "fwhm_z": 1.6489696016618207,
  "gcor": 0.0215117,
  "gsr_x": -0.011437405832111835,
  "gsr_y": 0.05841512233018875,
  "provenance": {
    "md5sum": "22ef7f75c7bc72a4637cbcdb214d019a",
    "settings": {
      "fd_thres": 0.2,
      "testing": false
    },
    "software": "mriqc",
    "version": "21.0.0rc2",
    "webapi_port": null,
    "webapi_url": "https://mriqc.nimh.nih.gov/api/v1"
  },
  "size_t": 208,
  "size_x": 64,
  "size_y": 64,
  "size_z": 24,
  "snr": 6.731267087602182,
  "spacing_tr": 2.0999999046325684,
  "spacing_x": 3.0,
  "spacing_y": 3.000000238418579,
  "spacing_z": 3.3000001907348633,
  "summary_bg_k": 15.453052763088639,
  "summary_bg_mad": 4.390786103579804,
  "summary_bg_mean": 48.88643264770508,
  "summary_bg_median": 37.105770111083984,
  "summary_bg_n": 53165.0,
  "summary_bg_p05": 33.00961685180664,
  "summary_bg_p95": 106.28077545166009,
  "summary_bg_stdv": 28.253862380981445,
  "summary_fg_k": 1.2858917993660315,
  "summary_fg_mad": 75.96553699937367,
  "summary_fg_mean": 527.6123657226562,
  "summary_fg_median": 519.2572021484375,
  "summary_fg_n": 22132.0,
  "summary_fg_p05": 426.79640502929686,
  "summary_fg_p95": 665.7079650878907,
  "summary_fg_stdv": 77.13933563232422,
  "tsnr": 30.060302030935418
}